{
  "aor": 0.004460883720930232,
  "aqi": 0.00738952358139535,
  "bids_meta": {
    "AcquisitionMatrix": "64 0 0 64",
    "DataSharing": "1",
    "EchoTime": 0.03,
    "EffectiveEchoSpacing": 0.000396,
    "FlipAngle": 65,
    "ImagesinAcquisition": 41,
    "InstitutionName": "NIH_FMRIF",
    "InternalPulseSequenceName": "epi",
    "MagneticFieldStrength": 3,
    "Manufacturer": "GE",
    "ManufacturersModelName": "DISCOVERY_MR750",
    "Modality": "MR",
    "NumberofTemporalPositions": 240,
    "PhaseEncodingDirection": "j",
    "PixelBandwidth": 7812.5,
    "PixelSpacing": "3.75\\3.75",
    "PulseSequenceName": "epirtnih",
    "ReconstructionDiameter": 240,
    "RepetitionTime": 2.0,
    "SeriesDescription": "mmi_run1",
    "SliceThickness": 3,
    "SliceTiming": [
      0.0,
      1.02439,
      0.04878,
      1.073171,
      0.097561,
      1.121951,
      0.146341,
      1.170732,
      0.195122,
      1.219512,
      0.243902,
      1.268293,
      0.292683,
      1.317073,
      0.341463,
      1.365854,
      0.390244,
      1.414634,
      0.439024,
      1.463415,
      0.487805,
      1.512195,
      0.536585,
      1.560976,
      0.585366,
      1.609756,
      0.634146,
      1.658537,
      0.682927,
      1.707317,
      0.731707,
      1.756098,
      0.780488,
      1.804878,
      0.829268,
      1.853659,
      0.878049,
      1.902439,
      0.926829,
      1.95122,
      0.97561
    ],
    "SoftwareVersions": "27 lx mr software release:dv26.0_r01_1725.a",
    "SpacingBetweenSlices": 3.3,
    "StationName": "3TA",
    "TaskName": "MMI",
    "TotalReadoutTime": 0.024948,
    "dataset": "ds003709",
    "modality": "bold",
    "run_id": 1,
    "session_id": "visit1",
    "subject_id": "23652",
    "task_id": "MMI"
  },
  "dummy_trs": 3,
  "dvars_nstd": 19.297337353878504,
  "dvars_std": 1.1041795907476637,
  "dvars_vstd": 1.0052910126635517,
  "efc": 0.41585499868829934,
  "fber": 35796.90625,
  "fd_mean": 0.16586140832754165,
  "fd_num": 64,
  "fd_perc": 29.767441860465116,
  "fwhm_avg": 2.0629560317376066,
  "fwhm_x": 1.9062533333333334,
  "fwhm_y": 2.1160908012040966,
  "fwhm_z": 2.166523960675389,
  "gcor": 0.0740459,
  "gsr_x": -0.0074104671366512775,
  "gsr_y": 0.01595761626958847,
  "provenance": {
    "md5sum": "860f857b4d2494cc754e4b017dbeb254",
    "settings": {
      "fd_thres": 0.2,
      "testing": false
    },
    "software": "mriqc",
    "version": "21.0.0rc2",
    "webapi_port": null,
    "webapi_url": "https://mriqc.nimh.nih.gov/api/v1"
  },
  "size_t": 215,
  "size_x": 64,
  "size_y": 64,
  "size_z": 41,
  "snr": 5.136587380681104,
  "spacing_tr": 2.0,
  "spacing_x": 3.75,
  "spacing_y": 3.749999761581421,
  "spacing_z": 3.3000004291534424,
  "summary_bg_k": 36.11716043874703,
  "summary_bg_mad": 16.21208258795542,
  "summary_bg_mean": 55.8070068359375,
  "summary_bg_median": 11.581395149230957,
  "summary_bg_n": 114229.0,
  "summary_bg_p05": 0.24651162326335907,
  "summary_bg_p95": 271.48557739257797,
  "summary_bg_stdv": 136.3971405029297,
  "summary_fg_k": 1.1989980465241867,
  "summary_fg_mad": 345.9908908956289,
  "summary_fg_mean": 2047.115478515625,
  "summary_fg_median": 2018.5767822265625,
  "summary_fg_n": 21905.0,
  "summary_fg_p05": 1463.802783203125,
  "summary_fg_p95": 2733.2939453124995,
  "summary_fg_stdv": 392.9711608886719,
  "tsnr": 54.851916102692485
}