{
  "aor": 0.015318697478991596,
  "aqi": 0.016160363739495795,
  "bids_meta": {
    "AcquisitionMatrix": "64 0 0 64",
    "DataSharing": "1",
    "EchoTime": 0.03,
    "EffectiveEchoSpacing": 0.000396,
    "FlipAngle": 65,
    "ImagesinAcquisition": 41,
    "InstitutionName": "NIH_FMRIF",
    "InternalPulseSequenceName": "epi",
    "MagneticFieldStrength": 3,
    "Manufacturer": "GE",
    "ManufacturersModelName": "DISCOVERY_MR750",
    "Modality": "MR",
    "NumberofTemporalPositions": 240,
    "PhaseEncodingDirection": "j",
    "PixelBandwidth": 7812.5,
    "PixelSpacing": "3.75\\3.75",
    "PulseSequenceName": "epirtnih",
    "ReconstructionDiameter": 240,
    "RepetitionTime": 2.0,
    "SeriesDescription": "mmi_run 2",
    "SliceThickness": 3,
    "SliceTiming": [
      0.0,
      1.02439,
      0.04878,
      1.073171,
      0.097561,
      1.121951,
      0.146341,
      1.170732,
      0.195122,
      1.219512,
      0.243902,
      1.268293,
      0.292683,
      1.317073,
      0.341463,
      1.365854,
      0.390244,
      1.414634,
      0.439024,
      1.463415,
      0.487805,
      1.512195,
      0.536585,
      1.560976,
      0.585366,
      1.609756,
      0.634146,
      1.658537,
      0.682927,
      1.707317,
      0.731707,
      1.756098,
      0.780488,
      1.804878,
      0.829268,
      1.853659,
      0.878049,
      1.902439,
      0.926829,
      1.95122,
      0.97561
    ],
    "SoftwareVersions": "27 lx mr software release:dv26.0_r01_1725.a",
    "SpacingBetweenSlices": 3.3,
    "StationName": "3TC",
    "TaskName": "MMI",
    "TotalReadoutTime": 0.024948,
    "dataset": "ds003709",
    "modality": "bold",
    "run_id": 2,
    "session_id": "visit1",
    "subject_id": "23649",
    "task_id": "MMI"
  },
  "dummy_trs": 2,
  "dvars_nstd": 36.046947672573836,
  "dvars_std": 0.9691978541350208,
  "dvars_vstd": 0.9408834394514769,
  "efc": 0.41103273736364876,
  "fber": 15546.2421875,
  "fd_mean": 0.35079844732071924,
  "fd_num": 87,
  "fd_perc": 36.554621848739494,
  "fwhm_avg": 2.6309712868764046,
  "fwhm_x": 2.4213253333333333,
  "fwhm_y": 2.5339733333333334,
  "fwhm_z": 2.937615193962548,
  "gcor": 0.104052,
  "gsr_x": 0.0020494696218520403,
  "gsr_y": 0.024369293823838234,
  "provenance": {
    "md5sum": "5d691f6f28d6f7ef06bbdd5d46ab0378",
    "settings": {
      "fd_thres": 0.2,
      "testing": false
    },
    "software": "mriqc",
    "version": "21.0.0rc2",
    "webapi_port": null,
    "webapi_url": "https://mriqc.nimh.nih.gov/api/v1"
  },
  "size_t": 238,
  "size_x": 64,
  "size_y": 64,
  "size_z": 41,
  "snr": 3.3951861326595965,
  "spacing_tr": 2.0,
  "spacing_x": 3.75,
  "spacing_y": 3.75,
  "spacing_z": 3.299999952316284,
  "summary_bg_k": 56.21156566983039,
  "summary_bg_mad": 16.177806966214558,
  "summary_bg_mean": 47.25071716308594,
  "summary_bg_median": 11.718487739562988,
  "summary_bg_n": 115472.0,
  "summary_bg_p05": 0.15126051008701324,
  "summary_bg_p95": 196.68971481323234,
  "summary_bg_stdv": 117.72904968261719,
  "summary_fg_k": 1.4932031230473246,
  "summary_fg_mad": 354.5661665691192,
  "summary_fg_mean": 1424.956298828125,
  "summary_fg_median": 1345.995849609375,
  "summary_fg_n": 21463.0,
  "summary_fg_p05": 962.14208984375,
  "summary_fg_p95": 2213.526171874998,
  "summary_fg_stdv": 396.4331970214844,
  "tsnr": 27.694030395476148
}