{
  "aor": 0.024482194092827002,
  "aqi": 0.02056882012658228,
  "bids_meta": {
    "AcquisitionMatrix": "64 0 0 64",
    "DataSharing": "1",
    "EchoTime": 0.03,
    "EffectiveEchoSpacing": 0.000396,
    "FlipAngle": 65,
    "ImagesinAcquisition": 41,
    "InstitutionName": "NIH_FMRIF",
    "InternalPulseSequenceName": "epi",
    "MagneticFieldStrength": 3,
    "Manufacturer": "GE",
    "ManufacturersModelName": "DISCOVERY_MR750",
    "Modality": "MR",
    "NumberofTemporalPositions": 240,
    "PhaseEncodingDirection": "j",
    "PixelBandwidth": 7812.5,
    "PixelSpacing": "3.75\\3.75",
    "PulseSequenceName": "epirtnih",
    "ReconstructionDiameter": 240,
    "RepetitionTime": 2.0,
    "SeriesDescription": "mmi_run 3",
    "SliceThickness": 3,
    "SliceTiming": [
      0.0,
      1.02439,
      0.04878,
      1.073171,
      0.097561,
      1.121951,
      0.146341,
      1.170732,
      0.195122,
      1.219512,
      0.243902,
      1.268293,
      0.292683,
      1.317073,
      0.341463,
      1.365854,
      0.390244,
      1.414634,
      0.439024,
      1.463415,
      0.487805,
      1.512195,
      0.536585,
      1.560976,
      0.585366,
      1.609756,
      0.634146,
      1.658537,
      0.682927,
      1.707317,
      0.731707,
      1.756098,
      0.780488,
      1.804878,
      0.829268,
      1.853659,
      0.878049,
      1.902439,
      0.926829,
      1.95122,
      0.97561
    ],
    "SoftwareVersions": "27 lx mr software release:dv26.0_r01_1725.a",
    "SpacingBetweenSlices": 3.3,
    "StationName": "3TC",
    "TaskName": "MMI",
    "TotalReadoutTime": 0.024948,
    "dataset": "ds003709",
    "modality": "bold",
    "run_id": 3,
    "session_id": "visit1",
    "subject_id": "23649",
    "task_id": "MMI"
  },
  "dummy_trs": 3,
  "dvars_nstd": 47.455298253855936,
  "dvars_std": 1.0764853236864411,
  "dvars_vstd": 1.0264181232627123,
  "efc": 0.41381601294398496,
  "fber": 14393.265625,
  "fd_mean": 0.6439521519224896,
  "fd_num": 137,
  "fd_perc": 57.80590717299578,
  "fwhm_avg": 2.569785225934865,
  "fwhm_x": 2.394104,
  "fwhm_y": 2.447288,
  "fwhm_z": 2.8679636778045956,
  "gcor": 0.125555,
  "gsr_x": 0.0016779431607574224,
  "gsr_y": 0.02874825894832611,
  "provenance": {
    "md5sum": "0b0ceba583436f275979a1828cf68644",
    "settings": {
      "fd_thres": 0.2,
      "testing": false
    },
    "software": "mriqc",
    "version": "21.0.0rc2",
    "webapi_port": null,
    "webapi_url": "https://mriqc.nimh.nih.gov/api/v1"
  },
  "size_t": 237,
  "size_x": 64,
  "size_y": 64,
  "size_z": 41,
  "snr": 3.398064175651049,
  "spacing_tr": 2.0,
  "spacing_x": 3.75,
  "spacing_y": 3.75,
  "spacing_z": 3.299999952316284,
  "summary_bg_k": 55.0863027953194,
  "summary_bg_mad": 16.79656922608339,
  "summary_bg_mean": 48.42280578613281,
  "summary_bg_median": 12.092826843261719,
  "summary_bg_n": 115423.0,
  "summary_bg_p05": 0.14767931401729584,
  "summary_bg_p95": 196.37678375244099,
  "summary_bg_stdv": 117.49983215332031,
  "summary_fg_k": 1.4737072893402443,
  "summary_fg_mad": 353.165911031451,
  "summary_fg_mean": 1417.1087646484375,
  "summary_fg_median": 1338.3543701171875,
  "summary_fg_n": 21497.0,
  "summary_fg_p05": 952.268310546875,
  "summary_fg_p95": 2197.1189453125003,
  "summary_fg_stdv": 393.8487243652344,
  "tsnr": 23.095371577888727
}