{
  "bids_meta": {
    "AcquisitionMatrix": "0 256 256 0",
    "AcquisitionNumber": 1,
    "Columns": 256,
    "DataSharing": "1",
    "EchoNumber(s)": 1,
    "EchoTime": 0.003476,
    "EchoTrainLength": 1,
    "FlipAngle": 7,
    "ImagesinAcquisition": 172,
    "In-planePhaseEncodingDirection": "row",
    "InstitutionName": "NIH_FMRIF",
    "InternalPulseSequenceName": "efgre3d",
    "InversionTime": 0.9,
    "MRAcquisitionType": "3d",
    "MagneticFieldStrength": 3,
    "Manufacturer": "GE",
    "Manufacturer'sModelName": "discovery mr750",
    "ManufacturersModelName": "DISCOVERY_MR750",
    "Modality": "MR",
    "NumberofAverages": 1,
    "PixelBandwidth": 195.312,
    "PixelSpacing": "1\\1",
    "PrivateIn-PlanePhaseEncodingDirection": "row",
    "PulseSequenceName": "mprage",
    "ReceiveCoilName": "32ch head",
    "ReconstructionDiameter": 256,
    "RepetitionTime": 0.00766,
    "Rows": 256,
    "SamplesperPixel": 1,
    "ScanOptions": "edr_gems\\filtered_gems\\acc_gems\\ir_gems",
    "SeriesDescription": "anat_t1w_mp_rage_1mm",
    "SeriesNumber": 3,
    "SliceLocation": -86.08920288,
    "SliceThickness": 1,
    "SoftwareVersion(s)": "27\\lx\\mr software release:dv26.0_r01_1725.a",
    "SoftwareVersions": "27 lx mr software release:dv26.0_r01_1725.a",
    "SpacingBetweenSlices": 1,
    "StationName": "3TC",
    "dataset": "ds003709",
    "modality": "T1w",
    "run_id": 1,
    "session_id": "visit1",
    "subject_id": "23817"
  },
  "cjv": 0.3972762751325578,
  "cnr": 3.3690582488811045,
  "efc": 0.665318003556385,
  "fber": 5131.957361898761,
  "fwhm_avg": 3.102703333333334,
  "fwhm_x": 3.12468,
  "fwhm_y": 3.20061,
  "fwhm_z": 2.98282,
  "icvs_csf": 0.2775845282373324,
  "icvs_gm": 0.3953498365197722,
  "icvs_wm": 0.32706563524289545,
  "inu_med": 0.8753736019134521,
  "inu_range": 0.15628950595855717,
  "provenance": {
    "md5sum": "64582142a28ea8f3e0c5f92bc335145a",
    "settings": {
      "testing": false
    },
    "software": "mriqc",
    "version": "21.0.0rc2",
    "warnings": {
      "large_rot_frame": true,
      "small_air_mask": false
    },
    "webapi_port": null,
    "webapi_url": "https://mriqc.nimh.nih.gov/api/v1"
  },
  "qi_1": 0.0,
  "qi_2": 0.002936156195733818,
  "rpve_csf": 21.93803170635365,
  "rpve_gm": 14.71944297222811,
  "rpve_wm": 23.267775908527998,
  "size_x": 172,
  "size_y": 256,
  "size_z": 256,
  "snr_csf": 2.643194894712627,
  "snr_gm": 7.082758085058034,
  "snr_total": 7.804205136802298,
  "snr_wm": 13.68666243063623,
  "snrd_csf": 23.924795779128992,
  "snrd_gm": 49.99102345162025,
  "snrd_total": 51.824917884862465,
  "snrd_wm": 81.55893442383814,
  "spacing_x": 1.0,
  "spacing_y": 1.0,
  "spacing_z": 1.0,
  "summary_bg_k": 5.87736240442338,
  "summary_bg_mad": 8.032674450022146,
  "summary_bg_mean": 15.48478858660869,
  "summary_bg_median": 8.156703867018223,
  "summary_bg_n": 1033745.0,
  "summary_bg_p05": 2.7387472838163376,
  "summary_bg_p95": 60.66920613497496,
  "summary_bg_stdv": 19.28114551390674,
  "summary_csf_k": 0.6172298394301237,
  "summary_csf_mad": 122.25553970638101,
  "summary_csf_mean": 298.3071613548602,
  "summary_csf_median": 293.34364929050207,
  "summary_csf_n": 13041.0,
  "summary_csf_p05": 139.55703550577164,
  "summary_csf_p95": 478.5663188546896,
  "summary_csf_stdv": 110.9764560626402,
  "summary_gm_k": 0.03750917455415603,
  "summary_gm_mad": 84.29894615133131,
  "summary_gm_mean": 617.0184199460458,
  "summary_gm_median": 612.9435497149825,
  "summary_gm_n": 13646.0,
  "summary_gm_p05": 481.98975295946,
  "summary_gm_p95": 768.3228045832366,
  "summary_gm_stdv": 86.53706412344634,
  "summary_wm_k": 0.4478878987274659,
  "summary_wm_mad": 69.46939332052119,
  "summary_wm_mean": 1001.7843442595372,
  "summary_wm_median": 999.999986499548,
  "summary_wm_n": 142348.0,
  "summary_wm_p05": 885.1512145325541,
  "summary_wm_p95": 1125.0297538042068,
  "summary_wm_stdv": 73.0635740482952,
  "tpm_overlap_csf": 0.15436306595802307,
  "tpm_overlap_gm": 0.41234248876571655,
  "tpm_overlap_wm": 0.5014570951461792,
  "wm2max": 0.5229970402060484
}