{
  "aor": 0.020668026315789477,
  "aqi": 0.013900316754385965,
  "bids_meta": {
    "AcquisitionMatrix": "64 0 0 64",
    "DataSharing": "1",
    "EchoTime": 0.03,
    "EffectiveEchoSpacing": 0.000194857,
    "FlipAngle": 65,
    "ImagesinAcquisition": 32,
    "InstitutionName": "NIH_FMRIF",
    "InternalPulseSequenceName": "epi",
    "MagneticFieldStrength": 3,
    "Manufacturer": "GE",
    "ManufacturersModelName": "DISCOVERY_MR750",
    "Modality": "MR",
    "NumberofTemporalPositions": 240,
    "PhaseEncodingDirection": "j",
    "PixelBandwidth": 7812.5,
    "PixelSpacing": "3.75\\3.75",
    "PulseSequenceName": "epirtnih",
    "ReconstructionDiameter": 240,
    "RepetitionTime": 2.0,
    "SeriesDescription": "mmi_run 2",
    "SliceThickness": 3,
    "SliceTiming": [
      0.0,
      1.0,
      0.0625,
      1.0625,
      0.125,
      1.125,
      0.1875,
      1.1875,
      0.25,
      1.25,
      0.3125,
      1.3125,
      0.375,
      1.375,
      0.4375,
      1.4375,
      0.5,
      1.5,
      0.5625,
      1.5625,
      0.625,
      1.625,
      0.6875,
      1.6875,
      0.75,
      1.75,
      0.8125,
      1.8125,
      0.875,
      1.875,
      0.9375,
      1.9375
    ],
    "SoftwareVersions": "27 lx mr software release:dv26.0_r01_1725.a",
    "SpacingBetweenSlices": 4,
    "StationName": "3TA",
    "TaskName": "MMI",
    "TotalReadoutTime": 0.012276,
    "dataset": "ds003709",
    "modality": "bold",
    "run_id": 2,
    "session_id": "visit1",
    "subject_id": "23903",
    "task_id": "MMI"
  },
  "dummy_trs": 2,
  "dvars_nstd": 35.70419691339208,
  "dvars_std": 1.2554202933920704,
  "dvars_vstd": 1.111201131894273,
  "efc": 0.3986734708223706,
  "fber": 31428.884765625,
  "fd_mean": 0.4021954640976686,
  "fd_num": 89,
  "fd_perc": 39.03508771929825,
  "fwhm_avg": 2.0098491225372075,
  "fwhm_x": 1.9658373333333332,
  "fwhm_y": 2.0999148001756542,
  "fwhm_z": 1.9637952341026346,
  "gcor": 0.0442323,
  "gsr_x": -0.002577097387984395,
  "gsr_y": 0.012401233427226543,
  "provenance": {
    "md5sum": "0850593de44d9f639812e584cc98b78e",
    "settings": {
      "fd_thres": 0.2,
      "testing": false
    },
    "software": "mriqc",
    "version": "21.0.0rc2",
    "webapi_port": null,
    "webapi_url": "https://mriqc.nimh.nih.gov/api/v1"
  },
  "size_t": 228,
  "size_x": 64,
  "size_y": 64,
  "size_z": 32,
  "snr": 5.271441777756629,
  "spacing_tr": 2.0,
  "spacing_x": 3.75,
  "spacing_y": 3.749999761581421,
  "spacing_z": 3.999999523162842,
  "summary_bg_k": 87.6408525524405,
  "summary_bg_mad": 16.399661476462292,
  "summary_bg_mean": 51.49540710449219,
  "summary_bg_median": 11.978070259094238,
  "summary_bg_n": 89283.0,
  "summary_bg_p05": 0.37280702590942383,
  "summary_bg_p95": 210.4649200439453,
  "summary_bg_stdv": 141.62423706054688,
  "summary_fg_k": 0.5326457242170966,
  "summary_fg_mad": 349.2243102359391,
  "summary_fg_mean": 2010.8707275390625,
  "summary_fg_median": 1971.9254150390625,
  "summary_fg_n": 15325.0,
  "summary_fg_p05": 1470.0088134765626,
  "summary_fg_p95": 2684.0877441406246,
  "summary_fg_stdv": 374.0648498535156,
  "tsnr": 37.76108437310904
}