{
  "aor": 0.004770264317180616,
  "aqi": 0.0181346863876652,
  "bids_meta": {
    "AcquisitionMatrix": "64 0 0 64",
    "DataSharing": "1",
    "EchoTime": 0.03,
    "EffectiveEchoSpacing": 0.000194857,
    "FlipAngle": 65,
    "ImagesinAcquisition": 32,
    "InstitutionName": "NIH_FMRIF",
    "InternalPulseSequenceName": "epi",
    "MagneticFieldStrength": 3,
    "Manufacturer": "GE",
    "ManufacturersModelName": "DISCOVERY_MR750",
    "Modality": "MR",
    "NumberofTemporalPositions": 240,
    "PhaseEncodingDirection": "j",
    "PixelBandwidth": 7812.5,
    "PixelSpacing": "3.75\\3.75",
    "PulseSequenceName": "epirtnih",
    "ReconstructionDiameter": 240,
    "RepetitionTime": 2.0,
    "SeriesDescription": "mmi_run1",
    "SliceThickness": 3,
    "SliceTiming": [
      0.0,
      1.0,
      0.0625,
      1.0625,
      0.125,
      1.125,
      0.1875,
      1.1875,
      0.25,
      1.25,
      0.3125,
      1.3125,
      0.375,
      1.375,
      0.4375,
      1.4375,
      0.5,
      1.5,
      0.5625,
      1.5625,
      0.625,
      1.625,
      0.6875,
      1.6875,
      0.75,
      1.75,
      0.8125,
      1.8125,
      0.875,
      1.875,
      0.9375,
      1.9375
    ],
    "SoftwareVersions": "27 lx mr software release:dv26.0_r01_1725.a",
    "SpacingBetweenSlices": 4,
    "StationName": "3TA",
    "TaskName": "MMI",
    "TotalReadoutTime": 0.012276,
    "dataset": "ds003709",
    "modality": "bold",
    "run_id": 1,
    "session_id": "visit1",
    "subject_id": "23903",
    "task_id": "MMI"
  },
  "dummy_trs": 2,
  "dvars_nstd": 32.47598113831859,
  "dvars_std": 1.0800168627433628,
  "dvars_vstd": 0.9415400342920356,
  "efc": 0.3999123200510727,
  "fber": 30349.412109375,
  "fd_mean": 0.3437204001442568,
  "fd_num": 127,
  "fd_perc": 55.947136563876654,
  "fwhm_avg": 2.039708401144931,
  "fwhm_x": 2.0190293333333336,
  "fwhm_y": 2.1331281356206344,
  "fwhm_z": 1.966967734480826,
  "gcor": 0.0323637,
  "gsr_x": -0.003188152564689517,
  "gsr_y": 0.0125649468973279,
  "provenance": {
    "md5sum": "a889634975b6507165eef08e01b4fbe0",
    "settings": {
      "fd_thres": 0.2,
      "testing": false
    },
    "software": "mriqc",
    "version": "21.0.0rc2",
    "webapi_port": null,
    "webapi_url": "https://mriqc.nimh.nih.gov/api/v1"
  },
  "size_t": 227,
  "size_x": 64,
  "size_y": 64,
  "size_z": 32,
  "snr": 5.26290314810403,
  "spacing_tr": 2.0,
  "spacing_x": 3.75,
  "spacing_y": 3.749999761581421,
  "spacing_z": 3.999999523162842,
  "summary_bg_k": 87.80444243772502,
  "summary_bg_mad": 16.762548463360748,
  "summary_bg_mean": 52.77144241333008,
  "summary_bg_median": 12.27532958984375,
  "summary_bg_n": 89246.0,
  "summary_bg_p05": 0.41850218176841736,
  "summary_bg_p95": 213.89205932617188,
  "summary_bg_stdv": 143.56854248046875,
  "summary_fg_k": 0.5363461275925681,
  "summary_fg_mad": 350.2075838996526,
  "summary_fg_mean": 2018.612060546875,
  "summary_fg_median": 1977.347900390625,
  "summary_fg_n": 15285.0,
  "summary_fg_p05": 1480.19287109375,
  "summary_fg_p95": 2698.7408203125,
  "summary_fg_stdv": 375.7019958496094,
  "tsnr": 34.833315292489715
}