{
  "bids_meta": {
    "AcquisitionMatrix": "0 256 256 0",
    "AcquisitionNumber": 1,
    "Columns": 256,
    "DataSharing": "1",
    "EchoNumber(s)": 1,
    "EchoTime": 0.003476,
    "EchoTrainLength": 1,
    "FlipAngle": 7,
    "ImagesinAcquisition": 172,
    "In-planePhaseEncodingDirection": "row",
    "InstitutionName": "NIH_FMRIF",
    "InternalPulseSequenceName": "efgre3d",
    "InversionTime": 0.9,
    "MRAcquisitionType": "3d",
    "MagneticFieldStrength": 3,
    "Manufacturer": "GE",
    "Manufacturer'sModelName": "discovery mr750",
    "ManufacturersModelName": "DISCOVERY_MR750",
    "Modality": "MR",
    "NumberofAverages": 1,
    "PixelBandwidth": 195.312,
    "PixelSpacing": "1\\1",
    "PrivateIn-PlanePhaseEncodingDirection": "row",
    "PulseSequenceName": "mprage",
    "ReceiveCoilName": "32ch head",
    "ReconstructionDiameter": 256,
    "RepetitionTime": 0.00766,
    "Rows": 256,
    "SamplesperPixel": 1,
    "ScanOptions": "edr_gems\\filtered_gems\\acc_gems\\ir_gems",
    "SeriesDescription": "anat_t1w_mp_rage_1mm",
    "SeriesNumber": 9,
    "SliceLocation": -83.74539948,
    "SliceThickness": 1,
    "SoftwareVersion(s)": "27\\lx\\mr software release:dv26.0_r01_1725.a",
    "SoftwareVersions": "27 lx mr software release:dv26.0_r01_1725.a",
    "SpacingBetweenSlices": 1,
    "StationName": "3TC",
    "dataset": "ds003709",
    "modality": "T1w",
    "run_id": 1,
    "session_id": "visit1",
    "subject_id": "23399"
  },
  "cjv": 0.3877401073426562,
  "cnr": 3.4274019240597062,
  "efc": 0.6908389121600037,
  "fber": 3944.8335088895274,
  "fwhm_avg": 3.3074166666666667,
  "fwhm_x": 3.25495,
  "fwhm_y": 3.47405,
  "fwhm_z": 3.19325,
  "icvs_csf": 0.2604261210025567,
  "icvs_gm": 0.38115407467180173,
  "icvs_wm": 0.3584198043256416,
  "inu_med": 1.2049169540405273,
  "inu_range": 0.202947199344635,
  "provenance": {
    "md5sum": "8253a4de7adbf07cbe34a88329ceb1e7",
    "settings": {
      "testing": false
    },
    "software": "mriqc",
    "version": "21.0.0rc2",
    "warnings": {
      "large_rot_frame": true,
      "small_air_mask": false
    },
    "webapi_port": null,
    "webapi_url": "https://mriqc.nimh.nih.gov/api/v1"
  },
  "qi_1": 0.0,
  "qi_2": 0.00307031116998319,
  "rpve_csf": 17.579814063188206,
  "rpve_gm": 11.56037979100629,
  "rpve_wm": 16.454622110446465,
  "size_x": 172,
  "size_y": 256,
  "size_z": 256,
  "snr_csf": 2.6390885908387114,
  "snr_gm": 7.573516818881922,
  "snr_total": 8.503471643495319,
  "snr_wm": 15.297809520765323,
  "snrd_csf": 19.004281607640305,
  "snrd_gm": 40.046872090505666,
  "snrd_total": 41.01923568325089,
  "snrd_wm": 64.00655335160671,
  "spacing_x": 1.0,
  "spacing_y": 1.0,
  "spacing_z": 1.0,
  "summary_bg_k": 5.524499887526678,
  "summary_bg_mad": 10.235457479932435,
  "summary_bg_mean": 22.11426826897431,
  "summary_bg_median": 9.187645677477121,
  "summary_bg_n": 1279565.0,
  "summary_bg_p05": 2.2839345186948776,
  "summary_bg_p95": 86.47806609421968,
  "summary_bg_stdv": 28.828035793998204,
  "summary_csf_k": 7.178637984747553,
  "summary_csf_mad": 121.67111485543744,
  "summary_csf_mean": 304.4697514943383,
  "summary_csf_median": 296.9114874303341,
  "summary_csf_n": 18229.0,
  "summary_csf_p05": 144.84297456741334,
  "summary_csf_p95": 491.07706608101716,
  "summary_csf_stdv": 112.5022268736667,
  "summary_gm_k": -0.022739006500126724,
  "summary_gm_mad": 81.57582653179233,
  "summary_gm_mean": 625.2434245557199,
  "summary_gm_median": 625.6682891156524,
  "summary_gm_n": 12480.0,
  "summary_gm_p05": 486.3223296739161,
  "summary_gm_p95": 760.6098884684964,
  "summary_gm_stdv": 82.60933945708852,
  "summary_wm_k": 0.3088608913054345,
  "summary_wm_mad": 63.567578033264596,
  "summary_wm_mean": 1000.647193539945,
  "summary_wm_median": 999.9999659694731,
  "summary_wm_n": 230966.0,
  "summary_wm_p05": 894.6794400960207,
  "summary_wm_p95": 1108.8891395283863,
  "summary_wm_stdv": 65.36869215092563,
  "tpm_overlap_csf": 0.15875394642353058,
  "tpm_overlap_gm": 0.4067840278148651,
  "tpm_overlap_wm": 0.5057186484336853,
  "wm2max": 0.5434567970887755
}