{
  "bids_meta": {
    "AcquisitionMatrix": "0 256 256 0",
    "AcquisitionNumber": 1,
    "Columns": 256,
    "DataSharing": "1",
    "EchoNumber(s)": 1,
    "EchoTime": 0.003476,
    "EchoTrainLength": 1,
    "FlipAngle": 7,
    "ImagesinAcquisition": 172,
    "In-planePhaseEncodingDirection": "row",
    "InstitutionName": "NIH_FMRIF",
    "InternalPulseSequenceName": "efgre3d",
    "InversionTime": 0.9,
    "MRAcquisitionType": "3d",
    "MagneticFieldStrength": 3,
    "Manufacturer": "GE",
    "Manufacturer'sModelName": "discovery mr750",
    "ManufacturersModelName": "DISCOVERY_MR750",
    "Modality": "MR",
    "NumberofAverages": 1,
    "PixelBandwidth": 195.312,
    "PixelSpacing": "1\\1",
    "PrivateIn-PlanePhaseEncodingDirection": "row",
    "PulseSequenceName": "mprage",
    "ReceiveCoilName": "32ch head",
    "ReconstructionDiameter": 256,
    "RepetitionTime": 0.00766,
    "Rows": 256,
    "SamplesperPixel": 1,
    "ScanOptions": "edr_gems\\filtered_gems\\acc_gems\\ir_gems",
    "SeriesDescription": "anat_t1w_mp_rage_1mm",
    "SeriesNumber": 11,
    "SliceLocation": -87.26110077,
    "SliceThickness": 1,
    "SoftwareVersion(s)": "27\\lx\\mr software release:dv26.0_r01_1725.a",
    "SoftwareVersions": "27 lx mr software release:dv26.0_r01_1725.a",
    "SpacingBetweenSlices": 1,
    "StationName": "3TA",
    "dataset": "ds003709",
    "modality": "T1w",
    "run_id": 1,
    "session_id": "visit1",
    "subject_id": "23549"
  },
  "cjv": 0.3925005103631884,
  "cnr": 3.443424194792254,
  "efc": 0.7288085557200698,
  "fber": 1625.7165473991997,
  "fwhm_avg": 3.3449633333333337,
  "fwhm_x": 3.32712,
  "fwhm_y": 3.51539,
  "fwhm_z": 3.19238,
  "icvs_csf": 0.2588674629132479,
  "icvs_gm": 0.39694543363410195,
  "icvs_wm": 0.34418710345265013,
  "inu_med": 1.204237461090088,
  "inu_range": 0.2720237374305723,
  "provenance": {
    "md5sum": "d01ba0d556c79452b2c7813615354518",
    "settings": {
      "testing": false
    },
    "software": "mriqc",
    "version": "21.0.0rc2",
    "warnings": {
      "large_rot_frame": true,
      "small_air_mask": false
    },
    "webapi_port": null,
    "webapi_url": "https://mriqc.nimh.nih.gov/api/v1"
  },
  "qi_1": 0.0,
  "qi_2": 0.005526458275422271,
  "rpve_csf": 15.801067001679803,
  "rpve_gm": 10.162131663288655,
  "rpve_wm": 15.41125319411402,
  "size_x": 172,
  "size_y": 256,
  "size_z": 256,
  "snr_csf": 2.5795659141329987,
  "snr_gm": 6.7751617699250675,
  "snr_total": 7.785728150904645,
  "snr_wm": 14.002456768655868,
  "snrd_csf": 16.74839270813634,
  "snrd_gm": 34.131991900514066,
  "snrd_total": 35.813793126453895,
  "snrd_wm": 56.56099477071128,
  "spacing_x": 1.0,
  "spacing_y": 1.0,
  "spacing_z": 1.0,
  "summary_bg_k": 5.032412047233249,
  "summary_bg_mad": 11.582829832075015,
  "summary_bg_mean": 15.791720936359416,
  "summary_bg_median": 11.8408203125,
  "summary_bg_n": 893046.0,
  "summary_bg_p05": 2.01416015625,
  "summary_bg_p95": 48.828125,
  "summary_bg_stdv": 15.12629543379514,
  "summary_csf_k": 0.24771255147570548,
  "summary_csf_mad": 120.66955922712526,
  "summary_csf_mean": 300.4099814765131,
  "summary_csf_median": 296.112060546875,
  "summary_csf_n": 23412.0,
  "summary_csf_p05": 129.1839599609375,
  "summary_csf_p95": 497.6806640625,
  "summary_csf_stdv": 114.78897861043069,
  "summary_gm_k": 0.05909514124189519,
  "summary_gm_mad": 86.32827859218409,
  "summary_gm_mean": 605.9216360773365,
  "summary_gm_median": 603.45458984375,
  "summary_gm_n": 20353.0,
  "summary_gm_p05": 461.97509765625,
  "summary_gm_p95": 759.0209960937498,
  "summary_gm_stdv": 89.06647331015478,
  "summary_wm_k": 0.3707390482381716,
  "summary_wm_mad": 69.31599727632391,
  "summary_wm_mean": 1000.6801539158956,
  "summary_wm_median": 1000.0,
  "summary_wm_n": 242339.0,
  "summary_wm_p05": 884.82666015625,
  "summary_wm_p95": 1118.59130859375,
  "summary_wm_stdv": 71.4158917462869,
  "tpm_overlap_csf": 0.14811883866786957,
  "tpm_overlap_gm": 0.4257330596446991,
  "tpm_overlap_wm": 0.48720619082450867,
  "wm2max": 0.5052438710617243
}