{
  "aor": 0.007874655172413793,
  "aqi": 0.01885810405172414,
  "bids_meta": {
    "AcquisitionMatrix": "64 0 0 64",
    "DataSharing": "1",
    "EchoTime": 0.03,
    "EffectiveEchoSpacing": 0.000396,
    "FlipAngle": 65,
    "ImagesinAcquisition": 41,
    "InstitutionName": "NIH_FMRIF",
    "InternalPulseSequenceName": "epi",
    "MagneticFieldStrength": 3,
    "Manufacturer": "GE",
    "ManufacturersModelName": "DISCOVERY_MR750",
    "Modality": "MR",
    "NumberofTemporalPositions": 240,
    "PhaseEncodingDirection": "j",
    "PixelBandwidth": 7812.5,
    "PixelSpacing": "3.75\\3.75",
    "PulseSequenceName": "epirtnih",
    "ReconstructionDiameter": 240,
    "RepetitionTime": 2.0,
    "SeriesDescription": "mmi_run 3",
    "SliceThickness": 3,
    "SliceTiming": [
      0.0,
      1.02439,
      0.04878,
      1.073171,
      0.097561,
      1.121951,
      0.146341,
      1.170732,
      0.195122,
      1.219512,
      0.243902,
      1.268293,
      0.292683,
      1.317073,
      0.341463,
      1.365854,
      0.390244,
      1.414634,
      0.439024,
      1.463415,
      0.487805,
      1.512195,
      0.536585,
      1.560976,
      0.585366,
      1.609756,
      0.634146,
      1.658537,
      0.682927,
      1.707317,
      0.731707,
      1.756098,
      0.780488,
      1.804878,
      0.829268,
      1.853659,
      0.878049,
      1.902439,
      0.926829,
      1.95122,
      0.97561
    ],
    "SoftwareVersions": "27 lx mr software release:dv26.0_r01_1725.a",
    "SpacingBetweenSlices": 3.3,
    "StationName": "3TA",
    "TaskName": "MMI",
    "TotalReadoutTime": 0.024948,
    "dataset": "ds003709",
    "modality": "bold",
    "run_id": 3,
    "session_id": "visit1",
    "subject_id": "23952",
    "task_id": "MMI"
  },
  "dummy_trs": 2,
  "dvars_nstd": 26.73477642285715,
  "dvars_std": 0.9399179229004334,
  "dvars_vstd": 0.8869513175757574,
  "efc": 0.40394903522926384,
  "fber": 38942.11328125,
  "fd_mean": 0.31250991302554687,
  "fd_num": 99,
  "fd_perc": 42.672413793103445,
  "fwhm_avg": 2.1966983142126524,
  "fwhm_x": 2.0257173333333336,
  "fwhm_y": 2.24272,
  "fwhm_z": 2.3216576093046246,
  "gcor": 0.0565525,
  "gsr_x": -0.02062101662158966,
  "gsr_y": 0.026995381340384483,
  "provenance": {
    "md5sum": "879f759e25d43348186bbeb7c30aa935",
    "settings": {
      "fd_thres": 0.2,
      "testing": false
    },
    "software": "mriqc",
    "version": "21.0.0rc2",
    "webapi_port": null,
    "webapi_url": "https://mriqc.nimh.nih.gov/api/v1"
  },
  "size_t": 232,
  "size_x": 64,
  "size_y": 64,
  "size_z": 41,
  "snr": 4.726528785099256,
  "spacing_tr": 2.0,
  "spacing_x": 3.75,
  "spacing_y": 3.75,
  "spacing_z": 3.299999952316284,
  "summary_bg_k": 86.47312066504344,
  "summary_bg_mad": 14.634306609481964,
  "summary_bg_mean": 48.69472122192383,
  "summary_bg_median": 10.737069129943848,
  "summary_bg_n": 115375.0,
  "summary_bg_p05": 0.4094827473163605,
  "summary_bg_p95": 214.94568634033112,
  "summary_bg_stdv": 130.56149291992188,
  "summary_fg_k": 1.3773716186615,
  "summary_fg_mad": 351.71869073844806,
  "summary_fg_mean": 2035.514404296875,
  "summary_fg_median": 1976.3125,
  "summary_fg_n": 20612.0,
  "summary_fg_p05": 1460.3327087402345,
  "summary_fg_p95": 2824.9964477539065,
  "summary_fg_stdv": 418.12176513671875,
  "tsnr": 32.61708648863714
}