{
  "aor": 0.0062814349775784754,
  "aqi": 0.008334835112107622,
  "bids_meta": {
    "AcquisitionMatrix": "64 0 0 64",
    "DataSharing": "1",
    "EchoTime": 0.03,
    "EffectiveEchoSpacing": 0.000396,
    "FlipAngle": 65,
    "ImagesinAcquisition": 41,
    "InstitutionName": "NIH_FMRIF",
    "InternalPulseSequenceName": "epi",
    "MagneticFieldStrength": 3,
    "Manufacturer": "GE",
    "ManufacturersModelName": "DISCOVERY_MR750",
    "Modality": "MR",
    "NumberofTemporalPositions": 240,
    "PhaseEncodingDirection": "j",
    "PixelBandwidth": 7812.5,
    "PixelSpacing": "3.75\\3.75",
    "PulseSequenceName": "epirtnih",
    "ReconstructionDiameter": 240,
    "RepetitionTime": 2.0,
    "SeriesDescription": "mmi_run 2",
    "SliceThickness": 3,
    "SliceTiming": [
      0.0,
      1.02439,
      0.04878,
      1.073171,
      0.097561,
      1.121951,
      0.146341,
      1.170732,
      0.195122,
      1.219512,
      0.243902,
      1.268293,
      0.292683,
      1.317073,
      0.341463,
      1.365854,
      0.390244,
      1.414634,
      0.439024,
      1.463415,
      0.487805,
      1.512195,
      0.536585,
      1.560976,
      0.585366,
      1.609756,
      0.634146,
      1.658537,
      0.682927,
      1.707317,
      0.731707,
      1.756098,
      0.780488,
      1.804878,
      0.829268,
      1.853659,
      0.878049,
      1.902439,
      0.926829,
      1.95122,
      0.97561
    ],
    "SoftwareVersions": "27 lx mr software release:dv26.0_r01_1725.a",
    "SpacingBetweenSlices": 3.3,
    "StationName": "3TA",
    "TaskName": "MMI",
    "TotalReadoutTime": 0.024948,
    "dataset": "ds003709",
    "modality": "bold",
    "run_id": 2,
    "session_id": "visit1",
    "subject_id": "23952",
    "task_id": "MMI"
  },
  "dummy_trs": 2,
  "dvars_nstd": 21.168074530135144,
  "dvars_std": 1.1358553190090086,
  "dvars_vstd": 1.0182318787387388,
  "efc": 0.40287565549568355,
  "fber": 41412.44140625,
  "fd_mean": 0.18080072847916515,
  "fd_num": 56,
  "fd_perc": 25.112107623318387,
  "fwhm_avg": 2.156680899819538,
  "fwhm_x": 1.9973573333333334,
  "fwhm_y": 2.2032853333333335,
  "fwhm_z": 2.2694000327919475,
  "gcor": 0.0168132,
  "gsr_x": -0.020316418260335922,
  "gsr_y": 0.02643788792192936,
  "provenance": {
    "md5sum": "c0ac915243146bae4fd6d24f17a61515",
    "settings": {
      "fd_thres": 0.2,
      "testing": false
    },
    "software": "mriqc",
    "version": "21.0.0rc2",
    "webapi_port": null,
    "webapi_url": "https://mriqc.nimh.nih.gov/api/v1"
  },
  "size_t": 223,
  "size_x": 64,
  "size_y": 64,
  "size_z": 41,
  "snr": 4.730838951203912,
  "spacing_tr": 2.0,
  "spacing_x": 3.75,
  "spacing_y": 3.75,
  "spacing_z": 3.299999952316284,
  "summary_bg_k": 84.85561913350571,
  "summary_bg_mad": 14.24760859696581,
  "summary_bg_mean": 48.315956115722656,
  "summary_bg_median": 10.448431015014648,
  "summary_bg_n": 115461.0,
  "summary_bg_p05": 0.354260116815567,
  "summary_bg_p95": 214.0762481689453,
  "summary_bg_stdv": 131.64234924316406,
  "summary_fg_k": 1.3153584647710952,
  "summary_fg_mad": 351.7423088524025,
  "summary_fg_mean": 2041.301025390625,
  "summary_fg_median": 1985.394775390625,
  "summary_fg_n": 20621.0,
  "summary_fg_p05": 1459.5650634765625,
  "summary_fg_p95": 2833.201904296875,
  "summary_fg_stdv": 419.66058349609375,
  "tsnr": 54.85540880472399
}