{
  "aor": 0.0006627155172413793,
  "aqi": 0.0033753543534482755,
  "bids_meta": {
    "AcquisitionMatrix": "64 0 0 64",
    "DataSharing": "1",
    "EchoTime": 0.03,
    "EffectiveEchoSpacing": 0.000396,
    "FlipAngle": 65,
    "ImagesinAcquisition": 41,
    "InstitutionName": "NIH_FMRIF",
    "InternalPulseSequenceName": "epi",
    "MagneticFieldStrength": 3,
    "Manufacturer": "GE",
    "ManufacturersModelName": "DISCOVERY_MR750",
    "Modality": "MR",
    "NumberofTemporalPositions": 240,
    "PhaseEncodingDirection": "j",
    "PixelBandwidth": 7812.5,
    "PixelSpacing": "3.75\\3.75",
    "PulseSequenceName": "epirtnih",
    "ReconstructionDiameter": 240,
    "RepetitionTime": 2.0,
    "SeriesDescription": "mmi_run 3",
    "SliceThickness": 3,
    "SliceTiming": [
      0.0,
      1.02439,
      0.04878,
      1.073171,
      0.097561,
      1.121951,
      0.146341,
      1.170732,
      0.195122,
      1.219512,
      0.243902,
      1.268293,
      0.292683,
      1.317073,
      0.341463,
      1.365854,
      0.390244,
      1.414634,
      0.439024,
      1.463415,
      0.487805,
      1.512195,
      0.536585,
      1.560976,
      0.585366,
      1.609756,
      0.634146,
      1.658537,
      0.682927,
      1.707317,
      0.731707,
      1.756098,
      0.780488,
      1.804878,
      0.829268,
      1.853659,
      0.878049,
      1.902439,
      0.926829,
      1.95122,
      0.97561
    ],
    "SoftwareVersions": "27 lx mr software release:dv26.0_r01_1725.a",
    "SpacingBetweenSlices": 3.3,
    "StationName": "3TA",
    "TaskName": "MMI",
    "TotalReadoutTime": 0.024948,
    "dataset": "ds003709",
    "modality": "bold",
    "run_id": 3,
    "session_id": "visit1",
    "subject_id": "23880",
    "task_id": "MMI"
  },
  "dummy_trs": 3,
  "dvars_nstd": 16.709263186190476,
  "dvars_std": 1.075507627835498,
  "dvars_vstd": 0.9601067001731601,
  "efc": 0.4117682626929195,
  "fber": 32376.880859375,
  "fd_mean": 0.07016150365934504,
  "fd_num": 1,
  "fd_perc": 0.43103448275862066,
  "fwhm_avg": 2.2065394455861806,
  "fwhm_x": 2.1087146666666667,
  "fwhm_y": 2.1767066666666666,
  "fwhm_z": 2.334197003425208,
  "gcor": 0.0153038,
  "gsr_x": -0.005628430284559727,
  "gsr_y": 0.012546198442578316,
  "provenance": {
    "md5sum": "ce6c681fcec22c427365f61fc90b01a0",
    "settings": {
      "fd_thres": 0.2,
      "testing": false
    },
    "software": "mriqc",
    "version": "21.0.0rc2",
    "webapi_port": null,
    "webapi_url": "https://mriqc.nimh.nih.gov/api/v1"
  },
  "size_t": 232,
  "size_x": 64,
  "size_y": 64,
  "size_z": 41,
  "snr": 4.778129417808808,
  "spacing_tr": 2.0,
  "spacing_x": 3.75,
  "spacing_y": 3.75,
  "spacing_z": 3.299999952316284,
  "summary_bg_k": 54.88953549712092,
  "summary_bg_mad": 15.810163641959141,
  "summary_bg_mean": 50.0003776550293,
  "summary_bg_median": 11.534482955932617,
  "summary_bg_n": 114241.0,
  "summary_bg_p05": 0.3534482717514038,
  "summary_bg_p95": 220.26292419433594,
  "summary_bg_stdv": 129.7930450439453,
  "summary_fg_k": 1.4269247455919931,
  "summary_fg_mad": 364.13213615668417,
  "summary_fg_mean": 2000.590576171875,
  "summary_fg_median": 1950.185302734375,
  "summary_fg_n": 21653.0,
  "summary_fg_p05": 1436.566357421875,
  "summary_fg_p95": 2735.7939453124995,
  "summary_fg_stdv": 408.13885498046875,
  "tsnr": 81.17959680024069
}