{
  "aor": 0.0009133486238532111,
  "aqi": 0.0031025445412844036,
  "bids_meta": {
    "AcquisitionMatrix": "64 0 0 64",
    "DataSharing": "1",
    "EchoTime": 0.03,
    "EffectiveEchoSpacing": 0.000396,
    "FlipAngle": 65,
    "ImagesinAcquisition": 41,
    "InstitutionName": "NIH_FMRIF",
    "InternalPulseSequenceName": "epi",
    "MagneticFieldStrength": 3,
    "Manufacturer": "GE",
    "ManufacturersModelName": "DISCOVERY_MR750",
    "Modality": "MR",
    "NumberofTemporalPositions": 240,
    "PhaseEncodingDirection": "j",
    "PixelBandwidth": 7812.5,
    "PixelSpacing": "3.75\\3.75",
    "PulseSequenceName": "epirtnih",
    "ReconstructionDiameter": 240,
    "RepetitionTime": 2.0,
    "SeriesDescription": "mmi_run 2",
    "SliceThickness": 3,
    "SliceTiming": [
      0.0,
      1.02439,
      0.04878,
      1.073171,
      0.097561,
      1.121951,
      0.146341,
      1.170732,
      0.195122,
      1.219512,
      0.243902,
      1.268293,
      0.292683,
      1.317073,
      0.341463,
      1.365854,
      0.390244,
      1.414634,
      0.439024,
      1.463415,
      0.487805,
      1.512195,
      0.536585,
      1.560976,
      0.585366,
      1.609756,
      0.634146,
      1.658537,
      0.682927,
      1.707317,
      0.731707,
      1.756098,
      0.780488,
      1.804878,
      0.829268,
      1.853659,
      0.878049,
      1.902439,
      0.926829,
      1.95122,
      0.97561
    ],
    "SoftwareVersions": "27 lx mr software release:dv26.0_r01_1725.a",
    "SpacingBetweenSlices": 3.3,
    "StationName": "3TA",
    "TaskName": "MMI",
    "TotalReadoutTime": 0.024948,
    "dataset": "ds003709",
    "modality": "bold",
    "run_id": 2,
    "session_id": "visit1",
    "subject_id": "23880",
    "task_id": "MMI"
  },
  "dummy_trs": 3,
  "dvars_nstd": 14.81698898437787,
  "dvars_std": 1.0705500009677422,
  "dvars_vstd": 0.9801807321658984,
  "efc": 0.41143315648140477,
  "fber": 32902.140625,
  "fd_mean": 0.06349590232441815,
  "fd_num": 2,
  "fd_perc": 0.9174311926605505,
  "fwhm_avg": 2.211907082004039,
  "fwhm_x": 2.1177653333333333,
  "fwhm_y": 2.1725013333333334,
  "fwhm_z": 2.3454545793454513,
  "gcor": 0.0104422,
  "gsr_x": -0.005453276447951794,
  "gsr_y": 0.012426911853253841,
  "provenance": {
    "md5sum": "70176f992a585c64506799e3d1ebbe42",
    "settings": {
      "fd_thres": 0.2,
      "testing": false
    },
    "software": "mriqc",
    "version": "21.0.0rc2",
    "webapi_port": null,
    "webapi_url": "https://mriqc.nimh.nih.gov/api/v1"
  },
  "size_t": 218,
  "size_x": 64,
  "size_y": 64,
  "size_z": 41,
  "snr": 4.766496559929819,
  "spacing_tr": 2.0,
  "spacing_x": 3.75,
  "spacing_y": 3.75,
  "spacing_z": 3.299999952316284,
  "summary_bg_k": 55.33855369138515,
  "summary_bg_mad": 15.744147291312911,
  "summary_bg_mean": 49.795108795166016,
  "summary_bg_median": 11.472476959228516,
  "summary_bg_n": 114261.0,
  "summary_bg_p05": 0.33027520775794983,
  "summary_bg_p95": 217.4495391845703,
  "summary_bg_stdv": 130.2863006591797,
  "summary_fg_k": 1.5052222863027955,
  "summary_fg_mad": 364.9955999243221,
  "summary_fg_mean": 2003.07421875,
  "summary_fg_median": 1952.472412109375,
  "summary_fg_n": 21630.0,
  "summary_fg_p05": 1438.0832214355469,
  "summary_fg_p95": 2747.1485595703125,
  "summary_fg_stdv": 409.61474609375,
  "tsnr": 85.71443351707421
}