{
  "bids_meta": {
    "AcquisitionMatrix": "0 256 256 0",
    "AcquisitionNumber": 1,
    "Columns": 256,
    "DataSharing": "1",
    "EchoNumber(s)": 1,
    "EchoTime": 0.003476,
    "EchoTrainLength": 1,
    "FlipAngle": 7,
    "ImagesinAcquisition": 172,
    "In-planePhaseEncodingDirection": "row",
    "InstitutionName": "NIH_FMRIF",
    "InternalPulseSequenceName": "efgre3d",
    "InversionTime": 0.9,
    "MRAcquisitionType": "3d",
    "MagneticFieldStrength": 3,
    "Manufacturer": "GE",
    "Manufacturer'sModelName": "discovery mr750",
    "ManufacturersModelName": "DISCOVERY_MR750",
    "Modality": "MR",
    "NumberofAverages": 1,
    "PixelBandwidth": 195.312,
    "PixelSpacing": "1\\1",
    "PrivateIn-PlanePhaseEncodingDirection": "row",
    "PulseSequenceName": "mprage",
    "ReceiveCoilName": "32ch head",
    "ReconstructionDiameter": 256,
    "RepetitionTime": 0.00766,
    "Rows": 256,
    "SamplesperPixel": 1,
    "ScanOptions": "edr_gems\\filtered_gems\\acc_gems\\ir_gems",
    "SeriesDescription": "anat_t1w_mp_rage_1mm",
    "SeriesNumber": 3,
    "SliceLocation": -89.60489655,
    "SliceThickness": 1,
    "SoftwareVersion(s)": "27\\lx\\mr software release:dv26.0_r01_1725.a",
    "SoftwareVersions": "27 lx mr software release:dv26.0_r01_1725.a",
    "SpacingBetweenSlices": 1,
    "StationName": "3TC",
    "dataset": "ds003709",
    "modality": "T1w",
    "run_id": 1,
    "session_id": "visit1",
    "subject_id": "23856"
  },
  "cjv": 0.33526578167806675,
  "cnr": 4.010450534186368,
  "efc": 0.7087448377368544,
  "fber": 1843.4952064943454,
  "fwhm_avg": 3.55329,
  "fwhm_x": 3.40564,
  "fwhm_y": 3.80088,
  "fwhm_z": 3.45335,
  "icvs_csf": 0.29278535421995777,
  "icvs_gm": 0.37968051536178615,
  "icvs_wm": 0.3275341304182561,
  "inu_med": 0.9203755259513855,
  "inu_range": 0.15883022844791406,
  "provenance": {
    "md5sum": "087a0987aebfa37104783d277af05901",
    "settings": {
      "testing": false
    },
    "software": "mriqc",
    "version": "21.0.0rc2",
    "warnings": {
      "large_rot_frame": true,
      "small_air_mask": false
    },
    "webapi_port": null,
    "webapi_url": "https://mriqc.nimh.nih.gov/api/v1"
  },
  "qi_1": 0.0,
  "qi_2": 0.0040235431950465484,
  "rpve_csf": 16.474856364390217,
  "rpve_gm": 11.741863793802786,
  "rpve_wm": 18.421816758824914,
  "size_x": 172,
  "size_y": 256,
  "size_z": 256,
  "snr_csf": 2.7389201071713005,
  "snr_gm": 7.547961445092932,
  "snr_total": 8.238040290663667,
  "snr_wm": 14.42723931972677,
  "snrd_csf": 23.54101137442491,
  "snrd_gm": 50.47630810981342,
  "snrd_total": 53.718085257554,
  "snrd_wm": 87.13693628842366,
  "spacing_x": 1.0,
  "spacing_y": 1.0,
  "spacing_z": 1.0,
  "summary_bg_k": 4.16245830868229,
  "summary_bg_mad": 7.518469306417689,
  "summary_bg_mean": 16.103393115690587,
  "summary_bg_median": 10.097383707761765,
  "summary_bg_n": 881131.0,
  "summary_bg_p05": 2.5580038726329803,
  "summary_bg_p95": 57.80191206932068,
  "summary_bg_stdv": 17.650639446280284,
  "summary_csf_k": 0.4437701728354999,
  "summary_csf_mad": 105.72431617608592,
  "summary_csf_mean": 279.5520531038451,
  "summary_csf_median": 270.16111075878143,
  "summary_csf_n": 27070.0,
  "summary_csf_p05": 140.2167578920722,
  "summary_csf_p95": 446.64318320304153,
  "summary_csf_stdv": 98.63599889568601,
  "summary_gm_k": 0.18820802662172875,
  "summary_gm_mad": 74.3862715449113,
  "summary_gm_mean": 580.7387020637877,
  "summary_gm_median": 579.2756839990616,
  "summary_gm_n": 18082.0,
  "summary_gm_p05": 455.1092784762383,
  "summary_gm_p95": 711.1654661267996,
  "summary_gm_stdv": 76.74385593661691,
  "summary_wm_k": 0.42663426838372365,
  "summary_wm_mad": 66.6681968586772,
  "summary_wm_mean": 999.9257249567681,
  "summary_wm_median": 1000.0000051558018,
  "summary_wm_n": 197747.0,
  "summary_wm_p05": 886.325903236866,
  "summary_wm_p95": 1112.7765618562698,
  "summary_wm_stdv": 69.31315510250823,
  "tpm_overlap_csf": 0.1535182148218155,
  "tpm_overlap_gm": 0.40694141387939453,
  "tpm_overlap_wm": 0.4867258667945862,
  "wm2max": 0.5844721311475409
}