{
  "bids_meta": {
    "AcquisitionMatrix": "0 256 256 0",
    "AcquisitionNumber": 1,
    "Columns": 256,
    "DataSharing": "1",
    "EchoNumber(s)": 1,
    "EchoTime": 0.003476,
    "EchoTrainLength": 1,
    "FlipAngle": 7,
    "ImagesinAcquisition": 172,
    "In-planePhaseEncodingDirection": "row",
    "InstitutionName": "NIH_FMRIF",
    "InternalPulseSequenceName": "efgre3d",
    "InversionTime": 0.9,
    "MRAcquisitionType": "3d",
    "MagneticFieldStrength": 3,
    "Manufacturer": "GE",
    "Manufacturer'sModelName": "discovery mr750",
    "ManufacturersModelName": "DISCOVERY_MR750",
    "Modality": "MR",
    "NumberofAverages": 1,
    "PixelBandwidth": 195.312,
    "PixelSpacing": "1\\1",
    "PrivateIn-PlanePhaseEncodingDirection": "row",
    "PulseSequenceName": "mprage",
    "ReceiveCoilName": "32ch head",
    "ReconstructionDiameter": 256,
    "RepetitionTime": 0.00766,
    "Rows": 256,
    "SamplesperPixel": 1,
    "ScanOptions": "edr_gems\\filtered_gems\\acc_gems\\ir_gems",
    "SeriesDescription": "anat_t1w_mp_rage_1mm",
    "SeriesNumber": 6,
    "SliceLocation": -84.91729736,
    "SliceThickness": 1,
    "SoftwareVersion(s)": "27\\lx\\mr software release:dv26.0_r01_1725.a",
    "SoftwareVersions": "27 lx mr software release:dv26.0_r01_1725.a",
    "SpacingBetweenSlices": 1,
    "StationName": "3TA",
    "dataset": "ds003709",
    "modality": "T1w",
    "run_id": 1,
    "session_id": "visit1",
    "subject_id": "23969"
  },
  "cjv": 0.3692527906066584,
  "cnr": 3.5786471005607576,
  "efc": 0.6971926211115568,
  "fber": 3423.750164365549,
  "fwhm_avg": 3.18783,
  "fwhm_x": 3.15548,
  "fwhm_y": 3.29719,
  "fwhm_z": 3.11082,
  "icvs_csf": 0.24026170282867468,
  "icvs_gm": 0.4207452372775843,
  "icvs_wm": 0.338993059893741,
  "inu_med": 0.9004802107810974,
  "inu_range": 0.1879805326461792,
  "provenance": {
    "md5sum": "79e780e49b548e9d60b45f43a00208e2",
    "settings": {
      "testing": false
    },
    "software": "mriqc",
    "version": "21.0.0rc2",
    "warnings": {
      "large_rot_frame": true,
      "small_air_mask": false
    },
    "webapi_port": null,
    "webapi_url": "https://mriqc.nimh.nih.gov/api/v1"
  },
  "qi_1": 0.0,
  "qi_2": 0.006930965245782328,
  "rpve_csf": 21.22270350098582,
  "rpve_gm": 12.465799712139612,
  "rpve_wm": 19.997423347257488,
  "size_x": 172,
  "size_y": 256,
  "size_z": 256,
  "snr_csf": 1.98304533868652,
  "snr_gm": 7.228795617590262,
  "snr_total": 7.577365460138605,
  "snr_wm": 13.520255424139032,
  "snrd_csf": 20.96677099823743,
  "snrd_gm": 51.230075692261835,
  "snrd_total": 52.659585342416364,
  "snrd_wm": 85.78190933674982,
  "spacing_x": 1.0,
  "spacing_y": 1.0,
  "spacing_z": 1.0,
  "summary_bg_k": 4.247456594217645,
  "summary_bg_mad": 7.637232747299398,
  "summary_bg_mean": 16.023822587732724,
  "summary_bg_median": 7.726852811872959,
  "summary_bg_n": 892577.0,
  "summary_bg_p05": 2.575617603957653,
  "summary_bg_p95": 62.54127874225378,
  "summary_bg_stdv": 19.306614072882248,
  "summary_csf_k": 17.98056290409569,
  "summary_csf_mad": 135.02235844263936,
  "summary_csf_mean": 261.5088692192492,
  "summary_csf_median": 244.41950646787882,
  "summary_csf_n": 6557.0,
  "summary_csf_p05": 106.51169414520264,
  "summary_csf_p95": 468.3001135811209,
  "summary_csf_stdv": 123.24522436790643,
  "summary_gm_k": 0.1204541901707632,
  "summary_gm_mad": 79.50555116419373,
  "summary_gm_mean": 598.4722998220803,
  "summary_gm_median": 597.2130767330527,
  "summary_gm_n": 14057.0,
  "summary_gm_p05": 461.167634062469,
  "summary_gm_p95": 738.3437131345272,
  "summary_gm_stdv": 82.61290889884029,
  "summary_wm_k": 0.5474546310440616,
  "summary_wm_mad": 69.22466092744455,
  "summary_wm_mean": 1002.6054444421353,
  "summary_wm_median": 1000.0000451058149,
  "summary_wm_n": 169691.0,
  "summary_wm_p05": 885.4180824682117,
  "summary_wm_p95": 1128.6488423496485,
  "summary_wm_stdv": 73.96288510820013,
  "tpm_overlap_csf": 0.1500585973262787,
  "tpm_overlap_gm": 0.4229356646537781,
  "tpm_overlap_wm": 0.474518746137619,
  "wm2max": 0.48106785754100323
}