{
  "aor": 0.0031122033898305086,
  "aqi": 0.0038518287288135597,
  "bids_meta": {
    "AcquisitionMatrix": "64 0 0 64",
    "DataSharing": "1",
    "EchoTime": 0.03,
    "EffectiveEchoSpacing": 0.000396,
    "FlipAngle": 65,
    "ImagesinAcquisition": 41,
    "InstitutionName": "NIH_FMRIF",
    "InternalPulseSequenceName": "epi",
    "MagneticFieldStrength": 3,
    "Manufacturer": "GE",
    "ManufacturersModelName": "DISCOVERY_MR750",
    "Modality": "MR",
    "NumberofTemporalPositions": 240,
    "PhaseEncodingDirection": "j",
    "PixelBandwidth": 7812.5,
    "PixelSpacing": "3.75\\3.75",
    "PulseSequenceName": "epirtnih",
    "ReconstructionDiameter": 240,
    "RepetitionTime": 2.0,
    "SeriesDescription": "mmi_run 1",
    "SliceThickness": 3,
    "SliceTiming": [
      0.0,
      1.02439,
      0.04878,
      1.073171,
      0.097561,
      1.121951,
      0.146341,
      1.170732,
      0.195122,
      1.219512,
      0.243902,
      1.268293,
      0.292683,
      1.317073,
      0.341463,
      1.365854,
      0.390244,
      1.414634,
      0.439024,
      1.463415,
      0.487805,
      1.512195,
      0.536585,
      1.560976,
      0.585366,
      1.609756,
      0.634146,
      1.658537,
      0.682927,
      1.707317,
      0.731707,
      1.756098,
      0.780488,
      1.804878,
      0.829268,
      1.853659,
      0.878049,
      1.902439,
      0.926829,
      1.95122,
      0.97561
    ],
    "SoftwareVersions": "27 lx mr software release:dv26.0_r01_1725.a",
    "SpacingBetweenSlices": 3.3,
    "StationName": "3TA",
    "TaskName": "MMI",
    "TotalReadoutTime": 0.024948,
    "dataset": "ds003709",
    "modality": "bold",
    "run_id": 1,
    "session_id": "visit1",
    "subject_id": "20900",
    "task_id": "MMI"
  },
  "dummy_trs": 4,
  "dvars_nstd": 19.008971973106377,
  "dvars_std": 1.192780050255319,
  "dvars_vstd": 1.0081280479999997,
  "efc": 0.4347753900164949,
  "fber": 18331.033203125,
  "fd_mean": 0.08162636315934689,
  "fd_num": 3,
  "fd_perc": 1.271186440677966,
  "fwhm_avg": 2.0724185558601778,
  "fwhm_x": 1.9495573333333334,
  "fwhm_y": 2.1073013333333335,
  "fwhm_z": 2.1603970009138656,
  "gcor": 0.0144708,
  "gsr_x": -0.0037537049502134323,
  "gsr_y": 0.01424629520624876,
  "provenance": {
    "md5sum": "c3f6b9f10b96720a920f7d4dac5132c1",
    "settings": {
      "fd_thres": 0.2,
      "testing": false
    },
    "software": "mriqc",
    "version": "21.0.0rc2",
    "webapi_port": null,
    "webapi_url": "https://mriqc.nimh.nih.gov/api/v1"
  },
  "size_t": 236,
  "size_x": 64,
  "size_y": 64,
  "size_z": 41,
  "snr": 4.844923891825159,
  "spacing_tr": 2.0,
  "spacing_x": 3.75,
  "spacing_y": 3.75,
  "spacing_z": 3.299999952316284,
  "summary_bg_k": 25.270163208042003,
  "summary_bg_mad": 21.0265662420119,
  "summary_bg_mean": 82.0220947265625,
  "summary_bg_median": 15.0,
  "summary_bg_n": 114467.0,
  "summary_bg_p05": 0.26271185278892517,
  "summary_bg_p95": 442.2919433593749,
  "summary_bg_stdv": 196.88706970214844,
  "summary_fg_k": 0.5424157888040426,
  "summary_fg_mad": 359.1006634666604,
  "summary_fg_mean": 1926.6666259765625,
  "summary_fg_median": 1887.072021484375,
  "summary_fg_n": 21182.0,
  "summary_fg_p05": 1352.4936950683593,
  "summary_fg_p95": 2626.8047973632815,
  "summary_fg_stdv": 389.4854736328125,
  "tsnr": 72.3700204687193
}