{
  "aor": 0.040230550847457636,
  "aqi": 0.020348844449152546,
  "bids_meta": {
    "AcquisitionMatrix": "64 0 0 64",
    "DataSharing": "1",
    "EchoTime": 0.03,
    "EffectiveEchoSpacing": 0.000396,
    "FlipAngle": 65,
    "ImagesinAcquisition": 41,
    "InstitutionName": "NIH_FMRIF",
    "InternalPulseSequenceName": "epi",
    "MagneticFieldStrength": 3,
    "Manufacturer": "GE",
    "ManufacturersModelName": "DISCOVERY_MR750",
    "Modality": "MR",
    "NumberofTemporalPositions": 240,
    "PhaseEncodingDirection": "j",
    "PixelBandwidth": 7812.5,
    "PixelSpacing": "3.75\\3.75",
    "PulseSequenceName": "epirtnih",
    "ReconstructionDiameter": 240,
    "RepetitionTime": 2.0,
    "SeriesDescription": "mmi_run1",
    "SliceThickness": 3,
    "SliceTiming": [
      0.0,
      1.02439,
      0.04878,
      1.073171,
      0.097561,
      1.121951,
      0.146341,
      1.170732,
      0.195122,
      1.219512,
      0.243902,
      1.268293,
      0.292683,
      1.317073,
      0.341463,
      1.365854,
      0.390244,
      1.414634,
      0.439024,
      1.463415,
      0.487805,
      1.512195,
      0.536585,
      1.560976,
      0.585366,
      1.609756,
      0.634146,
      1.658537,
      0.682927,
      1.707317,
      0.731707,
      1.756098,
      0.780488,
      1.804878,
      0.829268,
      1.853659,
      0.878049,
      1.902439,
      0.926829,
      1.95122,
      0.97561
    ],
    "SoftwareVersions": "27 lx mr software release:dv26.0_r01_1725.a",
    "SpacingBetweenSlices": 3.3,
    "StationName": "3TA",
    "TaskName": "MMI",
    "TotalReadoutTime": 0.024948,
    "dataset": "ds003709",
    "modality": "bold",
    "run_id": 1,
    "session_id": "visit1",
    "subject_id": "23937",
    "task_id": "MMI"
  },
  "dummy_trs": 4,
  "dvars_nstd": 23.319523076680863,
  "dvars_std": 1.088620743787234,
  "dvars_vstd": 1.085847299361702,
  "efc": 0.40671688626805785,
  "fber": 14599.322265625,
  "fd_mean": 0.18945122155976,
  "fd_num": 42,
  "fd_perc": 17.796610169491526,
  "fwhm_avg": 2.5850115282692956,
  "fwhm_x": 2.447242666666667,
  "fwhm_y": 2.5843040000000004,
  "fwhm_z": 2.7234879181412195,
  "gcor": 0.0231434,
  "gsr_x": -0.020583970472216606,
  "gsr_y": 0.0303525160998106,
  "provenance": {
    "md5sum": "34cefbd464ae8194dc68712e5270a16e",
    "settings": {
      "fd_thres": 0.2,
      "testing": false
    },
    "software": "mriqc",
    "version": "21.0.0rc2",
    "webapi_port": null,
    "webapi_url": "https://mriqc.nimh.nih.gov/api/v1"
  },
  "size_t": 236,
  "size_x": 64,
  "size_y": 64,
  "size_z": 41,
  "snr": 3.5127397085339007,
  "spacing_tr": 2.0,
  "spacing_x": 3.75,
  "spacing_y": 3.75,
  "spacing_z": 3.299999952316284,
  "summary_bg_k": 70.61281945814393,
  "summary_bg_mad": 20.561682360729666,
  "summary_bg_mean": 52.66960906982422,
  "summary_bg_median": 14.96610164642334,
  "summary_bg_n": 116053.0,
  "summary_bg_p05": 0.42796608805656433,
  "summary_bg_p95": 213.5398315429686,
  "summary_bg_stdv": 116.92367553710938,
  "summary_fg_k": 4.845286471880973,
  "summary_fg_mad": 289.5188945402052,
  "summary_fg_mean": 1774.3773193359375,
  "summary_fg_median": 1661.860107421875,
  "summary_fg_n": 20850.0,
  "summary_fg_p05": 1266.333056640625,
  "summary_fg_p95": 2762.6107788085938,
  "summary_fg_stdv": 473.08380126953125,
  "tsnr": 33.98746039532125
}