{
  "aor": 0.03660257383966245,
  "aqi": 0.03286585088607595,
  "bids_meta": {
    "AcquisitionMatrix": "64 0 0 64",
    "DataSharing": "1",
    "EchoTime": 0.03,
    "EffectiveEchoSpacing": 0.000396,
    "FlipAngle": 65,
    "ImagesinAcquisition": 41,
    "InstitutionName": "NIH_FMRIF",
    "InternalPulseSequenceName": "epi",
    "MagneticFieldStrength": 3,
    "Manufacturer": "GE",
    "ManufacturersModelName": "DISCOVERY_MR750",
    "Modality": "MR",
    "NumberofTemporalPositions": 240,
    "PhaseEncodingDirection": "j",
    "PixelBandwidth": 7812.5,
    "PixelSpacing": "3.75\\3.75",
    "PulseSequenceName": "epirtnih",
    "ReconstructionDiameter": 240,
    "RepetitionTime": 2.0,
    "SeriesDescription": "mmi_run 2",
    "SliceThickness": 3,
    "SliceTiming": [
      0.0,
      1.02439,
      0.04878,
      1.073171,
      0.097561,
      1.121951,
      0.146341,
      1.170732,
      0.195122,
      1.219512,
      0.243902,
      1.268293,
      0.292683,
      1.317073,
      0.341463,
      1.365854,
      0.390244,
      1.414634,
      0.439024,
      1.463415,
      0.487805,
      1.512195,
      0.536585,
      1.560976,
      0.585366,
      1.609756,
      0.634146,
      1.658537,
      0.682927,
      1.707317,
      0.731707,
      1.756098,
      0.780488,
      1.804878,
      0.829268,
      1.853659,
      0.878049,
      1.902439,
      0.926829,
      1.95122,
      0.97561
    ],
    "SoftwareVersions": "27 lx mr software release:dv26.0_r01_1725.a",
    "SpacingBetweenSlices": 3.3,
    "StationName": "3TA",
    "TaskName": "MMI",
    "TotalReadoutTime": 0.024948,
    "dataset": "ds003709",
    "modality": "bold",
    "run_id": 2,
    "session_id": "visit1",
    "subject_id": "23937",
    "task_id": "MMI"
  },
  "dummy_trs": 3,
  "dvars_nstd": 29.94290189000002,
  "dvars_std": 0.9723917186016948,
  "dvars_vstd": 1.0166805872033895,
  "efc": 0.4096441820059397,
  "fber": 14325.9248046875,
  "fd_mean": 0.3951986943961786,
  "fd_num": 70,
  "fd_perc": 29.535864978902953,
  "fwhm_avg": 2.6056849021210398,
  "fwhm_x": 2.476912,
  "fwhm_y": 2.592909333333333,
  "fwhm_z": 2.7472333730297867,
  "gcor": 0.0455622,
  "gsr_x": -0.021132348105311394,
  "gsr_y": 0.03456876054406166,
  "provenance": {
    "md5sum": "bd0309f02264cd577cb1f7bdb8710327",
    "settings": {
      "fd_thres": 0.2,
      "testing": false
    },
    "software": "mriqc",
    "version": "21.0.0rc2",
    "webapi_port": null,
    "webapi_url": "https://mriqc.nimh.nih.gov/api/v1"
  },
  "size_t": 237,
  "size_x": 64,
  "size_y": 64,
  "size_z": 41,
  "snr": 3.5395852029986874,
  "spacing_tr": 2.0,
  "spacing_x": 3.75,
  "spacing_y": 3.75,
  "spacing_z": 3.299999952316284,
  "summary_bg_k": 65.45734943767044,
  "summary_bg_mad": 20.681360939017026,
  "summary_bg_mean": 53.195343017578125,
  "summary_bg_median": 15.059070587158203,
  "summary_bg_n": 115610.0,
  "summary_bg_p05": 0.47257381677627563,
  "summary_bg_p95": 214.77192611694292,
  "summary_bg_stdv": 115.45406341552734,
  "summary_fg_k": 4.713408326835327,
  "summary_fg_mad": 287.1556352910297,
  "summary_fg_mean": 1767.743408203125,
  "summary_fg_median": 1656.07373046875,
  "summary_fg_n": 21104.0,
  "summary_fg_p05": 1269.4666137695312,
  "summary_fg_p95": 2743.694873046874,
  "summary_fg_stdv": 467.8611755371094,
  "tsnr": 23.78737881523557
}