{
  "aor": 0.003445443037974684,
  "aqi": 0.007602103755274262,
  "bids_meta": {
    "AcquisitionMatrix": "64 0 0 64",
    "DataSharing": "1",
    "EchoTime": 0.03,
    "EffectiveEchoSpacing": 0.000396,
    "FlipAngle": 65,
    "ImagesinAcquisition": 41,
    "InstitutionName": "NIH_FMRIF",
    "InternalPulseSequenceName": "epi",
    "MagneticFieldStrength": 3,
    "Manufacturer": "GE",
    "ManufacturersModelName": "DISCOVERY_MR750",
    "Modality": "MR",
    "NumberofTemporalPositions": 240,
    "PhaseEncodingDirection": "j",
    "PixelBandwidth": 7812.5,
    "PixelSpacing": "3.75\\3.75",
    "PulseSequenceName": "epirtnih",
    "ReconstructionDiameter": 240,
    "RepetitionTime": 2.0,
    "SeriesDescription": "mmi_run 2",
    "SliceThickness": 3,
    "SliceTiming": [
      0.0,
      1.02439,
      0.04878,
      1.073171,
      0.097561,
      1.121951,
      0.146341,
      1.170732,
      0.195122,
      1.219512,
      0.243902,
      1.268293,
      0.292683,
      1.317073,
      0.341463,
      1.365854,
      0.390244,
      1.414634,
      0.439024,
      1.463415,
      0.487805,
      1.512195,
      0.536585,
      1.560976,
      0.585366,
      1.609756,
      0.634146,
      1.658537,
      0.682927,
      1.707317,
      0.731707,
      1.756098,
      0.780488,
      1.804878,
      0.829268,
      1.853659,
      0.878049,
      1.902439,
      0.926829,
      1.95122,
      0.97561
    ],
    "SoftwareVersions": "27 lx mr software release:dv26.0_r01_1725.a",
    "SpacingBetweenSlices": 3.3,
    "StationName": "3TC",
    "TaskName": "MMI",
    "TotalReadoutTime": 0.024948,
    "dataset": "ds003709",
    "modality": "bold",
    "run_id": 2,
    "session_id": "visit1",
    "subject_id": "23901",
    "task_id": "MMI"
  },
  "dummy_trs": 3,
  "dvars_nstd": 24.3857425468644,
  "dvars_std": 1.0328443969491528,
  "dvars_vstd": 0.9182187614406775,
  "efc": 0.4252082129013476,
  "fber": 26082.015625,
  "fd_mean": 0.14719556470163697,
  "fd_num": 47,
  "fd_perc": 19.831223628691983,
  "fwhm_avg": 2.6122400139586457,
  "fwhm_x": 2.4321013333333337,
  "fwhm_y": 2.506552,
  "fwhm_z": 2.898066708542603,
  "gcor": 0.0329477,
  "gsr_x": -0.009347647428512573,
  "gsr_y": 0.018782712519168854,
  "provenance": {
    "md5sum": "4c02456608961542bd7c0897396cbed4",
    "settings": {
      "fd_thres": 0.2,
      "testing": false
    },
    "software": "mriqc",
    "version": "21.0.0rc2",
    "webapi_port": null,
    "webapi_url": "https://mriqc.nimh.nih.gov/api/v1"
  },
  "size_t": 237,
  "size_x": 64,
  "size_y": 64,
  "size_z": 41,
  "snr": 3.099563732221335,
  "spacing_tr": 2.0,
  "spacing_x": 3.75,
  "spacing_y": 3.75,
  "spacing_z": 3.299999952316284,
  "summary_bg_k": 38.506685477130866,
  "summary_bg_mad": 12.27994904498845,
  "summary_bg_mean": 45.16560745239258,
  "summary_bg_median": 9.270041465759277,
  "summary_bg_n": 111222.0,
  "summary_bg_p05": 0.46413499116897583,
  "summary_bg_p95": 221.89154739379865,
  "summary_bg_stdv": 113.84691619873047,
  "summary_fg_k": 1.9416564441832227,
  "summary_fg_mad": 383.1118697085519,
  "summary_fg_mean": 1494.75537109375,
  "summary_fg_median": 1397.3416748046875,
  "summary_fg_n": 23811.0,
  "summary_fg_p05": 976.8016357421875,
  "summary_fg_p95": 2385.67919921875,
  "summary_fg_stdv": 450.8093566894531,
  "tsnr": 47.25273702619597
}