{
  "aor": 0.004173403361344538,
  "aqi": 0.0031015767226890757,
  "bids_meta": {
    "AcquisitionMatrix": "64 0 0 64",
    "DataSharing": "1",
    "EchoTime": 0.03,
    "EffectiveEchoSpacing": 0.000396,
    "FlipAngle": 65,
    "ImagesinAcquisition": 41,
    "InstitutionName": "NIH_FMRIF",
    "InternalPulseSequenceName": "epi",
    "MagneticFieldStrength": 3,
    "Manufacturer": "GE",
    "ManufacturersModelName": "DISCOVERY_MR750",
    "Modality": "MR",
    "NumberofTemporalPositions": 240,
    "PhaseEncodingDirection": "j",
    "PixelBandwidth": 7812.5,
    "PixelSpacing": "3.75\\3.75",
    "PulseSequenceName": "epirtnih",
    "ReconstructionDiameter": 240,
    "RepetitionTime": 2.0,
    "SeriesDescription": "mmi_run 1",
    "SliceThickness": 3,
    "SliceTiming": [
      0.0,
      1.02439,
      0.04878,
      1.073171,
      0.097561,
      1.121951,
      0.146341,
      1.170732,
      0.195122,
      1.219512,
      0.243902,
      1.268293,
      0.292683,
      1.317073,
      0.341463,
      1.365854,
      0.390244,
      1.414634,
      0.439024,
      1.463415,
      0.487805,
      1.512195,
      0.536585,
      1.560976,
      0.585366,
      1.609756,
      0.634146,
      1.658537,
      0.682927,
      1.707317,
      0.731707,
      1.756098,
      0.780488,
      1.804878,
      0.829268,
      1.853659,
      0.878049,
      1.902439,
      0.926829,
      1.95122,
      0.97561
    ],
    "SoftwareVersions": "27 lx mr software release:dv26.0_r01_1725.a",
    "SpacingBetweenSlices": 3.3,
    "StationName": "3TC",
    "TaskName": "MMI",
    "TotalReadoutTime": 0.024948,
    "dataset": "ds003709",
    "modality": "bold",
    "run_id": 1,
    "session_id": "visit1",
    "subject_id": "23901",
    "task_id": "MMI"
  },
  "dummy_trs": 2,
  "dvars_nstd": 23.19522479417722,
  "dvars_std": 1.2785901799578063,
  "dvars_vstd": 1.0478395451898732,
  "efc": 0.4242324806667118,
  "fber": 26278.95703125,
  "fd_mean": 0.11211149808462191,
  "fd_num": 31,
  "fd_perc": 13.025210084033613,
  "fwhm_avg": 2.597528943086747,
  "fwhm_x": 2.4262053333333333,
  "fwhm_y": 2.502536,
  "fwhm_z": 2.8638454959269075,
  "gcor": 0.0475065,
  "gsr_x": -0.009143269620835781,
  "gsr_y": 0.01835085079073906,
  "provenance": {
    "md5sum": "e2f269f48516f9416f73406f3330f4f4",
    "settings": {
      "fd_thres": 0.2,
      "testing": false
    },
    "software": "mriqc",
    "version": "21.0.0rc2",
    "webapi_port": null,
    "webapi_url": "https://mriqc.nimh.nih.gov/api/v1"
  },
  "size_t": 238,
  "size_x": 64,
  "size_y": 64,
  "size_z": 41,
  "snr": 3.1095157568145884,
  "spacing_tr": 2.0,
  "spacing_x": 3.75,
  "spacing_y": 3.75,
  "spacing_z": 3.299999952316284,
  "summary_bg_k": 39.774055341262844,
  "summary_bg_mad": 12.122454036658599,
  "summary_bg_mean": 44.29915237426758,
  "summary_bg_median": 9.201681137084961,
  "summary_bg_n": 111264.0,
  "summary_bg_p05": 0.5084033608436584,
  "summary_bg_p95": 216.91702957153302,
  "summary_bg_stdv": 112.32521057128906,
  "summary_fg_k": 1.8763315267364105,
  "summary_fg_mad": 382.9660889362123,
  "summary_fg_mean": 1499.5982666015625,
  "summary_fg_median": 1403.418212890625,
  "summary_fg_n": 23750.0,
  "summary_fg_p05": 981.169155883789,
  "summary_fg_p95": 2394.527307128906,
  "summary_fg_stdv": 451.3206481933594,
  "tsnr": 75.08213888702448
}