{
  "aor": 0.009199999999999998,
  "aqi": 0.005137372857142858,
  "bids_meta": {
    "AcquisitionMatrix": "64 0 0 64",
    "DataSharing": "1",
    "EchoTime": 0.03,
    "EffectiveEchoSpacing": 0.000396,
    "FlipAngle": 65,
    "ImagesinAcquisition": 41,
    "InstitutionName": "NIH_FMRIF",
    "InternalPulseSequenceName": "epi",
    "MagneticFieldStrength": 3,
    "Manufacturer": "GE",
    "ManufacturersModelName": "DISCOVERY_MR750",
    "Modality": "MR",
    "NumberofTemporalPositions": 240,
    "PhaseEncodingDirection": "j",
    "PixelBandwidth": 7812.5,
    "PixelSpacing": "3.75\\3.75",
    "PulseSequenceName": "epirtnih",
    "ReconstructionDiameter": 240,
    "RepetitionTime": 2.0,
    "SeriesDescription": "mmi_run 3",
    "SliceThickness": 3,
    "SliceTiming": [
      0.0,
      1.02439,
      0.04878,
      1.073171,
      0.097561,
      1.121951,
      0.146341,
      1.170732,
      0.195122,
      1.219512,
      0.243902,
      1.268293,
      0.292683,
      1.317073,
      0.341463,
      1.365854,
      0.390244,
      1.414634,
      0.439024,
      1.463415,
      0.487805,
      1.512195,
      0.536585,
      1.560976,
      0.585366,
      1.609756,
      0.634146,
      1.658537,
      0.682927,
      1.707317,
      0.731707,
      1.756098,
      0.780488,
      1.804878,
      0.829268,
      1.853659,
      0.878049,
      1.902439,
      0.926829,
      1.95122,
      0.97561
    ],
    "SoftwareVersions": "27 lx mr software release:dv26.0_r01_1725.a",
    "SpacingBetweenSlices": 3.3,
    "StationName": "3TC",
    "TaskName": "MMI",
    "TotalReadoutTime": 0.024948,
    "dataset": "ds003709",
    "modality": "bold",
    "run_id": 3,
    "session_id": "visit1",
    "subject_id": "23901",
    "task_id": "MMI"
  },
  "dummy_trs": 2,
  "dvars_nstd": 24.561857243755277,
  "dvars_std": 1.2405466471729951,
  "dvars_vstd": 1.050247965443037,
  "efc": 0.4249690458527157,
  "fber": 26185.826171875,
  "fd_mean": 0.13601284697288657,
  "fd_num": 40,
  "fd_perc": 16.80672268907563,
  "fwhm_avg": 2.6097819531988495,
  "fwhm_x": 2.4341546666666667,
  "fwhm_y": 2.5290426666666668,
  "fwhm_z": 2.8661485262632156,
  "gcor": 0.032448,
  "gsr_x": -0.008602538146078587,
  "gsr_y": 0.018524032086133957,
  "provenance": {
    "md5sum": "0719cb5bfbacda4ae13f85f733c8f10e",
    "settings": {
      "fd_thres": 0.2,
      "testing": false
    },
    "software": "mriqc",
    "version": "21.0.0rc2",
    "webapi_port": null,
    "webapi_url": "https://mriqc.nimh.nih.gov/api/v1"
  },
  "size_t": 238,
  "size_x": 64,
  "size_y": 64,
  "size_z": 41,
  "snr": 3.097575666733977,
  "spacing_tr": 2.0,
  "spacing_x": 3.75,
  "spacing_y": 3.75,
  "spacing_z": 3.299999952316284,
  "summary_bg_k": 37.87699255126815,
  "summary_bg_mad": 12.091306447049439,
  "summary_bg_mean": 44.829593658447266,
  "summary_bg_median": 9.176470756530762,
  "summary_bg_n": 111188.0,
  "summary_bg_p05": 0.49159666895866394,
  "summary_bg_p95": 222.0710212707518,
  "summary_bg_stdv": 114.53764343261719,
  "summary_fg_k": 1.9205194371704506,
  "summary_fg_mad": 383.4770003208365,
  "summary_fg_mean": 1491.7708740234375,
  "summary_fg_median": 1396.8046875,
  "summary_fg_n": 23850.0,
  "summary_fg_p05": 975.7500366210937,
  "summary_fg_p95": 2391.563305664062,
  "summary_fg_stdv": 450.92535400390625,
  "tsnr": 58.570648461347446
}