{
  "aor": 0.04854058823529411,
  "aqi": 0.03439952802521008,
  "bids_meta": {
    "AcquisitionMatrix": "64 0 0 64",
    "DataSharing": "1",
    "EchoTime": 0.03,
    "EffectiveEchoSpacing": 0.000396,
    "FlipAngle": 65,
    "ImagesinAcquisition": 41,
    "InstitutionName": "NIH_FMRIF",
    "InternalPulseSequenceName": "epi",
    "MagneticFieldStrength": 3,
    "Manufacturer": "GE",
    "ManufacturersModelName": "DISCOVERY_MR750",
    "Modality": "MR",
    "NumberofTemporalPositions": 240,
    "PhaseEncodingDirection": "j",
    "PixelBandwidth": 7812.5,
    "PixelSpacing": "3.75\\3.75",
    "PulseSequenceName": "epirtnih",
    "ReconstructionDiameter": 240,
    "RepetitionTime": 2.0,
    "SeriesDescription": "mmi_run3",
    "SliceThickness": 3,
    "SliceTiming": [
      0.0,
      1.02439,
      0.04878,
      1.073171,
      0.097561,
      1.121951,
      0.146341,
      1.170732,
      0.195122,
      1.219512,
      0.243902,
      1.268293,
      0.292683,
      1.317073,
      0.341463,
      1.365854,
      0.390244,
      1.414634,
      0.439024,
      1.463415,
      0.487805,
      1.512195,
      0.536585,
      1.560976,
      0.585366,
      1.609756,
      0.634146,
      1.658537,
      0.682927,
      1.707317,
      0.731707,
      1.756098,
      0.780488,
      1.804878,
      0.829268,
      1.853659,
      0.878049,
      1.902439,
      0.926829,
      1.95122,
      0.97561
    ],
    "SoftwareVersions": "27 lx mr software release:dv26.0_r01_1725.a",
    "SpacingBetweenSlices": 3.3,
    "StationName": "3TA",
    "TaskName": "MMI",
    "TotalReadoutTime": 0.024948,
    "dataset": "ds003709",
    "modality": "bold",
    "run_id": 3,
    "session_id": "visit1",
    "subject_id": "23937",
    "task_id": "MMI"
  },
  "dummy_trs": 2,
  "dvars_nstd": 25.89819833286923,
  "dvars_std": 1.095004741223629,
  "dvars_vstd": 1.1691702980168779,
  "efc": 0.4167054529450803,
  "fber": 16238.66015625,
  "fd_mean": 0.23441282435606217,
  "fd_num": 81,
  "fd_perc": 34.03361344537815,
  "fwhm_avg": 2.6185754474243317,
  "fwhm_x": 2.5437333333333334,
  "fwhm_y": 2.5961626666666664,
  "fwhm_z": 2.7158303422729944,
  "gcor": 0.0119074,
  "gsr_x": -0.026979025453329086,
  "gsr_y": 0.050626497715711594,
  "provenance": {
    "md5sum": "e31bf2c3049d3b6bf00d8483c87e884e",
    "settings": {
      "fd_thres": 0.2,
      "testing": false
    },
    "software": "mriqc",
    "version": "21.0.0rc2",
    "webapi_port": null,
    "webapi_url": "https://mriqc.nimh.nih.gov/api/v1"
  },
  "size_t": 238,
  "size_x": 64,
  "size_y": 64,
  "size_z": 41,
  "snr": 3.3417021868112036,
  "spacing_tr": 2.0,
  "spacing_x": 3.75,
  "spacing_y": 3.75,
  "spacing_z": 3.299999952316284,
  "summary_bg_k": 56.846636664223404,
  "summary_bg_mad": 19.778412492880985,
  "summary_bg_mean": 60.96129608154297,
  "summary_bg_median": 14.277311325073242,
  "summary_bg_n": 115435.0,
  "summary_bg_p05": 0.3067227005958557,
  "summary_bg_p95": 272.16934509277337,
  "summary_bg_stdv": 127.09693908691406,
  "summary_fg_k": 4.059148094882417,
  "summary_fg_mad": 321.0331502783975,
  "summary_fg_mean": 1745.9910888671875,
  "summary_fg_median": 1649.273193359375,
  "summary_fg_n": 21233.0,
  "summary_fg_p05": 1169.0160400390625,
  "summary_fg_p95": 2749.705957031248,
  "summary_fg_stdv": 493.5312194824219,
  "tsnr": 22.958324638660997
}