{
  "aor": 0.006544663865546218,
  "aqi": 0.005122445630252101,
  "bids_meta": {
    "AcquisitionMatrix": "64 0 0 64",
    "DataSharing": "1",
    "EchoTime": 0.03,
    "EffectiveEchoSpacing": 0.000396,
    "FlipAngle": 65,
    "ImagesinAcquisition": 41,
    "InstitutionName": "NIH_FMRIF",
    "InternalPulseSequenceName": "epi",
    "MagneticFieldStrength": 3,
    "Manufacturer": "GE",
    "ManufacturersModelName": "DISCOVERY_MR750",
    "Modality": "MR",
    "NumberofTemporalPositions": 240,
    "PhaseEncodingDirection": "j",
    "PixelBandwidth": 7812.5,
    "PixelSpacing": "3.75\\3.75",
    "PulseSequenceName": "epirtnih",
    "ReconstructionDiameter": 240,
    "RepetitionTime": 2.0,
    "SeriesDescription": "mmi_run 2",
    "SliceThickness": 3,
    "SliceTiming": [
      0.0,
      1.02439,
      0.04878,
      1.073171,
      0.097561,
      1.121951,
      0.146341,
      1.170732,
      0.195122,
      1.219512,
      0.243902,
      1.268293,
      0.292683,
      1.317073,
      0.341463,
      1.365854,
      0.390244,
      1.414634,
      0.439024,
      1.463415,
      0.487805,
      1.512195,
      0.536585,
      1.560976,
      0.585366,
      1.609756,
      0.634146,
      1.658537,
      0.682927,
      1.707317,
      0.731707,
      1.756098,
      0.780488,
      1.804878,
      0.829268,
      1.853659,
      0.878049,
      1.902439,
      0.926829,
      1.95122,
      0.97561
    ],
    "SoftwareVersions": "27 lx mr software release:dv26.0_r01_1725.a",
    "SpacingBetweenSlices": 3.3,
    "StationName": "3TA",
    "TaskName": "MMI",
    "TotalReadoutTime": 0.024948,
    "dataset": "ds003709",
    "modality": "bold",
    "run_id": 2,
    "session_id": "visit1",
    "subject_id": "23674",
    "task_id": "MMI"
  },
  "dummy_trs": 2,
  "dvars_nstd": 20.523756526329116,
  "dvars_std": 1.2412262626582276,
  "dvars_vstd": 1.067292255189873,
  "efc": 0.37804959591933,
  "fber": 40237.1953125,
  "fd_mean": 0.10865286809878341,
  "fd_num": 31,
  "fd_perc": 13.025210084033613,
  "fwhm_avg": 2.0395204952834103,
  "fwhm_x": 1.8535653333333333,
  "fwhm_y": 2.098517333333333,
  "fwhm_z": 2.1664788191835638,
  "gcor": 0.0475498,
  "gsr_x": -0.01614450104534626,
  "gsr_y": 0.010008476674556732,
  "provenance": {
    "md5sum": "5f9c75dc52a2c7c3ced37f6f70e2bfeb",
    "settings": {
      "fd_thres": 0.2,
      "testing": false
    },
    "software": "mriqc",
    "version": "21.0.0rc2",
    "webapi_port": null,
    "webapi_url": "https://mriqc.nimh.nih.gov/api/v1"
  },
  "size_t": 238,
  "size_x": 64,
  "size_y": 64,
  "size_z": 41,
  "snr": 5.232849449938396,
  "spacing_tr": 2.0,
  "spacing_x": 3.75,
  "spacing_y": 3.75,
  "spacing_z": 3.299999952316284,
  "summary_bg_k": 80.22722102803147,
  "summary_bg_mad": 13.723415558041381,
  "summary_bg_mean": 44.391212463378906,
  "summary_bg_median": 10.205883026123047,
  "summary_bg_n": 119917.0,
  "summary_bg_p05": 0.42016810178756714,
  "summary_bg_p95": 190.26051330566406,
  "summary_bg_stdv": 115.89502716064453,
  "summary_fg_k": 1.4021314559944082,
  "summary_fg_mad": 310.28120750505775,
  "summary_fg_mean": 1953.9771728515625,
  "summary_fg_median": 1910.1051025390625,
  "summary_fg_n": 17775.0,
  "summary_fg_p05": 1448.3790893554688,
  "summary_fg_p95": 2617.5333007812496,
  "summary_fg_stdv": 365.01171875,
  "tsnr": 71.32652507536113
}