{
  "aor": 0.004074259259259259,
  "aqi": 0.008907086111111111,
  "bids_meta": {
    "AcquisitionMatrix": "64 0 0 64",
    "DataSharing": "1",
    "EchoTime": 0.03,
    "EffectiveEchoSpacing": 0.000396,
    "FlipAngle": 65,
    "ImagesinAcquisition": 41,
    "InstitutionName": "NIH_FMRIF",
    "InternalPulseSequenceName": "epi",
    "MagneticFieldStrength": 3,
    "Manufacturer": "GE",
    "ManufacturersModelName": "DISCOVERY_MR750",
    "Modality": "MR",
    "NumberofTemporalPositions": 240,
    "PhaseEncodingDirection": "j",
    "PixelBandwidth": 7812.5,
    "PixelSpacing": "3.75\\3.75",
    "PulseSequenceName": "epirtnih",
    "ReconstructionDiameter": 240,
    "RepetitionTime": 2.0,
    "SeriesDescription": "mmi_run1",
    "SliceThickness": 3,
    "SliceTiming": [
      0.0,
      1.02439,
      0.04878,
      1.073171,
      0.097561,
      1.121951,
      0.146341,
      1.170732,
      0.195122,
      1.219512,
      0.243902,
      1.268293,
      0.292683,
      1.317073,
      0.341463,
      1.365854,
      0.390244,
      1.414634,
      0.439024,
      1.463415,
      0.487805,
      1.512195,
      0.536585,
      1.560976,
      0.585366,
      1.609756,
      0.634146,
      1.658537,
      0.682927,
      1.707317,
      0.731707,
      1.756098,
      0.780488,
      1.804878,
      0.829268,
      1.853659,
      0.878049,
      1.902439,
      0.926829,
      1.95122,
      0.97561
    ],
    "SoftwareVersions": "27 lx mr software release:dv26.0_r01_1725.a",
    "SpacingBetweenSlices": 3.3,
    "StationName": "3TA",
    "TaskName": "MMI",
    "TotalReadoutTime": 0.024948,
    "dataset": "ds003709",
    "modality": "bold",
    "run_id": 1,
    "session_id": "visit1",
    "subject_id": "23674",
    "task_id": "MMI"
  },
  "dummy_trs": 2,
  "dvars_nstd": 19.737751193441866,
  "dvars_std": 1.068577746325581,
  "dvars_vstd": 0.9479858913488369,
  "efc": 0.37810069745021785,
  "fber": 39204.19140625,
  "fd_mean": 0.09649609777857933,
  "fd_num": 22,
  "fd_perc": 10.185185185185185,
  "fwhm_avg": 2.057703283290493,
  "fwhm_x": 1.8768533333333333,
  "fwhm_y": 2.1031413333333333,
  "fwhm_z": 2.1931151832048124,
  "gcor": 0.0334213,
  "gsr_x": -0.016038332134485245,
  "gsr_y": 0.009907172992825508,
  "provenance": {
    "md5sum": "916e4c8295a160b4f8dfd3e3747057a9",
    "settings": {
      "fd_thres": 0.2,
      "testing": false
    },
    "software": "mriqc",
    "version": "21.0.0rc2",
    "webapi_port": null,
    "webapi_url": "https://mriqc.nimh.nih.gov/api/v1"
  },
  "size_t": 216,
  "size_x": 64,
  "size_y": 64,
  "size_z": 41,
  "snr": 5.270011389691008,
  "spacing_tr": 2.0,
  "spacing_x": 3.75,
  "spacing_y": 3.75,
  "spacing_z": 3.299999952316284,
  "summary_bg_k": 77.22395026754343,
  "summary_bg_mad": 13.961171538974261,
  "summary_bg_mean": 44.205989837646484,
  "summary_bg_median": 10.379630088806152,
  "summary_bg_n": 119884.0,
  "summary_bg_p05": 0.42129629850387573,
  "summary_bg_p95": 189.41064605712882,
  "summary_bg_stdv": 114.84384155273438,
  "summary_fg_k": 1.3397837661341976,
  "summary_fg_mad": 307.8561429998251,
  "summary_fg_mean": 1956.3685302734375,
  "summary_fg_median": 1912.57177734375,
  "summary_fg_n": 17776.0,
  "summary_fg_p05": 1449.3866271972656,
  "summary_fg_p95": 2618.2095336914062,
  "summary_fg_stdv": 362.9058532714844,
  "tsnr": 57.08730696514249
}