{
  "bids_meta": {
    "AcquisitionMatrix": "0 256 256 0",
    "AcquisitionNumber": 1,
    "Columns": 256,
    "DataSharing": "1",
    "EchoNumber(s)": 1,
    "EchoTime": 0.003476,
    "EchoTrainLength": 1,
    "FlipAngle": 7,
    "ImagesinAcquisition": 172,
    "In-planePhaseEncodingDirection": "row",
    "InstitutionName": "NIH_FMRIF",
    "InternalPulseSequenceName": "efgre3d",
    "InversionTime": 0.9,
    "MRAcquisitionType": "3d",
    "MagneticFieldStrength": 3,
    "Manufacturer": "GE",
    "Manufacturer'sModelName": "discovery mr750",
    "ManufacturersModelName": "DISCOVERY_MR750",
    "Modality": "MR",
    "NumberofAverages": 1,
    "PixelBandwidth": 195.312,
    "PixelSpacing": "1\\1",
    "PrivateIn-PlanePhaseEncodingDirection": "row",
    "PulseSequenceName": "mprage",
    "ReceiveCoilName": "32ch head",
    "ReconstructionDiameter": 256,
    "RepetitionTime": 0.00766,
    "Rows": 256,
    "SamplesperPixel": 1,
    "ScanOptions": "edr_gems\\filtered_gems\\acc_gems\\ir_gems",
    "SeriesDescription": "anat_t1w_mp_rage_1mm",
    "SeriesNumber": 9,
    "SliceLocation": -90.77680206,
    "SliceThickness": 1,
    "SoftwareVersion(s)": "27\\lx\\mr software release:dv26.0_r01_1725.a",
    "SoftwareVersions": "27 lx mr software release:dv26.0_r01_1725.a",
    "SpacingBetweenSlices": 1,
    "StationName": "3TA",
    "dataset": "ds003709",
    "modality": "T1w",
    "run_id": 1,
    "session_id": "visit1",
    "subject_id": "23757"
  },
  "cjv": 0.3874109237778171,
  "cnr": 3.33406983391596,
  "efc": 0.7070949937636188,
  "fber": 2417.054786444231,
  "fwhm_avg": 3.3837333333333333,
  "fwhm_x": 3.25379,
  "fwhm_y": 3.51331,
  "fwhm_z": 3.3841,
  "icvs_csf": 0.3134584596095045,
  "icvs_gm": 0.3424415302608952,
  "icvs_wm": 0.3441000101296003,
  "inu_med": 1.1759846210479736,
  "inu_range": 0.21166682243347168,
  "provenance": {
    "md5sum": "2b619fe513b7242d3e25a0973ad6b752",
    "settings": {
      "testing": false
    },
    "software": "mriqc",
    "version": "21.0.0rc2",
    "warnings": {
      "large_rot_frame": true,
      "small_air_mask": false
    },
    "webapi_port": null,
    "webapi_url": "https://mriqc.nimh.nih.gov/api/v1"
  },
  "qi_1": 0.0,
  "qi_2": 0.0042032329242739155,
  "rpve_csf": 19.91700299800074,
  "rpve_gm": 15.41429126483036,
  "rpve_wm": 20.971280848349487,
  "size_x": 172,
  "size_y": 256,
  "size_z": 256,
  "snr_csf": 3.1985548066893026,
  "snr_gm": 7.938181239068729,
  "snr_total": 8.185689434862612,
  "snr_wm": 13.4203322588298,
  "snrd_csf": 23.889536149988626,
  "snrd_gm": 45.567667978811,
  "snrd_total": 47.42410640984105,
  "snrd_wm": 72.81511510072353,
  "spacing_x": 1.0,
  "spacing_y": 1.0,
  "spacing_z": 1.0,
  "summary_bg_k": 2.722097565064625,
  "summary_bg_mad": 8.997258150468985,
  "summary_bg_mean": 22.34507327287664,
  "summary_bg_median": 8.09141120314598,
  "summary_bg_n": 923516.0,
  "summary_bg_p05": 2.022852800786495,
  "summary_bg_p95": 86.76398364454508,
  "summary_bg_stdv": 28.813608349962347,
  "summary_csf_k": -0.21092832775627635,
  "summary_csf_mad": 104.15744795813194,
  "summary_csf_mean": 318.66199419482973,
  "summary_csf_median": 328.0848556086421,
  "summary_csf_n": 21643.0,
  "summary_csf_p05": 138.1061745963991,
  "summary_csf_p95": 472.91018180549145,
  "summary_csf_stdv": 102.57047194153974,
  "summary_gm_k": 0.21368425382405176,
  "summary_gm_mad": 73.88289012749982,
  "summary_gm_mean": 628.5036495538169,
  "summary_gm_median": 625.7995833568275,
  "summary_gm_n": 11346.0,
  "summary_gm_p05": 501.68116251938045,
  "summary_gm_p95": 768.274026568979,
  "summary_gm_stdv": 78.83065225150465,
  "summary_wm_k": 0.4828775967054466,
  "summary_wm_mad": 71.08644502667838,
  "summary_wm_mean": 1001.3333582972276,
  "summary_wm_median": 1000.0000156536698,
  "summary_wm_n": 166981.0,
  "summary_wm_p05": 881.6904626563191,
  "summary_wm_p95": 1125.0341874212027,
  "summary_wm_stdv": 74.51358148294347,
  "tpm_overlap_csf": 0.13505947589874268,
  "tpm_overlap_gm": 0.36151355504989624,
  "tpm_overlap_wm": 0.4778650104999542,
  "wm2max": 0.5691621204514175
}