{
  "bids_meta": {
    "AcquisitionMatrix": "0 256 256 0",
    "AcquisitionNumber": 1,
    "Columns": 256,
    "DataSharing": "1",
    "EchoNumber(s)": 1,
    "EchoTime": 0.003476,
    "EchoTrainLength": 1,
    "FlipAngle": 7,
    "ImagesinAcquisition": 172,
    "In-planePhaseEncodingDirection": "row",
    "InstitutionName": "NIH_FMRIF",
    "InternalPulseSequenceName": "efgre3d",
    "InversionTime": 0.9,
    "MRAcquisitionType": "3d",
    "MagneticFieldStrength": 3,
    "Manufacturer": "GE",
    "Manufacturer'sModelName": "discovery mr750",
    "ManufacturersModelName": "DISCOVERY_MR750",
    "Modality": "MR",
    "NumberofAverages": 1,
    "PixelBandwidth": 195.312,
    "PixelSpacing": "1\\1",
    "PrivateIn-PlanePhaseEncodingDirection": "row",
    "PulseSequenceName": "mprage",
    "ReceiveCoilName": "32ch head",
    "ReconstructionDiameter": 256,
    "RepetitionTime": 0.00766,
    "Rows": 256,
    "SamplesperPixel": 1,
    "ScanOptions": "edr_gems\\filtered_gems\\acc_gems\\ir_gems",
    "SeriesDescription": "anat_t1w_mp_rage_1mm",
    "SeriesNumber": 12,
    "SliceLocation": -87.14665222,
    "SliceThickness": 1,
    "SoftwareVersion(s)": "27\\lx\\mr software release:dv26.0_r01_1725.a",
    "SoftwareVersions": "27 lx mr software release:dv26.0_r01_1725.a",
    "SpacingBetweenSlices": 1,
    "StationName": "3TC",
    "dataset": "ds003709",
    "modality": "T1w",
    "run_id": 1,
    "session_id": "visit1",
    "subject_id": "23814"
  },
  "cjv": 0.38583569353356073,
  "cnr": 3.539755909501105,
  "efc": 0.6726612209953869,
  "fber": 4191.213650173611,
  "fwhm_avg": 3.266786666666667,
  "fwhm_x": 3.22119,
  "fwhm_y": 3.40399,
  "fwhm_z": 3.17518,
  "icvs_csf": 0.2707633663122224,
  "icvs_gm": 0.3889824472387337,
  "icvs_wm": 0.34025418644904387,
  "inu_med": 1.4687944650650024,
  "inu_range": 0.2192465782165527,
  "provenance": {
    "md5sum": "ac127475977aeababca417995feb0975",
    "settings": {
      "testing": false
    },
    "software": "mriqc",
    "version": "21.0.0rc2",
    "warnings": {
      "large_rot_frame": true,
      "small_air_mask": false
    },
    "webapi_port": null,
    "webapi_url": "https://mriqc.nimh.nih.gov/api/v1"
  },
  "qi_1": 0.0,
  "qi_2": 0.002851925369266813,
  "rpve_csf": 20.30400503883801,
  "rpve_gm": 13.512516594200251,
  "rpve_wm": 20.457324782660258,
  "size_x": 172,
  "size_y": 256,
  "size_z": 256,
  "snr_csf": 2.681389811630942,
  "snr_gm": 7.3081372709722645,
  "snr_total": 8.017526130197298,
  "snr_wm": 14.063051307988689,
  "snrd_csf": 28.610770590967476,
  "snrd_gm": 60.96387826345391,
  "snrd_total": 63.28186469272504,
  "snrd_wm": 100.27094522375371,
  "spacing_x": 1.0,
  "spacing_y": 1.0,
  "spacing_z": 1.0,
  "summary_bg_k": 6.13604978701937,
  "summary_bg_mad": 6.533661197442429,
  "summary_bg_mean": 13.218510049679342,
  "summary_bg_median": 6.5876153483986855,
  "summary_bg_n": 997358.0,
  "summary_bg_p05": 2.1807278394699097,
  "summary_bg_p95": 52.97351376712322,
  "summary_bg_stdv": 16.946930236613774,
  "summary_csf_k": 0.8070254547721283,
  "summary_csf_mad": 113.39606830818896,
  "summary_csf_mean": 293.63739011405517,
  "summary_csf_median": 285.334608245641,
  "summary_csf_n": 15218.0,
  "summary_csf_p05": 141.79274139553308,
  "summary_csf_p95": 471.8754305887967,
  "summary_csf_stdv": 106.40945674850951,
  "summary_gm_k": -0.005632651648655784,
  "summary_gm_mad": 81.94019429575994,
  "summary_gm_mean": 609.7685118698864,
  "summary_gm_median": 607.9914648272097,
  "summary_gm_n": 16486.0,
  "summary_gm_p05": 476.8752034790814,
  "summary_gm_p95": 751.7037010397762,
  "summary_gm_stdv": 83.19124318215808,
  "summary_wm_k": 0.4242243359833795,
  "summary_wm_mad": 69.31069455843566,
  "summary_wm_mean": 1001.1982564883175,
  "summary_wm_median": 1000.0000098869205,
  "summary_wm_n": 181009.0,
  "summary_wm_p05": 886.3750030845404,
  "summary_wm_p95": 1119.394859097898,
  "summary_wm_stdv": 71.10812765231323,
  "tpm_overlap_csf": 0.15457940101623535,
  "tpm_overlap_gm": 0.4129875898361206,
  "tpm_overlap_wm": 0.48775237798690796,
  "wm2max": 0.5553998900025081
}