{
  "bids_meta": {
    "AcquisitionMatrix": "0 256 256 0",
    "AcquisitionNumber": 1,
    "Columns": 256,
    "DataSharing": "1",
    "EchoNumber(s)": 1,
    "EchoTime": 0.003476,
    "EchoTrainLength": 1,
    "FlipAngle": 7,
    "ImagesinAcquisition": 172,
    "In-planePhaseEncodingDirection": "row",
    "InstitutionName": "NIH_FMRIF",
    "InternalPulseSequenceName": "efgre3d",
    "InversionTime": 0.9,
    "MRAcquisitionType": "3d",
    "MagneticFieldStrength": 3,
    "Manufacturer": "GE",
    "Manufacturer'sModelName": "discovery mr750",
    "ManufacturersModelName": "DISCOVERY_MR750",
    "Modality": "MR",
    "NumberofAverages": 1,
    "PixelBandwidth": 195.312,
    "PixelSpacing": "1\\1",
    "PrivateIn-PlanePhaseEncodingDirection": "row",
    "PulseSequenceName": "mprage",
    "ReceiveCoilName": "32ch head",
    "ReconstructionDiameter": 256,
    "RepetitionTime": 0.00766,
    "Rows": 256,
    "SamplesperPixel": 1,
    "ScanOptions": "edr_gems\\filtered_gems\\acc_gems\\ir_gems",
    "SeriesDescription": "anat_t1w_mp_rage_1mm",
    "SeriesNumber": 6,
    "SliceLocation": -87.85929871,
    "SliceThickness": 1,
    "SoftwareVersion(s)": "27\\lx\\mr software release:dv26.0_r01_1725.a",
    "SoftwareVersions": "27 lx mr software release:dv26.0_r01_1725.a",
    "SpacingBetweenSlices": 1,
    "StationName": "3TA",
    "dataset": "ds003709",
    "modality": "T1w",
    "run_id": 1,
    "session_id": "visit1",
    "subject_id": "22686"
  },
  "cjv": 0.3798214074456491,
  "cnr": 3.3499566205308047,
  "efc": 0.736035088622985,
  "fber": 711.6426113539698,
  "fwhm_avg": 2.97716,
  "fwhm_x": 2.99026,
  "fwhm_y": 3.11882,
  "fwhm_z": 2.8224,
  "icvs_csf": 0.2799350437988351,
  "icvs_gm": 0.38813021553396126,
  "icvs_wm": 0.33193474066720363,
  "inu_med": 1.0476024150848389,
  "inu_range": 0.1961163580417633,
  "provenance": {
    "md5sum": "317074c3258b83e18ed3511418969afd",
    "settings": {
      "testing": false
    },
    "software": "mriqc",
    "version": "21.0.0rc2",
    "warnings": {
      "large_rot_frame": true,
      "small_air_mask": false
    },
    "webapi_port": null,
    "webapi_url": "https://mriqc.nimh.nih.gov/api/v1"
  },
  "qi_1": 0.0,
  "qi_2": 0.002670857854418345,
  "rpve_csf": 21.816320150070347,
  "rpve_gm": 14.677189121498092,
  "rpve_wm": 22.825950345950346,
  "size_x": 172,
  "size_y": 256,
  "size_z": 256,
  "snr_csf": 2.98944859860938,
  "snr_gm": 7.677461437055915,
  "snr_total": 7.946246845632671,
  "snr_wm": 13.171830501232717,
  "snrd_csf": 10.71710442673753,
  "snrd_gm": 19.778595674119497,
  "snrd_total": 20.94344239821154,
  "snrd_wm": 32.3346270937776,
  "spacing_x": 1.0,
  "spacing_y": 1.0,
  "spacing_z": 1.0,
  "summary_bg_k": 300.75543017478816,
  "summary_bg_mad": 20.261139438217054,
  "summary_bg_mean": 31.446159779144235,
  "summary_bg_median": 19.275526959449053,
  "summary_bg_n": 1029622.0,
  "summary_bg_p05": 2.8047980405390263,
  "summary_bg_p95": 95.36313337832689,
  "summary_bg_stdv": 36.41186176839241,
  "summary_csf_k": 0.3746001967754018,
  "summary_csf_mad": 116.78910069190617,
  "summary_csf_mean": 329.0242168556252,
  "summary_csf_median": 331.4435812160373,
  "summary_csf_n": 7811.0,
  "summary_csf_p05": 150.295401385054,
  "summary_csf_p95": 502.68545307405293,
  "summary_csf_stdv": 110.86404503771956,
  "summary_gm_k": 0.26442468279313713,
  "summary_gm_mad": 74.85119635253986,
  "summary_gm_mean": 610.9937558959755,
  "summary_gm_median": 611.6846790537238,
  "summary_gm_n": 9351.0,
  "summary_gm_p05": 479.6503032092005,
  "summary_gm_p95": 742.1973027698696,
  "summary_gm_stdv": 79.66851755379524,
  "summary_wm_k": 0.45320064186401376,
  "summary_wm_mad": 72.6392815667083,
  "summary_wm_mean": 1001.8606685556504,
  "summary_wm_median": 1000.0000162832439,
  "summary_wm_n": 144862.0,
  "summary_wm_p05": 880.1724795704707,
  "summary_wm_p95": 1128.782019931823,
  "summary_wm_stdv": 75.91933138092296,
  "tpm_overlap_csf": 0.12708936631679535,
  "tpm_overlap_gm": 0.39598599076271057,
  "tpm_overlap_wm": 0.46964338421821594,
  "wm2max": 0.4948322702575006
}