{
  "aor": 0.0034633031674208147,
  "aqi": 0.0038931531674208145,
  "bids_meta": {
    "AcquisitionMatrix": "64 0 0 64",
    "DataSharing": "1",
    "EchoTime": 0.03,
    "EffectiveEchoSpacing": 0.000396,
    "FlipAngle": 65,
    "ImagesinAcquisition": 41,
    "InstitutionName": "NIH_FMRIF",
    "InternalPulseSequenceName": "epi",
    "MagneticFieldStrength": 3,
    "Manufacturer": "GE",
    "ManufacturersModelName": "DISCOVERY_MR750",
    "Modality": "MR",
    "NumberofTemporalPositions": 240,
    "PhaseEncodingDirection": "j",
    "PixelBandwidth": 7812.5,
    "PixelSpacing": "3.75\\3.75",
    "PulseSequenceName": "epirtnih",
    "ReconstructionDiameter": 240,
    "RepetitionTime": 2.0,
    "SeriesDescription": "mmi_run1",
    "SliceThickness": 3,
    "SliceTiming": [
      0.0,
      1.02439,
      0.04878,
      1.073171,
      0.097561,
      1.121951,
      0.146341,
      1.170732,
      0.195122,
      1.219512,
      0.243902,
      1.268293,
      0.292683,
      1.317073,
      0.341463,
      1.365854,
      0.390244,
      1.414634,
      0.439024,
      1.463415,
      0.487805,
      1.512195,
      0.536585,
      1.560976,
      0.585366,
      1.609756,
      0.634146,
      1.658537,
      0.682927,
      1.707317,
      0.731707,
      1.756098,
      0.780488,
      1.804878,
      0.829268,
      1.853659,
      0.878049,
      1.902439,
      0.926829,
      1.95122,
      0.97561
    ],
    "SoftwareVersions": "27 lx mr software release:dv26.0_r01_1725.a",
    "SpacingBetweenSlices": 3.3,
    "StationName": "3TA",
    "TaskName": "MMI",
    "TotalReadoutTime": 0.024948,
    "dataset": "ds003709",
    "modality": "bold",
    "run_id": 1,
    "session_id": "visit1",
    "subject_id": "23890",
    "task_id": "MMI"
  },
  "dummy_trs": 3,
  "dvars_nstd": 19.18588749295456,
  "dvars_std": 1.1848833081363637,
  "dvars_vstd": 0.9866389502727275,
  "efc": 0.3882558145140049,
  "fber": 52942.296875,
  "fd_mean": 0.10796436321888626,
  "fd_num": 31,
  "fd_perc": 14.027149321266968,
  "fwhm_avg": 2.318086234177509,
  "fwhm_x": 2.2041413333333333,
  "fwhm_y": 2.2679839999999998,
  "fwhm_z": 2.4821333691991945,
  "gcor": 0.0304462,
  "gsr_x": -0.012516162358224392,
  "gsr_y": 0.012023715302348137,
  "provenance": {
    "md5sum": "917b6416c2c623f478a9d8b82148dd14",
    "settings": {
      "fd_thres": 0.2,
      "testing": false
    },
    "software": "mriqc",
    "version": "21.0.0rc2",
    "webapi_port": null,
    "webapi_url": "https://mriqc.nimh.nih.gov/api/v1"
  },
  "size_t": 221,
  "size_x": 64,
  "size_y": 64,
  "size_z": 41,
  "snr": 4.533955063494044,
  "spacing_tr": 2.0,
  "spacing_x": 3.75,
  "spacing_y": 3.75,
  "spacing_z": 3.299999952316284,
  "summary_bg_k": 79.58306429338862,
  "summary_bg_mad": 11.753481097705508,
  "summary_bg_mean": 34.94373321533203,
  "summary_bg_median": 9.054299354553223,
  "summary_bg_n": 116186.0,
  "summary_bg_p05": 0.5158371329307556,
  "summary_bg_p95": 154.87783813476562,
  "summary_bg_stdv": 86.18563079833984,
  "summary_fg_k": 1.4778799877111028,
  "summary_fg_mad": 377.87244902669926,
  "summary_fg_mean": 2038.30712890625,
  "summary_fg_median": 1970.4208984375,
  "summary_fg_n": 20590.0,
  "summary_fg_p05": 1463.7433166503906,
  "summary_fg_p95": 2864.4091674804686,
  "summary_fg_stdv": 434.5815124511719,
  "tsnr": 77.3739280179143
}