{
  "aor": 0.0018056944444444444,
  "aqi": 0.003240284675925926,
  "bids_meta": {
    "DataSharing": "1",
    "EchoTime": 0.03,
    "EffectiveEchoSpacing": 0.000396,
    "InstitutionName": "NIH_FMRIF",
    "MagneticFieldStrength": 3,
    "Manufacturer": "GE",
    "ManufacturersModelName": "DISCOVERY_MR750",
    "Modality": "MR",
    "PhaseEncodingDirection": "j",
    "PixelBandwidth": 7812.5,
    "RepetitionTime": 2.0,
    "SliceTiming": [
      0.0,
      1.02439,
      0.04878,
      1.073171,
      0.097561,
      1.121951,
      0.146341,
      1.170732,
      0.195122,
      1.219512,
      0.243902,
      1.268293,
      0.292683,
      1.317073,
      0.341463,
      1.365854,
      0.390244,
      1.414634,
      0.439024,
      1.463415,
      0.487805,
      1.512195,
      0.536585,
      1.560976,
      0.585366,
      1.609756,
      0.634146,
      1.658537,
      0.682927,
      1.707317,
      0.731707,
      1.756098,
      0.780488,
      1.804878,
      0.829268,
      1.853659,
      0.878049,
      1.902439,
      0.926829,
      1.95122,
      0.97561
    ],
    "SoftwareVersions": "27 lx mr software release:dv26.0_r01_1725.a",
    "StationName": "3TA",
    "TaskName": "MMI",
    "TotalReadoutTime": 0.024948,
    "dataset": "ds003709",
    "modality": "bold",
    "run_id": 2,
    "session_id": "visit1",
    "subject_id": "23867",
    "task_id": "MMI"
  },
  "dummy_trs": 3,
  "dvars_nstd": 19.08725005748837,
  "dvars_std": 1.1573065865581398,
  "dvars_vstd": 0.9965076369767448,
  "efc": 0.42896912712033036,
  "fber": 30624.419921875,
  "fd_mean": 0.10435487189096485,
  "fd_num": 22,
  "fd_perc": 10.185185185185185,
  "fwhm_avg": 2.224040577208402,
  "fwhm_x": 2.0558266666666665,
  "fwhm_y": 2.2179253333333335,
  "fwhm_z": 2.3983697316252064,
  "gcor": 0.0166461,
  "gsr_x": -0.0010179991368204355,
  "gsr_y": 0.017137844115495682,
  "provenance": {
    "md5sum": "842117dfae136543bb6dfeb692c842d1",
    "settings": {
      "fd_thres": 0.2,
      "testing": false
    },
    "software": "mriqc",
    "version": "21.0.0rc2",
    "webapi_port": null,
    "webapi_url": "https://mriqc.nimh.nih.gov/api/v1"
  },
  "size_t": 216,
  "size_x": 64,
  "size_y": 64,
  "size_z": 41,
  "snr": 4.478512367585995,
  "spacing_tr": 2.0,
  "spacing_x": 3.75,
  "spacing_y": 3.75,
  "spacing_z": 3.299999952316284,
  "summary_bg_k": 40.85733607354147,
  "summary_bg_mad": 17.046493841436334,
  "summary_bg_mean": 57.942626953125,
  "summary_bg_median": 12.141203880310059,
  "summary_bg_n": 111788.0,
  "summary_bg_p05": 0.17592592537403107,
  "summary_bg_p95": 242.48912277221623,
  "summary_bg_stdv": 155.726806640625,
  "summary_fg_k": 0.9495056406239124,
  "summary_fg_mad": 383.0261748659662,
  "summary_fg_mean": 2045.0069580078125,
  "summary_fg_median": 1972.6226806640625,
  "summary_fg_n": 24334.0,
  "summary_fg_p05": 1459.25556640625,
  "summary_fg_p95": 2890.088891601562,
  "summary_fg_stdv": 440.45477294921875,
  "tsnr": 81.24592743813992
}