{
  "aor": 0.0011858222222222222,
  "aqi": 0.0030268372444444444,
  "bids_meta": {
    "DataSharing": "1",
    "EchoTime": 0.03,
    "EffectiveEchoSpacing": 0.000396,
    "InstitutionName": "NIH_FMRIF",
    "MagneticFieldStrength": 3,
    "Manufacturer": "GE",
    "ManufacturersModelName": "DISCOVERY_MR750",
    "Modality": "MR",
    "PhaseEncodingDirection": "j",
    "PixelBandwidth": 7812.5,
    "RepetitionTime": 2.0,
    "SliceTiming": [
      0.0,
      1.02439,
      0.04878,
      1.073171,
      0.097561,
      1.121951,
      0.146341,
      1.170732,
      0.195122,
      1.219512,
      0.243902,
      1.268293,
      0.292683,
      1.317073,
      0.341463,
      1.365854,
      0.390244,
      1.414634,
      0.439024,
      1.463415,
      0.487805,
      1.512195,
      0.536585,
      1.560976,
      0.585366,
      1.609756,
      0.634146,
      1.658537,
      0.682927,
      1.707317,
      0.731707,
      1.756098,
      0.780488,
      1.804878,
      0.829268,
      1.853659,
      0.878049,
      1.902439,
      0.926829,
      1.95122,
      0.97561
    ],
    "SoftwareVersions": "27 lx mr software release:dv26.0_r01_1725.a",
    "StationName": "3TA",
    "TaskName": "MMI",
    "TotalReadoutTime": 0.024948,
    "dataset": "ds003709",
    "modality": "bold",
    "run_id": 3,
    "session_id": "visit1",
    "subject_id": "23867",
    "task_id": "MMI"
  },
  "dummy_trs": 2,
  "dvars_nstd": 18.583260876651774,
  "dvars_std": 1.1608887629017854,
  "dvars_vstd": 0.9987459988839286,
  "efc": 0.42926825924057577,
  "fber": 30182.58984375,
  "fd_mean": 0.09349077135621184,
  "fd_num": 18,
  "fd_perc": 8.0,
  "fwhm_avg": 2.2126674862543863,
  "fwhm_x": 2.0459733333333334,
  "fwhm_y": 2.202986666666667,
  "fwhm_z": 2.389042458763158,
  "gcor": 0.0169192,
  "gsr_x": -0.000993225141428411,
  "gsr_y": 0.01729702763259411,
  "provenance": {
    "md5sum": "967d77f55e4c849601169000ed38a367",
    "settings": {
      "fd_thres": 0.2,
      "testing": false
    },
    "software": "mriqc",
    "version": "21.0.0rc2",
    "webapi_port": null,
    "webapi_url": "https://mriqc.nimh.nih.gov/api/v1"
  },
  "size_t": 225,
  "size_x": 64,
  "size_y": 64,
  "size_z": 41,
  "snr": 4.458008281176451,
  "spacing_tr": 2.0,
  "spacing_x": 3.75,
  "spacing_y": 3.75,
  "spacing_z": 3.299999952316284,
  "summary_bg_k": 41.06193978827051,
  "summary_bg_mad": 17.013684454380027,
  "summary_bg_mean": 58.36421203613281,
  "summary_bg_median": 12.115555763244629,
  "summary_bg_n": 111699.0,
  "summary_bg_p05": 0.1688888967037201,
  "summary_bg_p95": 244.40889434814414,
  "summary_bg_stdv": 157.75201416015625,
  "summary_fg_k": 0.984249383254435,
  "summary_fg_mad": 381.242962016975,
  "summary_fg_mean": 2045.5157470703125,
  "summary_fg_median": 1970.900146484375,
  "summary_fg_n": 24410.0,
  "summary_fg_p05": 1458.9689025878906,
  "summary_fg_p95": 2893.1279418945314,
  "summary_fg_stdv": 442.09423828125,
  "tsnr": 83.64037879090756
}