{
  "aor": 0.001287837837837838,
  "aqi": 0.006886633963963964,
  "bids_meta": {
    "AcquisitionMatrix": "64 0 0 64",
    "DataSharing": "1",
    "EchoTime": 0.03,
    "EffectiveEchoSpacing": 0.000396,
    "FlipAngle": 65,
    "ImagesinAcquisition": 41,
    "InstitutionName": "NIH_FMRIF",
    "InternalPulseSequenceName": "epi",
    "MagneticFieldStrength": 3,
    "Manufacturer": "GE",
    "ManufacturersModelName": "DISCOVERY_MR750",
    "Modality": "MR",
    "NumberofTemporalPositions": 240,
    "PhaseEncodingDirection": "j",
    "PixelBandwidth": 7812.5,
    "PixelSpacing": "3.75\\3.75",
    "PulseSequenceName": "epirtnih",
    "ReconstructionDiameter": 240,
    "RepetitionTime": 2.0,
    "SeriesDescription": "mmi_run 2",
    "SliceThickness": 3,
    "SliceTiming": [
      0.0,
      1.02439,
      0.04878,
      1.073171,
      0.097561,
      1.121951,
      0.146341,
      1.170732,
      0.195122,
      1.219512,
      0.243902,
      1.268293,
      0.292683,
      1.317073,
      0.341463,
      1.365854,
      0.390244,
      1.414634,
      0.439024,
      1.463415,
      0.487805,
      1.512195,
      0.536585,
      1.560976,
      0.585366,
      1.609756,
      0.634146,
      1.658537,
      0.682927,
      1.707317,
      0.731707,
      1.756098,
      0.780488,
      1.804878,
      0.829268,
      1.853659,
      0.878049,
      1.902439,
      0.926829,
      1.95122,
      0.97561
    ],
    "SoftwareVersions": "27 lx mr software release:dv26.0_r01_1725.a",
    "SpacingBetweenSlices": 3.3,
    "StationName": "3TA",
    "TaskName": "MMI",
    "TotalReadoutTime": 0.024948,
    "dataset": "ds003709",
    "modality": "bold",
    "run_id": 2,
    "session_id": "visit1",
    "subject_id": "23576",
    "task_id": "MMI"
  },
  "dummy_trs": 4,
  "dvars_nstd": 22.867794761493215,
  "dvars_std": 1.1292342496380097,
  "dvars_vstd": 0.9727558963348415,
  "efc": 0.41647688253172943,
  "fber": 38424.9140625,
  "fd_mean": 0.17023981151454462,
  "fd_num": 74,
  "fd_perc": 33.333333333333336,
  "fwhm_avg": 1.8408740697561237,
  "fwhm_x": 1.7179226666666667,
  "fwhm_y": 1.9049813333333332,
  "fwhm_z": 1.8997182092683707,
  "gcor": 0.024893,
  "gsr_x": -0.010340454988181591,
  "gsr_y": 0.01613618992269039,
  "provenance": {
    "md5sum": "e84bc0ea9074acafd68eb95299894939",
    "settings": {
      "fd_thres": 0.2,
      "testing": false
    },
    "software": "mriqc",
    "version": "21.0.0rc2",
    "webapi_port": null,
    "webapi_url": "https://mriqc.nimh.nih.gov/api/v1"
  },
  "size_t": 222,
  "size_x": 64,
  "size_y": 64,
  "size_z": 41,
  "snr": 6.2617092068013855,
  "spacing_tr": 2.0,
  "spacing_x": 3.75,
  "spacing_y": 3.75,
  "spacing_z": 3.299999952316284,
  "summary_bg_k": 38.791536799824776,
  "summary_bg_mad": 14.11811388145809,
  "summary_bg_mean": 46.61891174316406,
  "summary_bg_median": 10.40540599822998,
  "summary_bg_n": 114177.0,
  "summary_bg_p05": 0.29279279708862305,
  "summary_bg_p95": 223.3360443115234,
  "summary_bg_stdv": 111.9801025390625,
  "summary_fg_k": 2.4018583988987903,
  "summary_fg_mad": 275.5102762760331,
  "summary_fg_mean": 1894.2574462890625,
  "summary_fg_median": 1888.0946044921875,
  "summary_fg_n": 22303.0,
  "summary_fg_p05": 1450.4648681640626,
  "summary_fg_p95": 2373.892797851562,
  "summary_fg_stdv": 301.5234680175781,
  "tsnr": 69.12983184913173
}