{
  "aor": 0.002034008438818565,
  "aqi": 0.004382706540084388,
  "bids_meta": {
    "AcquisitionMatrix": "64 0 0 64",
    "DataSharing": "1",
    "EchoTime": 0.03,
    "EffectiveEchoSpacing": 0.000396,
    "FlipAngle": 65,
    "ImagesinAcquisition": 41,
    "InstitutionName": "NIH_FMRIF",
    "InternalPulseSequenceName": "epi",
    "MagneticFieldStrength": 3,
    "Manufacturer": "GE",
    "ManufacturersModelName": "DISCOVERY_MR750",
    "Modality": "MR",
    "NumberofTemporalPositions": 240,
    "PhaseEncodingDirection": "j",
    "PixelBandwidth": 7812.5,
    "PixelSpacing": "3.75\\3.75",
    "PulseSequenceName": "epirtnih",
    "ReconstructionDiameter": 240,
    "RepetitionTime": 2.0,
    "SeriesDescription": "mmi_run 2",
    "SliceThickness": 3,
    "SliceTiming": [
      0.0,
      1.02439,
      0.04878,
      1.073171,
      0.097561,
      1.121951,
      0.146341,
      1.170732,
      0.195122,
      1.219512,
      0.243902,
      1.268293,
      0.292683,
      1.317073,
      0.341463,
      1.365854,
      0.390244,
      1.414634,
      0.439024,
      1.463415,
      0.487805,
      1.512195,
      0.536585,
      1.560976,
      0.585366,
      1.609756,
      0.634146,
      1.658537,
      0.682927,
      1.707317,
      0.731707,
      1.756098,
      0.780488,
      1.804878,
      0.829268,
      1.853659,
      0.878049,
      1.902439,
      0.926829,
      1.95122,
      0.97561
    ],
    "SoftwareVersions": "27 lx mr software release:dv26.0_r01_1725.a",
    "SpacingBetweenSlices": 3.3,
    "StationName": "3TA",
    "TaskName": "MMI",
    "TotalReadoutTime": 0.024948,
    "dataset": "ds003709",
    "modality": "bold",
    "run_id": 2,
    "session_id": "visit1",
    "subject_id": "22686",
    "task_id": "MMI"
  },
  "dummy_trs": 3,
  "dvars_nstd": 17.674492132754235,
  "dvars_std": 1.1359477835169487,
  "dvars_vstd": 0.9991978250847462,
  "efc": 0.4289099543205136,
  "fber": 12178.3251953125,
  "fd_mean": 0.06260724650008949,
  "fd_num": 1,
  "fd_perc": 0.4219409282700422,
  "fwhm_avg": 2.05786487394414,
  "fwhm_x": 1.9027013333333334,
  "fwhm_y": 2.062002666666667,
  "fwhm_z": 2.20889062183242,
  "gcor": 0.0428248,
  "gsr_x": 0.010341502726078033,
  "gsr_y": 0.01603849232196808,
  "provenance": {
    "md5sum": "1cb609e7cbc9cd372e1e3a6e3a680fc3",
    "settings": {
      "fd_thres": 0.2,
      "testing": false
    },
    "software": "mriqc",
    "version": "21.0.0rc2",
    "webapi_port": null,
    "webapi_url": "https://mriqc.nimh.nih.gov/api/v1"
  },
  "size_t": 237,
  "size_x": 64,
  "size_y": 64,
  "size_z": 41,
  "snr": 5.325417556402975,
  "spacing_tr": 2.0,
  "spacing_x": 3.75,
  "spacing_y": 3.75,
  "spacing_z": 3.3000004291534424,
  "summary_bg_k": 31.875547187443992,
  "summary_bg_mad": 24.710035325520433,
  "summary_bg_mean": 76.74176025390625,
  "summary_bg_median": 17.69620132446289,
  "summary_bg_n": 115846.0,
  "summary_bg_p05": 0.3375527262687683,
  "summary_bg_p95": 358.1497802734375,
  "summary_bg_stdv": 178.4286651611328,
  "summary_fg_k": 0.7492664322749332,
  "summary_fg_mad": 321.7433225324766,
  "summary_fg_mean": 1841.4111328125,
  "summary_fg_median": 1815.2193603515625,
  "summary_fg_n": 20140.0,
  "summary_fg_p05": 1331.79228515625,
  "summary_fg_p95": 2430.105578613281,
  "summary_fg_stdv": 340.85107421875,
  "tsnr": 73.37223554961383
}