{
  "aor": 0.014126367924528302,
  "aqi": 0.007677707877358491,
  "bids_meta": {
    "AcquisitionMatrix": "64 0 0 64",
    "DataSharing": "1",
    "EchoTime": 0.03,
    "EffectiveEchoSpacing": 0.000396,
    "FlipAngle": 65,
    "ImagesinAcquisition": 41,
    "InstitutionName": "NIH_FMRIF",
    "InternalPulseSequenceName": "epi",
    "MagneticFieldStrength": 3,
    "Manufacturer": "GE",
    "ManufacturersModelName": "DISCOVERY_MR750",
    "Modality": "MR",
    "NumberofTemporalPositions": 240,
    "PhaseEncodingDirection": "j",
    "PixelBandwidth": 7812.5,
    "PixelSpacing": "3.75\\3.75",
    "PulseSequenceName": "epirtnih",
    "ReconstructionDiameter": 240,
    "RepetitionTime": 2.0,
    "SeriesDescription": "mmi_run1",
    "SliceThickness": 3,
    "SliceTiming": [
      0.0,
      1.02439,
      0.04878,
      1.073171,
      0.097561,
      1.121951,
      0.146341,
      1.170732,
      0.195122,
      1.219512,
      0.243902,
      1.268293,
      0.292683,
      1.317073,
      0.341463,
      1.365854,
      0.390244,
      1.414634,
      0.439024,
      1.463415,
      0.487805,
      1.512195,
      0.536585,
      1.560976,
      0.585366,
      1.609756,
      0.634146,
      1.658537,
      0.682927,
      1.707317,
      0.731707,
      1.756098,
      0.780488,
      1.804878,
      0.829268,
      1.853659,
      0.878049,
      1.902439,
      0.926829,
      1.95122,
      0.97561
    ],
    "SoftwareVersions": "27 lx mr software release:dv26.0_r01_1725.a",
    "SpacingBetweenSlices": 3.3,
    "StationName": "3TA",
    "TaskName": "MMI",
    "TotalReadoutTime": 0.024948,
    "dataset": "ds003709",
    "modality": "bold",
    "run_id": 1,
    "session_id": "visit1",
    "subject_id": "23303",
    "task_id": "MMI"
  },
  "dummy_trs": 3,
  "dvars_nstd": 21.404156698909947,
  "dvars_std": 1.1431124084360194,
  "dvars_vstd": 1.0451637290047393,
  "efc": 0.4122057205171717,
  "fber": 23686.11328125,
  "fd_mean": 0.1486912065170256,
  "fd_num": 31,
  "fd_perc": 14.622641509433961,
  "fwhm_avg": 2.2087849809401683,
  "fwhm_x": 2.1060746666666668,
  "fwhm_y": 2.185989333333333,
  "fwhm_z": 2.3342909428205045,
  "gcor": 0.0502928,
  "gsr_x": -0.00980192981660366,
  "gsr_y": 0.014419041574001312,
  "provenance": {
    "md5sum": "7b7d06046ebac743d69537da55e2ea5d",
    "settings": {
      "fd_thres": 0.2,
      "testing": false
    },
    "software": "mriqc",
    "version": "21.0.0rc2",
    "webapi_port": null,
    "webapi_url": "https://mriqc.nimh.nih.gov/api/v1"
  },
  "size_t": 212,
  "size_x": 64,
  "size_y": 64,
  "size_z": 41,
  "snr": 4.650177197019918,
  "spacing_tr": 2.0,
  "spacing_x": 3.75,
  "spacing_y": 3.75,
  "spacing_z": 3.299999952316284,
  "summary_bg_k": 43.367214744041085,
  "summary_bg_mad": 17.563941158046067,
  "summary_bg_mean": 50.84019088745117,
  "summary_bg_median": 13.096698760986328,
  "summary_bg_n": 114580.0,
  "summary_bg_p05": 0.5566037893295288,
  "summary_bg_p95": 224.01485519409053,
  "summary_bg_stdv": 119.7676773071289,
  "summary_fg_k": 0.6315351783214718,
  "summary_fg_mad": 370.1260696130668,
  "summary_fg_mean": 1932.195556640625,
  "summary_fg_median": 1885.9339599609375,
  "summary_fg_n": 21565.0,
  "summary_fg_p05": 1340.98583984375,
  "summary_fg_p95": 2669.576416015625,
  "summary_fg_stdv": 405.5523376464844,
  "tsnr": 47.657911873888224
}