{
  "aor": 0.007695614035087719,
  "aqi": 0.01628128596491228,
  "bids_meta": {
    "AcquisitionMatrix": "64 0 0 64",
    "DataSharing": "1",
    "EchoTime": 0.03,
    "EffectiveEchoSpacing": 0.000396,
    "FlipAngle": 65,
    "ImagesinAcquisition": 41,
    "InstitutionName": "NIH_FMRIF",
    "InternalPulseSequenceName": "epi",
    "MagneticFieldStrength": 3,
    "Manufacturer": "GE",
    "ManufacturersModelName": "DISCOVERY_MR750",
    "Modality": "MR",
    "NumberofTemporalPositions": 240,
    "PhaseEncodingDirection": "j",
    "PixelBandwidth": 7812.5,
    "PixelSpacing": "3.75\\3.75",
    "PulseSequenceName": "epirtnih",
    "ReconstructionDiameter": 240,
    "RepetitionTime": 2.0,
    "SeriesDescription": "mmi_run3",
    "SliceThickness": 3,
    "SliceTiming": [
      0.0,
      1.02439,
      0.04878,
      1.073171,
      0.097561,
      1.121951,
      0.146341,
      1.170732,
      0.195122,
      1.219512,
      0.243902,
      1.268293,
      0.292683,
      1.317073,
      0.341463,
      1.365854,
      0.390244,
      1.414634,
      0.439024,
      1.463415,
      0.487805,
      1.512195,
      0.536585,
      1.560976,
      0.585366,
      1.609756,
      0.634146,
      1.658537,
      0.682927,
      1.707317,
      0.731707,
      1.756098,
      0.780488,
      1.804878,
      0.829268,
      1.853659,
      0.878049,
      1.902439,
      0.926829,
      1.95122,
      0.97561
    ],
    "SoftwareVersions": "27 lx mr software release:dv26.0_r01_1725.a",
    "SpacingBetweenSlices": 3.3,
    "StationName": "3TA",
    "TaskName": "MMI",
    "TotalReadoutTime": 0.024948,
    "dataset": "ds003709",
    "modality": "bold",
    "run_id": 3,
    "session_id": "visit1",
    "subject_id": "23303",
    "task_id": "MMI"
  },
  "dummy_trs": 2,
  "dvars_nstd": 26.882374893700426,
  "dvars_std": 0.9030950325550663,
  "dvars_vstd": 0.8622501044493391,
  "efc": 0.41308548883043095,
  "fber": 22165.095703125,
  "fd_mean": 0.28649404313822424,
  "fd_num": 75,
  "fd_perc": 32.89473684210526,
  "fwhm_avg": 2.233119445683635,
  "fwhm_x": 2.1284533333333333,
  "fwhm_y": 2.216474666666667,
  "fwhm_z": 2.354430337050905,
  "gcor": 0.0478982,
  "gsr_x": -0.009423802606761456,
  "gsr_y": 0.01463132631033659,
  "provenance": {
    "md5sum": "921f94674834b012bc79230106632e8b",
    "settings": {
      "fd_thres": 0.2,
      "testing": false
    },
    "software": "mriqc",
    "version": "21.0.0rc2",
    "webapi_port": null,
    "webapi_url": "https://mriqc.nimh.nih.gov/api/v1"
  },
  "size_t": 228,
  "size_x": 64,
  "size_y": 64,
  "size_z": 41,
  "snr": 4.6948531884381905,
  "spacing_tr": 2.0,
  "spacing_x": 3.75,
  "spacing_y": 3.75,
  "spacing_z": 3.299999952316284,
  "summary_bg_k": 43.24391389599927,
  "summary_bg_mad": 18.278925334198654,
  "summary_bg_mean": 50.90256881713867,
  "summary_bg_median": 13.635965347290039,
  "summary_bg_n": 114465.0,
  "summary_bg_p05": 0.5921052694320679,
  "summary_bg_p95": 223.84824523925766,
  "summary_bg_stdv": 117.8392562866211,
  "summary_fg_k": 0.7112839965109323,
  "summary_fg_mad": 363.26993926105905,
  "summary_fg_mean": 1920.018798828125,
  "summary_fg_median": 1876.4649658203125,
  "summary_fg_n": 21683.0,
  "summary_fg_p05": 1340.8811401367188,
  "summary_fg_p95": 2646.407983398437,
  "summary_fg_stdv": 399.67633056640625,
  "tsnr": 31.254964471561834
}