{
  "bids_meta": {
    "AcquisitionMatrix": "0 256 256 0",
    "AcquisitionNumber": 1,
    "Columns": 256,
    "DataSharing": "1",
    "EchoNumber(s)": 1,
    "EchoTime": 0.003476,
    "EchoTrainLength": 1,
    "FlipAngle": 7,
    "ImagesinAcquisition": 172,
    "In-planePhaseEncodingDirection": "row",
    "InstitutionName": "NIH_FMRIF",
    "InternalPulseSequenceName": "efgre3d",
    "InversionTime": 0.9,
    "MRAcquisitionType": "3d",
    "MagneticFieldStrength": 3,
    "Manufacturer": "GE",
    "Manufacturer'sModelName": "discovery mr750",
    "ManufacturersModelName": "DISCOVERY_MR750",
    "Modality": "MR",
    "NumberofAverages": 1,
    "PixelBandwidth": 195.312,
    "PixelSpacing": "1\\1",
    "PrivateIn-PlanePhaseEncodingDirection": "row",
    "PulseSequenceName": "mprage",
    "ReceiveCoilName": "32ch head",
    "ReconstructionDiameter": 256,
    "RepetitionTime": 0.00766,
    "Rows": 256,
    "SamplesperPixel": 1,
    "ScanOptions": "edr_gems\\filtered_gems\\acc_gems\\ir_gems",
    "SeriesDescription": "anat_t1w_mp_rage_1mm",
    "SeriesNumber": 12,
    "SliceLocation": -88.40619659,
    "SliceThickness": 1,
    "SoftwareVersion(s)": "27\\lx\\mr software release:dv26.0_r01_1725.a",
    "SoftwareVersions": "27 lx mr software release:dv26.0_r01_1725.a",
    "SpacingBetweenSlices": 1,
    "StationName": "3TA",
    "dataset": "ds003709",
    "modality": "T1w",
    "run_id": 1,
    "session_id": "visit1",
    "subject_id": "23890"
  },
  "cjv": 0.33522912386651443,
  "cnr": 3.9787696380329454,
  "efc": 0.6813198660190068,
  "fber": 3878.7448259914436,
  "fwhm_avg": 3.342836666666667,
  "fwhm_x": 3.28482,
  "fwhm_y": 3.52337,
  "fwhm_z": 3.22032,
  "icvs_csf": 0.2637383542597069,
  "icvs_gm": 0.3902891569928234,
  "icvs_wm": 0.3459724887474697,
  "inu_med": 1.1297688484191895,
  "inu_range": 0.1362223982810975,
  "provenance": {
    "md5sum": "3fa7f67d2927080ea613f95a5f44bbf9",
    "settings": {
      "testing": false
    },
    "software": "mriqc",
    "version": "21.0.0rc2",
    "warnings": {
      "large_rot_frame": true,
      "small_air_mask": false
    },
    "webapi_port": null,
    "webapi_url": "https://mriqc.nimh.nih.gov/api/v1"
  },
  "qi_1": 0.0,
  "qi_2": 0.006191636062683389,
  "rpve_csf": 20.610774191639795,
  "rpve_gm": 13.475123041961867,
  "rpve_wm": 20.685638021169606,
  "size_x": 172,
  "size_y": 256,
  "size_z": 256,
  "snr_csf": 2.8573186065876808,
  "snr_gm": 7.151814050211364,
  "snr_total": 8.958920554501823,
  "snr_wm": 16.867629006706423,
  "snrd_csf": 38.443801133217825,
  "snrd_gm": 73.26296926117575,
  "snrd_total": 78.444144281874,
  "snrd_wm": 123.62566245122842,
  "spacing_x": 1.0,
  "spacing_y": 1.0,
  "spacing_z": 1.0,
  "summary_bg_k": 16.344349529779844,
  "summary_bg_mad": 5.299355730914399,
  "summary_bg_mean": 9.375008603675521,
  "summary_bg_median": 7.148722246289253,
  "summary_bg_n": 636214.0,
  "summary_bg_p05": 1.7871805615723133,
  "summary_bg_p95": 28.73979551717639,
  "summary_bg_stdv": 10.150108669553163,
  "summary_csf_k": 0.5330815864386937,
  "summary_csf_mad": 111.14324451863712,
  "summary_csf_mean": 303.3990488394816,
  "summary_csf_median": 310.9694177135825,
  "summary_csf_n": 14746.0,
  "summary_csf_p05": 124.61961753666401,
  "summary_csf_p95": 467.17865923047066,
  "summary_csf_stdv": 108.8289113514489,
  "summary_gm_k": 0.12645755924130464,
  "summary_gm_mad": 79.34711013315072,
  "summary_gm_mean": 592.9439531304239,
  "summary_gm_median": 592.6194137819111,
  "summary_gm_n": 12282.0,
  "summary_gm_p05": 457.3781474482268,
  "summary_gm_p95": 732.164404116571,
  "summary_gm_stdv": 82.85943728466808,
  "summary_wm_k": 0.346609712859939,
  "summary_wm_mad": 57.218719310818976,
  "summary_wm_mean": 999.2628483066594,
  "summary_wm_median": 999.999977465719,
  "summary_wm_n": 178576.0,
  "summary_wm_p05": 900.497492145747,
  "summary_wm_p95": 1095.0586624704301,
  "summary_wm_stdv": 59.28498766103702,
  "tpm_overlap_csf": 0.15585742890834808,
  "tpm_overlap_gm": 0.41271254420280457,
  "tpm_overlap_wm": 0.5046118497848511,
  "wm2max": 0.5770066889632107
}