{
  "aor": 0.002865087719298245,
  "aqi": 0.006510135219298246,
  "bids_meta": {
    "AcquisitionMatrix": "64 0 0 64",
    "DataSharing": "1",
    "EchoTime": 0.03,
    "EffectiveEchoSpacing": 0.000396,
    "FlipAngle": 65,
    "ImagesinAcquisition": 41,
    "InstitutionName": "NIH_FMRIF",
    "InternalPulseSequenceName": "epi",
    "MagneticFieldStrength": 3,
    "Manufacturer": "GE",
    "ManufacturersModelName": "DISCOVERY_MR750",
    "Modality": "MR",
    "NumberofTemporalPositions": 240,
    "PhaseEncodingDirection": "j",
    "PixelBandwidth": 7812.5,
    "PixelSpacing": "3.75\\3.75",
    "PulseSequenceName": "epirtnih",
    "ReconstructionDiameter": 240,
    "RepetitionTime": 2.0,
    "SeriesDescription": "mmi_run 2",
    "SliceThickness": 3,
    "SliceTiming": [
      0.0,
      1.02439,
      0.04878,
      1.073171,
      0.097561,
      1.121951,
      0.146341,
      1.170732,
      0.195122,
      1.219512,
      0.243902,
      1.268293,
      0.292683,
      1.317073,
      0.341463,
      1.365854,
      0.390244,
      1.414634,
      0.439024,
      1.463415,
      0.487805,
      1.512195,
      0.536585,
      1.560976,
      0.585366,
      1.609756,
      0.634146,
      1.658537,
      0.682927,
      1.707317,
      0.731707,
      1.756098,
      0.780488,
      1.804878,
      0.829268,
      1.853659,
      0.878049,
      1.902439,
      0.926829,
      1.95122,
      0.97561
    ],
    "SoftwareVersions": "27 lx mr software release:dv26.0_r01_1725.a",
    "SpacingBetweenSlices": 3.3,
    "StationName": "3TA",
    "TaskName": "MMI",
    "TotalReadoutTime": 0.024948,
    "dataset": "ds003709",
    "modality": "bold",
    "run_id": 2,
    "session_id": "visit1",
    "subject_id": "23303",
    "task_id": "MMI"
  },
  "dummy_trs": 2,
  "dvars_nstd": 19.37451294986783,
  "dvars_std": 1.068829877444933,
  "dvars_vstd": 0.9468624592070487,
  "efc": 0.4118117633662576,
  "fber": 24599.8046875,
  "fd_mean": 0.09575450159777989,
  "fd_num": 14,
  "fd_perc": 6.140350877192983,
  "fwhm_avg": 2.1981274455054227,
  "fwhm_x": 2.090496,
  "fwhm_y": 2.186456,
  "fwhm_z": 2.3174303365162694,
  "gcor": 0.016836,
  "gsr_x": -0.009177079424262047,
  "gsr_y": 0.014332038350403309,
  "provenance": {
    "md5sum": "2580af415a6d56d260a5b3e922fc23ec",
    "settings": {
      "fd_thres": 0.2,
      "testing": false
    },
    "software": "mriqc",
    "version": "21.0.0rc2",
    "webapi_port": null,
    "webapi_url": "https://mriqc.nimh.nih.gov/api/v1"
  },
  "size_t": 228,
  "size_x": 64,
  "size_y": 64,
  "size_z": 41,
  "snr": 4.639714909170784,
  "spacing_tr": 2.0,
  "spacing_x": 3.75,
  "spacing_y": 3.75,
  "spacing_z": 3.299999952316284,
  "summary_bg_k": 42.739129048461116,
  "summary_bg_mad": 17.274265782189556,
  "summary_bg_mean": 50.69235610961914,
  "summary_bg_median": 12.910087585449219,
  "summary_bg_n": 114644.0,
  "summary_bg_p05": 0.5526315569877625,
  "summary_bg_p95": 226.93290328979484,
  "summary_bg_stdv": 120.08519744873047,
  "summary_fg_k": 0.6144640061079447,
  "summary_fg_mad": 371.67147248706823,
  "summary_fg_mean": 1933.49755859375,
  "summary_fg_median": 1886.644775390625,
  "summary_fg_n": 21617.0,
  "summary_fg_p05": 1346.3263427734375,
  "summary_fg_p95": 2666.972900390625,
  "summary_fg_stdv": 406.62005615234375,
  "tsnr": 56.40860928967595
}