{
  "bids_meta": {
    "AcquisitionMatrix": "0 256 256 0",
    "AcquisitionNumber": 1,
    "Columns": 256,
    "DataSharing": "1",
    "EchoNumber(s)": 1,
    "EchoTime": 0.003476,
    "EchoTrainLength": 1,
    "FlipAngle": 7,
    "ImagesinAcquisition": 172,
    "In-planePhaseEncodingDirection": "row",
    "InstitutionName": "NIH_FMRIF",
    "InternalPulseSequenceName": "efgre3d",
    "InversionTime": 0.9,
    "MRAcquisitionType": "3d",
    "MagneticFieldStrength": 3,
    "Manufacturer": "GE",
    "Manufacturer'sModelName": "discovery mr750",
    "ManufacturersModelName": "DISCOVERY_MR750",
    "Modality": "MR",
    "NumberofAverages": 1,
    "PixelBandwidth": 195.312,
    "PixelSpacing": "1\\1",
    "PrivateIn-PlanePhaseEncodingDirection": "row",
    "PulseSequenceName": "mprage",
    "ReceiveCoilName": "32ch head",
    "ReconstructionDiameter": 256,
    "RepetitionTime": 0.00766,
    "Rows": 256,
    "SamplesperPixel": 1,
    "ScanOptions": "edr_gems\\filtered_gems\\acc_gems\\ir_gems",
    "SeriesDescription": "anat_t1w_mp_rage_1mm",
    "SeriesNumber": 9,
    "SliceLocation": -86.08920288,
    "SliceThickness": 1,
    "SoftwareVersion(s)": "27\\lx\\mr software release:dv26.0_r01_1725.a",
    "SoftwareVersions": "27 lx mr software release:dv26.0_r01_1725.a",
    "SpacingBetweenSlices": 1,
    "StationName": "3TC",
    "dataset": "ds003709",
    "modality": "T1w",
    "run_id": 1,
    "session_id": "visit1",
    "subject_id": "23689"
  },
  "cjv": 0.4197508389458205,
  "cnr": 3.233931840751813,
  "efc": 0.6651608816461282,
  "fber": 3729.0042999193765,
  "fwhm_avg": 3.1714,
  "fwhm_x": 3.1413,
  "fwhm_y": 3.39185,
  "fwhm_z": 2.98105,
  "icvs_csf": 0.29224340669027876,
  "icvs_gm": 0.36639967912230276,
  "icvs_wm": 0.3413569141874185,
  "inu_med": 1.1162738800048828,
  "inu_range": 0.17615931034088117,
  "provenance": {
    "md5sum": "8f19907eda4a6b9210b5a0185b36c872",
    "settings": {
      "testing": false
    },
    "software": "mriqc",
    "version": "21.0.0rc2",
    "warnings": {
      "large_rot_frame": true,
      "small_air_mask": false
    },
    "webapi_port": null,
    "webapi_url": "https://mriqc.nimh.nih.gov/api/v1"
  },
  "qi_1": 0.0,
  "qi_2": 0.002502776445719945,
  "rpve_csf": 24.07875331656387,
  "rpve_gm": 17.3415489008524,
  "rpve_wm": 24.886712331500974,
  "size_x": 172,
  "size_y": 256,
  "size_z": 256,
  "snr_csf": 2.932311547099532,
  "snr_gm": 7.70679543550963,
  "snr_total": 8.17724572590172,
  "snr_wm": 13.892630195095999,
  "snrd_csf": 28.203648207678047,
  "snrd_gm": 58.12679676589232,
  "snrd_total": 59.162659640004925,
  "snrd_wm": 91.15753394644442,
  "spacing_x": 1.0,
  "spacing_y": 1.0,
  "spacing_z": 1.0,
  "summary_bg_k": 4.932958264023951,
  "summary_bg_mad": 7.186859614164451,
  "summary_bg_mean": 17.964041047837465,
  "summary_bg_median": 7.271194718778133,
  "summary_bg_n": 1164292.0,
  "summary_bg_p05": 2.4237315729260445,
  "summary_bg_p95": 72.23773883655667,
  "summary_bg_stdv": 22.97723350237609,
  "summary_csf_k": 0.30783187568250003,
  "summary_csf_mad": 111.08385186241141,
  "summary_csf_mean": 314.16260018605715,
  "summary_csf_median": 309.39460426568985,
  "summary_csf_n": 9807.0,
  "summary_csf_p05": 155.8354021757841,
  "summary_csf_p95": 489.9309925585984,
  "summary_csf_stdv": 105.50680741882483,
  "summary_gm_k": 0.04738759788512015,
  "summary_gm_mad": 81.86770517004723,
  "summary_gm_mean": 638.926528060058,
  "summary_gm_median": 637.6521629467607,
  "summary_gm_n": 10705.0,
  "summary_gm_p05": 503.67249678075314,
  "summary_gm_p95": 779.7249849736689,
  "summary_gm_stdv": 82.7350855065522,
  "summary_wm_k": 0.24729494221060078,
  "summary_wm_mad": 70.2281173166722,
  "summary_wm_mean": 1002.3272443145773,
  "summary_wm_median": 1000.0000330992043,
  "summary_wm_n": 139235.0,
  "summary_wm_p05": 888.1922418437898,
  "summary_wm_p95": 1124.13724148646,
  "summary_wm_stdv": 71.98035418768497,
  "tpm_overlap_csf": 0.14101247489452362,
  "tpm_overlap_gm": 0.3898812234401703,
  "tpm_overlap_wm": 0.5065307021141052,
  "wm2max": 0.5726414231438255
}