{
  "aor": 0.0009407594936708861,
  "aqi": 0.002859134725738397,
  "bids_meta": {
    "AcquisitionMatrix": "64 0 0 64",
    "DataSharing": "1",
    "EchoTime": 0.03,
    "EffectiveEchoSpacing": 0.000396,
    "FlipAngle": 65,
    "ImagesinAcquisition": 41,
    "InstitutionName": "NIH_FMRIF",
    "InternalPulseSequenceName": "epi",
    "MagneticFieldStrength": 3,
    "Manufacturer": "GE",
    "ManufacturersModelName": "DISCOVERY_MR750",
    "Modality": "MR",
    "NumberofTemporalPositions": 240,
    "PhaseEncodingDirection": "j",
    "PixelBandwidth": 7812.5,
    "PixelSpacing": "3.75\\3.75",
    "PulseSequenceName": "epirtnih",
    "ReconstructionDiameter": 240,
    "RepetitionTime": 2.0,
    "SeriesDescription": "mmi_run 1",
    "SliceThickness": 3,
    "SliceTiming": [
      0.0,
      1.02439,
      0.04878,
      1.073171,
      0.097561,
      1.121951,
      0.146341,
      1.170732,
      0.195122,
      1.219512,
      0.243902,
      1.268293,
      0.292683,
      1.317073,
      0.341463,
      1.365854,
      0.390244,
      1.414634,
      0.439024,
      1.463415,
      0.487805,
      1.512195,
      0.536585,
      1.560976,
      0.585366,
      1.609756,
      0.634146,
      1.658537,
      0.682927,
      1.707317,
      0.731707,
      1.756098,
      0.780488,
      1.804878,
      0.829268,
      1.853659,
      0.878049,
      1.902439,
      0.926829,
      1.95122,
      0.97561
    ],
    "SoftwareVersions": "27 lx mr software release:dv26.0_r01_1725.a",
    "SpacingBetweenSlices": 3.3,
    "StationName": "3TC",
    "TaskName": "MMI",
    "TotalReadoutTime": 0.024948,
    "dataset": "ds003709",
    "modality": "bold",
    "run_id": 1,
    "session_id": "visit1",
    "subject_id": "23540",
    "task_id": "MMI"
  },
  "dummy_trs": 3,
  "dvars_nstd": 17.598869768220336,
  "dvars_std": 1.0811636112711864,
  "dvars_vstd": 0.966592584872881,
  "efc": 0.41631674459481943,
  "fber": 19816.17578125,
  "fd_mean": 0.054711993244457795,
  "fd_num": 5,
  "fd_perc": 2.109704641350211,
  "fwhm_avg": 2.4464454406153844,
  "fwhm_x": 2.322184,
  "fwhm_y": 2.3742829685723583,
  "fwhm_z": 2.642869353273794,
  "gcor": 0.0127423,
  "gsr_x": -0.0067474087700247765,
  "gsr_y": 0.01577683724462986,
  "provenance": {
    "md5sum": "747608731ba9b592b6aadff4bfffdb7b",
    "settings": {
      "fd_thres": 0.2,
      "testing": false
    },
    "software": "mriqc",
    "version": "21.0.0rc2",
    "webapi_port": null,
    "webapi_url": "https://mriqc.nimh.nih.gov/api/v1"
  },
  "size_t": 237,
  "size_x": 64,
  "size_y": 64,
  "size_z": 41,
  "snr": 3.1979608059112095,
  "spacing_tr": 2.0,
  "spacing_x": 3.75,
  "spacing_y": 3.749999523162842,
  "spacing_z": 3.3000004291534424,
  "summary_bg_k": 45.014081526751426,
  "summary_bg_mad": 13.69373817976581,
  "summary_bg_mean": 39.6423454284668,
  "summary_bg_median": 10.261602401733398,
  "summary_bg_n": 112575.0,
  "summary_bg_p05": 0.455696165561676,
  "summary_bg_p95": 174.95695037841767,
  "summary_bg_stdv": 93.21835327148438,
  "summary_fg_k": 1.149078845613344,
  "summary_fg_mad": 386.5150498985885,
  "summary_fg_mean": 1430.5430908203125,
  "summary_fg_median": 1354.1982421875,
  "summary_fg_n": 22947.0,
  "summary_fg_p05": 919.3202087402344,
  "summary_fg_p95": 2269.3408935546877,
  "summary_fg_stdv": 423.44757080078125,
  "tsnr": 73.43587269540876
}