{
  "aor": 0.0030887323943661975,
  "aqi": 0.003552331924882629,
  "bids_meta": {
    "AcquisitionMatrix": "64 0 0 64",
    "DataSharing": "1",
    "EchoTime": 0.03,
    "EffectiveEchoSpacing": 0.000396,
    "FlipAngle": 65,
    "ImagesinAcquisition": 41,
    "InstitutionName": "NIH_FMRIF",
    "InternalPulseSequenceName": "epi",
    "MagneticFieldStrength": 3,
    "Manufacturer": "GE",
    "ManufacturersModelName": "DISCOVERY_MR750",
    "Modality": "MR",
    "NumberofTemporalPositions": 240,
    "PhaseEncodingDirection": "j",
    "PixelBandwidth": 7812.5,
    "PixelSpacing": "3.75\\3.75",
    "PulseSequenceName": "epirtnih",
    "ReconstructionDiameter": 240,
    "RepetitionTime": 2.0,
    "SeriesDescription": "mmi_run1",
    "SliceThickness": 3,
    "SliceTiming": [
      0.0,
      1.02439,
      0.04878,
      1.073171,
      0.097561,
      1.121951,
      0.146341,
      1.170732,
      0.195122,
      1.219512,
      0.243902,
      1.268293,
      0.292683,
      1.317073,
      0.341463,
      1.365854,
      0.390244,
      1.414634,
      0.439024,
      1.463415,
      0.487805,
      1.512195,
      0.536585,
      1.560976,
      0.585366,
      1.609756,
      0.634146,
      1.658537,
      0.682927,
      1.707317,
      0.731707,
      1.756098,
      0.780488,
      1.804878,
      0.829268,
      1.853659,
      0.878049,
      1.902439,
      0.926829,
      1.95122,
      0.97561
    ],
    "SoftwareVersions": "27 lx mr software release:dv26.0_r01_1725.a",
    "SpacingBetweenSlices": 3.3,
    "StationName": "3TA",
    "TaskName": "MMI",
    "TotalReadoutTime": 0.024948,
    "dataset": "ds003709",
    "modality": "bold",
    "run_id": 1,
    "session_id": "visit1",
    "subject_id": "23720",
    "task_id": "MMI"
  },
  "dummy_trs": 3,
  "dvars_nstd": 15.576822051556613,
  "dvars_std": 1.127580819009434,
  "dvars_vstd": 1.0033204403773586,
  "efc": 0.39566934930075776,
  "fber": 42150.55859375,
  "fd_mean": 0.07408594102991464,
  "fd_num": 11,
  "fd_perc": 5.164319248826291,
  "fwhm_avg": 2.0541911619929443,
  "fwhm_x": 1.9668640000000002,
  "fwhm_y": 2.0203306666666667,
  "fwhm_z": 2.1753788193121655,
  "gcor": 0.0231528,
  "gsr_x": -0.008245961740612984,
  "gsr_y": 0.014195789583027363,
  "provenance": {
    "md5sum": "ee487f73348a7d9301f2ba18e72bddac",
    "settings": {
      "fd_thres": 0.2,
      "testing": false
    },
    "software": "mriqc",
    "version": "21.0.0rc2",
    "webapi_port": null,
    "webapi_url": "https://mriqc.nimh.nih.gov/api/v1"
  },
  "size_t": 213,
  "size_x": 64,
  "size_y": 64,
  "size_z": 41,
  "snr": 4.805293816358149,
  "spacing_tr": 2.0,
  "spacing_x": 3.75,
  "spacing_y": 3.75,
  "spacing_z": 3.299999952316284,
  "summary_bg_k": 65.0879572886131,
  "summary_bg_mad": 13.768014825789567,
  "summary_bg_mean": 42.97092056274414,
  "summary_bg_median": 10.126760482788086,
  "summary_bg_n": 116728.0,
  "summary_bg_p05": 0.3708920180797577,
  "summary_bg_p95": 197.23826217651327,
  "summary_bg_stdv": 106.35838317871094,
  "summary_fg_k": 0.7972993863057534,
  "summary_fg_mad": 371.9904527617406,
  "summary_fg_mean": 1953.6480712890625,
  "summary_fg_median": 1908.983642578125,
  "summary_fg_n": 20460.0,
  "summary_fg_p05": 1404.063916015625,
  "summary_fg_p95": 2685.545202636719,
  "summary_fg_stdv": 397.257080078125,
  "tsnr": 79.39003247860819
}