{
  "bids_meta": {
    "AcquisitionMatrix": "0 256 256 0",
    "AcquisitionNumber": 1,
    "Columns": 256,
    "DataSharing": "1",
    "EchoNumber(s)": 1,
    "EchoTime": 0.003476,
    "EchoTrainLength": 1,
    "FlipAngle": 7,
    "ImagesinAcquisition": 172,
    "In-planePhaseEncodingDirection": "row",
    "InstitutionName": "NIH_FMRIF",
    "InternalPulseSequenceName": "efgre3d",
    "InversionTime": 0.9,
    "MRAcquisitionType": "3d",
    "MagneticFieldStrength": 3,
    "Manufacturer": "GE",
    "Manufacturer'sModelName": "discovery mr750",
    "ManufacturersModelName": "DISCOVERY_MR750",
    "Modality": "MR",
    "NumberofAverages": 1,
    "PixelBandwidth": 195.312,
    "PixelSpacing": "1\\1",
    "PrivateIn-PlanePhaseEncodingDirection": "row",
    "PulseSequenceName": "mprage",
    "ReceiveCoilName": "32ch head",
    "ReconstructionDiameter": 256,
    "RepetitionTime": 0.00766,
    "Rows": 256,
    "SamplesperPixel": 1,
    "ScanOptions": "edr_gems\\filtered_gems\\acc_gems\\ir_gems",
    "SeriesDescription": "anat_t1w_mp_rage_1mm",
    "SeriesNumber": 7,
    "SliceLocation": -86.05284882,
    "SliceThickness": 1,
    "SoftwareVersion(s)": "27\\lx\\mr software release:dv26.0_r01_1725.a",
    "SoftwareVersions": "27 lx mr software release:dv26.0_r01_1725.a",
    "SpacingBetweenSlices": 1,
    "StationName": "3TA",
    "dataset": "ds003709",
    "modality": "T1w",
    "run_id": 1,
    "session_id": "visit1",
    "subject_id": "23880"
  },
  "cjv": 0.3516245722725337,
  "cnr": 3.752607049377087,
  "efc": 0.6968414995239501,
  "fber": 2497.608227833612,
  "fwhm_avg": 3.4007,
  "fwhm_x": 3.36618,
  "fwhm_y": 3.58315,
  "fwhm_z": 3.25277,
  "icvs_csf": 0.28141697018387246,
  "icvs_gm": 0.37030745238536933,
  "icvs_wm": 0.3482755774307582,
  "inu_med": 1.1746599674224854,
  "inu_range": 0.19918940663337703,
  "provenance": {
    "md5sum": "0997bd88bd9f1e33045d552a0b195f03",
    "settings": {
      "testing": false
    },
    "software": "mriqc",
    "version": "21.0.0rc2",
    "warnings": {
      "large_rot_frame": true,
      "small_air_mask": false
    },
    "webapi_port": null,
    "webapi_url": "https://mriqc.nimh.nih.gov/api/v1"
  },
  "qi_1": 0.0,
  "qi_2": 0.004013674781671127,
  "rpve_csf": 19.973797194693166,
  "rpve_gm": 13.853051125413575,
  "rpve_wm": 20.243069334638072,
  "size_x": 172,
  "size_y": 256,
  "size_z": 256,
  "snr_csf": 3.0059733220149942,
  "snr_gm": 7.537447457151126,
  "snr_total": 8.720339050954356,
  "snr_wm": 15.617596373696946,
  "snrd_csf": 37.77483971503125,
  "snrd_gm": 69.68859544503327,
  "snrd_total": 73.95603739713482,
  "snrd_wm": 114.40467703133996,
  "spacing_x": 1.0,
  "spacing_y": 1.0,
  "spacing_z": 1.0,
  "summary_bg_k": 5.150662252471426,
  "summary_bg_mad": 5.7264823789935395,
  "summary_bg_mean": 13.605874012683266,
  "summary_bg_median": 7.563971769064665,
  "summary_bg_n": 829577.0,
  "summary_bg_p05": 1.8775816448032856,
  "summary_bg_p95": 46.99318630993366,
  "summary_bg_stdv": 14.769751729552505,
  "summary_csf_k": 0.14826622571123105,
  "summary_csf_mad": 110.0757168406536,
  "summary_csf_mean": 318.8795990360541,
  "summary_csf_median": 330.18614353612065,
  "summary_csf_n": 15164.0,
  "summary_csf_p05": 127.78284222632647,
  "summary_csf_p95": 480.3926751203835,
  "summary_csf_stdv": 109.83971606361119,
  "summary_gm_k": 0.18577263092008556,
  "summary_gm_mad": 76.9893742064687,
  "summary_gm_mean": 611.2337118707479,
  "summary_gm_median": 609.1411307640374,
  "summary_gm_n": 12556.0,
  "summary_gm_p05": 479.8562232218683,
  "summary_gm_p95": 750.831488459371,
  "summary_gm_stdv": 80.81208880987393,
  "summary_wm_k": 0.6859711878429113,
  "summary_wm_mad": 60.44620288937625,
  "summary_wm_mean": 1001.3706742141155,
  "summary_wm_median": 999.9999840222299,
  "summary_wm_n": 180068.0,
  "summary_wm_p05": 899.3616078607738,
  "summary_wm_p95": 1107.4512992948294,
  "summary_wm_stdv": 64.03016081103341,
  "tpm_overlap_csf": 0.1481243222951889,
  "tpm_overlap_gm": 0.3955768048763275,
  "tpm_overlap_wm": 0.497181236743927,
  "wm2max": 0.5374243973954826
}