{
  "aor": 0.003412894736842105,
  "aqi": 0.007357313245614036,
  "bids_meta": {
    "AcquisitionMatrix": "64 0 0 64",
    "DataSharing": "1",
    "EchoTime": 0.03,
    "EffectiveEchoSpacing": 0.000396,
    "FlipAngle": 65,
    "ImagesinAcquisition": 41,
    "InstitutionName": "NIH_FMRIF",
    "InternalPulseSequenceName": "epi",
    "MagneticFieldStrength": 3,
    "Manufacturer": "GE",
    "ManufacturersModelName": "DISCOVERY_MR750",
    "Modality": "MR",
    "NumberofTemporalPositions": 240,
    "PhaseEncodingDirection": "j",
    "PixelBandwidth": 7812.5,
    "PixelSpacing": "3.75\\3.75",
    "PulseSequenceName": "epirtnih",
    "ReconstructionDiameter": 240,
    "RepetitionTime": 2.0,
    "SeriesDescription": "mmi_run 3",
    "SliceThickness": 3,
    "SliceTiming": [
      0.0,
      1.02439,
      0.04878,
      1.073171,
      0.097561,
      1.121951,
      0.146341,
      1.170732,
      0.195122,
      1.219512,
      0.243902,
      1.268293,
      0.292683,
      1.317073,
      0.341463,
      1.365854,
      0.390244,
      1.414634,
      0.439024,
      1.463415,
      0.487805,
      1.512195,
      0.536585,
      1.560976,
      0.585366,
      1.609756,
      0.634146,
      1.658537,
      0.682927,
      1.707317,
      0.731707,
      1.756098,
      0.780488,
      1.804878,
      0.829268,
      1.853659,
      0.878049,
      1.902439,
      0.926829,
      1.95122,
      0.97561
    ],
    "SoftwareVersions": "27 lx mr software release:dv26.0_r01_1725.a",
    "SpacingBetweenSlices": 3.3,
    "StationName": "3TC",
    "TaskName": "MMI",
    "TotalReadoutTime": 0.024948,
    "dataset": "ds003709",
    "modality": "bold",
    "run_id": 3,
    "session_id": "visit1",
    "subject_id": "23399",
    "task_id": "MMI"
  },
  "dummy_trs": 2,
  "dvars_nstd": 24.390877925374436,
  "dvars_std": 1.1122749051982381,
  "dvars_vstd": 0.976158962511013,
  "efc": 0.4462599143966679,
  "fber": 15593.71484375,
  "fd_mean": 0.15700355908256508,
  "fd_num": 62,
  "fd_perc": 27.19298245614035,
  "fwhm_avg": 2.6167756905232396,
  "fwhm_x": 2.4673173333333334,
  "fwhm_y": 2.5271066666666666,
  "fwhm_z": 2.8559030715697187,
  "gcor": 0.0846248,
  "gsr_x": -0.016233984380960464,
  "gsr_y": 0.027969403192400932,
  "provenance": {
    "md5sum": "523ac6870feb5d6141ec9d3f62ac5893",
    "settings": {
      "fd_thres": 0.2,
      "testing": false
    },
    "software": "mriqc",
    "version": "21.0.0rc2",
    "webapi_port": null,
    "webapi_url": "https://mriqc.nimh.nih.gov/api/v1"
  },
  "size_t": 228,
  "size_x": 64,
  "size_y": 64,
  "size_z": 41,
  "snr": 3.1047557955718013,
  "spacing_tr": 2.0,
  "spacing_x": 3.75,
  "spacing_y": 3.75,
  "spacing_z": 3.299999952316284,
  "summary_bg_k": 60.958902527489435,
  "summary_bg_mad": 16.302122317277867,
  "summary_bg_mean": 47.290435791015625,
  "summary_bg_median": 11.9078950881958,
  "summary_bg_n": 108045.0,
  "summary_bg_p05": 0.37719297409057617,
  "summary_bg_p95": 221.09649658203125,
  "summary_bg_stdv": 108.81049346923828,
  "summary_fg_k": 1.9187920307029414,
  "summary_fg_mad": 383.36976865403176,
  "summary_fg_mean": 1478.687744140625,
  "summary_fg_median": 1379.12939453125,
  "summary_fg_n": 27200.0,
  "summary_fg_p05": 964.4598541259766,
  "summary_fg_p95": 2343.0586303710934,
  "summary_fg_stdv": 444.1908264160156,
  "tsnr": 47.59876618813723
}