{
  "aor": 0.0030743459915611817,
  "aqi": 0.008989729113924047,
  "bids_meta": {
    "AcquisitionMatrix": "64 0 0 64",
    "DataSharing": "1",
    "EchoTime": 0.03,
    "EffectiveEchoSpacing": 0.000396,
    "FlipAngle": 65,
    "ImagesinAcquisition": 41,
    "InstitutionName": "NIH_FMRIF",
    "InternalPulseSequenceName": "epi",
    "MagneticFieldStrength": 3,
    "Manufacturer": "GE",
    "ManufacturersModelName": "DISCOVERY_MR750",
    "Modality": "MR",
    "NumberofTemporalPositions": 240,
    "PhaseEncodingDirection": "j",
    "PixelBandwidth": 7812.5,
    "PixelSpacing": "3.75\\3.75",
    "PulseSequenceName": "epirtnih",
    "ReconstructionDiameter": 240,
    "RepetitionTime": 2.0,
    "SeriesDescription": "mmi_run 2",
    "SliceThickness": 3,
    "SliceTiming": [
      0.0,
      1.02439,
      0.04878,
      1.073171,
      0.097561,
      1.121951,
      0.146341,
      1.170732,
      0.195122,
      1.219512,
      0.243902,
      1.268293,
      0.292683,
      1.317073,
      0.341463,
      1.365854,
      0.390244,
      1.414634,
      0.439024,
      1.463415,
      0.487805,
      1.512195,
      0.536585,
      1.560976,
      0.585366,
      1.609756,
      0.634146,
      1.658537,
      0.682927,
      1.707317,
      0.731707,
      1.756098,
      0.780488,
      1.804878,
      0.829268,
      1.853659,
      0.878049,
      1.902439,
      0.926829,
      1.95122,
      0.97561
    ],
    "SoftwareVersions": "27 lx mr software release:dv26.0_r01_1725.a",
    "SpacingBetweenSlices": 3.3,
    "StationName": "3TC",
    "TaskName": "MMI",
    "TotalReadoutTime": 0.024948,
    "dataset": "ds003709",
    "modality": "bold",
    "run_id": 2,
    "session_id": "visit1",
    "subject_id": "23399",
    "task_id": "MMI"
  },
  "dummy_trs": 3,
  "dvars_nstd": 22.951633417118625,
  "dvars_std": 1.0546408046186437,
  "dvars_vstd": 0.9606107376271188,
  "efc": 0.4473295308392138,
  "fber": 15915.1337890625,
  "fd_mean": 0.18117845207655361,
  "fd_num": 60,
  "fd_perc": 25.31645569620253,
  "fwhm_avg": 2.6326428825454617,
  "fwhm_x": 2.485730666666667,
  "fwhm_y": 2.534904,
  "fwhm_z": 2.877293980969718,
  "gcor": 0.0603167,
  "gsr_x": -0.016647864133119583,
  "gsr_y": 0.029294518753886223,
  "provenance": {
    "md5sum": "6bcdddfade88ac3f5ff8d3023d1c4119",
    "settings": {
      "fd_thres": 0.2,
      "testing": false
    },
    "software": "mriqc",
    "version": "21.0.0rc2",
    "webapi_port": null,
    "webapi_url": "https://mriqc.nimh.nih.gov/api/v1"
  },
  "size_t": 237,
  "size_x": 64,
  "size_y": 64,
  "size_z": 41,
  "snr": 3.1276915392537417,
  "spacing_tr": 2.0,
  "spacing_x": 3.75,
  "spacing_y": 3.75,
  "spacing_z": 3.299999952316284,
  "summary_bg_k": 60.33685220420533,
  "summary_bg_mad": 16.32739021036239,
  "summary_bg_mean": 47.26005172729492,
  "summary_bg_median": 11.886075019836426,
  "summary_bg_n": 107883.0,
  "summary_bg_p05": 0.3417721390724182,
  "summary_bg_p95": 220.6113800048828,
  "summary_bg_stdv": 107.09831237792969,
  "summary_fg_k": 1.8892029395461698,
  "summary_fg_mad": 385.0480121076697,
  "summary_fg_mean": 1483.4075927734375,
  "summary_fg_median": 1385.90283203125,
  "summary_fg_n": 27320.0,
  "summary_fg_p05": 969.6885559082032,
  "summary_fg_p95": 2352.021105957031,
  "summary_fg_stdv": 443.0991516113281,
  "tsnr": 43.760138710960746
}