{
  "aor": 0.004327148936170213,
  "aqi": 0.005495361234042554,
  "bids_meta": {
    "AcquisitionMatrix": "64 0 0 64",
    "DataSharing": "1",
    "EchoTime": 0.03,
    "EffectiveEchoSpacing": 0.000396,
    "FlipAngle": 65,
    "ImagesinAcquisition": 41,
    "InstitutionName": "NIH_FMRIF",
    "InternalPulseSequenceName": "epi",
    "MagneticFieldStrength": 3,
    "Manufacturer": "GE",
    "ManufacturersModelName": "DISCOVERY_MR750",
    "Modality": "MR",
    "NumberofTemporalPositions": 240,
    "PhaseEncodingDirection": "j",
    "PixelBandwidth": 7812.5,
    "PixelSpacing": "3.75\\3.75",
    "PulseSequenceName": "epirtnih",
    "ReconstructionDiameter": 240,
    "RepetitionTime": 2.0,
    "SeriesDescription": "mmi_run 3",
    "SliceThickness": 3,
    "SliceTiming": [
      0.0,
      1.02439,
      0.04878,
      1.073171,
      0.097561,
      1.121951,
      0.146341,
      1.170732,
      0.195122,
      1.219512,
      0.243902,
      1.268293,
      0.292683,
      1.317073,
      0.341463,
      1.365854,
      0.390244,
      1.414634,
      0.439024,
      1.463415,
      0.487805,
      1.512195,
      0.536585,
      1.560976,
      0.585366,
      1.609756,
      0.634146,
      1.658537,
      0.682927,
      1.707317,
      0.731707,
      1.756098,
      0.780488,
      1.804878,
      0.829268,
      1.853659,
      0.878049,
      1.902439,
      0.926829,
      1.95122,
      0.97561
    ],
    "SoftwareVersions": "27 lx mr software release:dv26.0_r01_1725.a",
    "SpacingBetweenSlices": 3.3,
    "StationName": "3TA",
    "TaskName": "MMI",
    "TotalReadoutTime": 0.024948,
    "dataset": "ds003709",
    "modality": "bold",
    "run_id": 3,
    "session_id": "visit1",
    "subject_id": "23969",
    "task_id": "MMI"
  },
  "dummy_trs": 2,
  "dvars_nstd": 16.43338860025641,
  "dvars_std": 1.2013595105128205,
  "dvars_vstd": 1.0377469031196582,
  "efc": 0.40410122568971313,
  "fber": 29666.97265625,
  "fd_mean": 0.06042037306935649,
  "fd_num": 4,
  "fd_perc": 1.702127659574468,
  "fwhm_avg": 2.1566792836491646,
  "fwhm_x": 2.0328399999999998,
  "fwhm_y": 2.169616,
  "fwhm_z": 2.2675818509474936,
  "gcor": 0.0181969,
  "gsr_x": -0.009818325750529766,
  "gsr_y": 0.01440031174570322,
  "provenance": {
    "md5sum": "cb5d35170503409222effc253b2339b0",
    "settings": {
      "fd_thres": 0.2,
      "testing": false
    },
    "software": "mriqc",
    "version": "21.0.0rc2",
    "webapi_port": null,
    "webapi_url": "https://mriqc.nimh.nih.gov/api/v1"
  },
  "size_t": 235,
  "size_x": 64,
  "size_y": 64,
  "size_z": 41,
  "snr": 5.371267474551646,
  "spacing_tr": 2.0,
  "spacing_x": 3.75,
  "spacing_y": 3.75,
  "spacing_z": 3.299999952316284,
  "summary_bg_k": 80.72090458038413,
  "summary_bg_mad": 16.106737001603435,
  "summary_bg_mean": 48.92625045776367,
  "summary_bg_median": 11.97872257232666,
  "summary_bg_n": 116139.0,
  "summary_bg_p05": 0.46382978558540344,
  "summary_bg_p95": 205.53062744140598,
  "summary_bg_stdv": 127.73977661132812,
  "summary_fg_k": 1.1123390087644411,
  "summary_fg_mad": 328.19142960547794,
  "summary_fg_mean": 1956.627197265625,
  "summary_fg_median": 1928.729736328125,
  "summary_fg_n": 20356.0,
  "summary_fg_p05": 1406.968017578125,
  "summary_fg_p95": 2583.5520629882812,
  "summary_fg_stdv": 359.073974609375,
  "tsnr": 74.76164528634399
}