{
  "aor": 0.0044969026548672564,
  "aqi": 0.005561294513274337,
  "bids_meta": {
    "AcquisitionMatrix": "64 0 0 64",
    "DataSharing": "1",
    "EchoTime": 0.03,
    "EffectiveEchoSpacing": 0.000396,
    "FlipAngle": 65,
    "ImagesinAcquisition": 41,
    "InstitutionName": "NIH_FMRIF",
    "InternalPulseSequenceName": "epi",
    "MagneticFieldStrength": 3,
    "Manufacturer": "GE",
    "ManufacturersModelName": "DISCOVERY_MR750",
    "Modality": "MR",
    "NumberofTemporalPositions": 240,
    "PhaseEncodingDirection": "j",
    "PixelBandwidth": 7812.5,
    "PixelSpacing": "3.75\\3.75",
    "PulseSequenceName": "epirtnih",
    "ReconstructionDiameter": 240,
    "RepetitionTime": 2.0,
    "SeriesDescription": "mmi_run 2",
    "SliceThickness": 3,
    "SliceTiming": [
      0.0,
      1.02439,
      0.04878,
      1.073171,
      0.097561,
      1.121951,
      0.146341,
      1.170732,
      0.195122,
      1.219512,
      0.243902,
      1.268293,
      0.292683,
      1.317073,
      0.341463,
      1.365854,
      0.390244,
      1.414634,
      0.439024,
      1.463415,
      0.487805,
      1.512195,
      0.536585,
      1.560976,
      0.585366,
      1.609756,
      0.634146,
      1.658537,
      0.682927,
      1.707317,
      0.731707,
      1.756098,
      0.780488,
      1.804878,
      0.829268,
      1.853659,
      0.878049,
      1.902439,
      0.926829,
      1.95122,
      0.97561
    ],
    "SoftwareVersions": "27 lx mr software release:dv26.0_r01_1725.a",
    "SpacingBetweenSlices": 3.3,
    "StationName": "3TA",
    "TaskName": "MMI",
    "TotalReadoutTime": 0.024948,
    "dataset": "ds003709",
    "modality": "bold",
    "run_id": 2,
    "session_id": "visit1",
    "subject_id": "23969",
    "task_id": "MMI"
  },
  "dummy_trs": 3,
  "dvars_nstd": 15.83565347888889,
  "dvars_std": 1.1728658804000007,
  "dvars_vstd": 1.0175907376888886,
  "efc": 0.40341110743779135,
  "fber": 29432.70703125,
  "fd_mean": 0.05796552646063156,
  "fd_num": 1,
  "fd_perc": 0.4424778761061947,
  "fwhm_avg": 2.1556681322042763,
  "fwhm_x": 2.0131040000000002,
  "fwhm_y": 2.171730666666667,
  "fwhm_z": 2.2821697299461614,
  "gcor": 0.0135725,
  "gsr_x": -0.00931443739682436,
  "gsr_y": 0.014111118391156197,
  "provenance": {
    "md5sum": "4da6e37529c2dc0672ff8bf3ab77778f",
    "settings": {
      "fd_thres": 0.2,
      "testing": false
    },
    "software": "mriqc",
    "version": "21.0.0rc2",
    "webapi_port": null,
    "webapi_url": "https://mriqc.nimh.nih.gov/api/v1"
  },
  "size_t": 226,
  "size_x": 64,
  "size_y": 64,
  "size_z": 41,
  "snr": 5.341486693917939,
  "spacing_tr": 2.0,
  "spacing_x": 3.75,
  "spacing_y": 3.75,
  "spacing_z": 3.299999952316284,
  "summary_bg_k": 83.59966573030194,
  "summary_bg_mad": 16.21022160457656,
  "summary_bg_mean": 48.51726531982422,
  "summary_bg_median": 12.030973434448242,
  "summary_bg_n": 116194.0,
  "summary_bg_p05": 0.4690265357494354,
  "summary_bg_p95": 202.75597381591754,
  "summary_bg_stdv": 126.91230773925781,
  "summary_fg_k": 1.0423702295724055,
  "summary_fg_mad": 329.34111595716945,
  "summary_fg_mean": 1958.6273193359375,
  "summary_fg_median": 1931.8406982421875,
  "summary_fg_n": 20307.0,
  "summary_fg_p05": 1398.2645751953125,
  "summary_fg_p95": 2589.495068359375,
  "summary_fg_stdv": 361.6583251953125,
  "tsnr": 76.78884502500296
}