{
  "bids_meta": {
    "AcquisitionMatrix": "0 256 256 0",
    "AcquisitionNumber": 1,
    "Columns": 256,
    "DataSharing": "1",
    "EchoNumber(s)": 1,
    "EchoTime": 0.003476,
    "EchoTrainLength": 1,
    "FlipAngle": 7,
    "ImagesinAcquisition": 172,
    "In-planePhaseEncodingDirection": "row",
    "InstitutionName": "NIH_FMRIF",
    "InternalPulseSequenceName": "efgre3d",
    "InversionTime": 0.9,
    "MRAcquisitionType": "3d",
    "MagneticFieldStrength": 3,
    "Manufacturer": "GE",
    "Manufacturer'sModelName": "discovery mr750",
    "ManufacturersModelName": "DISCOVERY_MR750",
    "Modality": "MR",
    "NumberofAverages": 1,
    "PixelBandwidth": 195.312,
    "PixelSpacing": "1\\1",
    "PrivateIn-PlanePhaseEncodingDirection": "row",
    "PulseSequenceName": "mprage",
    "ReceiveCoilName": "32ch head",
    "ReconstructionDiameter": 256,
    "RepetitionTime": 0.00766,
    "Rows": 256,
    "SamplesperPixel": 1,
    "ScanOptions": "edr_gems\\filtered_gems\\acc_gems\\ir_gems",
    "SeriesDescription": "anat_t1w_mp_rage_1mm",
    "SeriesNumber": 9,
    "SliceLocation": -88.43299866,
    "SliceThickness": 1,
    "SoftwareVersion(s)": "27\\lx\\mr software release:dv26.0_r01_1725.a",
    "SoftwareVersions": "27 lx mr software release:dv26.0_r01_1725.a",
    "SpacingBetweenSlices": 1,
    "StationName": "3TA",
    "dataset": "ds003709",
    "modality": "T1w",
    "run_id": 1,
    "session_id": "visit1",
    "subject_id": "23823"
  },
  "cjv": 0.391910348895238,
  "cnr": 3.4292749944934338,
  "efc": 0.737774884306242,
  "fber": 2776.8553778297373,
  "fwhm_avg": 3.0381066666666663,
  "fwhm_x": 2.98075,
  "fwhm_y": 3.2232,
  "fwhm_z": 2.91037,
  "icvs_csf": 0.2442750220206915,
  "icvs_gm": 0.43616884757700164,
  "icvs_wm": 0.31955613040230685,
  "inu_med": 1.488929033279419,
  "inu_range": 0.3181012809276582,
  "provenance": {
    "md5sum": "07e55589162a3e0ff7f381729c9d699a",
    "settings": {
      "testing": false
    },
    "software": "mriqc",
    "version": "21.0.0rc2",
    "warnings": {
      "large_rot_frame": true,
      "small_air_mask": false
    },
    "webapi_port": null,
    "webapi_url": "https://mriqc.nimh.nih.gov/api/v1"
  },
  "qi_1": 0.0,
  "qi_2": 0.004672609504142437,
  "rpve_csf": 18.17037502242957,
  "rpve_gm": 10.6095281928843,
  "rpve_wm": 17.86733811250415,
  "size_x": 172,
  "size_y": 256,
  "size_z": 256,
  "snr_csf": 2.024540132217113,
  "snr_gm": 7.121262275802798,
  "snr_total": 7.481145767074115,
  "snr_wm": 13.297634893202435,
  "snrd_csf": 26.783372173957382,
  "snrd_gm": 70.1010743257801,
  "snrd_total": 70.83974403360656,
  "snrd_wm": 115.6347856010822,
  "spacing_x": 1.0,
  "spacing_y": 1.0,
  "spacing_z": 1.0,
  "summary_bg_k": 6.114136592046602,
  "summary_bg_mad": 5.665564832510002,
  "summary_bg_mean": 13.568144914796656,
  "summary_bg_median": 7.528660207986832,
  "summary_bg_n": 705433.0,
  "summary_bg_p05": 1.825129747390747,
  "summary_bg_p95": 53.38504511117935,
  "summary_bg_stdv": 16.829390579706768,
  "summary_csf_k": 2.140731731874845,
  "summary_csf_mad": 100.37351427148317,
  "summary_csf_mean": 258.9407105261815,
  "summary_csf_median": 231.620372004807,
  "summary_csf_n": 13338.0,
  "summary_csf_p05": 126.16209378838539,
  "summary_csf_p95": 476.9377724107355,
  "summary_csf_stdv": 114.40212294701112,
  "summary_gm_k": 0.12753074705628853,
  "summary_gm_mad": 82.192970405966,
  "summary_gm_mean": 608.643043074108,
  "summary_gm_median": 606.2282526567578,
  "summary_gm_n": 23455.0,
  "summary_gm_p05": 469.40055690705776,
  "summary_gm_p95": 753.8926562815905,
  "summary_gm_stdv": 85.12751051998256,
  "summary_wm_k": 0.3783808934066819,
  "summary_wm_mad": 72.1302507780751,
  "summary_wm_mean": 1000.687925950991,
  "summary_wm_median": 999.9999956563115,
  "summary_wm_n": 178459.0,
  "summary_wm_p05": 878.7429380640388,
  "summary_wm_p95": 1125.5917363986373,
  "summary_wm_stdv": 75.2011317741618,
  "tpm_overlap_csf": 0.17254768311977386,
  "tpm_overlap_gm": 0.4467841386795044,
  "tpm_overlap_wm": 0.487529993057251,
  "wm2max": 0.5316106476097374
}