{
  "aor": 0.012030267857142856,
  "aqi": 0.007958823035714286,
  "bids_meta": {
    "AcquisitionMatrix": "64 0 0 64",
    "DataSharing": "1",
    "EchoTime": 0.03,
    "EffectiveEchoSpacing": 0.000396,
    "FlipAngle": 65,
    "ImagesinAcquisition": 41,
    "InstitutionName": "NIH_FMRIF",
    "InternalPulseSequenceName": "epi",
    "MagneticFieldStrength": 3,
    "Manufacturer": "GE",
    "ManufacturersModelName": "DISCOVERY_MR750",
    "Modality": "MR",
    "NumberofTemporalPositions": 240,
    "PhaseEncodingDirection": "j",
    "PixelBandwidth": 7812.5,
    "PixelSpacing": "3.75\\3.75",
    "PulseSequenceName": "epirtnih",
    "ReconstructionDiameter": 240,
    "RepetitionTime": 2.0,
    "SeriesDescription": "mmi_run3",
    "SliceThickness": 3,
    "SliceTiming": [
      0.0,
      1.02439,
      0.04878,
      1.073171,
      0.097561,
      1.121951,
      0.146341,
      1.170732,
      0.195122,
      1.219512,
      0.243902,
      1.268293,
      0.292683,
      1.317073,
      0.341463,
      1.365854,
      0.390244,
      1.414634,
      0.439024,
      1.463415,
      0.487805,
      1.512195,
      0.536585,
      1.560976,
      0.585366,
      1.609756,
      0.634146,
      1.658537,
      0.682927,
      1.707317,
      0.731707,
      1.756098,
      0.780488,
      1.804878,
      0.829268,
      1.853659,
      0.878049,
      1.902439,
      0.926829,
      1.95122,
      0.97561
    ],
    "SoftwareVersions": "27 lx mr software release:dv26.0_r01_1725.a",
    "SpacingBetweenSlices": 3.3,
    "StationName": "3TA",
    "TaskName": "MMI",
    "TotalReadoutTime": 0.024948,
    "dataset": "ds003709",
    "modality": "bold",
    "run_id": 3,
    "session_id": "visit1",
    "subject_id": "23652",
    "task_id": "MMI"
  },
  "dummy_trs": 2,
  "dvars_nstd": 18.886493913542612,
  "dvars_std": 1.1364342803587446,
  "dvars_vstd": 1.0565152131838567,
  "efc": 0.4158685168258307,
  "fber": 33963.90234375,
  "fd_mean": 0.15519149432740123,
  "fd_num": 38,
  "fd_perc": 16.964285714285715,
  "fwhm_avg": 2.0819063751519615,
  "fwhm_x": 1.921808,
  "fwhm_y": 2.143517469614504,
  "fwhm_z": 2.180393655841381,
  "gcor": 0.027457,
  "gsr_x": -0.006879906170070171,
  "gsr_y": 0.015037006698548794,
  "provenance": {
    "md5sum": "a2d553bbe3c37aeef05202494dda4b6c",
    "settings": {
      "fd_thres": 0.2,
      "testing": false
    },
    "software": "mriqc",
    "version": "21.0.0rc2",
    "webapi_port": null,
    "webapi_url": "https://mriqc.nimh.nih.gov/api/v1"
  },
  "size_t": 224,
  "size_x": 64,
  "size_y": 64,
  "size_z": 41,
  "snr": 5.148953847825829,
  "spacing_tr": 2.0,
  "spacing_x": 3.75,
  "spacing_y": 3.749999761581421,
  "spacing_z": 3.3000004291534424,
  "summary_bg_k": 35.98719795546662,
  "summary_bg_mad": 16.527044061112036,
  "summary_bg_mean": 56.17458724975586,
  "summary_bg_median": 11.799107551574707,
  "summary_bg_n": 114276.0,
  "summary_bg_p05": 0.2366071492433548,
  "summary_bg_p95": 274.3214340209961,
  "summary_bg_stdv": 136.98158264160156,
  "summary_fg_k": 1.1257048940723093,
  "summary_fg_mad": 347.2930543431567,
  "summary_fg_mean": 2048.685791015625,
  "summary_fg_median": 2019.134033203125,
  "summary_fg_n": 21882.0,
  "summary_fg_p05": 1464.8779724121093,
  "summary_fg_p95": 2737.9451904296875,
  "summary_fg_stdv": 392.13555908203125,
  "tsnr": 52.10151268541813
}