{
  "aor": 0.009492566371681416,
  "aqi": 0.005505415796460177,
  "bids_meta": {
    "AcquisitionMatrix": "64 0 0 64",
    "DataSharing": "1",
    "EchoTime": 0.03,
    "EffectiveEchoSpacing": 0.000396,
    "FlipAngle": 65,
    "ImagesinAcquisition": 41,
    "InstitutionName": "NIH_FMRIF",
    "InternalPulseSequenceName": "epi",
    "MagneticFieldStrength": 3,
    "Manufacturer": "GE",
    "ManufacturersModelName": "DISCOVERY_MR750",
    "Modality": "MR",
    "NumberofTemporalPositions": 240,
    "PhaseEncodingDirection": "j",
    "PixelBandwidth": 7812.5,
    "PixelSpacing": "3.75\\3.75",
    "PulseSequenceName": "epirtnih",
    "ReconstructionDiameter": 240,
    "RepetitionTime": 2.0,
    "SeriesDescription": "mmi_run 2",
    "SliceThickness": 3,
    "SliceTiming": [
      0.0,
      1.02439,
      0.04878,
      1.073171,
      0.097561,
      1.121951,
      0.146341,
      1.170732,
      0.195122,
      1.219512,
      0.243902,
      1.268293,
      0.292683,
      1.317073,
      0.341463,
      1.365854,
      0.390244,
      1.414634,
      0.439024,
      1.463415,
      0.487805,
      1.512195,
      0.536585,
      1.560976,
      0.585366,
      1.609756,
      0.634146,
      1.658537,
      0.682927,
      1.707317,
      0.731707,
      1.756098,
      0.780488,
      1.804878,
      0.829268,
      1.853659,
      0.878049,
      1.902439,
      0.926829,
      1.95122,
      0.97561
    ],
    "SoftwareVersions": "27 lx mr software release:dv26.0_r01_1725.a",
    "SpacingBetweenSlices": 3.3,
    "StationName": "3TA",
    "TaskName": "MMI",
    "TotalReadoutTime": 0.024948,
    "dataset": "ds003709",
    "modality": "bold",
    "run_id": 2,
    "session_id": "visit1",
    "subject_id": "23652",
    "task_id": "MMI"
  },
  "dummy_trs": 2,
  "dvars_nstd": 20.26417875502222,
  "dvars_std": 1.2102712512444433,
  "dvars_vstd": 1.0796244603111116,
  "efc": 0.4160251885736301,
  "fber": 33987.0390625,
  "fd_mean": 0.1762034500249348,
  "fd_num": 50,
  "fd_perc": 22.123893805309734,
  "fwhm_avg": 2.0702475472511837,
  "fwhm_x": 1.9107759999999998,
  "fwhm_y": 2.1333548023017124,
  "fwhm_z": 2.1666118394518397,
  "gcor": 0.0534895,
  "gsr_x": -0.007273020222783089,
  "gsr_y": 0.014998229220509529,
  "provenance": {
    "md5sum": "884cdd32d51dc41d4bb1bda084defc7f",
    "settings": {
      "fd_thres": 0.2,
      "testing": false
    },
    "software": "mriqc",
    "version": "21.0.0rc2",
    "webapi_port": null,
    "webapi_url": "https://mriqc.nimh.nih.gov/api/v1"
  },
  "size_t": 226,
  "size_x": 64,
  "size_y": 64,
  "size_z": 41,
  "snr": 5.140753982649819,
  "spacing_tr": 2.0,
  "spacing_x": 3.75,
  "spacing_y": 3.749999761581421,
  "spacing_z": 3.3000004291534424,
  "summary_bg_k": 36.495206590097716,
  "summary_bg_mad": 16.502149928851907,
  "summary_bg_mean": 56.52664566040039,
  "summary_bg_median": 11.80752182006836,
  "summary_bg_n": 114276.0,
  "summary_bg_p05": 0.24778760969638824,
  "summary_bg_p95": 277.40596771240234,
  "summary_bg_stdv": 139.1170654296875,
  "summary_fg_k": 1.156164967183801,
  "summary_fg_mad": 348.31632496613406,
  "summary_fg_mean": 2051.968994140625,
  "summary_fg_median": 2022.87158203125,
  "summary_fg_n": 21878.0,
  "summary_fg_p05": 1471.6824768066406,
  "summary_fg_p95": 2739.8454101562497,
  "summary_fg_stdv": 393.4880676269531,
  "tsnr": 61.730415432713926
}