{
  "aor": 0.0036295089285714286,
  "aqi": 0.012412480223214286,
  "bids_meta": {
    "AcquisitionMatrix": "64 0 0 64",
    "DataSharing": "1",
    "EchoTime": 0.03,
    "EffectiveEchoSpacing": 0.000396,
    "FlipAngle": 65,
    "ImagesinAcquisition": 41,
    "InstitutionName": "NIH_FMRIF",
    "InternalPulseSequenceName": "epi",
    "MagneticFieldStrength": 3,
    "Manufacturer": "GE",
    "ManufacturersModelName": "DISCOVERY_MR750",
    "Modality": "MR",
    "NumberofTemporalPositions": 240,
    "PhaseEncodingDirection": "j",
    "PixelBandwidth": 7812.5,
    "PixelSpacing": "3.75\\3.75",
    "PulseSequenceName": "epirtnih",
    "ReconstructionDiameter": 240,
    "RepetitionTime": 2.0,
    "SeriesDescription": "mmi_run 1",
    "SliceThickness": 3,
    "SliceTiming": [
      0.0,
      1.02439,
      0.04878,
      1.073171,
      0.097561,
      1.121951,
      0.146341,
      1.170732,
      0.195122,
      1.219512,
      0.243902,
      1.268293,
      0.292683,
      1.317073,
      0.341463,
      1.365854,
      0.390244,
      1.414634,
      0.439024,
      1.463415,
      0.487805,
      1.512195,
      0.536585,
      1.560976,
      0.585366,
      1.609756,
      0.634146,
      1.658537,
      0.682927,
      1.707317,
      0.731707,
      1.756098,
      0.780488,
      1.804878,
      0.829268,
      1.853659,
      0.878049,
      1.902439,
      0.926829,
      1.95122,
      0.97561
    ],
    "SoftwareVersions": "27 lx mr software release:dv26.0_r01_1725.a",
    "SpacingBetweenSlices": 3.3,
    "StationName": "3TA",
    "TaskName": "MMI",
    "TotalReadoutTime": 0.024948,
    "dataset": "ds003709",
    "modality": "bold",
    "run_id": 1,
    "session_id": "visit1",
    "subject_id": "23969",
    "task_id": "MMI"
  },
  "dummy_trs": 2,
  "dvars_nstd": 21.49259613878923,
  "dvars_std": 1.0495088773094166,
  "dvars_vstd": 0.9146520561434978,
  "efc": 0.40500238534148353,
  "fber": 27736.103515625,
  "fd_mean": 0.1391746632607109,
  "fd_num": 37,
  "fd_perc": 16.517857142857142,
  "fwhm_avg": 2.1647668796409296,
  "fwhm_x": 2.0343813333333336,
  "fwhm_y": 2.185658666666667,
  "fwhm_z": 2.2742606389227875,
  "gcor": 0.0165388,
  "gsr_x": -0.009753639809787273,
  "gsr_y": 0.014708525501191616,
  "provenance": {
    "md5sum": "d8e3f26b2349ff00f6a117973667d575",
    "settings": {
      "fd_thres": 0.2,
      "testing": false
    },
    "software": "mriqc",
    "version": "21.0.0rc2",
    "webapi_port": null,
    "webapi_url": "https://mriqc.nimh.nih.gov/api/v1"
  },
  "size_t": 224,
  "size_x": 64,
  "size_y": 64,
  "size_z": 41,
  "snr": 5.362713020677604,
  "spacing_tr": 2.0,
  "spacing_x": 3.75,
  "spacing_y": 3.75,
  "spacing_z": 3.299999952316284,
  "summary_bg_k": 84.75101105108114,
  "summary_bg_mad": 17.049926573254165,
  "summary_bg_mean": 49.60597610473633,
  "summary_bg_median": 12.566965103149414,
  "summary_bg_n": 116168.0,
  "summary_bg_p05": 0.455357164144516,
  "summary_bg_p95": 203.37768783569325,
  "summary_bg_stdv": 127.78610229492188,
  "summary_fg_k": 1.0716568830456854,
  "summary_fg_mad": 327.97940952503615,
  "summary_fg_mean": 1958.1669921875,
  "summary_fg_median": 1932.3951416015625,
  "summary_fg_n": 20332.0,
  "summary_fg_p05": 1397.271710205078,
  "summary_fg_p95": 2577.5534301757816,
  "summary_fg_stdv": 360.3302307128906,
  "tsnr": 50.558597772731446
}