{
  "aor": 0.010474841628959274,
  "aqi": 0.018048763800904977,
  "bids_meta": {
    "AcquisitionMatrix": "64 0 0 64",
    "DataSharing": "1",
    "EchoTime": 0.03,
    "EffectiveEchoSpacing": 0.000396,
    "FlipAngle": 65,
    "ImagesinAcquisition": 41,
    "InstitutionName": "NIH_FMRIF",
    "InternalPulseSequenceName": "epi",
    "MagneticFieldStrength": 3,
    "Manufacturer": "GE",
    "ManufacturersModelName": "DISCOVERY_MR750",
    "Modality": "MR",
    "NumberofTemporalPositions": 240,
    "PhaseEncodingDirection": "j",
    "PixelBandwidth": 7812.5,
    "PixelSpacing": "3.75\\3.75",
    "PulseSequenceName": "epirtnih",
    "ReconstructionDiameter": 240,
    "RepetitionTime": 2.0,
    "SeriesDescription": "mmi (x3)",
    "SliceThickness": 3,
    "SliceTiming": [
      0.0,
      1.02439,
      0.04878,
      1.073171,
      0.097561,
      1.121951,
      0.146341,
      1.170732,
      0.195122,
      1.219512,
      0.243902,
      1.268293,
      0.292683,
      1.317073,
      0.341463,
      1.365854,
      0.390244,
      1.414634,
      0.439024,
      1.463415,
      0.487805,
      1.512195,
      0.536585,
      1.560976,
      0.585366,
      1.609756,
      0.634146,
      1.658537,
      0.682927,
      1.707317,
      0.731707,
      1.756098,
      0.780488,
      1.804878,
      0.829268,
      1.853659,
      0.878049,
      1.902439,
      0.926829,
      1.95122,
      0.97561
    ],
    "SoftwareVersions": "27 lx mr software release:dv26.0_r01_1725.a",
    "SpacingBetweenSlices": 3.3,
    "StationName": "3TA",
    "TaskName": "MMI",
    "TotalReadoutTime": 0.024948,
    "dataset": "ds003709",
    "modality": "bold",
    "run_id": 1,
    "session_id": "visit1",
    "subject_id": "23757",
    "task_id": "MMI"
  },
  "dummy_trs": 2,
  "dvars_nstd": 25.381761928181827,
  "dvars_std": 1.0216125300909091,
  "dvars_vstd": 0.9673045726363635,
  "efc": 0.3984901587574631,
  "fber": 38979.03515625,
  "fd_mean": 0.29984128184760384,
  "fd_num": 99,
  "fd_perc": 44.796380090497735,
  "fwhm_avg": 2.1479433746227112,
  "fwhm_x": 2.010826666666667,
  "fwhm_y": 2.1438882726094914,
  "fwhm_z": 2.2891151845919753,
  "gcor": 0.040087,
  "gsr_x": -0.01234553474932909,
  "gsr_y": 0.013100136071443558,
  "provenance": {
    "md5sum": "5311554dcd5d2e2c23e654b8b7b9bc49",
    "settings": {
      "fd_thres": 0.2,
      "testing": false
    },
    "software": "mriqc",
    "version": "21.0.0rc2",
    "webapi_port": null,
    "webapi_url": "https://mriqc.nimh.nih.gov/api/v1"
  },
  "size_t": 221,
  "size_x": 64,
  "size_y": 64,
  "size_z": 41,
  "snr": 4.838241939292274,
  "spacing_tr": 2.0,
  "spacing_x": 3.75,
  "spacing_y": 3.749999523162842,
  "spacing_z": 3.299999952316284,
  "summary_bg_k": 75.03251281011299,
  "summary_bg_mad": 13.236082255771368,
  "summary_bg_mean": 39.352195739746094,
  "summary_bg_median": 10.117647171020508,
  "summary_bg_n": 115617.0,
  "summary_bg_p05": 0.4932126998901367,
  "summary_bg_p95": 143.6850677490234,
  "summary_bg_stdv": 111.09095764160156,
  "summary_fg_k": 1.105166862298005,
  "summary_fg_mad": 350.9976595814014,
  "summary_fg_mean": 1876.4443359375,
  "summary_fg_median": 1837.93896484375,
  "summary_fg_n": 21464.0,
  "summary_fg_p05": 1335.5107116699219,
  "summary_fg_p95": 2557.977795410156,
  "summary_fg_stdv": 379.86859130859375,
  "tsnr": 36.24946517916396
}