{
  "bids_meta": {
    "AcquisitionMatrix": "0 256 256 0",
    "AcquisitionNumber": 1,
    "Columns": 256,
    "DataSharing": "1",
    "EchoNumber(s)": 1,
    "EchoTime": 0.003476,
    "EchoTrainLength": 1,
    "FlipAngle": 7,
    "ImagesinAcquisition": 172,
    "In-planePhaseEncodingDirection": "row",
    "InstitutionName": "NIH_FMRIF",
    "InternalPulseSequenceName": "efgre3d",
    "InversionTime": 0.9,
    "MRAcquisitionType": "3d",
    "MagneticFieldStrength": 3,
    "Manufacturer": "GE",
    "Manufacturer'sModelName": "discovery mr750",
    "ManufacturersModelName": "DISCOVERY_MR750",
    "Modality": "MR",
    "NumberofAverages": 1,
    "PixelBandwidth": 195.312,
    "PixelSpacing": "1\\1",
    "PrivateIn-PlanePhaseEncodingDirection": "row",
    "PulseSequenceName": "mprage",
    "ReceiveCoilName": "32ch head",
    "ReconstructionDiameter": 256,
    "RepetitionTime": 0.00766,
    "Rows": 256,
    "SamplesperPixel": 1,
    "ScanOptions": "edr_gems\\filtered_gems\\acc_gems\\ir_gems",
    "SeriesDescription": "anat_t1w_mp_rage_1mm",
    "SeriesNumber": 12,
    "SliceLocation": -93.12059784,
    "SliceThickness": 1,
    "SoftwareVersion(s)": "27\\lx\\mr software release:dv26.0_r01_1725.a",
    "SoftwareVersions": "27 lx mr software release:dv26.0_r01_1725.a",
    "SpacingBetweenSlices": 1,
    "StationName": "3TC",
    "dataset": "ds003709",
    "modality": "T1w",
    "run_id": 1,
    "session_id": "visit1",
    "subject_id": "23951"
  },
  "cjv": 0.40439798537381516,
  "cnr": 3.3603056051642217,
  "efc": 0.6680785109849224,
  "fber": 4225.726288193253,
  "fwhm_avg": 3.109116666666667,
  "fwhm_x": 3.04753,
  "fwhm_y": 3.2945,
  "fwhm_z": 2.98532,
  "icvs_csf": 0.2676563146838455,
  "icvs_gm": 0.3943983942077543,
  "icvs_wm": 0.33794529110840016,
  "inu_med": 1.0005913972854614,
  "inu_range": 0.14411627650260928,
  "provenance": {
    "md5sum": "64018e470d02bff18f004dbfea2e23db",
    "settings": {
      "testing": false
    },
    "software": "mriqc",
    "version": "21.0.0rc2",
    "warnings": {
      "large_rot_frame": true,
      "small_air_mask": false
    },
    "webapi_port": null,
    "webapi_url": "https://mriqc.nimh.nih.gov/api/v1"
  },
  "qi_1": 0.0,
  "qi_2": 0.002661976646845541,
  "rpve_csf": 17.72265621272603,
  "rpve_gm": 11.616012922783224,
  "rpve_wm": 17.487909867740026,
  "size_x": 172,
  "size_y": 256,
  "size_z": 256,
  "snr_csf": 2.8039731574380617,
  "snr_gm": 6.627054611032918,
  "snr_total": 7.450974048574866,
  "snr_wm": 12.92189437725362,
  "snrd_csf": 26.02639875246388,
  "snrd_gm": 56.63050442018371,
  "snrd_total": 59.31655587479702,
  "snrd_wm": 95.29276445174347,
  "spacing_x": 1.0,
  "spacing_y": 1.0,
  "spacing_z": 1.0,
  "summary_bg_k": 4.745172814745146,
  "summary_bg_mad": 6.874985324116931,
  "summary_bg_mean": 17.951669937348267,
  "summary_bg_median": 6.9817118644714355,
  "summary_bg_n": 1405244.0,
  "summary_bg_p05": 2.2925024032592773,
  "summary_bg_p95": 72.83905363082886,
  "summary_bg_stdv": 23.412098918643427,
  "summary_csf_k": 1.4992177863594751,
  "summary_csf_mad": 93.19853700614694,
  "summary_csf_mean": 287.53322945896207,
  "summary_csf_median": 273.1203999519348,
  "summary_csf_n": 26944.0,
  "summary_csf_p05": 157.2969262599945,
  "summary_csf_p95": 464.44014596939087,
  "summary_csf_stdv": 97.40297651680804,
  "summary_gm_k": -0.09754538660091105,
  "summary_gm_mad": 89.99278542242949,
  "summary_gm_mean": 596.3182111237961,
  "summary_gm_median": 594.2791457176208,
  "summary_gm_n": 13713.0,
  "summary_gm_p05": 450.40377898216246,
  "summary_gm_p95": 747.5329313755035,
  "summary_gm_stdv": 89.67143199252173,
  "summary_wm_k": 0.5398018379982217,
  "summary_wm_mad": 74.07989804301278,
  "summary_wm_mean": 1001.4198171102829,
  "summary_wm_median": 999.9999687671661,
  "summary_wm_n": 200852.0,
  "summary_wm_p05": 876.9863739013672,
  "summary_wm_p95": 1130.5162987709045,
  "summary_wm_stdv": 77.38783882410168,
  "tpm_overlap_csf": 0.1556493490934372,
  "tpm_overlap_gm": 0.41048359870910645,
  "tpm_overlap_wm": 0.4868341386318207,
  "wm2max": 0.4932791899046493
}