{
  "aor": 0.006460141509433961,
  "aqi": 0.005979418160377358,
  "bids_meta": {
    "AcquisitionMatrix": "64 0 0 64",
    "DataSharing": "1",
    "EchoTime": 0.03,
    "EffectiveEchoSpacing": 0.000396,
    "FlipAngle": 65,
    "ImagesinAcquisition": 41,
    "InstitutionName": "NIH_FMRIF",
    "InternalPulseSequenceName": "epi",
    "MagneticFieldStrength": 3,
    "Manufacturer": "GE",
    "ManufacturersModelName": "DISCOVERY_MR750",
    "Modality": "MR",
    "NumberofTemporalPositions": 240,
    "PhaseEncodingDirection": "j",
    "PixelBandwidth": 7812.5,
    "PixelSpacing": "3.75\\3.75",
    "PulseSequenceName": "epirtnih",
    "ReconstructionDiameter": 240,
    "RepetitionTime": 2.0,
    "SeriesDescription": "mmi_run 1",
    "SliceThickness": 3,
    "SliceTiming": [
      0.0,
      1.02439,
      0.04878,
      1.073171,
      0.097561,
      1.121951,
      0.146341,
      1.170732,
      0.195122,
      1.219512,
      0.243902,
      1.268293,
      0.292683,
      1.317073,
      0.341463,
      1.365854,
      0.390244,
      1.414634,
      0.439024,
      1.463415,
      0.487805,
      1.512195,
      0.536585,
      1.560976,
      0.585366,
      1.609756,
      0.634146,
      1.658537,
      0.682927,
      1.707317,
      0.731707,
      1.756098,
      0.780488,
      1.804878,
      0.829268,
      1.853659,
      0.878049,
      1.902439,
      0.926829,
      1.95122,
      0.97561
    ],
    "SoftwareVersions": "27 lx mr software release:dv26.0_r01_1725.a",
    "SpacingBetweenSlices": 3.3,
    "StationName": "3TC",
    "TaskName": "MMI",
    "TotalReadoutTime": 0.024948,
    "dataset": "ds003709",
    "modality": "bold",
    "run_id": 1,
    "session_id": "visit1",
    "subject_id": "23399",
    "task_id": "MMI"
  },
  "dummy_trs": 7,
  "dvars_nstd": 21.221316120710895,
  "dvars_std": 1.1124644052606627,
  "dvars_vstd": 1.0045013165402839,
  "efc": 0.4465091829107078,
  "fber": 16501.740234375,
  "fd_mean": 0.12675576768584695,
  "fd_num": 37,
  "fd_perc": 17.452830188679247,
  "fwhm_avg": 2.6195793270401584,
  "fwhm_x": 2.4416053333333334,
  "fwhm_y": 2.5294053333333335,
  "fwhm_z": 2.8877273144538087,
  "gcor": 0.0750527,
  "gsr_x": -0.016860879957675934,
  "gsr_y": 0.02899475023150444,
  "provenance": {
    "md5sum": "671c97f3a62e1eba06f9f46b9d3bc859",
    "settings": {
      "fd_thres": 0.2,
      "testing": false
    },
    "software": "mriqc",
    "version": "21.0.0rc2",
    "webapi_port": null,
    "webapi_url": "https://mriqc.nimh.nih.gov/api/v1"
  },
  "size_t": 212,
  "size_x": 64,
  "size_y": 64,
  "size_z": 41,
  "snr": 3.1332485796586136,
  "spacing_tr": 2.0,
  "spacing_x": 3.75,
  "spacing_y": 3.75,
  "spacing_z": 3.299999952316284,
  "summary_bg_k": 64.43646561436248,
  "summary_bg_mad": 15.923986737095996,
  "summary_bg_mean": 46.389156341552734,
  "summary_bg_median": 11.632075309753418,
  "summary_bg_n": 107851.0,
  "summary_bg_p05": 0.38679245114326477,
  "summary_bg_p95": 217.34906005859375,
  "summary_bg_stdv": 106.59861755371094,
  "summary_fg_k": 1.9576957246891364,
  "summary_fg_mad": 383.9135282201328,
  "summary_fg_mean": 1484.968994140625,
  "summary_fg_median": 1386.15576171875,
  "summary_fg_n": 27340.0,
  "summary_fg_p05": 969.9997650146485,
  "summary_fg_p95": 2346.695629882812,
  "summary_fg_stdv": 442.3940124511719,
  "tsnr": 55.43595182755962
}