{
  "aor": 0.009860139534883721,
  "aqi": 0.008746414372093022,
  "bids_meta": {
    "AcquisitionMatrix": "64 0 0 64",
    "DataSharing": "1",
    "EchoTime": 0.03,
    "EffectiveEchoSpacing": 0.000396,
    "FlipAngle": 65,
    "ImagesinAcquisition": 41,
    "InstitutionName": "NIH_FMRIF",
    "InternalPulseSequenceName": "epi",
    "MagneticFieldStrength": 3,
    "Manufacturer": "GE",
    "ManufacturersModelName": "DISCOVERY_MR750",
    "Modality": "MR",
    "NumberofTemporalPositions": 240,
    "PhaseEncodingDirection": "j",
    "PixelBandwidth": 7812.5,
    "PixelSpacing": "3.75\\3.75",
    "PulseSequenceName": "epirtnih",
    "ReconstructionDiameter": 240,
    "RepetitionTime": 2.0,
    "SeriesDescription": "mmi_run 2",
    "SliceThickness": 3,
    "SliceTiming": [
      0.0,
      1.02439,
      0.04878,
      1.073171,
      0.097561,
      1.121951,
      0.146341,
      1.170732,
      0.195122,
      1.219512,
      0.243902,
      1.268293,
      0.292683,
      1.317073,
      0.341463,
      1.365854,
      0.390244,
      1.414634,
      0.439024,
      1.463415,
      0.487805,
      1.512195,
      0.536585,
      1.560976,
      0.585366,
      1.609756,
      0.634146,
      1.658537,
      0.682927,
      1.707317,
      0.731707,
      1.756098,
      0.780488,
      1.804878,
      0.829268,
      1.853659,
      0.878049,
      1.902439,
      0.926829,
      1.95122,
      0.97561
    ],
    "SoftwareVersions": "27 lx mr software release:dv26.0_r01_1725.a",
    "SpacingBetweenSlices": 3.3,
    "StationName": "3TA",
    "TaskName": "MMI",
    "TotalReadoutTime": 0.024948,
    "dataset": "ds003709",
    "modality": "bold",
    "run_id": 2,
    "session_id": "visit1",
    "subject_id": "23843",
    "task_id": "MMI"
  },
  "dummy_trs": 3,
  "dvars_nstd": 21.59705949920561,
  "dvars_std": 1.0463356396261683,
  "dvars_vstd": 0.9778209378971963,
  "efc": 0.40743604623302776,
  "fber": 24589.88671875,
  "fd_mean": 0.19008074361048533,
  "fd_num": 44,
  "fd_perc": 20.46511627906977,
  "fwhm_avg": 2.066308616552863,
  "fwhm_x": 1.8950026666666666,
  "fwhm_y": 2.1255413333333335,
  "fwhm_z": 2.1783818496585883,
  "gcor": 0.0502295,
  "gsr_x": -0.009177958592772484,
  "gsr_y": 0.013390883803367615,
  "provenance": {
    "md5sum": "984611b689f3d3ae9f136bb3587d4814",
    "settings": {
      "fd_thres": 0.2,
      "testing": false
    },
    "software": "mriqc",
    "version": "21.0.0rc2",
    "webapi_port": null,
    "webapi_url": "https://mriqc.nimh.nih.gov/api/v1"
  },
  "size_t": 215,
  "size_x": 64,
  "size_y": 64,
  "size_z": 41,
  "snr": 5.4810222847710985,
  "spacing_tr": 2.0,
  "spacing_x": 3.75,
  "spacing_y": 3.75,
  "spacing_z": 3.299999952316284,
  "summary_bg_k": 93.74982931247285,
  "summary_bg_mad": 18.79112170668133,
  "summary_bg_mean": 53.88251876831055,
  "summary_bg_median": 13.362791061401367,
  "summary_bg_n": 116202.0,
  "summary_bg_p05": 0.23255813121795654,
  "summary_bg_p95": 219.45534591674803,
  "summary_bg_stdv": 137.83023071289062,
  "summary_fg_k": 0.8791036992753449,
  "summary_fg_mad": 332.1441607765316,
  "summary_fg_mean": 1949.8287353515625,
  "summary_fg_median": 1936.6279296875,
  "summary_fg_n": 20101.0,
  "summary_fg_p05": 1408.660400390625,
  "summary_fg_p95": 2548.77197265625,
  "summary_fg_stdv": 353.3245544433594,
  "tsnr": 47.387324599549174
}