{
  "aor": 0.0006058181818181819,
  "aqi": 0.0036491936818181816,
  "bids_meta": {
    "AcquisitionMatrix": "64 0 0 64",
    "DataSharing": "1",
    "EchoTime": 0.03,
    "EffectiveEchoSpacing": 0.000396,
    "FlipAngle": 65,
    "ImagesinAcquisition": 41,
    "InstitutionName": "NIH_FMRIF",
    "InternalPulseSequenceName": "epi",
    "MagneticFieldStrength": 3,
    "Manufacturer": "GE",
    "ManufacturersModelName": "DISCOVERY_MR750",
    "Modality": "MR",
    "NumberofTemporalPositions": 240,
    "PhaseEncodingDirection": "j",
    "PixelBandwidth": 7812.5,
    "PixelSpacing": "3.75\\3.75",
    "PulseSequenceName": "epirtnih",
    "ReconstructionDiameter": 240,
    "RepetitionTime": 2.0,
    "SeriesDescription": "mmi run 1",
    "SliceThickness": 3,
    "SliceTiming": [
      0.0,
      1.02439,
      0.04878,
      1.073171,
      0.097561,
      1.121951,
      0.146341,
      1.170732,
      0.195122,
      1.219512,
      0.243902,
      1.268293,
      0.292683,
      1.317073,
      0.341463,
      1.365854,
      0.390244,
      1.414634,
      0.439024,
      1.463415,
      0.487805,
      1.512195,
      0.536585,
      1.560976,
      0.585366,
      1.609756,
      0.634146,
      1.658537,
      0.682927,
      1.707317,
      0.731707,
      1.756098,
      0.780488,
      1.804878,
      0.829268,
      1.853659,
      0.878049,
      1.902439,
      0.926829,
      1.95122,
      0.97561
    ],
    "SoftwareVersions": "27 lx mr software release:dv26.0_r01_1725.a",
    "SpacingBetweenSlices": 3.3,
    "StationName": "3TA",
    "TaskName": "MMI",
    "TotalReadoutTime": 0.024948,
    "dataset": "ds003709",
    "modality": "bold",
    "run_id": 1,
    "session_id": "visit1",
    "subject_id": "23108",
    "task_id": "MMI"
  },
  "dummy_trs": 2,
  "dvars_nstd": 17.496750405205464,
  "dvars_std": 1.1931021207762558,
  "dvars_vstd": 0.9687275216438355,
  "efc": 0.3908673651824042,
  "fber": 73769.4296875,
  "fd_mean": 0.07047956806500157,
  "fd_num": 2,
  "fd_perc": 0.9090909090909091,
  "fwhm_avg": 2.0892026496903027,
  "fwhm_x": 1.9706853333333332,
  "fwhm_y": 2.0411653333333333,
  "fwhm_z": 2.2557572824042413,
  "gcor": 0.0225518,
  "gsr_x": -0.0018433734076097608,
  "gsr_y": -0.0027693714946508408,
  "provenance": {
    "md5sum": "ee9c291333689989a89a36cd922c1553",
    "settings": {
      "fd_thres": 0.2,
      "testing": false
    },
    "software": "mriqc",
    "version": "21.0.0rc2",
    "webapi_port": null,
    "webapi_url": "https://mriqc.nimh.nih.gov/api/v1"
  },
  "size_t": 220,
  "size_x": 64,
  "size_y": 64,
  "size_z": 41,
  "snr": 5.292053231626446,
  "spacing_tr": 2.0,
  "spacing_x": 3.75,
  "spacing_y": 3.75,
  "spacing_z": 3.3000004291534424,
  "summary_bg_k": 43.70647932842011,
  "summary_bg_mad": 10.021042545455563,
  "summary_bg_mean": 37.20317077636719,
  "summary_bg_median": 7.704545021057129,
  "summary_bg_n": 116501.0,
  "summary_bg_p05": 0.5136363506317139,
  "summary_bg_p95": 182.79090881347656,
  "summary_bg_stdv": 94.41558837890625,
  "summary_fg_k": 0.7380675174720484,
  "summary_fg_mad": 337.95240699216885,
  "summary_fg_mean": 1982.3621826171875,
  "summary_fg_median": 1936.3544921875,
  "summary_fg_n": 20461.0,
  "summary_fg_p05": 1482.3726806640625,
  "summary_fg_p95": 2663.790771484375,
  "summary_fg_stdv": 365.88958740234375,
  "tsnr": 85.43184139719233
}