{
  "aor": 0.0009963392857142857,
  "aqi": 0.003534147589285714,
  "bids_meta": {
    "AcquisitionMatrix": "64 0 0 64",
    "DataSharing": "1",
    "EchoTime": 0.03,
    "EffectiveEchoSpacing": 0.000396,
    "FlipAngle": 65,
    "ImagesinAcquisition": 41,
    "InstitutionName": "NIH_FMRIF",
    "InternalPulseSequenceName": "epi",
    "MagneticFieldStrength": 3,
    "Manufacturer": "GE",
    "ManufacturersModelName": "DISCOVERY_MR750",
    "Modality": "MR",
    "NumberofTemporalPositions": 240,
    "PhaseEncodingDirection": "j",
    "PixelBandwidth": 7812.5,
    "PixelSpacing": "3.75\\3.75",
    "PulseSequenceName": "epirtnih",
    "ReconstructionDiameter": 240,
    "RepetitionTime": 2.0,
    "SeriesDescription": "mmi run 2",
    "SliceThickness": 3,
    "SliceTiming": [
      0.0,
      1.02439,
      0.04878,
      1.073171,
      0.097561,
      1.121951,
      0.146341,
      1.170732,
      0.195122,
      1.219512,
      0.243902,
      1.268293,
      0.292683,
      1.317073,
      0.341463,
      1.365854,
      0.390244,
      1.414634,
      0.439024,
      1.463415,
      0.487805,
      1.512195,
      0.536585,
      1.560976,
      0.585366,
      1.609756,
      0.634146,
      1.658537,
      0.682927,
      1.707317,
      0.731707,
      1.756098,
      0.780488,
      1.804878,
      0.829268,
      1.853659,
      0.878049,
      1.902439,
      0.926829,
      1.95122,
      0.97561
    ],
    "SoftwareVersions": "27 lx mr software release:dv26.0_r01_1725.a",
    "SpacingBetweenSlices": 3.3,
    "StationName": "3TA",
    "TaskName": "MMI",
    "TotalReadoutTime": 0.024948,
    "dataset": "ds003709",
    "modality": "bold",
    "run_id": 2,
    "session_id": "visit1",
    "subject_id": "23108",
    "task_id": "MMI"
  },
  "dummy_trs": 2,
  "dvars_nstd": 17.541342371748872,
  "dvars_std": 1.2074131863228694,
  "dvars_vstd": 0.9856741831838565,
  "efc": 0.39197181682551174,
  "fber": 72654.1953125,
  "fd_mean": 0.06587479903157346,
  "fd_num": 1,
  "fd_perc": 0.44642857142857145,
  "fwhm_avg": 2.051939378814682,
  "fwhm_x": 1.9246906666666668,
  "fwhm_y": 2.0180853333333335,
  "fwhm_z": 2.213042136444045,
  "gcor": 0.0240482,
  "gsr_x": -0.0018219645135104656,
  "gsr_y": -0.0025880704633891582,
  "provenance": {
    "md5sum": "f153676442c4cbf933759d52cbaaf30e",
    "settings": {
      "fd_thres": 0.2,
      "testing": false
    },
    "software": "mriqc",
    "version": "21.0.0rc2",
    "webapi_port": null,
    "webapi_url": "https://mriqc.nimh.nih.gov/api/v1"
  },
  "size_t": 224,
  "size_x": 64,
  "size_y": 64,
  "size_z": 41,
  "snr": 5.375981557068414,
  "spacing_tr": 2.0,
  "spacing_x": 3.75,
  "spacing_y": 3.75,
  "spacing_z": 3.3000004291534424,
  "summary_bg_k": 43.37465694615156,
  "summary_bg_mad": 10.126702905671237,
  "summary_bg_mean": 37.78083419799805,
  "summary_bg_median": 7.7589287757873535,
  "summary_bg_n": 116462.0,
  "summary_bg_p05": 0.4910714626312256,
  "summary_bg_p95": 186.68081207275378,
  "summary_bg_stdv": 95.65169525146484,
  "summary_fg_k": 0.7482355733222805,
  "summary_fg_mad": 331.52710361539937,
  "summary_fg_mean": 1978.73779296875,
  "summary_fg_median": 1936.410888671875,
  "summary_fg_n": 20498.0,
  "summary_fg_p05": 1484.4578430175782,
  "summary_fg_p95": 2648.548254394531,
  "summary_fg_stdv": 360.18792724609375,
  "tsnr": 86.9010925590992
}