{
  "aor": 0.0006148672566371682,
  "aqi": 0.0031659652654867257,
  "bids_meta": {
    "AcquisitionMatrix": "64 0 0 64",
    "DataSharing": "1",
    "EchoTime": 0.03,
    "EffectiveEchoSpacing": 0.000396,
    "FlipAngle": 65,
    "ImagesinAcquisition": 41,
    "InstitutionName": "NIH_FMRIF",
    "InternalPulseSequenceName": "epi",
    "MagneticFieldStrength": 3,
    "Manufacturer": "GE",
    "ManufacturersModelName": "DISCOVERY_MR750",
    "Modality": "MR",
    "NumberofTemporalPositions": 240,
    "PhaseEncodingDirection": "j",
    "PixelBandwidth": 7812.5,
    "PixelSpacing": "3.75\\3.75",
    "PulseSequenceName": "epirtnih",
    "ReconstructionDiameter": 240,
    "RepetitionTime": 2.0,
    "SeriesDescription": "mmi run 3",
    "SliceThickness": 3,
    "SliceTiming": [
      0.0,
      1.02439,
      0.04878,
      1.073171,
      0.097561,
      1.121951,
      0.146341,
      1.170732,
      0.195122,
      1.219512,
      0.243902,
      1.268293,
      0.292683,
      1.317073,
      0.341463,
      1.365854,
      0.390244,
      1.414634,
      0.439024,
      1.463415,
      0.487805,
      1.512195,
      0.536585,
      1.560976,
      0.585366,
      1.609756,
      0.634146,
      1.658537,
      0.682927,
      1.707317,
      0.731707,
      1.756098,
      0.780488,
      1.804878,
      0.829268,
      1.853659,
      0.878049,
      1.902439,
      0.926829,
      1.95122,
      0.97561
    ],
    "SoftwareVersions": "27 lx mr software release:dv26.0_r01_1725.a",
    "SpacingBetweenSlices": 3.3,
    "StationName": "3TA",
    "TaskName": "MMI",
    "TotalReadoutTime": 0.024948,
    "dataset": "ds003709",
    "modality": "bold",
    "run_id": 3,
    "session_id": "visit1",
    "subject_id": "23108",
    "task_id": "MMI"
  },
  "dummy_trs": 3,
  "dvars_nstd": 17.61541684902223,
  "dvars_std": 1.2094364275555558,
  "dvars_vstd": 0.9864810707111112,
  "efc": 0.39227248397236325,
  "fber": 73082.46875,
  "fd_mean": 0.057805939490182284,
  "fd_num": 0,
  "fd_perc": 0.0,
  "fwhm_avg": 2.0691529131006536,
  "fwhm_x": 1.9372106666666666,
  "fwhm_y": 2.0325786666666668,
  "fwhm_z": 2.237669405968628,
  "gcor": 0.0278529,
  "gsr_x": -0.0022388414945453405,
  "gsr_y": -0.002959832549095154,
  "provenance": {
    "md5sum": "21087480978b03962d44a9eb6eea75a3",
    "settings": {
      "fd_thres": 0.2,
      "testing": false
    },
    "software": "mriqc",
    "version": "21.0.0rc2",
    "webapi_port": null,
    "webapi_url": "https://mriqc.nimh.nih.gov/api/v1"
  },
  "size_t": 226,
  "size_x": 64,
  "size_y": 64,
  "size_z": 41,
  "snr": 5.337251757204134,
  "spacing_tr": 2.0,
  "spacing_x": 3.75,
  "spacing_y": 3.75,
  "spacing_z": 3.3000004291534424,
  "summary_bg_k": 42.53026596763161,
  "summary_bg_mad": 10.083007044214046,
  "summary_bg_mean": 38.405738830566406,
  "summary_bg_median": 7.725663661956787,
  "summary_bg_n": 116463.0,
  "summary_bg_p05": 0.491150438785553,
  "summary_bg_p95": 189.07345581054676,
  "summary_bg_stdv": 97.35428619384766,
  "summary_fg_k": 0.7637083889694498,
  "summary_fg_mad": 331.9322311869479,
  "summary_fg_mean": 1985.3687744140625,
  "summary_fg_median": 1941.3251953125,
  "summary_fg_n": 20462.0,
  "summary_fg_p05": 1484.7484375000001,
  "summary_fg_p95": 2657.642236328125,
  "summary_fg_stdv": 363.72235107421875,
  "tsnr": 91.95094837993383
}