{
  "bids_meta": {
    "AcquisitionMatrix": "0 256 256 0",
    "AcquisitionNumber": 1,
    "Columns": 256,
    "DataSharing": "1",
    "EchoNumber(s)": 1,
    "EchoTime": 0.003476,
    "EchoTrainLength": 1,
    "FlipAngle": 7,
    "ImagesinAcquisition": 172,
    "In-planePhaseEncodingDirection": "row",
    "InstitutionName": "NIH_FMRIF",
    "InternalPulseSequenceName": "efgre3d",
    "InversionTime": 0.9,
    "MRAcquisitionType": "3d",
    "MagneticFieldStrength": 3,
    "Manufacturer": "GE",
    "Manufacturer'sModelName": "discovery mr750",
    "ManufacturersModelName": "DISCOVERY_MR750",
    "Modality": "MR",
    "NumberofAverages": 1,
    "PixelBandwidth": 195.312,
    "PixelSpacing": "1\\1",
    "PrivateIn-PlanePhaseEncodingDirection": "row",
    "PulseSequenceName": "mprage",
    "ReceiveCoilName": "32ch head",
    "ReconstructionDiameter": 256,
    "RepetitionTime": 0.00766,
    "Rows": 256,
    "SamplesperPixel": 1,
    "ScanOptions": "edr_gems\\filtered_gems\\acc_gems\\ir_gems",
    "SeriesDescription": "anat_t1w_mp_rage_1mm",
    "SeriesNumber": 6,
    "SliceLocation": -82.59380341,
    "SliceThickness": 1,
    "SoftwareVersion(s)": "27\\lx\\mr software release:dv26.0_r01_1725.a",
    "SoftwareVersions": "27 lx mr software release:dv26.0_r01_1725.a",
    "SpacingBetweenSlices": 1,
    "StationName": "3TA",
    "dataset": "ds003709",
    "modality": "T1w",
    "run_id": 1,
    "session_id": "visit1",
    "subject_id": "23108"
  },
  "cjv": 0.36203077428625163,
  "cnr": 3.635813853585251,
  "efc": 0.7123995577431583,
  "fber": 4690.447541551247,
  "fwhm_avg": 3.19529,
  "fwhm_x": 3.25456,
  "fwhm_y": 3.2135,
  "fwhm_z": 3.11781,
  "icvs_csf": 0.2680144757660588,
  "icvs_gm": 0.3843278945579911,
  "icvs_wm": 0.3476576296759501,
  "inu_med": 1.1045241355895996,
  "inu_range": 0.18911206722259521,
  "provenance": {
    "md5sum": "4a1374ebd4671fa2fa131fa5d8697375",
    "settings": {
      "testing": false
    },
    "software": "mriqc",
    "version": "21.0.0rc2",
    "warnings": {
      "large_rot_frame": true,
      "small_air_mask": false
    },
    "webapi_port": null,
    "webapi_url": "https://mriqc.nimh.nih.gov/api/v1"
  },
  "qi_1": 0.0,
  "qi_2": 0.0039149531749080625,
  "rpve_csf": 21.83780525514418,
  "rpve_gm": 14.391186104964605,
  "rpve_wm": 21.60259020352975,
  "size_x": 172,
  "size_y": 256,
  "size_z": 256,
  "snr_csf": 2.807834439523787,
  "snr_gm": 7.591833959530088,
  "snr_total": 8.69062381074602,
  "snr_wm": 15.672203033184186,
  "snrd_csf": 64.50383759105141,
  "snrd_gm": 120.97645580743345,
  "snrd_total": 126.85349667032767,
  "snrd_wm": 195.08019661249816,
  "spacing_x": 1.0,
  "spacing_y": 1.0,
  "spacing_z": 1.0,
  "summary_bg_k": 6.071851923078519,
  "summary_bg_mad": 3.358292482678278,
  "summary_bg_mean": 10.834619471146386,
  "summary_bg_median": 6.455631494522095,
  "summary_bg_n": 491184.0,
  "summary_bg_p05": 2.1518771648406982,
  "summary_bg_p95": 42.4712598323822,
  "summary_bg_stdv": 13.131964586597876,
  "summary_csf_k": 0.17823450626523618,
  "summary_csf_mad": 124.08890723496238,
  "summary_csf_mean": 320.95546583647086,
  "summary_csf_median": 330.65291488170624,
  "summary_csf_n": 10758.0,
  "summary_csf_p05": 128.20657634735107,
  "summary_csf_p95": 500.5464484632015,
  "summary_csf_stdv": 117.75535697602521,
  "summary_gm_k": 0.2982391972102243,
  "summary_gm_mad": 76.6530259171317,
  "summary_gm_mean": 624.1361270515744,
  "summary_gm_median": 620.1370218992233,
  "summary_gm_n": 13099.0,
  "summary_gm_p05": 495.6679164171219,
  "summary_gm_p95": 767.7727839112281,
  "summary_gm_stdv": 81.68162707379278,
  "summary_wm_k": 0.37075236708816295,
  "summary_wm_mad": 60.86905124854379,
  "summary_wm_mean": 1001.8827048926719,
  "summary_wm_median": 999.9999698400497,
  "summary_wm_n": 160481.0,
  "summary_wm_p05": 900.3907084465027,
  "summary_wm_p95": 1109.9155902862549,
  "summary_wm_stdv": 63.80703798210622,
  "tpm_overlap_csf": 0.14892123639583588,
  "tpm_overlap_gm": 0.40459078550338745,
  "tpm_overlap_wm": 0.48596298694610596,
  "wm2max": 0.5325407375645459
}