{
  "bids_meta": {
    "AcquisitionMatrix": "0 256 256 0",
    "AcquisitionNumber": 1,
    "Columns": 256,
    "DataSharing": "1",
    "EchoNumber(s)": 1,
    "EchoTime": 0.003476,
    "EchoTrainLength": 1,
    "FlipAngle": 7,
    "ImagesinAcquisition": 172,
    "In-planePhaseEncodingDirection": "row",
    "InstitutionName": "NIH_FMRIF",
    "InternalPulseSequenceName": "efgre3d",
    "InversionTime": 0.9,
    "MRAcquisitionType": "3d",
    "MagneticFieldStrength": 3,
    "Manufacturer": "GE",
    "Manufacturer'sModelName": "discovery mr750",
    "ManufacturersModelName": "DISCOVERY_MR750",
    "Modality": "MR",
    "NumberofAverages": 1,
    "PixelBandwidth": 195.312,
    "PixelSpacing": "1\\1",
    "PrivateIn-PlanePhaseEncodingDirection": "row",
    "PulseSequenceName": "mprage",
    "ReceiveCoilName": "32ch head",
    "ReconstructionDiameter": 256,
    "RepetitionTime": 0.00766,
    "Rows": 256,
    "SamplesperPixel": 1,
    "ScanOptions": "edr_gems\\filtered_gems\\acc_gems\\ir_gems",
    "SeriesDescription": "anat_t1w_mp_rage_1mm",
    "SeriesNumber": 7,
    "SliceLocation": -83.74539948,
    "SliceThickness": 1,
    "SoftwareVersion(s)": "27\\lx\\mr software release:dv26.0_r01_1725.a",
    "SoftwareVersions": "27 lx mr software release:dv26.0_r01_1725.a",
    "SpacingBetweenSlices": 1,
    "StationName": "3TA",
    "dataset": "ds003709",
    "modality": "T1w",
    "run_id": 1,
    "session_id": "visit1",
    "subject_id": "23564"
  },
  "cjv": 0.3629487249198779,
  "cnr": 3.601003779274568,
  "efc": 0.6839079243891647,
  "fber": 2863.090375812066,
  "fwhm_avg": 3.316013333333333,
  "fwhm_x": 3.30568,
  "fwhm_y": 3.45521,
  "fwhm_z": 3.18715,
  "icvs_csf": 0.26762108898947223,
  "icvs_gm": 0.3959247563962173,
  "icvs_wm": 0.33645415461431044,
  "inu_med": 0.882416307926178,
  "inu_range": 0.1658604681491851,
  "provenance": {
    "md5sum": "23cf46b1a398ee9b00aa01b550983ffe",
    "settings": {
      "testing": false
    },
    "software": "mriqc",
    "version": "21.0.0rc2",
    "warnings": {
      "large_rot_frame": true,
      "small_air_mask": false
    },
    "webapi_port": null,
    "webapi_url": "https://mriqc.nimh.nih.gov/api/v1"
  },
  "qi_1": 0.0,
  "qi_2": 0.003431109679310908,
  "rpve_csf": 21.107051540460386,
  "rpve_gm": 13.732028716425301,
  "rpve_wm": 21.71909548711989,
  "size_x": 172,
  "size_y": 256,
  "size_z": 256,
  "snr_csf": 2.235376093602692,
  "snr_gm": 6.911162148959654,
  "snr_total": 7.595627331144414,
  "snr_wm": 13.640343750870896,
  "snrd_csf": 18.217973918746097,
  "snrd_gm": 42.31996579678083,
  "snrd_total": 44.234791140580946,
  "snrd_wm": 72.16643370621593,
  "spacing_x": 1.0,
  "spacing_y": 1.0,
  "spacing_z": 1.0,
  "summary_bg_k": 2.307185802107117,
  "summary_bg_mad": 9.07813165957852,
  "summary_bg_mean": 21.859771368073417,
  "summary_bg_median": 10.205177925527096,
  "summary_bg_n": 985031.0,
  "summary_bg_p05": 2.041035585105419,
  "summary_bg_p95": 77.82790954783559,
  "summary_bg_stdv": 24.840561996352704,
  "summary_csf_k": 0.09745971051365254,
  "summary_csf_mad": 128.60686517736238,
  "summary_csf_mean": 263.2438101608251,
  "summary_csf_median": 252.4438749998808,
  "summary_csf_n": 10097.0,
  "summary_csf_p05": 105.58599350526929,
  "summary_csf_p95": 452.1860627338288,
  "summary_csf_stdv": 112.92568372636768,
  "summary_gm_k": 0.4717817972692506,
  "summary_gm_mad": 79.63273385595194,
  "summary_gm_mean": 588.5812985904272,
  "summary_gm_median": 586.4217504784465,
  "summary_gm_n": 10176.0,
  "summary_gm_p05": 452.88162617664784,
  "summary_gm_p95": 734.2088402789086,
  "summary_gm_stdv": 84.8472258601248,
  "summary_wm_k": 0.3729204500848131,
  "summary_wm_mad": 70.47496946251746,
  "summary_wm_mean": 1001.4265321755954,
  "summary_wm_median": 1000.0000137761235,
  "summary_wm_n": 164174.0,
  "summary_wm_p05": 883.392428111285,
  "summary_wm_p95": 1124.3420500792563,
  "summary_wm_stdv": 73.31171314200661,
  "tpm_overlap_csf": 0.16519807279109955,
  "tpm_overlap_gm": 0.42784613370895386,
  "tpm_overlap_wm": 0.49848735332489014,
  "wm2max": 0.5321557194306294
}