{
  "aor": 0.0014374786324786327,
  "aqi": 0.0031140858547008547,
  "bids_meta": {
    "AcquisitionMatrix": "64 0 0 64",
    "DataSharing": "1",
    "EchoTime": 0.03,
    "EffectiveEchoSpacing": 0.000396,
    "FlipAngle": 65,
    "ImagesinAcquisition": 41,
    "InstitutionName": "NIH_FMRIF",
    "InternalPulseSequenceName": "epi",
    "MagneticFieldStrength": 3,
    "Manufacturer": "GE",
    "ManufacturersModelName": "DISCOVERY_MR750",
    "Modality": "MR",
    "NumberofTemporalPositions": 240,
    "PhaseEncodingDirection": "j",
    "PixelBandwidth": 7812.5,
    "PixelSpacing": "3.75\\3.75",
    "PulseSequenceName": "epirtnih",
    "ReconstructionDiameter": 240,
    "RepetitionTime": 2.0,
    "SeriesDescription": "mmi_run 1",
    "SliceThickness": 3,
    "SliceTiming": [
      0.0,
      1.02439,
      0.04878,
      1.073171,
      0.097561,
      1.121951,
      0.146341,
      1.170732,
      0.195122,
      1.219512,
      0.243902,
      1.268293,
      0.292683,
      1.317073,
      0.341463,
      1.365854,
      0.390244,
      1.414634,
      0.439024,
      1.463415,
      0.487805,
      1.512195,
      0.536585,
      1.560976,
      0.585366,
      1.609756,
      0.634146,
      1.658537,
      0.682927,
      1.707317,
      0.731707,
      1.756098,
      0.780488,
      1.804878,
      0.829268,
      1.853659,
      0.878049,
      1.902439,
      0.926829,
      1.95122,
      0.97561
    ],
    "SoftwareVersions": "27 lx mr software release:dv26.0_r01_1725.a",
    "SpacingBetweenSlices": 3.3,
    "StationName": "3TA",
    "TaskName": "MMI",
    "TotalReadoutTime": 0.024948,
    "dataset": "ds003709",
    "modality": "bold",
    "run_id": 1,
    "session_id": "visit1",
    "subject_id": "23880",
    "task_id": "MMI"
  },
  "dummy_trs": 3,
  "dvars_nstd": 15.345113897296134,
  "dvars_std": 1.0875982615879825,
  "dvars_vstd": 0.9944020018884117,
  "efc": 0.4110568273779675,
  "fber": 33460.2421875,
  "fd_mean": 0.0928245233775668,
  "fd_num": 14,
  "fd_perc": 5.982905982905983,
  "fwhm_avg": 2.2316332639257186,
  "fwhm_x": 2.14428,
  "fwhm_y": 2.1836773333333332,
  "fwhm_z": 2.3669424584438215,
  "gcor": 0.0343606,
  "gsr_x": -0.005643317010253668,
  "gsr_y": 0.012554469518363476,
  "provenance": {
    "md5sum": "dfda8eb61e3380225c125e51a67bd88c",
    "settings": {
      "fd_thres": 0.2,
      "testing": false
    },
    "software": "mriqc",
    "version": "21.0.0rc2",
    "webapi_port": null,
    "webapi_url": "https://mriqc.nimh.nih.gov/api/v1"
  },
  "size_t": 234,
  "size_x": 64,
  "size_y": 64,
  "size_z": 41,
  "snr": 4.739062748610024,
  "spacing_tr": 2.0,
  "spacing_x": 3.75,
  "spacing_y": 3.75,
  "spacing_z": 3.299999952316284,
  "summary_bg_k": 54.66629619973624,
  "summary_bg_mad": 15.68137084919126,
  "summary_bg_mean": 49.78466796875,
  "summary_bg_median": 11.457265853881836,
  "summary_bg_n": 114302.0,
  "summary_bg_p05": 0.3333333432674408,
  "summary_bg_p95": 217.56967086791974,
  "summary_bg_stdv": 130.29180908203125,
  "summary_fg_k": 1.4491864580800495,
  "summary_fg_mad": 365.9365238664621,
  "summary_fg_mean": 2008.6231689453125,
  "summary_fg_median": 1955.8333740234375,
  "summary_fg_n": 21607.0,
  "summary_fg_p05": 1440.3035034179688,
  "summary_fg_p95": 2757.630126953125,
  "summary_fg_stdv": 412.69512939453125,
  "tsnr": 80.33151870779693
}