{
  "aor": 0.010935517241379311,
  "aqi": 0.0063634227155172415,
  "bids_meta": {
    "AcquisitionMatrix": "64 0 0 64",
    "DataSharing": "1",
    "EchoTime": 0.03,
    "EffectiveEchoSpacing": 0.000396,
    "FlipAngle": 65,
    "ImagesinAcquisition": 41,
    "InstitutionName": "NIH_FMRIF",
    "InternalPulseSequenceName": "epi",
    "MagneticFieldStrength": 3,
    "Manufacturer": "GE",
    "ManufacturersModelName": "DISCOVERY_MR750",
    "Modality": "MR",
    "NumberofTemporalPositions": 240,
    "PhaseEncodingDirection": "j",
    "PixelBandwidth": 7812.5,
    "PixelSpacing": "3.75\\3.75",
    "PulseSequenceName": "epirtnih",
    "ReconstructionDiameter": 240,
    "RepetitionTime": 2.0,
    "SeriesDescription": "mmi_run3",
    "SliceThickness": 3,
    "SliceTiming": [
      0.0,
      1.02439,
      0.04878,
      1.073171,
      0.097561,
      1.121951,
      0.146341,
      1.170732,
      0.195122,
      1.219512,
      0.243902,
      1.268293,
      0.292683,
      1.317073,
      0.341463,
      1.365854,
      0.390244,
      1.414634,
      0.439024,
      1.463415,
      0.487805,
      1.512195,
      0.536585,
      1.560976,
      0.585366,
      1.609756,
      0.634146,
      1.658537,
      0.682927,
      1.707317,
      0.731707,
      1.756098,
      0.780488,
      1.804878,
      0.829268,
      1.853659,
      0.878049,
      1.902439,
      0.926829,
      1.95122,
      0.97561
    ],
    "SoftwareVersions": "27 lx mr software release:dv26.0_r01_1725.a",
    "SpacingBetweenSlices": 3.3,
    "StationName": "3TA",
    "TaskName": "MMI",
    "TotalReadoutTime": 0.024948,
    "dataset": "ds003709",
    "modality": "bold",
    "run_id": 3,
    "session_id": "visit1",
    "subject_id": "23674",
    "task_id": "MMI"
  },
  "dummy_trs": 3,
  "dvars_nstd": 21.98342805095239,
  "dvars_std": 1.2525375423809524,
  "dvars_vstd": 1.0918856571428577,
  "efc": 0.3783334768074887,
  "fber": 39364.29296875,
  "fd_mean": 0.13703460746015972,
  "fd_num": 42,
  "fd_perc": 18.103448275862068,
  "fwhm_avg": 2.046086273122358,
  "fwhm_x": 1.8674186666666666,
  "fwhm_y": 2.091661333333333,
  "fwhm_z": 2.179178819367074,
  "gcor": 0.0504778,
  "gsr_x": -0.01627226360142231,
  "gsr_y": 0.009804896079003811,
  "provenance": {
    "md5sum": "b63667d855e1c7d76f9e9fa2514bea67",
    "settings": {
      "fd_thres": 0.2,
      "testing": false
    },
    "software": "mriqc",
    "version": "21.0.0rc2",
    "webapi_port": null,
    "webapi_url": "https://mriqc.nimh.nih.gov/api/v1"
  },
  "size_t": 232,
  "size_x": 64,
  "size_y": 64,
  "size_z": 41,
  "snr": 5.239145683159233,
  "spacing_tr": 2.0,
  "spacing_x": 3.75,
  "spacing_y": 3.75,
  "spacing_z": 3.299999952316284,
  "summary_bg_k": 78.52166085428938,
  "summary_bg_mad": 13.937738471754937,
  "summary_bg_mean": 44.896209716796875,
  "summary_bg_median": 10.353447914123535,
  "summary_bg_n": 119997.0,
  "summary_bg_p05": 0.4181034564971924,
  "summary_bg_p95": 193.78189697265617,
  "summary_bg_stdv": 116.93733978271484,
  "summary_fg_k": 1.342074953238317,
  "summary_fg_mad": 311.0140024736526,
  "summary_fg_mean": 1958.2869873046875,
  "summary_fg_median": 1914.8836669921875,
  "summary_fg_n": 17749.0,
  "summary_fg_p05": 1452.073291015625,
  "summary_fg_p95": 2629.6465820312496,
  "summary_fg_stdv": 365.485107421875,
  "tsnr": 63.92094310885295
}