{
  "bids_meta": {
    "AcquisitionMatrix": "0 256 256 0",
    "AcquisitionNumber": 1,
    "Columns": 256,
    "DataSharing": "1",
    "EchoNumber(s)": 1,
    "EchoTime": 0.003476,
    "EchoTrainLength": 1,
    "FlipAngle": 7,
    "ImagesinAcquisition": 172,
    "In-planePhaseEncodingDirection": "row",
    "InstitutionName": "NIH_FMRIF",
    "InternalPulseSequenceName": "efgre3d",
    "InversionTime": 0.9,
    "MRAcquisitionType": "3d",
    "MagneticFieldStrength": 3,
    "Manufacturer": "GE",
    "Manufacturer'sModelName": "discovery mr750",
    "ManufacturersModelName": "DISCOVERY_MR750",
    "Modality": "MR",
    "NumberofAverages": 1,
    "PixelBandwidth": 195.312,
    "PixelSpacing": "1\\1",
    "PrivateIn-PlanePhaseEncodingDirection": "row",
    "PulseSequenceName": "mprage",
    "ReceiveCoilName": "32ch head",
    "ReconstructionDiameter": 256,
    "RepetitionTime": 0.00766,
    "Rows": 256,
    "SamplesperPixel": 1,
    "ScanOptions": "edr_gems\\filtered_gems\\acc_gems\\ir_gems",
    "SeriesDescription": "anat_t1w_mp_rage_1mm",
    "SeriesNumber": 10,
    "SliceLocation": -89.01895142,
    "SliceThickness": 1,
    "SoftwareVersion(s)": "27\\lx\\mr software release:dv26.0_r01_1725.a",
    "SoftwareVersions": "27 lx mr software release:dv26.0_r01_1725.a",
    "SpacingBetweenSlices": 1,
    "StationName": "3TC",
    "dataset": "ds003709",
    "modality": "T1w",
    "run_id": 1,
    "session_id": "visit1",
    "subject_id": "23546"
  },
  "cjv": 0.3665076346994857,
  "cnr": 3.6655396343163686,
  "efc": 0.6803808442598122,
  "fber": 4178.410400390625,
  "fwhm_avg": 3.1151933333333335,
  "fwhm_x": 3.10883,
  "fwhm_y": 3.27763,
  "fwhm_z": 2.95912,
  "icvs_csf": 0.26582114010964225,
  "icvs_gm": 0.39160962550779277,
  "icvs_wm": 0.342569234382565,
  "inu_med": 1.319349765777588,
  "inu_range": 0.21473431587219238,
  "provenance": {
    "md5sum": "568103267d0060655088647dcc0baefb",
    "settings": {
      "testing": false
    },
    "software": "mriqc",
    "version": "21.0.0rc2",
    "warnings": {
      "large_rot_frame": true,
      "small_air_mask": false
    },
    "webapi_port": null,
    "webapi_url": "https://mriqc.nimh.nih.gov/api/v1"
  },
  "qi_1": 0.0,
  "qi_2": 0.0025663794731608696,
  "rpve_csf": 21.50223817063258,
  "rpve_gm": 14.128402209568096,
  "rpve_wm": 21.125975486401114,
  "size_x": 172,
  "size_y": 256,
  "size_z": 256,
  "snr_csf": 2.5534555766906584,
  "snr_gm": 7.262848745907155,
  "snr_total": 8.01595955995665,
  "snr_wm": 14.23157435727214,
  "snrd_csf": 19.32459163325908,
  "snrd_gm": 42.25892985179683,
  "snrd_total": 44.172717912095436,
  "snrd_wm": 70.9346322512304,
  "spacing_x": 1.0,
  "spacing_y": 1.0,
  "spacing_z": 1.0,
  "summary_bg_k": 4.284186463403408,
  "summary_bg_mad": 9.235775748062233,
  "summary_bg_mean": 17.37856636141763,
  "summary_bg_median": 8.335160948336124,
  "summary_bg_n": 1209515.0,
  "summary_bg_p05": 2.1057248711586,
  "summary_bg_p95": 69.88374416157603,
  "summary_bg_stdv": 22.311499518511482,
  "summary_csf_k": 0.7388728793026869,
  "summary_csf_mad": 113.8211799937247,
  "summary_csf_mean": 286.45845584157456,
  "summary_csf_median": 272.42815520614386,
  "summary_csf_n": 12784.0,
  "summary_csf_p05": 145.30159650016577,
  "summary_csf_p95": 473.9197038151324,
  "summary_csf_stdv": 106.68581918594076,
  "summary_gm_k": 0.10785213658373571,
  "summary_gm_mad": 79.4797039727609,
  "summary_gm_mean": 595.9069587499572,
  "summary_gm_median": 595.7446614652872,
  "summary_gm_n": 11540.0,
  "summary_gm_p05": 459.7477367395535,
  "summary_gm_p95": 728.5895792745052,
  "summary_gm_stdv": 82.02275299776895,
  "summary_wm_k": 0.19038969360002245,
  "summary_wm_mad": 68.68295204192758,
  "summary_wm_mean": 1000.8912659036135,
  "summary_wm_median": 999.9999674595892,
  "summary_wm_n": 167937.0,
  "summary_wm_p05": 886.641778562218,
  "summary_wm_p95": 1118.008298780769,
  "summary_wm_stdv": 70.26608336113586,
  "tpm_overlap_csf": 0.15890976786613464,
  "tpm_overlap_gm": 0.4055308997631073,
  "tpm_overlap_wm": 0.49368229508399963,
  "wm2max": 0.5706168018423952
}