{
  "aor": 0.003093636363636364,
  "aqi": 0.004561907863636363,
  "bids_meta": {
    "AcquisitionMatrix": "64 0 0 64",
    "DataSharing": "1",
    "EchoTime": 0.03,
    "EffectiveEchoSpacing": 0.000396,
    "FlipAngle": 65,
    "ImagesinAcquisition": 41,
    "InstitutionName": "NIH_FMRIF",
    "InternalPulseSequenceName": "epi",
    "MagneticFieldStrength": 3,
    "Manufacturer": "GE",
    "ManufacturersModelName": "DISCOVERY_MR750",
    "Modality": "MR",
    "NumberofTemporalPositions": 240,
    "PhaseEncodingDirection": "j",
    "PixelBandwidth": 7812.5,
    "PixelSpacing": "3.75\\3.75",
    "PulseSequenceName": "epirtnih",
    "ReconstructionDiameter": 240,
    "RepetitionTime": 2.0,
    "SeriesDescription": "mmi_run 2",
    "SliceThickness": 3,
    "SliceTiming": [
      0.0,
      1.02439,
      0.04878,
      1.073171,
      0.097561,
      1.121951,
      0.146341,
      1.170732,
      0.195122,
      1.219512,
      0.243902,
      1.268293,
      0.292683,
      1.317073,
      0.341463,
      1.365854,
      0.390244,
      1.414634,
      0.439024,
      1.463415,
      0.487805,
      1.512195,
      0.536585,
      1.560976,
      0.585366,
      1.609756,
      0.634146,
      1.658537,
      0.682927,
      1.707317,
      0.731707,
      1.756098,
      0.780488,
      1.804878,
      0.829268,
      1.853659,
      0.878049,
      1.902439,
      0.926829,
      1.95122,
      0.97561
    ],
    "SoftwareVersions": "27 lx mr software release:dv26.0_r01_1725.a",
    "SpacingBetweenSlices": 3.3,
    "StationName": "3TA",
    "TaskName": "MMI",
    "TotalReadoutTime": 0.024948,
    "dataset": "ds003709",
    "modality": "bold",
    "run_id": 2,
    "session_id": "visit1",
    "subject_id": "23866",
    "task_id": "MMI"
  },
  "dummy_trs": 2,
  "dvars_nstd": 16.76867057872145,
  "dvars_std": 1.0961525732876714,
  "dvars_vstd": 0.9854972524657533,
  "efc": 0.425044113605454,
  "fber": 27543.84375,
  "fd_mean": 0.06574222325320693,
  "fd_num": 9,
  "fd_perc": 4.090909090909091,
  "fwhm_avg": 2.178830960602293,
  "fwhm_x": 2.0244186666666666,
  "fwhm_y": 2.2059893333333336,
  "fwhm_z": 2.3060848818068775,
  "gcor": 0.0691779,
  "gsr_x": -0.017655549570918083,
  "gsr_y": 0.02443830482661724,
  "provenance": {
    "md5sum": "3724a7b3d358d9637707c2e50a1ef7b7",
    "settings": {
      "fd_thres": 0.2,
      "testing": false
    },
    "software": "mriqc",
    "version": "21.0.0rc2",
    "webapi_port": null,
    "webapi_url": "https://mriqc.nimh.nih.gov/api/v1"
  },
  "size_t": 220,
  "size_x": 64,
  "size_y": 64,
  "size_z": 41,
  "snr": 4.556795050973322,
  "spacing_tr": 2.0,
  "spacing_x": 3.75,
  "spacing_y": 3.75,
  "spacing_z": 3.299999952316284,
  "summary_bg_k": 59.50578488625313,
  "summary_bg_mad": 17.575575419205673,
  "summary_bg_mean": 60.71126174926758,
  "summary_bg_median": 12.518181800842285,
  "summary_bg_n": 113727.0,
  "summary_bg_p05": 0.24090908467769623,
  "summary_bg_p95": 312.64544677734375,
  "summary_bg_stdv": 150.5513458251953,
  "summary_fg_k": 1.078241292353522,
  "summary_fg_mad": 375.22296719347014,
  "summary_fg_mean": 1982.5989990234375,
  "summary_fg_median": 1934.022705078125,
  "summary_fg_n": 22352.0,
  "summary_fg_p05": 1376.229296875,
  "summary_fg_p95": 2761.1733398437505,
  "summary_fg_stdv": 424.4165954589844,
  "tsnr": 67.76539561862592
}