{
  "aor": 0.006499111111111111,
  "aqi": 0.005313396177777777,
  "bids_meta": {
    "AcquisitionMatrix": "64 0 0 64",
    "DataSharing": "1",
    "EchoTime": 0.03,
    "EffectiveEchoSpacing": 0.000396,
    "FlipAngle": 65,
    "ImagesinAcquisition": 41,
    "InstitutionName": "NIH_FMRIF",
    "InternalPulseSequenceName": "epi",
    "MagneticFieldStrength": 3,
    "Manufacturer": "GE",
    "ManufacturersModelName": "DISCOVERY_MR750",
    "Modality": "MR",
    "NumberofTemporalPositions": 240,
    "PhaseEncodingDirection": "j",
    "PixelBandwidth": 7812.5,
    "PixelSpacing": "3.75\\3.75",
    "PulseSequenceName": "epirtnih",
    "ReconstructionDiameter": 240,
    "RepetitionTime": 2.0,
    "SeriesDescription": "mmi_run 1",
    "SliceThickness": 3,
    "SliceTiming": [
      0.0,
      1.02439,
      0.04878,
      1.073171,
      0.097561,
      1.121951,
      0.146341,
      1.170732,
      0.195122,
      1.219512,
      0.243902,
      1.268293,
      0.292683,
      1.317073,
      0.341463,
      1.365854,
      0.390244,
      1.414634,
      0.439024,
      1.463415,
      0.487805,
      1.512195,
      0.536585,
      1.560976,
      0.585366,
      1.609756,
      0.634146,
      1.658537,
      0.682927,
      1.707317,
      0.731707,
      1.756098,
      0.780488,
      1.804878,
      0.829268,
      1.853659,
      0.878049,
      1.902439,
      0.926829,
      1.95122,
      0.97561
    ],
    "SoftwareVersions": "27 lx mr software release:dv26.0_r01_1725.a",
    "SpacingBetweenSlices": 3.3,
    "StationName": "3TA",
    "TaskName": "MMI",
    "TotalReadoutTime": 0.024948,
    "dataset": "ds003709",
    "modality": "bold",
    "run_id": 1,
    "session_id": "visit1",
    "subject_id": "22686",
    "task_id": "MMI"
  },
  "dummy_trs": 2,
  "dvars_nstd": 18.84662617120534,
  "dvars_std": 1.177221159642857,
  "dvars_vstd": 1.0392151163392855,
  "efc": 0.42900814650631836,
  "fber": 11834.8466796875,
  "fd_mean": 0.07416730755489771,
  "fd_num": 11,
  "fd_perc": 4.888888888888889,
  "fwhm_avg": 2.0628331962879436,
  "fwhm_x": 1.8907093333333334,
  "fwhm_y": 2.0684026666666666,
  "fwhm_z": 2.229387588863831,
  "gcor": 0.111898,
  "gsr_x": 0.01057739183306694,
  "gsr_y": 0.015402952209115028,
  "provenance": {
    "md5sum": "8a5fbd3e09bd52e0da7c11afd32da36b",
    "settings": {
      "fd_thres": 0.2,
      "testing": false
    },
    "software": "mriqc",
    "version": "21.0.0rc2",
    "webapi_port": null,
    "webapi_url": "https://mriqc.nimh.nih.gov/api/v1"
  },
  "size_t": 225,
  "size_x": 64,
  "size_y": 64,
  "size_z": 41,
  "snr": 5.284187782406946,
  "spacing_tr": 2.0,
  "spacing_x": 3.75,
  "spacing_y": 3.75,
  "spacing_z": 3.3000004291534424,
  "summary_bg_k": 30.662174866784795,
  "summary_bg_mad": 24.967021409121525,
  "summary_bg_mean": 75.57572174072266,
  "summary_bg_median": 17.920000076293945,
  "summary_bg_n": 115683.0,
  "summary_bg_p05": 0.3377777934074402,
  "summary_bg_p95": 353.368896484375,
  "summary_bg_stdv": 173.82395935058594,
  "summary_fg_k": 0.8685892934839052,
  "summary_fg_mad": 321.7378930809929,
  "summary_fg_mean": 1842.4443359375,
  "summary_fg_median": 1816.2200927734375,
  "summary_fg_n": 20176.0,
  "summary_fg_p05": 1331.6756286621094,
  "summary_fg_p95": 2436.3955688476562,
  "summary_fg_stdv": 343.699951171875,
  "tsnr": 62.59506939398125
}