{
  "aor": 0.004045899581589958,
  "aqi": 0.005040758535564855,
  "bids_meta": {
    "AcquisitionMatrix": "64 0 0 64",
    "DataSharing": "1",
    "EchoTime": 0.03,
    "EffectiveEchoSpacing": 0.000396,
    "FlipAngle": 65,
    "ImagesinAcquisition": 41,
    "InstitutionName": "NIH_FMRIF",
    "InternalPulseSequenceName": "epi",
    "MagneticFieldStrength": 3,
    "Manufacturer": "GE",
    "ManufacturersModelName": "DISCOVERY_MR750",
    "Modality": "MR",
    "NumberofTemporalPositions": 240,
    "PhaseEncodingDirection": "j",
    "PixelBandwidth": 7812.5,
    "PixelSpacing": "3.75\\3.75",
    "PulseSequenceName": "epirtnih",
    "ReconstructionDiameter": 240,
    "RepetitionTime": 2.0,
    "SeriesDescription": "mmi_run 3",
    "SliceThickness": 3,
    "SliceTiming": [
      0.0,
      1.02439,
      0.04878,
      1.073171,
      0.097561,
      1.121951,
      0.146341,
      1.170732,
      0.195122,
      1.219512,
      0.243902,
      1.268293,
      0.292683,
      1.317073,
      0.341463,
      1.365854,
      0.390244,
      1.414634,
      0.439024,
      1.463415,
      0.487805,
      1.512195,
      0.536585,
      1.560976,
      0.585366,
      1.609756,
      0.634146,
      1.658537,
      0.682927,
      1.707317,
      0.731707,
      1.756098,
      0.780488,
      1.804878,
      0.829268,
      1.853659,
      0.878049,
      1.902439,
      0.926829,
      1.95122,
      0.97561
    ],
    "SoftwareVersions": "27 lx mr software release:dv26.0_r01_1725.a",
    "SpacingBetweenSlices": 3.3,
    "StationName": "3TA",
    "TaskName": "MMI",
    "TotalReadoutTime": 0.024948,
    "dataset": "ds003709",
    "modality": "bold",
    "run_id": 3,
    "session_id": "visit1",
    "subject_id": "22686",
    "task_id": "MMI"
  },
  "dummy_trs": 1,
  "dvars_nstd": 18.044379009747896,
  "dvars_std": 1.1488798094957986,
  "dvars_vstd": 1.0274280319747902,
  "efc": 0.42960438055033,
  "fber": 11802.8994140625,
  "fd_mean": 0.06385478472896418,
  "fd_num": 1,
  "fd_perc": 0.41841004184100417,
  "fwhm_avg": 2.0613685907684096,
  "fwhm_x": 1.9023919999999999,
  "fwhm_y": 2.064808,
  "fwhm_z": 2.2169057723052292,
  "gcor": 0.051162,
  "gsr_x": 0.010505682788789272,
  "gsr_y": 0.015811419114470482,
  "provenance": {
    "md5sum": "efe4572a50c356ca3ff1d271f5cf5fb1",
    "settings": {
      "fd_thres": 0.2,
      "testing": false
    },
    "software": "mriqc",
    "version": "21.0.0rc2",
    "webapi_port": null,
    "webapi_url": "https://mriqc.nimh.nih.gov/api/v1"
  },
  "size_t": 239,
  "size_x": 64,
  "size_y": 64,
  "size_z": 41,
  "snr": 5.333688730898952,
  "spacing_tr": 2.0,
  "spacing_x": 3.75,
  "spacing_y": 3.75,
  "spacing_z": 3.3000004291534424,
  "summary_bg_k": 29.88439132851326,
  "summary_bg_mad": 25.173219852114624,
  "summary_bg_mean": 77.06849670410156,
  "summary_bg_median": 18.046024322509766,
  "summary_bg_n": 115819.0,
  "summary_bg_p05": 0.33891212940216064,
  "summary_bg_p95": 361.7309570312498,
  "summary_bg_stdv": 177.4031982421875,
  "summary_fg_k": 0.7622803271012746,
  "summary_fg_mad": 319.94418329246633,
  "summary_fg_mean": 1846.9146728515625,
  "summary_fg_median": 1821.7237548828125,
  "summary_fg_n": 20133.0,
  "summary_fg_p05": 1334.076123046875,
  "summary_fg_p95": 2433.6626953124996,
  "summary_fg_stdv": 341.5419616699219,
  "tsnr": 65.44100492633879
}