{
  "aor": 0.00175004329004329,
  "aqi": 0.004752658008658008,
  "bids_meta": {
    "AcquisitionMatrix": "64 0 0 64",
    "DataSharing": "1",
    "EchoTime": 0.03,
    "EffectiveEchoSpacing": 0.000396,
    "FlipAngle": 65,
    "ImagesinAcquisition": 41,
    "InstitutionName": "NIH_FMRIF",
    "InternalPulseSequenceName": "epi",
    "MagneticFieldStrength": 3,
    "Manufacturer": "GE",
    "ManufacturersModelName": "DISCOVERY_MR750",
    "Modality": "MR",
    "NumberofTemporalPositions": 240,
    "PhaseEncodingDirection": "j",
    "PixelBandwidth": 7812.5,
    "PixelSpacing": "3.75\\3.75",
    "PulseSequenceName": "epirtnih",
    "ReconstructionDiameter": 240,
    "RepetitionTime": 2.0,
    "SeriesDescription": "mmi_run3",
    "SliceThickness": 3,
    "SliceTiming": [
      0.0,
      1.02439,
      0.04878,
      1.073171,
      0.097561,
      1.121951,
      0.146341,
      1.170732,
      0.195122,
      1.219512,
      0.243902,
      1.268293,
      0.292683,
      1.317073,
      0.341463,
      1.365854,
      0.390244,
      1.414634,
      0.439024,
      1.463415,
      0.487805,
      1.512195,
      0.536585,
      1.560976,
      0.585366,
      1.609756,
      0.634146,
      1.658537,
      0.682927,
      1.707317,
      0.731707,
      1.756098,
      0.780488,
      1.804878,
      0.829268,
      1.853659,
      0.878049,
      1.902439,
      0.926829,
      1.95122,
      0.97561
    ],
    "SoftwareVersions": "27 lx mr software release:dv26.0_r01_1725.a",
    "SpacingBetweenSlices": 3.3,
    "StationName": "3TA",
    "TaskName": "MMI",
    "TotalReadoutTime": 0.024948,
    "dataset": "ds003709",
    "modality": "bold",
    "run_id": 3,
    "session_id": "visit1",
    "subject_id": "23783",
    "task_id": "MMI"
  },
  "dummy_trs": 3,
  "dvars_nstd": 17.97976804004349,
  "dvars_std": 1.1463318969130445,
  "dvars_vstd": 1.0016844853913045,
  "efc": 0.4242519903597058,
  "fber": 22237.265625,
  "fd_mean": 0.10386043979629113,
  "fd_num": 16,
  "fd_perc": 6.926406926406926,
  "fwhm_avg": 1.9986321717991966,
  "fwhm_x": 1.884504,
  "fwhm_y": 1.9972106666666667,
  "fwhm_z": 2.114181848730923,
  "gcor": 0.0207418,
  "gsr_x": -0.007548512890934944,
  "gsr_y": 0.007724177557975054,
  "provenance": {
    "md5sum": "55555b6b49fce1388ed1629596ec08cf",
    "settings": {
      "fd_thres": 0.2,
      "testing": false
    },
    "software": "mriqc",
    "version": "21.0.0rc2",
    "webapi_port": null,
    "webapi_url": "https://mriqc.nimh.nih.gov/api/v1"
  },
  "size_t": 231,
  "size_x": 64,
  "size_y": 64,
  "size_z": 41,
  "snr": 5.4042182606566325,
  "spacing_tr": 2.0,
  "spacing_x": 3.75,
  "spacing_y": 3.75,
  "spacing_z": 3.299999952316284,
  "summary_bg_k": 60.51752643871119,
  "summary_bg_mad": 18.917619796215497,
  "summary_bg_mean": 55.01874542236328,
  "summary_bg_median": 13.854978561401367,
  "summary_bg_n": 113994.0,
  "summary_bg_p05": 0.42424243688583374,
  "summary_bg_p95": 224.93528518676746,
  "summary_bg_stdv": 133.32522583007812,
  "summary_fg_k": 1.580376700649909,
  "summary_fg_mad": 304.8063296105249,
  "summary_fg_mean": 1934.41357421875,
  "summary_fg_median": 1897.246826171875,
  "summary_fg_n": 22778.0,
  "summary_fg_p05": 1435.649987792969,
  "summary_fg_p95": 2553.7122558593746,
  "summary_fg_stdv": 351.06005859375,
  "tsnr": 81.27376765874214
}