{
  "aor": 0.003538666666666667,
  "aqi": 0.0030263559555555554,
  "bids_meta": {
    "AcquisitionMatrix": "64 0 0 64",
    "DataSharing": "1",
    "EchoTime": 0.03,
    "EffectiveEchoSpacing": 0.000396,
    "FlipAngle": 65,
    "ImagesinAcquisition": 41,
    "InstitutionName": "NIH_FMRIF",
    "InternalPulseSequenceName": "epi",
    "MagneticFieldStrength": 3,
    "Manufacturer": "GE",
    "ManufacturersModelName": "DISCOVERY_MR750",
    "Modality": "MR",
    "NumberofTemporalPositions": 240,
    "PhaseEncodingDirection": "j",
    "PixelBandwidth": 7812.5,
    "PixelSpacing": "3.75\\3.75",
    "PulseSequenceName": "epirtnih",
    "ReconstructionDiameter": 240,
    "RepetitionTime": 2.0,
    "SeriesDescription": "mmi_run 1",
    "SliceThickness": 3,
    "SliceTiming": [
      0.0,
      1.02439,
      0.04878,
      1.073171,
      0.097561,
      1.121951,
      0.146341,
      1.170732,
      0.195122,
      1.219512,
      0.243902,
      1.268293,
      0.292683,
      1.317073,
      0.341463,
      1.365854,
      0.390244,
      1.414634,
      0.439024,
      1.463415,
      0.487805,
      1.512195,
      0.536585,
      1.560976,
      0.585366,
      1.609756,
      0.634146,
      1.658537,
      0.682927,
      1.707317,
      0.731707,
      1.756098,
      0.780488,
      1.804878,
      0.829268,
      1.853659,
      0.878049,
      1.902439,
      0.926829,
      1.95122,
      0.97561
    ],
    "SoftwareVersions": "27 lx mr software release:dv26.0_r01_1725.a",
    "SpacingBetweenSlices": 3.3,
    "StationName": "3TA",
    "TaskName": "MMI",
    "TotalReadoutTime": 0.024948,
    "dataset": "ds003709",
    "modality": "bold",
    "run_id": 1,
    "session_id": "visit1",
    "subject_id": "23866",
    "task_id": "MMI"
  },
  "dummy_trs": 3,
  "dvars_nstd": 15.616805068392848,
  "dvars_std": 1.131833908035714,
  "dvars_vstd": 1.0203219899999996,
  "efc": 0.4240846229426508,
  "fber": 27820.42578125,
  "fd_mean": 0.05247206826564064,
  "fd_num": 1,
  "fd_perc": 0.4444444444444444,
  "fwhm_avg": 2.1603355261749044,
  "fwhm_x": 2.002088,
  "fwhm_y": 2.190264,
  "fwhm_z": 2.288654578524713,
  "gcor": 0.0546272,
  "gsr_x": -0.017509689554572105,
  "gsr_y": 0.024146994575858116,
  "provenance": {
    "md5sum": "79d4e73699e496c299a7c3b505b643e5",
    "settings": {
      "fd_thres": 0.2,
      "testing": false
    },
    "software": "mriqc",
    "version": "21.0.0rc2",
    "webapi_port": null,
    "webapi_url": "https://mriqc.nimh.nih.gov/api/v1"
  },
  "size_t": 225,
  "size_x": 64,
  "size_y": 64,
  "size_z": 41,
  "snr": 4.588206738776171,
  "spacing_tr": 2.0,
  "spacing_x": 3.75,
  "spacing_y": 3.75,
  "spacing_z": 3.299999952316284,
  "summary_bg_k": 66.03728611114006,
  "summary_bg_mad": 17.488117065327444,
  "summary_bg_mean": 59.62556457519531,
  "summary_bg_median": 12.457777976989746,
  "summary_bg_n": 113731.0,
  "summary_bg_p05": 0.24000000953674316,
  "summary_bg_p95": 302.9089050292969,
  "summary_bg_stdv": 149.1180877685547,
  "summary_fg_k": 1.0682775253559473,
  "summary_fg_mad": 372.96331997677686,
  "summary_fg_mean": 1981.89794921875,
  "summary_fg_median": 1935.1778564453125,
  "summary_fg_n": 22359.0,
  "summary_fg_p05": 1372.94052734375,
  "summary_fg_p95": 2754.608911132812,
  "summary_fg_stdv": 421.7627258300781,
  "tsnr": 79.96088313055225
}