{
  "aor": 0.004463116883116883,
  "aqi": 0.0041422040692640685,
  "bids_meta": {
    "AcquisitionMatrix": "64 0 0 64",
    "DataSharing": "1",
    "EchoTime": 0.03,
    "EffectiveEchoSpacing": 0.000396,
    "FlipAngle": 65,
    "ImagesinAcquisition": 41,
    "InstitutionName": "NIH_FMRIF",
    "InternalPulseSequenceName": "epi",
    "MagneticFieldStrength": 3,
    "Manufacturer": "GE",
    "ManufacturersModelName": "DISCOVERY_MR750",
    "Modality": "MR",
    "NumberofTemporalPositions": 240,
    "PhaseEncodingDirection": "j",
    "PixelBandwidth": 7812.5,
    "PixelSpacing": "3.75\\3.75",
    "PulseSequenceName": "epirtnih",
    "ReconstructionDiameter": 240,
    "RepetitionTime": 2.0,
    "SeriesDescription": "mmi_run 3",
    "SliceThickness": 3,
    "SliceTiming": [
      0.0,
      1.02439,
      0.04878,
      1.073171,
      0.097561,
      1.121951,
      0.146341,
      1.170732,
      0.195122,
      1.219512,
      0.243902,
      1.268293,
      0.292683,
      1.317073,
      0.341463,
      1.365854,
      0.390244,
      1.414634,
      0.439024,
      1.463415,
      0.487805,
      1.512195,
      0.536585,
      1.560976,
      0.585366,
      1.609756,
      0.634146,
      1.658537,
      0.682927,
      1.707317,
      0.731707,
      1.756098,
      0.780488,
      1.804878,
      0.829268,
      1.853659,
      0.878049,
      1.902439,
      0.926829,
      1.95122,
      0.97561
    ],
    "SoftwareVersions": "27 lx mr software release:dv26.0_r01_1725.a",
    "SpacingBetweenSlices": 3.3,
    "StationName": "3TA",
    "TaskName": "MMI",
    "TotalReadoutTime": 0.024948,
    "dataset": "ds003709",
    "modality": "bold",
    "run_id": 3,
    "session_id": "visit1",
    "subject_id": "23866",
    "task_id": "MMI"
  },
  "dummy_trs": 2,
  "dvars_nstd": 17.484275622826082,
  "dvars_std": 1.1420685962608699,
  "dvars_vstd": 1.0078286936956524,
  "efc": 0.4255488402569456,
  "fber": 27816.5625,
  "fd_mean": 0.07276539990530886,
  "fd_num": 10,
  "fd_perc": 4.329004329004329,
  "fwhm_avg": 2.1843041323254924,
  "fwhm_x": 2.0235706666666666,
  "fwhm_y": 2.2220053333333336,
  "fwhm_z": 2.307336396976477,
  "gcor": 0.0441124,
  "gsr_x": -0.017230866476893425,
  "gsr_y": 0.023897282779216766,
  "provenance": {
    "md5sum": "4e194b3ebfcdfdeb0043510757e2c618",
    "settings": {
      "fd_thres": 0.2,
      "testing": false
    },
    "software": "mriqc",
    "version": "21.0.0rc2",
    "webapi_port": null,
    "webapi_url": "https://mriqc.nimh.nih.gov/api/v1"
  },
  "size_t": 231,
  "size_x": 64,
  "size_y": 64,
  "size_z": 41,
  "snr": 4.584435127769265,
  "spacing_tr": 2.0,
  "spacing_x": 3.75,
  "spacing_y": 3.75,
  "spacing_z": 3.299999952316284,
  "summary_bg_k": 58.92435839343887,
  "summary_bg_mad": 17.374044059891173,
  "summary_bg_mean": 60.73069381713867,
  "summary_bg_median": 12.389610290527344,
  "summary_bg_n": 113605.0,
  "summary_bg_p05": 0.24242424964904785,
  "summary_bg_p95": 312.78441162109357,
  "summary_bg_stdv": 151.7971954345703,
  "summary_fg_k": 1.11903189761256,
  "summary_fg_mad": 372.72053300459356,
  "summary_fg_mean": 1977.711181640625,
  "summary_fg_median": 1930.50439453125,
  "summary_fg_n": 22404.0,
  "summary_fg_p05": 1375.3183532714843,
  "summary_fg_p95": 2749.4054565429688,
  "summary_fg_stdv": 421.09033203125,
  "tsnr": 70.2683847094886
}