{
  "aor": 0.010065836909871244,
  "aqi": 0.009509826738197426,
  "bids_meta": {
    "AcquisitionMatrix": "64 0 0 64",
    "DataSharing": "1",
    "EchoTime": 0.03,
    "EffectiveEchoSpacing": 0.000396,
    "FlipAngle": 65,
    "ImagesinAcquisition": 41,
    "InstitutionName": "NIH_FMRIF",
    "InternalPulseSequenceName": "epi",
    "MagneticFieldStrength": 3,
    "Manufacturer": "GE",
    "ManufacturersModelName": "DISCOVERY_MR750",
    "Modality": "MR",
    "NumberofTemporalPositions": 240,
    "PhaseEncodingDirection": "j",
    "PixelBandwidth": 7812.5,
    "PixelSpacing": "3.75\\3.75",
    "PulseSequenceName": "epirtnih",
    "ReconstructionDiameter": 240,
    "RepetitionTime": 2.0,
    "SeriesDescription": "mmi_run 3",
    "SliceThickness": 3,
    "SliceTiming": [
      0.0,
      1.02439,
      0.04878,
      1.073171,
      0.097561,
      1.121951,
      0.146341,
      1.170732,
      0.195122,
      1.219512,
      0.243902,
      1.268293,
      0.292683,
      1.317073,
      0.341463,
      1.365854,
      0.390244,
      1.414634,
      0.439024,
      1.463415,
      0.487805,
      1.512195,
      0.536585,
      1.560976,
      0.585366,
      1.609756,
      0.634146,
      1.658537,
      0.682927,
      1.707317,
      0.731707,
      1.756098,
      0.780488,
      1.804878,
      0.829268,
      1.853659,
      0.878049,
      1.902439,
      0.926829,
      1.95122,
      0.97561
    ],
    "SoftwareVersions": "27 lx mr software release:dv26.0_r01_1725.a",
    "SpacingBetweenSlices": 3.3,
    "StationName": "3TC",
    "TaskName": "MMI",
    "TotalReadoutTime": 0.024948,
    "dataset": "ds003709",
    "modality": "bold",
    "run_id": 3,
    "session_id": "visit1",
    "subject_id": "23717",
    "task_id": "MMI"
  },
  "dummy_trs": 3,
  "dvars_nstd": 30.693193534655173,
  "dvars_std": 1.053245125431035,
  "dvars_vstd": 0.9829587139655167,
  "efc": 0.4134203969739965,
  "fber": 24070.330078125,
  "fd_mean": 0.26937855880208006,
  "fd_num": 80,
  "fd_perc": 34.33476394849785,
  "fwhm_avg": 2.4510278916128576,
  "fwhm_x": 2.328856,
  "fwhm_y": 2.361530666666667,
  "fwhm_z": 2.662697008171905,
  "gcor": 0.0393369,
  "gsr_x": -0.0004166639409959316,
  "gsr_y": 0.02011534944176674,
  "provenance": {
    "md5sum": "e762addc1b5e87c92087f3b82d8c33b6",
    "settings": {
      "fd_thres": 0.2,
      "testing": false
    },
    "software": "mriqc",
    "version": "21.0.0rc2",
    "webapi_port": null,
    "webapi_url": "https://mriqc.nimh.nih.gov/api/v1"
  },
  "size_t": 233,
  "size_x": 64,
  "size_y": 64,
  "size_z": 41,
  "snr": 3.331294138215698,
  "spacing_tr": 2.0,
  "spacing_x": 3.75,
  "spacing_y": 3.75,
  "spacing_z": 3.299999952316284,
  "summary_bg_k": 40.70728573991055,
  "summary_bg_mad": 12.681657051845862,
  "summary_bg_mean": 47.80079650878906,
  "summary_bg_median": 9.373390197753906,
  "summary_bg_n": 115454.0,
  "summary_bg_p05": 0.33476394414901733,
  "summary_bg_p95": 224.85279388427728,
  "summary_bg_stdv": 123.0542221069336,
  "summary_fg_k": 2.4198261934121614,
  "summary_fg_mad": 333.38822909318293,
  "summary_fg_mean": 1420.861572265625,
  "summary_fg_median": 1343.519287109375,
  "summary_fg_n": 21203.0,
  "summary_fg_p05": 953.6484985351562,
  "summary_fg_p95": 2218.087182617186,
  "summary_fg_stdv": 403.2929992675781,
  "tsnr": 41.904907081858255
}