{
  "aor": 0.006817076271186441,
  "aqi": 0.0046009233050847455,
  "bids_meta": {
    "AcquisitionMatrix": "64 0 0 64",
    "DataSharing": "1",
    "EchoTime": 0.03,
    "EffectiveEchoSpacing": 0.000396,
    "FlipAngle": 65,
    "ImagesinAcquisition": 41,
    "InstitutionName": "NIH_FMRIF",
    "InternalPulseSequenceName": "epi",
    "MagneticFieldStrength": 3,
    "Manufacturer": "GE",
    "ManufacturersModelName": "DISCOVERY_MR750",
    "Modality": "MR",
    "NumberofTemporalPositions": 240,
    "PhaseEncodingDirection": "j",
    "PixelBandwidth": 7812.5,
    "PixelSpacing": "3.75\\3.75",
    "PulseSequenceName": "epirtnih",
    "ReconstructionDiameter": 240,
    "RepetitionTime": 2.0,
    "SeriesDescription": "mmi_run 1",
    "SliceThickness": 3,
    "SliceTiming": [
      0.0,
      1.02439,
      0.04878,
      1.073171,
      0.097561,
      1.121951,
      0.146341,
      1.170732,
      0.195122,
      1.219512,
      0.243902,
      1.268293,
      0.292683,
      1.317073,
      0.341463,
      1.365854,
      0.390244,
      1.414634,
      0.439024,
      1.463415,
      0.487805,
      1.512195,
      0.536585,
      1.560976,
      0.585366,
      1.609756,
      0.634146,
      1.658537,
      0.682927,
      1.707317,
      0.731707,
      1.756098,
      0.780488,
      1.804878,
      0.829268,
      1.853659,
      0.878049,
      1.902439,
      0.926829,
      1.95122,
      0.97561
    ],
    "SoftwareVersions": "27 lx mr software release:dv26.0_r01_1725.a",
    "SpacingBetweenSlices": 3.3,
    "StationName": "3TC",
    "TaskName": "MMI",
    "TotalReadoutTime": 0.024948,
    "dataset": "ds003709",
    "modality": "bold",
    "run_id": 1,
    "session_id": "visit1",
    "subject_id": "23717",
    "task_id": "MMI"
  },
  "dummy_trs": 4,
  "dvars_nstd": 22.033110216936176,
  "dvars_std": 1.1396732785531918,
  "dvars_vstd": 1.0171291565531917,
  "efc": 0.41086893516967893,
  "fber": 24994.931640625,
  "fd_mean": 0.1075532214434395,
  "fd_num": 26,
  "fd_perc": 11.016949152542374,
  "fwhm_avg": 2.4253154873021434,
  "fwhm_x": 2.31548,
  "fwhm_y": 2.3538906666666666,
  "fwhm_z": 2.6065757952397632,
  "gcor": 0.0217868,
  "gsr_x": -0.0009425863390788436,
  "gsr_y": 0.019145086407661438,
  "provenance": {
    "md5sum": "7a3b0e153547e037fbe1fcb8f21d2cc9",
    "settings": {
      "fd_thres": 0.2,
      "testing": false
    },
    "software": "mriqc",
    "version": "21.0.0rc2",
    "webapi_port": null,
    "webapi_url": "https://mriqc.nimh.nih.gov/api/v1"
  },
  "size_t": 236,
  "size_x": 64,
  "size_y": 64,
  "size_z": 41,
  "snr": 3.3892069896332475,
  "spacing_tr": 2.0,
  "spacing_x": 3.75,
  "spacing_y": 3.75,
  "spacing_z": 3.299999952316284,
  "summary_bg_k": 41.62906342451717,
  "summary_bg_mad": 12.558143128118271,
  "summary_bg_mean": 46.19927215576172,
  "summary_bg_median": 9.292372703552246,
  "summary_bg_n": 115686.0,
  "summary_bg_p05": 0.29661017656326294,
  "summary_bg_p95": 216.04449462890625,
  "summary_bg_stdv": 117.9106674194336,
  "summary_fg_k": 2.405584257493345,
  "summary_fg_mad": 332.76257530053476,
  "summary_fg_mean": 1427.3497314453125,
  "summary_fg_median": 1352.43017578125,
  "summary_fg_n": 20984.0,
  "summary_fg_p05": 961.011654663086,
  "summary_fg_p95": 2212.8775268554687,
  "summary_fg_stdv": 399.0307922363281,
  "tsnr": 60.944291113410145
}