{
  "bids_meta": {
    "AcquisitionMatrix": "0 256 256 0",
    "AcquisitionNumber": 1,
    "Columns": 256,
    "DataSharing": "1",
    "EchoNumber(s)": 1,
    "EchoTime": 0.003476,
    "EchoTrainLength": 1,
    "FlipAngle": 7,
    "ImagesinAcquisition": 172,
    "In-planePhaseEncodingDirection": "row",
    "InstitutionName": "NIH_FMRIF",
    "InternalPulseSequenceName": "efgre3d",
    "InversionTime": 0.9,
    "MRAcquisitionType": "3d",
    "MagneticFieldStrength": 3,
    "Manufacturer": "GE",
    "Manufacturer'sModelName": "discovery mr750",
    "ManufacturersModelName": "DISCOVERY_MR750",
    "Modality": "MR",
    "NumberofAverages": 1,
    "PixelBandwidth": 195.312,
    "PixelSpacing": "1\\1",
    "PrivateIn-PlanePhaseEncodingDirection": "row",
    "PulseSequenceName": "mprage",
    "ReceiveCoilName": "32ch head",
    "ReconstructionDiameter": 256,
    "RepetitionTime": 0.00766,
    "Rows": 256,
    "SamplesperPixel": 1,
    "ScanOptions": "edr_gems\\filtered_gems\\acc_gems\\ir_gems",
    "SeriesDescription": "anat_t1w_mp_rage_1mm",
    "SeriesNumber": 10,
    "SliceLocation": -81.98754883,
    "SliceThickness": 1,
    "SoftwareVersion(s)": "27\\lx\\mr software release:dv26.0_r01_1725.a",
    "SoftwareVersions": "27 lx mr software release:dv26.0_r01_1725.a",
    "SpacingBetweenSlices": 1,
    "StationName": "3TA",
    "dataset": "ds003709",
    "modality": "T1w",
    "run_id": 1,
    "session_id": "visit1",
    "subject_id": "23720"
  },
  "cjv": 0.36101289475175913,
  "cnr": 3.6019337436331087,
  "efc": 0.6833432953803626,
  "fber": 2209.0,
  "fwhm_avg": 3.532853333333333,
  "fwhm_x": 3.53656,
  "fwhm_y": 3.68896,
  "fwhm_z": 3.37304,
  "icvs_csf": 0.3049327677181473,
  "icvs_gm": 0.3376788594425255,
  "icvs_wm": 0.3573883728393272,
  "inu_med": 0.8605567812919617,
  "inu_range": 0.1445190787315368,
  "provenance": {
    "md5sum": "c27678b4346e587172f1a86478813fc1",
    "settings": {
      "testing": false
    },
    "software": "mriqc",
    "version": "21.0.0rc2",
    "warnings": {
      "large_rot_frame": true,
      "small_air_mask": false
    },
    "webapi_port": null,
    "webapi_url": "https://mriqc.nimh.nih.gov/api/v1"
  },
  "qi_1": 0.0,
  "qi_2": 0.0037514127028885104,
  "rpve_csf": 21.528213184271397,
  "rpve_gm": 16.527899905585333,
  "rpve_wm": 22.073736690092627,
  "size_x": 172,
  "size_y": 256,
  "size_z": 256,
  "snr_csf": 3.205277981597434,
  "snr_gm": 7.630782329080544,
  "snr_total": 8.73272914190215,
  "snr_wm": 15.362127115028475,
  "snrd_csf": 24.37788786006927,
  "snrd_gm": 45.819526648732605,
  "snrd_total": 48.254699929237574,
  "snrd_wm": 74.56668527891085,
  "spacing_x": 1.0,
  "spacing_y": 1.0,
  "spacing_z": 1.0,
  "summary_bg_k": 2.99085918332396,
  "summary_bg_mad": 8.785912846614218,
  "summary_bg_mean": 22.767713150762507,
  "summary_bg_median": 9.802835930138826,
  "summary_bg_n": 998585.0,
  "summary_bg_p05": 1.9384138844907284,
  "summary_bg_p95": 83.40718028694391,
  "summary_bg_stdv": 27.108393072435614,
  "summary_csf_k": -0.05326534126069893,
  "summary_csf_mad": 102.14650075876717,
  "summary_csf_mean": 322.2779680487152,
  "summary_csf_median": 326.927347432822,
  "summary_csf_n": 14348.0,
  "summary_csf_p05": 144.2179930061102,
  "summary_csf_p95": 482.16660795360804,
  "summary_csf_stdv": 101.99301162851421,
  "summary_gm_k": 0.14373438543261674,
  "summary_gm_mad": 76.93832090913573,
  "summary_gm_mean": 615.9145059751576,
  "summary_gm_median": 614.4772013835609,
  "summary_gm_n": 8245.0,
  "summary_gm_p05": 486.67480481639507,
  "summary_gm_p95": 751.5064480409025,
  "summary_gm_stdv": 80.52122444712931,
  "summary_wm_k": 0.445370705210661,
  "summary_wm_mad": 62.240391941435306,
  "summary_wm_mean": 1002.3454744886039,
  "summary_wm_median": 1000.0000313818455,
  "summary_wm_n": 179990.0,
  "summary_wm_p05": 899.7009586729109,
  "summary_wm_p95": 1112.538803189993,
  "summary_wm_stdv": 65.09497323892825,
  "tpm_overlap_csf": 0.1274413913488388,
  "tpm_overlap_gm": 0.36484092473983765,
  "tpm_overlap_wm": 0.4948837459087372,
  "wm2max": 0.5512272560752228
}