{
  "bids_meta": {
    "AcquisitionMatrix": "0 256 256 0",
    "AcquisitionNumber": 1,
    "Columns": 256,
    "DataSharing": "1",
    "EchoNumber(s)": 1,
    "EchoTime": 0.003476,
    "EchoTrainLength": 1,
    "FlipAngle": 7,
    "ImagesinAcquisition": 172,
    "In-planePhaseEncodingDirection": "row",
    "InstitutionName": "NIH_FMRIF",
    "InternalPulseSequenceName": "efgre3d",
    "InversionTime": 0.9,
    "MRAcquisitionType": "3d",
    "MagneticFieldStrength": 3,
    "Manufacturer": "GE",
    "Manufacturer'sModelName": "discovery mr750",
    "ManufacturersModelName": "DISCOVERY_MR750",
    "Modality": "MR",
    "NumberofAverages": 1,
    "PixelBandwidth": 195.312,
    "PixelSpacing": "1\\1",
    "PrivateIn-PlanePhaseEncodingDirection": "row",
    "PulseSequenceName": "mprage",
    "ReceiveCoilName": "32ch head",
    "ReconstructionDiameter": 256,
    "RepetitionTime": 0.00766,
    "Rows": 256,
    "SamplesperPixel": 1,
    "ScanOptions": "edr_gems\\filtered_gems\\acc_gems\\ir_gems",
    "SeriesDescription": "anat_t1w_mp_rage_1mm",
    "SeriesNumber": 9,
    "SliceLocation": -83.74539948,
    "SliceThickness": 1,
    "SoftwareVersion(s)": "27\\lx\\mr software release:dv26.0_r01_1725.a",
    "SoftwareVersions": "27 lx mr software release:dv26.0_r01_1725.a",
    "SpacingBetweenSlices": 1,
    "StationName": "3TC",
    "dataset": "ds003709",
    "modality": "T1w",
    "run_id": 1,
    "session_id": "visit1",
    "subject_id": "23520"
  },
  "cjv": 0.3910921766426721,
  "cnr": 3.461940538249562,
  "efc": 0.6955390094023757,
  "fber": 2607.248646397334,
  "fwhm_avg": 3.240716666666667,
  "fwhm_x": 3.14794,
  "fwhm_y": 3.45705,
  "fwhm_z": 3.11716,
  "icvs_csf": 0.27827106215681197,
  "icvs_gm": 0.40201111477946744,
  "icvs_wm": 0.3197178230637206,
  "inu_med": 1.295169472694397,
  "inu_range": 0.2040488243103027,
  "provenance": {
    "md5sum": "9fb15576930e991b880a9d70a09c4ce8",
    "settings": {
      "testing": false
    },
    "software": "mriqc",
    "version": "21.0.0rc2",
    "warnings": {
      "large_rot_frame": true,
      "small_air_mask": false
    },
    "webapi_port": null,
    "webapi_url": "https://mriqc.nimh.nih.gov/api/v1"
  },
  "qi_1": 0.0,
  "qi_2": 0.005378652862670363,
  "rpve_csf": 18.106577090529385,
  "rpve_gm": 11.970783419198789,
  "rpve_wm": 18.909127128830544,
  "size_x": 172,
  "size_y": 256,
  "size_z": 256,
  "snr_csf": 2.6853713951867775,
  "snr_gm": 7.181384148361758,
  "snr_total": 7.495810812032869,
  "snr_wm": 12.62067689255007,
  "snrd_csf": 25.26685688272868,
  "snrd_gm": 60.32583598513675,
  "snrd_total": 62.18027068347855,
  "snrd_wm": 100.94811918257024,
  "spacing_x": 1.0,
  "spacing_y": 1.0,
  "spacing_z": 1.0,
  "summary_bg_k": 7.019629828084954,
  "summary_bg_mad": 6.489832681601146,
  "summary_bg_mean": 14.031030151651747,
  "summary_bg_median": 6.5222151800990105,
  "summary_bg_n": 932113.0,
  "summary_bg_p05": 2.1448895558714867,
  "summary_bg_p95": 53.534692384302616,
  "summary_bg_stdv": 17.57496636225915,
  "summary_csf_k": 1.2591491971599904,
  "summary_csf_mad": 86.89885960663933,
  "summary_csf_mean": 267.50533767898276,
  "summary_csf_median": 250.2954791933298,
  "summary_csf_n": 32374.0,
  "summary_csf_p05": 147.0781409740448,
  "summary_csf_p95": 444.2110043466091,
  "summary_csf_stdv": 93.20558561301691,
  "summary_gm_k": -0.011128892675032809,
  "summary_gm_mad": 81.70699346135842,
  "summary_gm_mean": 596.6644059780788,
  "summary_gm_median": 597.5924942195415,
  "summary_gm_n": 15264.0,
  "summary_gm_p05": 457.2992079630494,
  "summary_gm_p95": 734.5021077685057,
  "summary_gm_stdv": 83.21138464781998,
  "summary_wm_k": 0.5597120261495001,
  "summary_wm_mad": 75.67144906746935,
  "summary_wm_mean": 1001.9720235196535,
  "summary_wm_median": 1000.0000388547778,
  "summary_wm_n": 173822.0,
  "summary_wm_p05": 875.2900318205357,
  "summary_wm_p95": 1134.6465750560164,
  "summary_wm_stdv": 79.23482796195916,
  "tpm_overlap_csf": 0.15660615265369415,
  "tpm_overlap_gm": 0.4206060767173767,
  "tpm_overlap_wm": 0.46728187799453735,
  "wm2max": 0.5792049084732012
}