{
  "bids_meta": {
    "AcquisitionMatrix": "0 256 256 0",
    "AcquisitionNumber": 1,
    "Columns": 256,
    "DataSharing": "1",
    "EchoNumber(s)": 1,
    "EchoTime": 0.003476,
    "EchoTrainLength": 1,
    "FlipAngle": 7,
    "ImagesinAcquisition": 172,
    "In-planePhaseEncodingDirection": "row",
    "InstitutionName": "NIH_FMRIF",
    "InternalPulseSequenceName": "efgre3d",
    "InversionTime": 0.9,
    "MRAcquisitionType": "3d",
    "MagneticFieldStrength": 3,
    "Manufacturer": "GE",
    "Manufacturer'sModelName": "discovery mr750",
    "ManufacturersModelName": "DISCOVERY_MR750",
    "Modality": "MR",
    "NumberofAverages": 1,
    "PixelBandwidth": 195.312,
    "PixelSpacing": "1\\1",
    "PrivateIn-PlanePhaseEncodingDirection": "row",
    "PulseSequenceName": "mprage",
    "ReceiveCoilName": "32ch head",
    "ReconstructionDiameter": 256,
    "RepetitionTime": 0.00766,
    "Rows": 256,
    "SamplesperPixel": 1,
    "ScanOptions": "edr_gems\\filtered_gems\\acc_gems\\ir_gems",
    "SeriesDescription": "anat_t1w_mp_rage_1mm",
    "SeriesNumber": 3,
    "SliceLocation": -83.74539948,
    "SliceThickness": 1,
    "SoftwareVersion(s)": "27\\lx\\mr software release:dv26.0_r01_1725.a",
    "SoftwareVersions": "27 lx mr software release:dv26.0_r01_1725.a",
    "SpacingBetweenSlices": 1,
    "StationName": "3TA",
    "dataset": "ds003709",
    "modality": "T1w",
    "run_id": 1,
    "session_id": "visit1",
    "subject_id": "20900"
  },
  "cjv": 0.5044041659009184,
  "cnr": 2.637402613682424,
  "efc": 0.732920887290739,
  "fber": 1327.8838648085698,
  "fwhm_avg": 3.1840433333333333,
  "fwhm_x": 3.2005,
  "fwhm_y": 3.37672,
  "fwhm_z": 2.97491,
  "icvs_csf": 0.2596093924195903,
  "icvs_gm": 0.36859854762551714,
  "icvs_wm": 0.37179205995489256,
  "inu_med": 1.2667078971862793,
  "inu_range": 0.3201633930206298,
  "provenance": {
    "md5sum": "7d5fb45f61b863c15c057fd034d58701",
    "settings": {
      "testing": false
    },
    "software": "mriqc",
    "version": "21.0.0rc2",
    "warnings": {
      "large_rot_frame": true,
      "small_air_mask": false
    },
    "webapi_port": null,
    "webapi_url": "https://mriqc.nimh.nih.gov/api/v1"
  },
  "qi_1": 0.0,
  "qi_2": 0.003603007983689909,
  "rpve_csf": 20.3307032208547,
  "rpve_gm": 13.53160681174978,
  "rpve_wm": 18.523795048858858,
  "size_x": 172,
  "size_y": 256,
  "size_z": 256,
  "snr_csf": 2.819460656918873,
  "snr_gm": 6.424376404145548,
  "snr_total": 7.190706005763687,
  "snr_wm": 12.328280956226642,
  "snrd_csf": 16.6657314778501,
  "snrd_gm": 31.981265597892413,
  "snrd_total": 32.57351125711265,
  "snrd_wm": 49.07353669559543,
  "spacing_x": 1.0,
  "spacing_y": 1.0,
  "spacing_z": 1.0,
  "summary_bg_k": 3.3695430215974067,
  "summary_bg_mad": 13.350094374292398,
  "summary_bg_mean": 22.651016965217188,
  "summary_bg_median": 13.569283992052078,
  "summary_bg_n": 930370.0,
  "summary_bg_p05": 2.251125454902649,
  "summary_bg_p95": 76.66332799196243,
  "summary_bg_stdv": 23.895920508064215,
  "summary_csf_k": 0.13621342346344,
  "summary_csf_mad": 124.78629880414978,
  "summary_csf_mean": 330.9135747132109,
  "summary_csf_median": 339.60728737711906,
  "summary_csf_n": 11822.0,
  "summary_csf_p05": 129.56477618217468,
  "summary_csf_p95": 511.43694397509086,
  "summary_csf_stdv": 120.44605867432959,
  "summary_gm_k": 0.1346826026161465,
  "summary_gm_mad": 96.2319302813577,
  "summary_gm_mean": 661.8019384812382,
  "summary_gm_median": 651.7008191943169,
  "summary_gm_n": 13690.0,
  "summary_gm_p05": 512.1310409903526,
  "summary_gm_p95": 850.5846265718341,
  "summary_gm_stdv": 101.43817480306951,
  "summary_wm_k": 0.2547485556396518,
  "summary_wm_mad": 79.45160332478184,
  "summary_wm_mean": 1005.5554946380494,
  "summary_wm_median": 999.9999520778656,
  "summary_wm_n": 216257.0,
  "summary_wm_p05": 881.0654905438423,
  "summary_wm_p95": 1147.3236068487167,
  "summary_wm_stdv": 81.1141183074959,
  "tpm_overlap_csf": 0.15440084040164948,
  "tpm_overlap_gm": 0.40773695707321167,
  "tpm_overlap_wm": 0.508442223072052,
  "wm2max": 0.4865536833965157
}