{
  "bids_meta": {
    "AcquisitionMatrix": "0 256 256 0",
    "AcquisitionNumber": 1,
    "Columns": 256,
    "DataSharing": "1",
    "EchoNumber(s)": 1,
    "EchoTime": 0.003476,
    "EchoTrainLength": 1,
    "FlipAngle": 7,
    "ImagesinAcquisition": 172,
    "In-planePhaseEncodingDirection": "row",
    "InstitutionName": "NIH_FMRIF",
    "InternalPulseSequenceName": "efgre3d",
    "InversionTime": 0.9,
    "MRAcquisitionType": "3d",
    "MagneticFieldStrength": 3,
    "Manufacturer": "GE",
    "Manufacturer'sModelName": "discovery mr750",
    "ManufacturersModelName": "DISCOVERY_MR750",
    "Modality": "MR",
    "NumberofAverages": 1,
    "PixelBandwidth": 195.312,
    "PixelSpacing": "1\\1",
    "PrivateIn-PlanePhaseEncodingDirection": "row",
    "PulseSequenceName": "mprage",
    "ReceiveCoilName": "32ch head",
    "ReconstructionDiameter": 256,
    "RepetitionTime": 0.00766,
    "Rows": 256,
    "SamplesperPixel": 1,
    "ScanOptions": "edr_gems\\filtered_gems\\acc_gems\\ir_gems",
    "SeriesDescription": "anat_t1w_mp_rage_1mm",
    "SeriesNumber": 6,
    "SliceLocation": -84.95905304,
    "SliceThickness": 1,
    "SoftwareVersion(s)": "27\\lx\\mr software release:dv26.0_r01_1725.a",
    "SoftwareVersions": "27 lx mr software release:dv26.0_r01_1725.a",
    "SpacingBetweenSlices": 1,
    "StationName": "3TA",
    "dataset": "ds003709",
    "modality": "T1w",
    "run_id": 1,
    "session_id": "visit1",
    "subject_id": "23867"
  },
  "cjv": 0.3533663318718015,
  "cnr": 3.7916824279110117,
  "efc": 0.705196531761596,
  "fber": 2827.0026654064277,
  "fwhm_avg": 3.3103266666666666,
  "fwhm_x": 3.26331,
  "fwhm_y": 3.47998,
  "fwhm_z": 3.18769,
  "icvs_csf": 0.2713680042815922,
  "icvs_gm": 0.3755445971236918,
  "icvs_wm": 0.353087398594716,
  "inu_med": 1.096146583557129,
  "inu_range": 0.2123229622840881,
  "provenance": {
    "md5sum": "ebc877f88efde972994be87e224a55dd",
    "settings": {
      "testing": false
    },
    "software": "mriqc",
    "version": "21.0.0rc2",
    "warnings": {
      "large_rot_frame": true,
      "small_air_mask": false
    },
    "webapi_port": null,
    "webapi_url": "https://mriqc.nimh.nih.gov/api/v1"
  },
  "qi_1": 0.0,
  "qi_2": 0.006172280911567541,
  "rpve_csf": 18.10397783141146,
  "rpve_gm": 12.322260762927922,
  "rpve_wm": 17.69484063317205,
  "size_x": 172,
  "size_y": 256,
  "size_z": 256,
  "snr_csf": 2.4959201872908587,
  "snr_gm": 7.138044853846715,
  "snr_total": 8.24856016916997,
  "snr_wm": 15.111715466372335,
  "snrd_csf": 19.333972284055406,
  "snrd_gm": 42.85302270246994,
  "snrd_total": 44.901266757515884,
  "snrd_wm": 72.51680528602232,
  "spacing_x": 1.0,
  "spacing_y": 1.0,
  "spacing_z": 1.0,
  "summary_bg_k": 1.8100685643025294,
  "summary_bg_mad": 9.034269750931584,
  "summary_bg_mean": 18.057085341452062,
  "summary_bg_median": 8.124696463346481,
  "summary_bg_n": 941934.0,
  "summary_bg_p05": 1.9870181567966938,
  "summary_bg_p95": 62.524838000535965,
  "summary_bg_stdv": 20.16692797950032,
  "summary_csf_k": 1.1165138298189454,
  "summary_csf_mad": 111.35719453865669,
  "summary_csf_mean": 276.4363374517798,
  "summary_csf_median": 266.6136806830764,
  "summary_csf_n": 20489.0,
  "summary_csf_p05": 126.10941901803017,
  "summary_csf_p95": 457.63235948979855,
  "summary_csf_stdv": 106.81718738338522,
  "summary_gm_k": 0.0804728779613626,
  "summary_gm_mad": 80.26097619305885,
  "summary_gm_mean": 587.4180705028584,
  "summary_gm_median": 590.9391998313367,
  "summary_gm_n": 13888.0,
  "summary_gm_p05": 444.3127144454047,
  "summary_gm_p95": 720.7422648230568,
  "summary_gm_stdv": 82.7842828638283,
  "summary_wm_k": 0.2539715778263827,
  "summary_wm_mad": 64.28733982184649,
  "summary_wm_mean": 1000.2862119559281,
  "summary_wm_median": 1000.0000043772161,
  "summary_wm_n": 213562.0,
  "summary_wm_p05": 892.3477762378752,
  "summary_wm_p95": 1109.3301589600742,
  "summary_wm_stdv": 66.17366938646035,
  "tpm_overlap_csf": 0.15615491569042206,
  "tpm_overlap_gm": 0.4014628529548645,
  "tpm_overlap_wm": 0.508161187171936,
  "wm2max": 0.5436292737846695
}