{
  "aor": 0.00860502262443439,
  "aqi": 0.005917436606334842,
  "bids_meta": {
    "AcquisitionMatrix": "64 0 0 64",
    "DataSharing": "1",
    "EchoTime": 0.03,
    "EffectiveEchoSpacing": 0.000396,
    "FlipAngle": 65,
    "ImagesinAcquisition": 41,
    "InstitutionName": "NIH_FMRIF",
    "InternalPulseSequenceName": "epi",
    "MagneticFieldStrength": 3,
    "Manufacturer": "GE",
    "ManufacturersModelName": "DISCOVERY_MR750",
    "Modality": "MR",
    "NumberofTemporalPositions": 240,
    "PhaseEncodingDirection": "j",
    "PixelBandwidth": 7812.5,
    "PixelSpacing": "3.75\\3.75",
    "PulseSequenceName": "epirtnih",
    "ReconstructionDiameter": 240,
    "RepetitionTime": 2.0,
    "SeriesDescription": "mmi_run3",
    "SliceThickness": 3,
    "SliceTiming": [
      0.0,
      1.02439,
      0.04878,
      1.073171,
      0.097561,
      1.121951,
      0.146341,
      1.170732,
      0.195122,
      1.219512,
      0.243902,
      1.268293,
      0.292683,
      1.317073,
      0.341463,
      1.365854,
      0.390244,
      1.414634,
      0.439024,
      1.463415,
      0.487805,
      1.512195,
      0.536585,
      1.560976,
      0.585366,
      1.609756,
      0.634146,
      1.658537,
      0.682927,
      1.707317,
      0.731707,
      1.756098,
      0.780488,
      1.804878,
      0.829268,
      1.853659,
      0.878049,
      1.902439,
      0.926829,
      1.95122,
      0.97561
    ],
    "SoftwareVersions": "27 lx mr software release:dv26.0_r01_1725.a",
    "SpacingBetweenSlices": 3.3,
    "StationName": "3TA",
    "TaskName": "MMI",
    "TotalReadoutTime": 0.024948,
    "dataset": "ds003709",
    "modality": "bold",
    "run_id": 3,
    "session_id": "visit1",
    "subject_id": "23830",
    "task_id": "MMI"
  },
  "dummy_trs": 3,
  "dvars_nstd": 18.045955701,
  "dvars_std": 1.036841138318182,
  "dvars_vstd": 0.9695229329545458,
  "efc": 0.4205395037542969,
  "fber": 25209.298828125,
  "fd_mean": 0.10999495018237565,
  "fd_num": 18,
  "fd_perc": 8.144796380090497,
  "fwhm_avg": 2.0709867419757018,
  "fwhm_x": 1.9360080000000002,
  "fwhm_y": 2.027770537744488,
  "fwhm_z": 2.2491816881826177,
  "gcor": 0.0825384,
  "gsr_x": 0.0003677799249999225,
  "gsr_y": 0.011627091094851494,
  "provenance": {
    "md5sum": "bc94307ce789631b4aee6aa930a81130",
    "settings": {
      "fd_thres": 0.2,
      "testing": false
    },
    "software": "mriqc",
    "version": "21.0.0rc2",
    "webapi_port": null,
    "webapi_url": "https://mriqc.nimh.nih.gov/api/v1"
  },
  "size_t": 221,
  "size_x": 64,
  "size_y": 64,
  "size_z": 41,
  "snr": 4.867886557626411,
  "spacing_tr": 2.0,
  "spacing_x": 3.75,
  "spacing_y": 3.750000238418579,
  "spacing_z": 3.3000001907348633,
  "summary_bg_k": 46.23764800315091,
  "summary_bg_mad": 16.61722085227126,
  "summary_bg_mean": 58.33475112915039,
  "summary_bg_median": 12.266968727111816,
  "summary_bg_n": 114855.0,
  "summary_bg_p05": 0.4570136070251465,
  "summary_bg_p95": 289.8063507080071,
  "summary_bg_stdv": 141.6106414794922,
  "summary_fg_k": 1.1086211732363704,
  "summary_fg_mad": 336.96659958442956,
  "summary_fg_mean": 1805.6796875,
  "summary_fg_median": 1773.601806640625,
  "summary_fg_n": 21506.0,
  "summary_fg_p05": 1285.3666076660156,
  "summary_fg_p95": 2453.4605712890625,
  "summary_fg_stdv": 364.33892822265625,
  "tsnr": 57.197416751878336
}