{
  "aor": 0.004443619047619048,
  "aqi": 0.0046644752380952375,
  "bids_meta": {
    "AcquisitionMatrix": "64 0 0 64",
    "DataSharing": "1",
    "EchoTime": 0.03,
    "EffectiveEchoSpacing": 0.000396,
    "FlipAngle": 65,
    "ImagesinAcquisition": 41,
    "InstitutionName": "NIH_FMRIF",
    "InternalPulseSequenceName": "epi",
    "MagneticFieldStrength": 3,
    "Manufacturer": "GE",
    "ManufacturersModelName": "DISCOVERY_MR750",
    "Modality": "MR",
    "NumberofTemporalPositions": 240,
    "PhaseEncodingDirection": "j",
    "PixelBandwidth": 7812.5,
    "PixelSpacing": "3.75\\3.75",
    "PulseSequenceName": "epirtnih",
    "ReconstructionDiameter": 240,
    "RepetitionTime": 2.0,
    "SeriesDescription": "mmi_run1",
    "SliceThickness": 3,
    "SliceTiming": [
      0.0,
      1.02439,
      0.04878,
      1.073171,
      0.097561,
      1.121951,
      0.146341,
      1.170732,
      0.195122,
      1.219512,
      0.243902,
      1.268293,
      0.292683,
      1.317073,
      0.341463,
      1.365854,
      0.390244,
      1.414634,
      0.439024,
      1.463415,
      0.487805,
      1.512195,
      0.536585,
      1.560976,
      0.585366,
      1.609756,
      0.634146,
      1.658537,
      0.682927,
      1.707317,
      0.731707,
      1.756098,
      0.780488,
      1.804878,
      0.829268,
      1.853659,
      0.878049,
      1.902439,
      0.926829,
      1.95122,
      0.97561
    ],
    "SoftwareVersions": "27 lx mr software release:dv26.0_r01_1725.a",
    "SpacingBetweenSlices": 3.3,
    "StationName": "3TA",
    "TaskName": "MMI",
    "TotalReadoutTime": 0.024948,
    "dataset": "ds003709",
    "modality": "bold",
    "run_id": 1,
    "session_id": "visit1",
    "subject_id": "23830",
    "task_id": "MMI"
  },
  "dummy_trs": 3,
  "dvars_nstd": 18.220007978277508,
  "dvars_std": 1.1215802537799044,
  "dvars_vstd": 1.0123315727751199,
  "efc": 0.4207960017484818,
  "fber": 24114.8828125,
  "fd_mean": 0.11164672646469183,
  "fd_num": 25,
  "fd_perc": 11.904761904761905,
  "fwhm_avg": 2.065490580319399,
  "fwhm_x": 1.9191813333333334,
  "fwhm_y": 2.045223869968168,
  "fwhm_z": 2.2320665376566953,
  "gcor": 0.0486792,
  "gsr_x": 0.000825264083687216,
  "gsr_y": 0.011218982748687267,
  "provenance": {
    "md5sum": "2f6a21a7a0807e9a888a530c24340971",
    "settings": {
      "fd_thres": 0.2,
      "testing": false
    },
    "software": "mriqc",
    "version": "21.0.0rc2",
    "webapi_port": null,
    "webapi_url": "https://mriqc.nimh.nih.gov/api/v1"
  },
  "size_t": 210,
  "size_x": 64,
  "size_y": 64,
  "size_z": 41,
  "snr": 4.940157422753011,
  "spacing_tr": 2.0,
  "spacing_x": 3.75,
  "spacing_y": 3.750000238418579,
  "spacing_z": 3.3000001907348633,
  "summary_bg_k": 50.203747694878906,
  "summary_bg_mad": 16.831066302990564,
  "summary_bg_mean": 58.15015411376953,
  "summary_bg_median": 12.438096046447754,
  "summary_bg_n": 114803.0,
  "summary_bg_p05": 0.49523812532424927,
  "summary_bg_p95": 286.6104797363279,
  "summary_bg_stdv": 143.4167022705078,
  "summary_fg_k": 1.072656990788242,
  "summary_fg_mad": 334.31992296780044,
  "summary_fg_mean": 1811.0211181640625,
  "summary_fg_median": 1780.971435546875,
  "summary_fg_n": 21605.0,
  "summary_fg_p05": 1292.69248046875,
  "summary_fg_p95": 2456.589599609375,
  "summary_fg_stdv": 360.5007019042969,
  "tsnr": 67.78739620163105
}