{
  "aor": 0.003972954545454545,
  "aqi": 0.0037412639545454547,
  "bids_meta": {
    "AcquisitionMatrix": "64 0 0 64",
    "DataSharing": "1",
    "EchoTime": 0.03,
    "EffectiveEchoSpacing": 0.000396,
    "FlipAngle": 65,
    "ImagesinAcquisition": 41,
    "InstitutionName": "NIH_FMRIF",
    "InternalPulseSequenceName": "epi",
    "MagneticFieldStrength": 3,
    "Manufacturer": "GE",
    "ManufacturersModelName": "DISCOVERY_MR750",
    "Modality": "MR",
    "NumberofTemporalPositions": 240,
    "PhaseEncodingDirection": "j",
    "PixelBandwidth": 7812.5,
    "PixelSpacing": "3.75\\3.75",
    "PulseSequenceName": "epirtnih",
    "ReconstructionDiameter": 240,
    "RepetitionTime": 2.0,
    "SeriesDescription": "mmi_run 2",
    "SliceThickness": 3,
    "SliceTiming": [
      0.0,
      1.02439,
      0.04878,
      1.073171,
      0.097561,
      1.121951,
      0.146341,
      1.170732,
      0.195122,
      1.219512,
      0.243902,
      1.268293,
      0.292683,
      1.317073,
      0.341463,
      1.365854,
      0.390244,
      1.414634,
      0.439024,
      1.463415,
      0.487805,
      1.512195,
      0.536585,
      1.560976,
      0.585366,
      1.609756,
      0.634146,
      1.658537,
      0.682927,
      1.707317,
      0.731707,
      1.756098,
      0.780488,
      1.804878,
      0.829268,
      1.853659,
      0.878049,
      1.902439,
      0.926829,
      1.95122,
      0.97561
    ],
    "SoftwareVersions": "27 lx mr software release:dv26.0_r01_1725.a",
    "SpacingBetweenSlices": 3.3,
    "StationName": "3TA",
    "TaskName": "MMI",
    "TotalReadoutTime": 0.024948,
    "dataset": "ds003709",
    "modality": "bold",
    "run_id": 2,
    "session_id": "visit1",
    "subject_id": "23830",
    "task_id": "MMI"
  },
  "dummy_trs": 3,
  "dvars_nstd": 16.99765872986302,
  "dvars_std": 1.0881257770776256,
  "dvars_vstd": 0.9846843778082195,
  "efc": 0.4202078884903864,
  "fber": 24537.751953125,
  "fd_mean": 0.08819333802841603,
  "fd_num": 9,
  "fd_perc": 4.090909090909091,
  "fwhm_avg": 2.090890094294577,
  "fwhm_x": 1.9362986666666666,
  "fwhm_y": 2.0649838687118613,
  "fwhm_z": 2.271387747505203,
  "gcor": 0.0226403,
  "gsr_x": 0.000382815400371328,
  "gsr_y": 0.011763901449739933,
  "provenance": {
    "md5sum": "9c4c197045108018513573d23ac26286",
    "settings": {
      "fd_thres": 0.2,
      "testing": false
    },
    "software": "mriqc",
    "version": "21.0.0rc2",
    "webapi_port": null,
    "webapi_url": "https://mriqc.nimh.nih.gov/api/v1"
  },
  "size_t": 220,
  "size_x": 64,
  "size_y": 64,
  "size_z": 41,
  "snr": 4.822980241829856,
  "spacing_tr": 2.0,
  "spacing_x": 3.75,
  "spacing_y": 3.750000238418579,
  "spacing_z": 3.3000001907348633,
  "summary_bg_k": 49.085854501411546,
  "summary_bg_mad": 16.69275208688088,
  "summary_bg_mean": 58.12372589111328,
  "summary_bg_median": 12.318181037902832,
  "summary_bg_n": 114833.0,
  "summary_bg_p05": 0.44090908765792847,
  "summary_bg_p95": 287.22271728515585,
  "summary_bg_stdv": 142.5615234375,
  "summary_fg_k": 1.099632478692981,
  "summary_fg_mad": 339.03069605684857,
  "summary_fg_mean": 1810.557861328125,
  "summary_fg_median": 1777.54541015625,
  "summary_fg_n": 21545.0,
  "summary_fg_p05": 1282.66357421875,
  "summary_fg_p95": 2471.971826171875,
  "summary_fg_stdv": 368.5489196777344,
  "tsnr": 75.16508893214632
}