{
  "bids_meta": {
    "AcquisitionMatrix": "0 256 256 0",
    "AcquisitionNumber": 1,
    "Columns": 256,
    "DataSharing": "1",
    "EchoNumber(s)": 1,
    "EchoTime": 0.003476,
    "EchoTrainLength": 1,
    "FlipAngle": 7,
    "ImagesinAcquisition": 172,
    "In-planePhaseEncodingDirection": "row",
    "InstitutionName": "NIH_FMRIF",
    "InternalPulseSequenceName": "efgre3d",
    "InversionTime": 0.9,
    "MRAcquisitionType": "3d",
    "MagneticFieldStrength": 3,
    "Manufacturer": "GE",
    "Manufacturer'sModelName": "discovery mr750",
    "ManufacturersModelName": "DISCOVERY_MR750",
    "Modality": "MR",
    "NumberofAverages": 1,
    "PixelBandwidth": 195.312,
    "PixelSpacing": "1\\1",
    "PrivateIn-PlanePhaseEncodingDirection": "row",
    "PulseSequenceName": "mprage",
    "ReceiveCoilName": "32ch head",
    "ReconstructionDiameter": 256,
    "RepetitionTime": 0.00766,
    "Rows": 256,
    "SamplesperPixel": 1,
    "ScanOptions": "edr_gems\\filtered_gems\\acc_gems\\ir_gems",
    "SeriesDescription": "anat_t1w_mp_rage_1mm",
    "SeriesNumber": 9,
    "SliceLocation": -86.67189789,
    "SliceThickness": 1,
    "SoftwareVersion(s)": "27\\lx\\mr software release:dv26.0_r01_1725.a",
    "SoftwareVersions": "27 lx mr software release:dv26.0_r01_1725.a",
    "SpacingBetweenSlices": 1,
    "StationName": "3TA",
    "dataset": "ds003709",
    "modality": "T1w",
    "run_id": 1,
    "session_id": "visit1",
    "subject_id": "23718"
  },
  "cjv": 0.32926940026835094,
  "cnr": 3.8802487441062574,
  "efc": 0.6726073121834448,
  "fber": 1997.149058171745,
  "fwhm_avg": 3.1818633333333337,
  "fwhm_x": 3.17178,
  "fwhm_y": 3.35169,
  "fwhm_z": 3.02212,
  "icvs_csf": 0.25987609215870744,
  "icvs_gm": 0.4014277822800885,
  "icvs_wm": 0.33869612556120404,
  "inu_med": 1.1634023189544678,
  "inu_range": 0.1619062662124633,
  "provenance": {
    "md5sum": "d9c709c52de580f75a7f2d2593c0f5f8",
    "settings": {
      "testing": false
    },
    "software": "mriqc",
    "version": "21.0.0rc2",
    "warnings": {
      "large_rot_frame": true,
      "small_air_mask": false
    },
    "webapi_port": null,
    "webapi_url": "https://mriqc.nimh.nih.gov/api/v1"
  },
  "qi_1": 0.0,
  "qi_2": 0.004367244073460126,
  "rpve_csf": 22.449025938106587,
  "rpve_gm": 14.25473833115752,
  "rpve_wm": 22.23650590992177,
  "size_x": 172,
  "size_y": 256,
  "size_z": 256,
  "snr_csf": 2.4198473351546905,
  "snr_gm": 7.373232886828421,
  "snr_total": 8.63602139348624,
  "snr_wm": 16.11498395847561,
  "snrd_csf": 17.95098085182838,
  "snrd_gm": 37.07153215888542,
  "snrd_total": 39.14040837720439,
  "snrd_wm": 62.398712120899376,
  "spacing_x": 1.0,
  "spacing_y": 1.0,
  "spacing_z": 1.0,
  "summary_bg_k": 2.1567442960950434,
  "summary_bg_mad": 10.499197421409372,
  "summary_bg_mean": 20.858672806354658,
  "summary_bg_median": 10.589917160570621,
  "summary_bg_n": 1130286.0,
  "summary_bg_p05": 1.7541580572724342,
  "summary_bg_p95": 75.81860936433077,
  "summary_bg_stdv": 24.47938503432799,
  "summary_csf_k": 0.9440044329087405,
  "summary_csf_mad": 129.45799389334127,
  "summary_csf_mean": 289.3523454565417,
  "summary_csf_median": 287.6819213926792,
  "summary_csf_n": 12457.0,
  "summary_csf_p05": 114.07224877625704,
  "summary_csf_p95": 479.93764446973796,
  "summary_csf_stdv": 118.87955491374524,
  "summary_gm_k": 0.2431877347835556,
  "summary_gm_mad": 75.95061620900266,
  "summary_gm_mean": 595.0332798476535,
  "summary_gm_median": 594.1073464713991,
  "summary_gm_n": 22888.0,
  "summary_gm_p05": 461.2786002457142,
  "summary_gm_p95": 731.029128164053,
  "summary_gm_stdv": 80.574474843159,
  "summary_wm_k": 0.8792929176343138,
  "summary_wm_mad": 57.69742436169004,
  "summary_wm_mean": 1000.6056533616918,
  "summary_wm_median": 1000.0000302791595,
  "summary_wm_n": 153125.0,
  "summary_wm_p05": 900.0130210146308,
  "summary_wm_p95": 1102.5078296408049,
  "summary_wm_stdv": 62.053847992921085,
  "tpm_overlap_csf": 0.1575065404176712,
  "tpm_overlap_gm": 0.4213884770870209,
  "tpm_overlap_wm": 0.49094536900520325,
  "wm2max": 0.5327277108985772
}