{
  "aor": 0.0021251680672268905,
  "aqi": 0.0028509476050420164,
  "bids_meta": {
    "AcquisitionMatrix": "64 0 0 64",
    "DataSharing": "1",
    "EchoTime": 0.03,
    "EffectiveEchoSpacing": 0.000396,
    "FlipAngle": 65,
    "ImagesinAcquisition": 41,
    "InstitutionName": "NIH_FMRIF",
    "InternalPulseSequenceName": "epi",
    "MagneticFieldStrength": 3,
    "Manufacturer": "GE",
    "ManufacturersModelName": "DISCOVERY_MR750",
    "Modality": "MR",
    "NumberofTemporalPositions": 240,
    "PhaseEncodingDirection": "j",
    "PixelBandwidth": 7812.5,
    "PixelSpacing": "3.75\\3.75",
    "PulseSequenceName": "epirtnih",
    "ReconstructionDiameter": 240,
    "RepetitionTime": 2.0,
    "SeriesDescription": "mmi_run 2",
    "SliceThickness": 3,
    "SliceTiming": [
      0.0,
      1.02439,
      0.04878,
      1.073171,
      0.097561,
      1.121951,
      0.146341,
      1.170732,
      0.195122,
      1.219512,
      0.243902,
      1.268293,
      0.292683,
      1.317073,
      0.341463,
      1.365854,
      0.390244,
      1.414634,
      0.439024,
      1.463415,
      0.487805,
      1.512195,
      0.536585,
      1.560976,
      0.585366,
      1.609756,
      0.634146,
      1.658537,
      0.682927,
      1.707317,
      0.731707,
      1.756098,
      0.780488,
      1.804878,
      0.829268,
      1.853659,
      0.878049,
      1.902439,
      0.926829,
      1.95122,
      0.97561
    ],
    "SoftwareVersions": "27 lx mr software release:dv26.0_r01_1725.a",
    "SpacingBetweenSlices": 3.3,
    "StationName": "3TA",
    "TaskName": "MMI",
    "TotalReadoutTime": 0.024948,
    "dataset": "ds003709",
    "modality": "bold",
    "run_id": 2,
    "session_id": "visit1",
    "subject_id": "20900",
    "task_id": "MMI"
  },
  "dummy_trs": 2,
  "dvars_nstd": 19.378824193544308,
  "dvars_std": 1.2284361932911387,
  "dvars_vstd": 1.0144289008438823,
  "efc": 0.43492720909953947,
  "fber": 18073.033203125,
  "fd_mean": 0.06814523440440956,
  "fd_num": 1,
  "fd_perc": 0.42016806722689076,
  "fwhm_avg": 2.072793303359285,
  "fwhm_x": 1.932824,
  "fwhm_y": 2.1201013333333334,
  "fwhm_z": 2.1654545767445215,
  "gcor": 0.0123472,
  "gsr_x": -0.0028890527319163084,
  "gsr_y": 0.013766956515610218,
  "provenance": {
    "md5sum": "69f81c8ae2b87c84ede1639549994a5d",
    "settings": {
      "fd_thres": 0.2,
      "testing": false
    },
    "software": "mriqc",
    "version": "21.0.0rc2",
    "webapi_port": null,
    "webapi_url": "https://mriqc.nimh.nih.gov/api/v1"
  },
  "size_t": 238,
  "size_x": 64,
  "size_y": 64,
  "size_z": 41,
  "snr": 4.8328464974980685,
  "spacing_tr": 2.0,
  "spacing_x": 3.75,
  "spacing_y": 3.75,
  "spacing_z": 3.299999952316284,
  "summary_bg_k": 25.481981821123526,
  "summary_bg_mad": 21.04298573751146,
  "summary_bg_mean": 82.54176330566406,
  "summary_bg_median": 15.037816047668457,
  "summary_bg_n": 114522.0,
  "summary_bg_p05": 0.3361344635486603,
  "summary_bg_p95": 451.6538055419921,
  "summary_bg_stdv": 200.3644256591797,
  "summary_fg_k": 0.5023645631217257,
  "summary_fg_mad": 360.4715999663162,
  "summary_fg_mean": 1921.6324462890625,
  "summary_fg_median": 1880.613525390625,
  "summary_fg_n": 21191.0,
  "summary_fg_p05": 1350.6891479492188,
  "summary_fg_p95": 2624.9013671875,
  "summary_fg_stdv": 389.1224670410156,
  "tsnr": 82.59483240894042
}