{
  "aor": 0.005845756302521008,
  "aqi": 0.005036520168067228,
  "bids_meta": {
    "AcquisitionMatrix": "64 0 0 64",
    "DataSharing": "1",
    "EchoTime": 0.03,
    "EffectiveEchoSpacing": 0.000396,
    "FlipAngle": 65,
    "ImagesinAcquisition": 41,
    "InstitutionName": "NIH_FMRIF",
    "InternalPulseSequenceName": "epi",
    "MagneticFieldStrength": 3,
    "Manufacturer": "GE",
    "ManufacturersModelName": "DISCOVERY_MR750",
    "Modality": "MR",
    "NumberofTemporalPositions": 240,
    "PhaseEncodingDirection": "j",
    "PixelBandwidth": 7812.5,
    "PixelSpacing": "3.75\\3.75",
    "PulseSequenceName": "epirtnih",
    "ReconstructionDiameter": 240,
    "RepetitionTime": 2.0,
    "SeriesDescription": "mmi_run 3",
    "SliceThickness": 3,
    "SliceTiming": [
      0.0,
      1.02439,
      0.04878,
      1.073171,
      0.097561,
      1.121951,
      0.146341,
      1.170732,
      0.195122,
      1.219512,
      0.243902,
      1.268293,
      0.292683,
      1.317073,
      0.341463,
      1.365854,
      0.390244,
      1.414634,
      0.439024,
      1.463415,
      0.487805,
      1.512195,
      0.536585,
      1.560976,
      0.585366,
      1.609756,
      0.634146,
      1.658537,
      0.682927,
      1.707317,
      0.731707,
      1.756098,
      0.780488,
      1.804878,
      0.829268,
      1.853659,
      0.878049,
      1.902439,
      0.926829,
      1.95122,
      0.97561
    ],
    "SoftwareVersions": "27 lx mr software release:dv26.0_r01_1725.a",
    "SpacingBetweenSlices": 3.3,
    "StationName": "3TA",
    "TaskName": "MMI",
    "TotalReadoutTime": 0.024948,
    "dataset": "ds003709",
    "modality": "bold",
    "run_id": 3,
    "session_id": "visit1",
    "subject_id": "20900",
    "task_id": "MMI"
  },
  "dummy_trs": 2,
  "dvars_nstd": 19.79739705413503,
  "dvars_std": 1.2091714866244725,
  "dvars_vstd": 1.0465233532067517,
  "efc": 0.4361060104990695,
  "fber": 16744.033203125,
  "fd_mean": 0.10712453396100691,
  "fd_num": 24,
  "fd_perc": 10.084033613445378,
  "fwhm_avg": 2.1064537075757555,
  "fwhm_x": 1.9568666666666668,
  "fwhm_y": 2.1604853333333334,
  "fwhm_z": 2.202009122727266,
  "gcor": 0.0183589,
  "gsr_x": 0.00014232202374842018,
  "gsr_y": 0.015380682423710823,
  "provenance": {
    "md5sum": "f7e04ca52fdd3a028a9334cb8f7dff45",
    "settings": {
      "fd_thres": 0.2,
      "testing": false
    },
    "software": "mriqc",
    "version": "21.0.0rc2",
    "webapi_port": null,
    "webapi_url": "https://mriqc.nimh.nih.gov/api/v1"
  },
  "size_t": 238,
  "size_x": 64,
  "size_y": 64,
  "size_z": 41,
  "snr": 4.838654739583652,
  "spacing_tr": 2.0,
  "spacing_x": 3.75,
  "spacing_y": 3.75,
  "spacing_z": 3.299999952316284,
  "summary_bg_k": 24.199540771197363,
  "summary_bg_mad": 21.678386208576836,
  "summary_bg_mean": 81.9472427368164,
  "summary_bg_median": 15.512605667114258,
  "summary_bg_n": 114257.0,
  "summary_bg_p05": 0.34873950481414795,
  "summary_bg_p95": 450.1512756347656,
  "summary_bg_stdv": 195.90090942382812,
  "summary_fg_k": 0.4862126447890307,
  "summary_fg_mad": 363.12551585159036,
  "summary_fg_mean": 1918.3038330078125,
  "summary_fg_median": 1879.1849365234375,
  "summary_fg_n": 21274.0,
  "summary_fg_p05": 1340.810369873047,
  "summary_fg_p95": 2612.9031616210937,
  "summary_fg_stdv": 388.36016845703125,
  "tsnr": 63.06189200747758
}