{
  "bids_meta": {
    "AcquisitionMatrix": "0 256 256 0",
    "AcquisitionNumber": 1,
    "Columns": 256,
    "DataSharing": "1",
    "EchoNumber(s)": 1,
    "EchoTime": 0.003476,
    "EchoTrainLength": 1,
    "FlipAngle": 7,
    "ImagesinAcquisition": 172,
    "In-planePhaseEncodingDirection": "row",
    "InstitutionName": "NIH_FMRIF",
    "InternalPulseSequenceName": "efgre3d",
    "InversionTime": 0.9,
    "MRAcquisitionType": "3d",
    "MagneticFieldStrength": 3,
    "Manufacturer": "GE",
    "Manufacturer'sModelName": "discovery mr750",
    "ManufacturersModelName": "DISCOVERY_MR750",
    "Modality": "MR",
    "NumberofAverages": 1,
    "PixelBandwidth": 195.312,
    "PixelSpacing": "1\\1",
    "PrivateIn-PlanePhaseEncodingDirection": "row",
    "PulseSequenceName": "mprage",
    "ReceiveCoilName": "32ch head",
    "ReconstructionDiameter": 256,
    "RepetitionTime": 0.00766,
    "Rows": 256,
    "SamplesperPixel": 1,
    "ScanOptions": "edr_gems\\filtered_gems\\acc_gems\\ir_gems",
    "SeriesDescription": "anat_t1w_mp_rage_1mm",
    "SeriesNumber": 9,
    "SliceLocation": -84.33135223,
    "SliceThickness": 1,
    "SoftwareVersion(s)": "27\\lx\\mr software release:dv26.0_r01_1725.a",
    "SoftwareVersions": "27 lx mr software release:dv26.0_r01_1725.a",
    "SpacingBetweenSlices": 1,
    "StationName": "3TC",
    "dataset": "ds003709",
    "modality": "T1w",
    "run_id": 1,
    "session_id": "visit1",
    "subject_id": "23717"
  },
  "cjv": 0.3952450228813531,
  "cnr": 3.3597444356415194,
  "efc": 0.6996466440669952,
  "fber": 4049.8655828131805,
  "fwhm_avg": 3.3270866666666663,
  "fwhm_x": 3.25587,
  "fwhm_y": 3.4954,
  "fwhm_z": 3.22999,
  "icvs_csf": 0.25927393387059366,
  "icvs_gm": 0.40603328562989527,
  "icvs_wm": 0.33469278049951107,
  "inu_med": 1.144237995147705,
  "inu_range": 0.22631254196166983,
  "provenance": {
    "md5sum": "af6ee9ea362bc1b3d2a53d62b2d363fe",
    "settings": {
      "testing": false
    },
    "software": "mriqc",
    "version": "21.0.0rc2",
    "warnings": {
      "large_rot_frame": true,
      "small_air_mask": false
    },
    "webapi_port": null,
    "webapi_url": "https://mriqc.nimh.nih.gov/api/v1"
  },
  "qi_1": 0.0,
  "qi_2": 0.0016964242188953365,
  "rpve_csf": 20.649385577024525,
  "rpve_gm": 13.101988604150131,
  "rpve_wm": 20.191394567872766,
  "size_x": 172,
  "size_y": 256,
  "size_z": 256,
  "snr_csf": 2.5710974129699147,
  "snr_gm": 7.7231205199182265,
  "snr_total": 7.917187247401191,
  "snr_wm": 13.457343809315434,
  "snrd_csf": 17.29400879676549,
  "snrd_gm": 39.2848038276412,
  "snrd_total": 40.08185581628256,
  "snrd_wm": 63.666754824441014,
  "spacing_x": 1.0,
  "spacing_y": 1.0,
  "spacing_z": 1.0,
  "summary_bg_k": 4.164565103032232,
  "summary_bg_mad": 10.290085806841239,
  "summary_bg_mean": 24.529288506480597,
  "summary_bg_median": 9.291391365230083,
  "summary_bg_n": 1137421.0,
  "summary_bg_p05": 2.2948617227375507,
  "summary_bg_p95": 100.02238776907325,
  "summary_bg_stdv": 32.98528398780217,
  "summary_csf_k": 0.7876383010287125,
  "summary_csf_mad": 110.9503606753769,
  "summary_csf_mean": 286.93947451930035,
  "summary_csf_median": 271.6332668401301,
  "summary_csf_n": 17816.0,
  "summary_csf_p05": 144.296427346766,
  "summary_csf_p95": 467.8159580156207,
  "summary_csf_stdv": 105.64580014253565,
  "summary_gm_k": -0.011205329884608428,
  "summary_gm_mad": 79.25025762526921,
  "summary_gm_mean": 618.2644906798587,
  "summary_gm_median": 617.0379422307014,
  "summary_gm_n": 20385.0,
  "summary_gm_p05": 487.7980466745794,
  "summary_gm_p95": 753.0504784807563,
  "summary_gm_stdv": 79.89294040490468,
  "summary_wm_k": 0.2866690691215461,
  "summary_wm_mad": 72.11358521084706,
  "summary_wm_mean": 1000.6209767290695,
  "summary_wm_median": 999.9999887421727,
  "summary_wm_n": 174947.0,
  "summary_wm_p05": 879.9395400770009,
  "summary_wm_p95": 1123.0829382129014,
  "summary_wm_stdv": 74.3086559204557,
  "tpm_overlap_csf": 0.16575828194618225,
  "tpm_overlap_gm": 0.43186214566230774,
  "tpm_overlap_wm": 0.5049439072608948,
  "wm2max": 0.5368082226183872
}