{
  "aor": 0.007654727272727272,
  "aqi": 0.0038923202727272734,
  "bids_meta": {
    "AcquisitionMatrix": "64 0 0 64",
    "DataSharing": "1",
    "EchoTime": 0.03,
    "EffectiveEchoSpacing": 0.000396,
    "FlipAngle": 65,
    "ImagesinAcquisition": 41,
    "InstitutionName": "NIH_FMRIF",
    "InternalPulseSequenceName": "epi",
    "MagneticFieldStrength": 3,
    "Manufacturer": "GE",
    "ManufacturersModelName": "DISCOVERY_MR750",
    "Modality": "MR",
    "NumberofTemporalPositions": 240,
    "PhaseEncodingDirection": "j",
    "PixelBandwidth": 7812.5,
    "PixelSpacing": "3.75\\3.75",
    "PulseSequenceName": "epirtnih",
    "ReconstructionDiameter": 240,
    "RepetitionTime": 2.0,
    "SeriesDescription": "mmi_run1",
    "SliceThickness": 3,
    "SliceTiming": [
      0.0,
      1.02439,
      0.04878,
      1.073171,
      0.097561,
      1.121951,
      0.146341,
      1.170732,
      0.195122,
      1.219512,
      0.243902,
      1.268293,
      0.292683,
      1.317073,
      0.341463,
      1.365854,
      0.390244,
      1.414634,
      0.439024,
      1.463415,
      0.487805,
      1.512195,
      0.536585,
      1.560976,
      0.585366,
      1.609756,
      0.634146,
      1.658537,
      0.682927,
      1.707317,
      0.731707,
      1.756098,
      0.780488,
      1.804878,
      0.829268,
      1.853659,
      0.878049,
      1.902439,
      0.926829,
      1.95122,
      0.97561
    ],
    "SoftwareVersions": "27 lx mr software release:dv26.0_r01_1725.a",
    "SpacingBetweenSlices": 3.3,
    "StationName": "3TA",
    "TaskName": "MMI",
    "TotalReadoutTime": 0.024948,
    "dataset": "ds003709",
    "modality": "bold",
    "run_id": 1,
    "session_id": "visit1",
    "subject_id": "23919",
    "task_id": "MMI"
  },
  "dummy_trs": 4,
  "dvars_nstd": 18.956911282968033,
  "dvars_std": 1.1951166598173526,
  "dvars_vstd": 1.0487930893607305,
  "efc": 0.41881849134389343,
  "fber": 40086.30078125,
  "fd_mean": 0.12728978216948575,
  "fd_num": 23,
  "fd_perc": 10.454545454545455,
  "fwhm_avg": 2.142541096670306,
  "fwhm_x": 1.9861840000000002,
  "fwhm_y": 2.1367576050361134,
  "fwhm_z": 2.3046816849748044,
  "gcor": 0.0409025,
  "gsr_x": -0.014115800149738789,
  "gsr_y": 0.017383243888616562,
  "provenance": {
    "md5sum": "a6db4141ae15a679113f17930fe4d36d",
    "settings": {
      "fd_thres": 0.2,
      "testing": false
    },
    "software": "mriqc",
    "version": "21.0.0rc2",
    "webapi_port": null,
    "webapi_url": "https://mriqc.nimh.nih.gov/api/v1"
  },
  "size_t": 220,
  "size_x": 64,
  "size_y": 64,
  "size_z": 41,
  "snr": 4.501731691644579,
  "spacing_tr": 2.0,
  "spacing_x": 3.75,
  "spacing_y": 3.749999523162842,
  "spacing_z": 3.3000001907348633,
  "summary_bg_k": 35.113098269917224,
  "summary_bg_mad": 14.52276169239283,
  "summary_bg_mean": 48.15665817260742,
  "summary_bg_median": 10.67272663116455,
  "summary_bg_n": 112920.0,
  "summary_bg_p05": 0.4318181574344635,
  "summary_bg_p95": 231.9258964538567,
  "summary_bg_stdv": 113.17701721191406,
  "summary_fg_k": 1.133161337334208,
  "summary_fg_mad": 388.79560050349437,
  "summary_fg_mean": 2004.0787353515625,
  "summary_fg_median": 1958.693115234375,
  "summary_fg_n": 23334.0,
  "summary_fg_p05": 1412.5413696289063,
  "summary_fg_p95": 2815.5171752929687,
  "summary_fg_stdv": 435.08837890625,
  "tsnr": 72.57216486870311
}