{
  "bids_meta": {
    "AcquisitionMatrix": "0 256 256 0",
    "AcquisitionNumber": 1,
    "Columns": 256,
    "DataSharing": "1",
    "EchoNumber(s)": 1,
    "EchoTime": 0.003476,
    "EchoTrainLength": 1,
    "FlipAngle": 7,
    "ImagesinAcquisition": 172,
    "In-planePhaseEncodingDirection": "row",
    "InstitutionName": "NIH_FMRIF",
    "InternalPulseSequenceName": "efgre3d",
    "InversionTime": 0.9,
    "MRAcquisitionType": "3d",
    "MagneticFieldStrength": 3,
    "Manufacturer": "GE",
    "Manufacturer'sModelName": "discovery mr750",
    "ManufacturersModelName": "DISCOVERY_MR750",
    "Modality": "MR",
    "NumberofAverages": 1,
    "PixelBandwidth": 195.312,
    "PixelSpacing": "1\\1",
    "PrivateIn-PlanePhaseEncodingDirection": "row",
    "PulseSequenceName": "mprage",
    "ReceiveCoilName": "32ch head",
    "ReconstructionDiameter": 256,
    "RepetitionTime": 0.00766,
    "Rows": 256,
    "SamplesperPixel": 1,
    "ScanOptions": "edr_gems\\filtered_gems\\acc_gems\\ir_gems",
    "SeriesDescription": "anat_t1w_mp_rage_1mm",
    "SeriesNumber": 13,
    "SliceLocation": -81.67765045,
    "SliceThickness": 1,
    "SoftwareVersion(s)": "27\\lx\\mr software release:dv26.0_r01_1725.a",
    "SoftwareVersions": "27 lx mr software release:dv26.0_r01_1725.a",
    "SpacingBetweenSlices": 1,
    "StationName": "3TA",
    "dataset": "ds003709",
    "modality": "T1w",
    "run_id": 1,
    "session_id": "visit1",
    "subject_id": "23903"
  },
  "cjv": 0.3731279625075482,
  "cnr": 3.452957431921121,
  "efc": 0.6753075680741664,
  "fber": 2266.65897327267,
  "fwhm_avg": 3.0776966666666663,
  "fwhm_x": 3.06709,
  "fwhm_y": 3.29014,
  "fwhm_z": 2.87586,
  "icvs_csf": 0.2645634539641609,
  "icvs_gm": 0.41437196098347767,
  "icvs_wm": 0.32106458505236135,
  "inu_med": 0.8507592678070068,
  "inu_range": 0.1014192461967468,
  "provenance": {
    "md5sum": "778e237f3240dc48fba507595eb453cb",
    "settings": {
      "testing": false
    },
    "software": "mriqc",
    "version": "21.0.0rc2",
    "warnings": {
      "large_rot_frame": true,
      "small_air_mask": false
    },
    "webapi_port": null,
    "webapi_url": "https://mriqc.nimh.nih.gov/api/v1"
  },
  "qi_1": 0.0,
  "qi_2": 0.003287436185648533,
  "rpve_csf": 24.157890412321425,
  "rpve_gm": 15.229457402567517,
  "rpve_wm": 24.877635614815997,
  "size_x": 172,
  "size_y": 256,
  "size_z": 256,
  "snr_csf": 2.736950000956599,
  "snr_gm": 7.893400779946854,
  "snr_total": 7.859069046612398,
  "snr_wm": 12.946856358933744,
  "snrd_csf": 15.652099181832053,
  "snrd_gm": 31.273627857449593,
  "snrd_total": 32.85773590674723,
  "snrd_wm": 51.64748068096003,
  "spacing_x": 1.0,
  "spacing_y": 1.0,
  "spacing_z": 1.0,
  "summary_bg_k": 2.237353484833644,
  "summary_bg_mad": 12.684769227089529,
  "summary_bg_mean": 28.791838864840162,
  "summary_bg_median": 12.59147646278143,
  "summary_bg_n": 1134361.0,
  "summary_bg_p05": 2.0985794104635715,
  "summary_bg_p95": 104.44468296691775,
  "summary_bg_stdv": 34.665916321783754,
  "summary_csf_k": 0.4959009387295068,
  "summary_csf_mad": 117.11472468784547,
  "summary_csf_mean": 308.358005818109,
  "summary_csf_median": 303.0563907623291,
  "summary_csf_n": 5354.0,
  "summary_csf_p05": 140.22815240174532,
  "summary_csf_p95": 492.7572075225412,
  "summary_csf_stdv": 110.71743636817065,
  "summary_gm_k": 0.3251565921785389,
  "summary_gm_mad": 73.47592740974501,
  "summary_gm_mean": 605.052919872449,
  "summary_gm_median": 605.5208745114505,
  "summary_gm_n": 9261.0,
  "summary_gm_p05": 479.2832515127957,
  "summary_gm_p95": 731.9737364239991,
  "summary_gm_stdv": 76.70815134409415,
  "summary_wm_k": 0.5779553682488174,
  "summary_wm_mad": 73.71526267818066,
  "summary_wm_mean": 1002.5543740171003,
  "summary_wm_median": 999.9999939501286,
  "summary_wm_n": 125865.0,
  "summary_wm_p05": 880.7038259245455,
  "summary_wm_p95": 1133.8785983920097,
  "summary_wm_stdv": 77.23851981581642,
  "tpm_overlap_csf": 0.140823632478714,
  "tpm_overlap_gm": 0.4226067066192627,
  "tpm_overlap_wm": 0.4839950203895569,
  "wm2max": 0.49432105333156007
}