{
  "aor": 0.013809665071770337,
  "aqi": 0.011113196172248804,
  "bids_meta": {
    "DataSharing": "1",
    "EchoTime": 0.03,
    "EffectiveEchoSpacing": 0.000396,
    "InstitutionName": "NIH_FMRIF",
    "MagneticFieldStrength": 3,
    "Manufacturer": "GE",
    "ManufacturersModelName": "DISCOVERY_MR750",
    "Modality": "MR",
    "PhaseEncodingDirection": "j",
    "PixelBandwidth": 7812.5,
    "RepetitionTime": 2.0,
    "SliceTiming": [
      0.0,
      1.02439,
      0.04878,
      1.073171,
      0.097561,
      1.121951,
      0.146341,
      1.170732,
      0.195122,
      1.219512,
      0.243902,
      1.268293,
      0.292683,
      1.317073,
      0.341463,
      1.365854,
      0.390244,
      1.414634,
      0.439024,
      1.463415,
      0.487805,
      1.512195,
      0.536585,
      1.560976,
      0.585366,
      1.609756,
      0.634146,
      1.658537,
      0.682927,
      1.707317,
      0.731707,
      1.756098,
      0.780488,
      1.804878,
      0.829268,
      1.853659,
      0.878049,
      1.902439,
      0.926829,
      1.95122,
      0.97561
    ],
    "SoftwareVersions": "27 lx mr software release:dv26.0_r01_1725.a",
    "StationName": "3TC",
    "TaskName": "MMI",
    "TotalReadoutTime": 0.024948,
    "dataset": "ds003709",
    "modality": "bold",
    "run_id": 1,
    "session_id": "visit1",
    "subject_id": "23017",
    "task_id": "MMI"
  },
  "dummy_trs": 3,
  "dvars_nstd": 27.35884085067307,
  "dvars_std": 1.1763987225480765,
  "dvars_vstd": 1.0397379464423082,
  "efc": 0.43144918542896943,
  "fber": 24580.490234375,
  "fd_mean": 0.16199739711577,
  "fd_num": 43,
  "fd_perc": 20.574162679425836,
  "fwhm_avg": 2.444314921852835,
  "fwhm_x": 2.286506666666667,
  "fwhm_y": 2.3968320000000003,
  "fwhm_z": 2.6496060988918377,
  "gcor": 0.0228364,
  "gsr_x": -0.015222698450088501,
  "gsr_y": 0.02698470838367939,
  "provenance": {
    "md5sum": "352e55c4b71a9f44894a8e411dc3a407",
    "settings": {
      "fd_thres": 0.2,
      "testing": false
    },
    "software": "mriqc",
    "version": "21.0.0rc2",
    "webapi_port": null,
    "webapi_url": "https://mriqc.nimh.nih.gov/api/v1"
  },
  "size_t": 209,
  "size_x": 64,
  "size_y": 64,
  "size_z": 41,
  "snr": 3.4845321358572217,
  "spacing_tr": 2.0,
  "spacing_x": 3.75,
  "spacing_y": 3.75,
  "spacing_z": 3.299999952316284,
  "summary_bg_k": 52.57567666496536,
  "summary_bg_mad": 12.87522892718991,
  "summary_bg_mean": 43.8882942199707,
  "summary_bg_median": 9.507176399230957,
  "summary_bg_n": 110526.0,
  "summary_bg_p05": 0.3684210479259491,
  "summary_bg_p95": 200.18061065673828,
  "summary_bg_stdv": 109.30245208740234,
  "summary_fg_k": 1.0432984266219254,
  "summary_fg_mad": 356.29273214096287,
  "summary_fg_mean": 1467.3809814453125,
  "summary_fg_median": 1386.2296142578125,
  "summary_fg_n": 24747.0,
  "summary_fg_p05": 984.7310546875,
  "summary_fg_p95": 2232.858374023436,
  "summary_fg_stdv": 397.8157043457031,
  "tsnr": 43.41231440543197
}