{
  "bids_meta": {
    "AcquisitionMatrix": "0 256 256 0",
    "AcquisitionNumber": 1,
    "Columns": 256,
    "DataSharing": "1",
    "EchoNumber(s)": 1,
    "EchoTime": 0.003476,
    "EchoTrainLength": 1,
    "FlipAngle": 7,
    "ImagesinAcquisition": 172,
    "In-planePhaseEncodingDirection": "row",
    "InstitutionName": "NIH_FMRIF",
    "InternalPulseSequenceName": "efgre3d",
    "InversionTime": 0.9,
    "MRAcquisitionType": "3d",
    "MagneticFieldStrength": 3,
    "Manufacturer": "GE",
    "Manufacturer'sModelName": "discovery mr750",
    "ManufacturersModelName": "DISCOVERY_MR750",
    "Modality": "MR",
    "NumberofAverages": 1,
    "PixelBandwidth": 195.312,
    "PixelSpacing": "1\\1",
    "PrivateIn-PlanePhaseEncodingDirection": "row",
    "PulseSequenceName": "mprage",
    "ReceiveCoilName": "32ch head",
    "ReconstructionDiameter": 256,
    "RepetitionTime": 0.00766,
    "Rows": 256,
    "SamplesperPixel": 1,
    "ScanOptions": "edr_gems\\filtered_gems\\acc_gems\\ir_gems",
    "SeriesDescription": "anat_t1w_mp_rage_1mm",
    "SeriesNumber": 9,
    "SliceLocation": -87.26110077,
    "SliceThickness": 1,
    "SoftwareVersion(s)": "27\\lx\\mr software release:dv26.0_r01_1725.a",
    "SoftwareVersions": "27 lx mr software release:dv26.0_r01_1725.a",
    "SpacingBetweenSlices": 1,
    "StationName": "3TC",
    "dataset": "ds003709",
    "modality": "T1w",
    "run_id": 1,
    "session_id": "visit1",
    "subject_id": "23798"
  },
  "cjv": 0.3559208574365912,
  "cnr": 3.707112689526973,
  "efc": 0.6836443194012953,
  "fber": 3858.41753392511,
  "fwhm_avg": 3.1976566666666666,
  "fwhm_x": 3.18369,
  "fwhm_y": 3.32533,
  "fwhm_z": 3.08395,
  "icvs_csf": 0.29328535859179067,
  "icvs_gm": 0.3858277318217289,
  "icvs_wm": 0.3208869095864804,
  "inu_med": 1.302046298980713,
  "inu_range": 0.1953149557113647,
  "provenance": {
    "md5sum": "0cec7f4aab0afc0eda6e5b6a61f170b2",
    "settings": {
      "testing": false
    },
    "software": "mriqc",
    "version": "21.0.0rc2",
    "warnings": {
      "large_rot_frame": true,
      "small_air_mask": false
    },
    "webapi_port": null,
    "webapi_url": "https://mriqc.nimh.nih.gov/api/v1"
  },
  "qi_1": 8.056665211991003e-06,
  "qi_2": 0.0028617697518536277,
  "rpve_csf": 17.77138267051256,
  "rpve_gm": 12.555857751728468,
  "rpve_wm": 20.23455802989665,
  "size_x": 172,
  "size_y": 256,
  "size_z": 256,
  "snr_csf": 3.1032119075843485,
  "snr_gm": 7.179868253703245,
  "snr_total": 8.434469416850915,
  "snr_wm": 15.020328089265153,
  "snrd_csf": 29.606145700294185,
  "snrd_gm": 60.63073509757261,
  "snrd_total": 63.89182995232144,
  "snrd_wm": 101.43860905909752,
  "spacing_x": 1.0,
  "spacing_y": 1.0,
  "spacing_z": 1.0,
  "summary_bg_k": 4.5415497674436285,
  "summary_bg_mad": 6.458451949896005,
  "summary_bg_mean": 16.043598118833973,
  "summary_bg_median": 6.490677867084742,
  "summary_bg_n": 1233494.0,
  "summary_bg_p05": 2.134518224745989,
  "summary_bg_p95": 63.77417716383934,
  "summary_bg_stdv": 20.35392562777188,
  "summary_csf_k": 1.1342881295241938,
  "summary_csf_mad": 93.71213779299103,
  "summary_csf_mean": 299.80019796862604,
  "summary_csf_median": 291.86269603669643,
  "summary_csf_n": 17844.0,
  "summary_csf_p05": 164.49512233417482,
  "summary_csf_p95": 462.28655164409395,
  "summary_csf_stdv": 94.04917435196326,
  "summary_gm_k": 0.19447456071665048,
  "summary_gm_mad": 79.24520542522397,
  "summary_gm_mean": 598.7396539731284,
  "summary_gm_median": 597.7086645253003,
  "summary_gm_n": 12381.0,
  "summary_gm_p05": 461.4479909129441,
  "summary_gm_p95": 739.196729708463,
  "summary_gm_stdv": 83.24449763934221,
  "summary_wm_k": 0.3522640797979726,
  "summary_wm_mad": 63.938674303970444,
  "summary_wm_mean": 1001.0993611438249,
  "summary_wm_median": 1000.0000074952841,
  "summary_wm_n": 170855.0,
  "summary_wm_p05": 893.6661506257951,
  "summary_wm_p95": 1112.7809806354344,
  "summary_wm_stdv": 66.57624754199333,
  "tpm_overlap_csf": 0.13203959167003632,
  "tpm_overlap_gm": 0.3979624807834625,
  "tpm_overlap_wm": 0.48106515407562256,
  "wm2max": 0.5884659369007144
}