{
  "bids_meta": {
    "AcquisitionMatrix": "0 256 256 0",
    "AcquisitionNumber": 1,
    "Columns": 256,
    "DataSharing": "1",
    "EchoNumber(s)": 1,
    "EchoTime": 0.003476,
    "EchoTrainLength": 1,
    "FlipAngle": 7,
    "ImagesinAcquisition": 172,
    "In-planePhaseEncodingDirection": "row",
    "InstitutionName": "NIH_FMRIF",
    "InternalPulseSequenceName": "efgre3d",
    "InversionTime": 0.9,
    "MRAcquisitionType": "3d",
    "MagneticFieldStrength": 3,
    "Manufacturer": "GE",
    "Manufacturer'sModelName": "discovery mr750",
    "ManufacturersModelName": "DISCOVERY_MR750",
    "Modality": "MR",
    "NumberofAverages": 1,
    "PixelBandwidth": 195.312,
    "PixelSpacing": "1\\1",
    "PrivateIn-PlanePhaseEncodingDirection": "row",
    "PulseSequenceName": "mprage",
    "ReceiveCoilName": "32ch head",
    "ReconstructionDiameter": 256,
    "RepetitionTime": 0.00766,
    "Rows": 256,
    "SamplesperPixel": 1,
    "ScanOptions": "edr_gems\\filtered_gems\\acc_gems\\ir_gems",
    "SeriesDescription": "anat_t1w_mp_rage_1mm",
    "SeriesNumber": 10,
    "SliceLocation": -87.84705353,
    "SliceThickness": 1,
    "SoftwareVersion(s)": "27\\lx\\mr software release:dv26.0_r01_1725.a",
    "SoftwareVersions": "27 lx mr software release:dv26.0_r01_1725.a",
    "SpacingBetweenSlices": 1,
    "StationName": "3TA",
    "dataset": "ds003709",
    "modality": "T1w",
    "run_id": 1,
    "session_id": "visit1",
    "subject_id": "23783"
  },
  "cjv": 0.35332100077868406,
  "cnr": 3.699776902703552,
  "efc": 0.6825896466776792,
  "fber": 3348.624244738438,
  "fwhm_avg": 3.28699,
  "fwhm_x": 3.3119,
  "fwhm_y": 3.39429,
  "fwhm_z": 3.15478,
  "icvs_csf": 0.273326901664855,
  "icvs_gm": 0.3815722125490222,
  "icvs_wm": 0.3451008857861228,
  "inu_med": 1.3599241971969604,
  "inu_range": 0.1920483112335205,
  "provenance": {
    "md5sum": "999ce45d7a6cf87554ee8c89182f80ef",
    "settings": {
      "testing": false
    },
    "software": "mriqc",
    "version": "21.0.0rc2",
    "warnings": {
      "large_rot_frame": true,
      "small_air_mask": false
    },
    "webapi_port": null,
    "webapi_url": "https://mriqc.nimh.nih.gov/api/v1"
  },
  "qi_1": 0.0,
  "qi_2": 0.0047767449172684846,
  "rpve_csf": 19.082493828979217,
  "rpve_gm": 12.853278820708146,
  "rpve_wm": 19.534799473067917,
  "size_x": 172,
  "size_y": 256,
  "size_z": 256,
  "snr_csf": 2.49743756025551,
  "snr_gm": 6.831004286276852,
  "snr_total": 8.293325582567919,
  "snr_wm": 15.551534901171397,
  "snrd_csf": 17.260537466694725,
  "snrd_gm": 34.55902805488053,
  "snrd_total": 36.75579087261441,
  "snrd_wm": 58.44780709626799,
  "spacing_x": 1.0,
  "spacing_y": 1.0,
  "spacing_z": 1.0,
  "summary_bg_k": 3.297141757369852,
  "summary_bg_mad": 11.208912769560486,
  "summary_bg_mean": 19.319494296464686,
  "summary_bg_median": 9.5083487033844,
  "summary_bg_n": 1218402.0,
  "summary_bg_p05": 1.9016697406768799,
  "summary_bg_p95": 73.93320894241333,
  "summary_bg_stdv": 24.02846217852124,
  "summary_csf_k": 0.25853731811061653,
  "summary_csf_mad": 133.8192898746301,
  "summary_csf_mean": 291.7168355010692,
  "summary_csf_median": 295.31539607048035,
  "summary_csf_n": 13929.0,
  "summary_csf_p05": 118.17254061698914,
  "summary_csf_p95": 475.3339472293852,
  "summary_csf_stdv": 118.2431143986935,
  "summary_gm_k": 0.15319675386127285,
  "summary_gm_mad": 82.79466855552653,
  "summary_gm_mean": 589.6890935513811,
  "summary_gm_median": 591.2801427841187,
  "summary_gm_n": 14230.0,
  "summary_gm_p05": 444.0375653386116,
  "summary_gm_p95": 730.9369132518768,
  "summary_gm_stdv": 86.55526212685574,
  "summary_wm_k": 0.4840130381854304,
  "summary_wm_mad": 61.614637064577884,
  "summary_wm_mean": 1001.7597548096079,
  "summary_wm_median": 999.9999904632568,
  "summary_wm_n": 191391.0,
  "summary_wm_p05": 899.6753160953522,
  "summary_wm_p95": 1110.1576888561249,
  "summary_wm_stdv": 64.30216595093162,
  "tpm_overlap_csf": 0.1556953340768814,
  "tpm_overlap_gm": 0.4057677090167999,
  "tpm_overlap_wm": 0.48873546719551086,
  "wm2max": 0.5272940716102524
}