{
  "bids_meta": {
    "AcquisitionMatrix": "0 256 256 0",
    "AcquisitionNumber": 1,
    "Columns": 256,
    "DataSharing": "1",
    "EchoNumber(s)": 1,
    "EchoTime": 0.003476,
    "EchoTrainLength": 1,
    "FlipAngle": 7,
    "ImagesinAcquisition": 172,
    "In-planePhaseEncodingDirection": "row",
    "InstitutionName": "NIH_FMRIF",
    "InternalPulseSequenceName": "efgre3d",
    "InversionTime": 0.9,
    "MRAcquisitionType": "3d",
    "MagneticFieldStrength": 3,
    "Manufacturer": "GE",
    "Manufacturer'sModelName": "discovery mr750",
    "ManufacturersModelName": "DISCOVERY_MR750",
    "Modality": "MR",
    "NumberofAverages": 1,
    "PixelBandwidth": 195.312,
    "PixelSpacing": "1\\1",
    "PrivateIn-PlanePhaseEncodingDirection": "row",
    "PulseSequenceName": "mprage",
    "ReceiveCoilName": "32ch head",
    "ReconstructionDiameter": 256,
    "RepetitionTime": 0.00766,
    "Rows": 256,
    "SamplesperPixel": 1,
    "ScanOptions": "edr_gems\\filtered_gems\\acc_gems\\ir_gems",
    "SeriesDescription": "anat_t1w_mp_rage_1mm",
    "SeriesNumber": 12,
    "SliceLocation": -80.20269775,
    "SliceThickness": 1,
    "SoftwareVersion(s)": "27\\lx\\mr software release:dv26.0_r01_1725.a",
    "SoftwareVersions": "27 lx mr software release:dv26.0_r01_1725.a",
    "SpacingBetweenSlices": 1,
    "StationName": "3TA",
    "dataset": "ds003709",
    "modality": "T1w",
    "run_id": 1,
    "session_id": "visit1",
    "subject_id": "23937"
  },
  "cjv": 0.3395130115221452,
  "cnr": 3.6664894957359704,
  "efc": 0.7013268978143626,
  "fber": 1022.6550965379794,
  "fwhm_avg": 3.1077433333333335,
  "fwhm_x": 3.06335,
  "fwhm_y": 3.26965,
  "fwhm_z": 2.99023,
  "icvs_csf": 0.2935331128838527,
  "icvs_gm": 0.3550796217534405,
  "icvs_wm": 0.3513872653627068,
  "inu_med": 1.146385669708252,
  "inu_range": 0.15718647241592398,
  "provenance": {
    "md5sum": "61ce6c35ed923c01baaef78f90d2a03d",
    "settings": {
      "testing": false
    },
    "software": "mriqc",
    "version": "21.0.0rc2",
    "warnings": {
      "large_rot_frame": true,
      "small_air_mask": false
    },
    "webapi_port": null,
    "webapi_url": "https://mriqc.nimh.nih.gov/api/v1"
  },
  "qi_1": 0.0,
  "qi_2": 0.0023961770254555446,
  "rpve_csf": 20.00750671587457,
  "rpve_gm": 14.669853234626373,
  "rpve_wm": 20.55104688774248,
  "size_x": 172,
  "size_y": 256,
  "size_z": 256,
  "snr_csf": 3.291297293732556,
  "snr_gm": 8.254338246405291,
  "snr_total": 9.038616712375989,
  "snr_wm": 15.570214596990114,
  "snrd_csf": 12.167013557223319,
  "snrd_gm": 22.132231924692384,
  "snrd_total": 23.360107327513816,
  "snrd_wm": 35.781076500625744,
  "spacing_x": 1.0,
  "spacing_y": 1.0,
  "spacing_z": 1.0,
  "summary_bg_k": 8.650499233698154,
  "summary_bg_mad": 18.3105514914268,
  "summary_bg_mean": 30.06150980404108,
  "summary_bg_median": 15.863720826804638,
  "summary_bg_n": 1114181.0,
  "summary_bg_p05": 1.7567207626998425,
  "summary_bg_p95": 97.73755516111851,
  "summary_bg_stdv": 32.93028049072822,
  "summary_csf_k": 0.8125051799966956,
  "summary_csf_mad": 95.42007221178879,
  "summary_csf_mean": 332.4616924838839,
  "summary_csf_median": 340.05855248868465,
  "summary_csf_n": 17001.0,
  "summary_csf_p05": 151.92972899228334,
  "summary_csf_p95": 485.7066739052534,
  "summary_csf_stdv": 103.3174827006117,
  "summary_gm_k": 0.7464668672207755,
  "summary_gm_mad": 68.03316976555992,
  "summary_gm_mean": 617.9676228383535,
  "summary_gm_median": 618.5786443203688,
  "summary_gm_n": 9198.0,
  "summary_gm_p05": 493.86477865930647,
  "summary_gm_p95": 740.5616077048703,
  "summary_gm_stdv": 74.93574884228059,
  "summary_wm_k": 0.4504563531720107,
  "summary_wm_mad": 61.482412119920156,
  "summary_wm_mean": 1001.0785328119691,
  "summary_wm_median": 1000.0532196387649,
  "summary_wm_n": 170866.0,
  "summary_wm_p05": 898.0037135146558,
  "summary_wm_p95": 1108.1181635260582,
  "summary_wm_stdv": 64.22842067972266,
  "tpm_overlap_csf": 0.13182029128074646,
  "tpm_overlap_gm": 0.376801460981369,
  "tpm_overlap_wm": 0.4741371273994446,
  "wm2max": 0.5452962178166091
}