{
  "bids_meta": {
    "AcquisitionMatrix": "0 256 256 0",
    "AcquisitionNumber": 1,
    "Columns": 256,
    "DataSharing": "1",
    "EchoNumber(s)": 1,
    "EchoTime": 0.003476,
    "EchoTrainLength": 1,
    "FlipAngle": 7,
    "ImagesinAcquisition": 172,
    "In-planePhaseEncodingDirection": "row",
    "InstitutionName": "NIH_FMRIF",
    "InternalPulseSequenceName": "efgre3d",
    "InversionTime": 0.9,
    "MRAcquisitionType": "3d",
    "MagneticFieldStrength": 3,
    "Manufacturer": "GE",
    "Manufacturer'sModelName": "discovery mr750",
    "ManufacturersModelName": "DISCOVERY_MR750",
    "Modality": "MR",
    "NumberofAverages": 1,
    "PixelBandwidth": 195.312,
    "PixelSpacing": "1\\1",
    "PrivateIn-PlanePhaseEncodingDirection": "row",
    "PulseSequenceName": "mprage",
    "ReceiveCoilName": "32ch head",
    "ReconstructionDiameter": 256,
    "RepetitionTime": 0.00766,
    "Rows": 256,
    "SamplesperPixel": 1,
    "ScanOptions": "edr_gems\\filtered_gems\\acc_gems\\ir_gems",
    "SeriesDescription": "anat_t1w_mp_rage_1mm",
    "SeriesNumber": 13,
    "SliceLocation": -86.59975433,
    "SliceThickness": 1,
    "SoftwareVersion(s)": "27\\lx\\mr software release:dv26.0_r01_1725.a",
    "SoftwareVersions": "27 lx mr software release:dv26.0_r01_1725.a",
    "SpacingBetweenSlices": 1,
    "StationName": "3TA",
    "dataset": "ds003709",
    "modality": "T1w",
    "run_id": 1,
    "session_id": "visit1",
    "subject_id": "23943"
  },
  "cjv": 0.41859154306489266,
  "cnr": 3.235672486023204,
  "efc": 0.6871192581456399,
  "fber": 3700.39624783737,
  "fwhm_avg": 3.0416866666666666,
  "fwhm_x": 2.93118,
  "fwhm_y": 3.27089,
  "fwhm_z": 2.92299,
  "icvs_csf": 0.2413436899530105,
  "icvs_gm": 0.4318107961117968,
  "icvs_wm": 0.32684551393519273,
  "inu_med": 0.8771820068359375,
  "inu_range": 0.13812190294265747,
  "provenance": {
    "md5sum": "aff95eb66ac78f00daad365c19404d76",
    "settings": {
      "testing": false
    },
    "software": "mriqc",
    "version": "21.0.0rc2",
    "warnings": {
      "large_rot_frame": true,
      "small_air_mask": false
    },
    "webapi_port": null,
    "webapi_url": "https://mriqc.nimh.nih.gov/api/v1"
  },
  "qi_1": 0.0,
  "qi_2": 0.004259690746557631,
  "rpve_csf": 23.804463058281915,
  "rpve_gm": 13.815333519022348,
  "rpve_wm": 22.84228849640449,
  "size_x": 172,
  "size_y": 256,
  "size_z": 256,
  "snr_csf": 2.2087272796982855,
  "snr_gm": 7.5516192872858365,
  "snr_total": 7.778538846003495,
  "snr_wm": 13.57526997102636,
  "snrd_csf": 19.5355827810491,
  "snrd_gm": 44.93565913641481,
  "snrd_total": 45.15750974604788,
  "snrd_wm": 71.00128732067971,
  "spacing_x": 1.0,
  "spacing_y": 1.0,
  "spacing_z": 1.0,
  "summary_bg_k": 3.3377618492982197,
  "summary_bg_mad": 9.227106045620204,
  "summary_bg_mean": 18.09735823643184,
  "summary_bg_median": 10.372647419571877,
  "summary_bg_n": 902627.0,
  "summary_bg_p05": 2.0745294839143753,
  "summary_bg_p95": 65.46293038129807,
  "summary_bg_stdv": 20.571422793534573,
  "summary_csf_k": 0.5583330067282954,
  "summary_csf_mad": 139.88748424718037,
  "summary_csf_mean": 285.24634321665036,
  "summary_csf_median": 275.1440771073103,
  "summary_csf_n": 8021.0,
  "summary_csf_p05": 113.40761178731918,
  "summary_csf_p95": 494.4295269995928,
  "summary_csf_stdv": 124.56355640615828,
  "summary_gm_k": -0.03427384880356854,
  "summary_gm_mad": 82.24655018441712,
  "summary_gm_mean": 635.4305712289765,
  "summary_gm_median": 632.8851614445448,
  "summary_gm_n": 20567.0,
  "summary_gm_p05": 499.8847711980343,
  "summary_gm_p95": 781.3292711824179,
  "summary_gm_stdv": 83.80583703224247,
  "summary_wm_k": 0.4525830312719932,
  "summary_wm_mad": 71.4246356864675,
  "summary_wm_mean": 1002.962613213948,
  "summary_wm_median": 1000.0000456720591,
  "summary_wm_n": 142870.0,
  "summary_wm_p05": 887.8217846900225,
  "summary_wm_p95": 1127.8525294214487,
  "summary_wm_stdv": 73.66310564099537,
  "tpm_overlap_csf": 0.1590421497821808,
  "tpm_overlap_gm": 0.435045063495636,
  "tpm_overlap_wm": 0.48805925250053406,
  "wm2max": 0.4962082956991174
}