{
  "aor": 0.0036374208144796375,
  "aqi": 0.007006089999999999,
  "bids_meta": {
    "AcquisitionMatrix": "64 0 0 64",
    "DataSharing": "1",
    "EchoTime": 0.03,
    "EffectiveEchoSpacing": 0.000396,
    "FlipAngle": 65,
    "ImagesinAcquisition": 41,
    "InstitutionName": "NIH_FMRIF",
    "InternalPulseSequenceName": "epi",
    "MagneticFieldStrength": 3,
    "Manufacturer": "GE",
    "ManufacturersModelName": "DISCOVERY_MR750",
    "Modality": "MR",
    "NumberofTemporalPositions": 240,
    "PhaseEncodingDirection": "j",
    "PixelBandwidth": 7812.5,
    "PixelSpacing": "3.75\\3.75",
    "PulseSequenceName": "epirtnih",
    "ReconstructionDiameter": 240,
    "RepetitionTime": 2.0,
    "SeriesDescription": "mmi_run 1",
    "SliceThickness": 3,
    "SliceTiming": [
      0.0,
      1.02439,
      0.04878,
      1.073171,
      0.097561,
      1.121951,
      0.146341,
      1.170732,
      0.195122,
      1.219512,
      0.243902,
      1.268293,
      0.292683,
      1.317073,
      0.341463,
      1.365854,
      0.390244,
      1.414634,
      0.439024,
      1.463415,
      0.487805,
      1.512195,
      0.536585,
      1.560976,
      0.585366,
      1.609756,
      0.634146,
      1.658537,
      0.682927,
      1.707317,
      0.731707,
      1.756098,
      0.780488,
      1.804878,
      0.829268,
      1.853659,
      0.878049,
      1.902439,
      0.926829,
      1.95122,
      0.97561
    ],
    "SoftwareVersions": "27 lx mr software release:dv26.0_r01_1725.a",
    "SpacingBetweenSlices": 3.3,
    "StationName": "3TA",
    "TaskName": "MMI",
    "TotalReadoutTime": 0.024948,
    "dataset": "ds003709",
    "modality": "bold",
    "run_id": 1,
    "session_id": "visit1",
    "subject_id": "23952",
    "task_id": "MMI"
  },
  "dummy_trs": 3,
  "dvars_nstd": 22.54101805695453,
  "dvars_std": 1.1022992752272724,
  "dvars_vstd": 0.976864360136364,
  "efc": 0.4020790014455979,
  "fber": 42088.30859375,
  "fd_mean": 0.197027054519135,
  "fd_num": 70,
  "fd_perc": 31.67420814479638,
  "fwhm_avg": 2.157744455329015,
  "fwhm_x": 2.0127706666666665,
  "fwhm_y": 2.200629333333333,
  "fwhm_z": 2.259833365987046,
  "gcor": 0.0341251,
  "gsr_x": -0.020049886777997017,
  "gsr_y": 0.02578907273709774,
  "provenance": {
    "md5sum": "34e4560b059214ad6f30fe675b83fabb",
    "settings": {
      "fd_thres": 0.2,
      "testing": false
    },
    "software": "mriqc",
    "version": "21.0.0rc2",
    "webapi_port": null,
    "webapi_url": "https://mriqc.nimh.nih.gov/api/v1"
  },
  "size_t": 221,
  "size_x": 64,
  "size_y": 64,
  "size_z": 41,
  "snr": 4.673765037676634,
  "spacing_tr": 2.0,
  "spacing_x": 3.75,
  "spacing_y": 3.75,
  "spacing_z": 3.299999952316284,
  "summary_bg_k": 83.76704470910178,
  "summary_bg_mad": 14.195413752818952,
  "summary_bg_mean": 47.896480560302734,
  "summary_bg_median": 10.39819049835205,
  "summary_bg_n": 115390.0,
  "summary_bg_p05": 0.33936652541160583,
  "summary_bg_p95": 212.56562042236223,
  "summary_bg_stdv": 129.49325561523438,
  "summary_fg_k": 1.351990392633045,
  "summary_fg_mad": 356.20703729837714,
  "summary_fg_mean": 2052.587158203125,
  "summary_fg_median": 1993.2127685546875,
  "summary_fg_n": 20598.0,
  "summary_fg_p05": 1462.1840148925783,
  "summary_fg_p95": 2861.77392578125,
  "summary_fg_stdv": 426.4579772949219,
  "tsnr": 57.53523406852037
}