{
  "aor": 0.0016316033755274261,
  "aqi": 0.003924688987341772,
  "bids_meta": {
    "AcquisitionMatrix": "64 0 0 64",
    "DataSharing": "1",
    "EchoTime": 0.03,
    "EffectiveEchoSpacing": 0.000396,
    "FlipAngle": 65,
    "ImagesinAcquisition": 41,
    "InstitutionName": "NIH_FMRIF",
    "InternalPulseSequenceName": "epi",
    "MagneticFieldStrength": 3,
    "Manufacturer": "GE",
    "ManufacturersModelName": "DISCOVERY_MR750",
    "Modality": "MR",
    "NumberofTemporalPositions": 240,
    "PhaseEncodingDirection": "j",
    "PixelBandwidth": 7812.5,
    "PixelSpacing": "3.75\\3.75",
    "PulseSequenceName": "epirtnih",
    "ReconstructionDiameter": 240,
    "RepetitionTime": 2.0,
    "SeriesDescription": "mmi_run 3",
    "SliceThickness": 3,
    "SliceTiming": [
      0.0,
      1.02439,
      0.04878,
      1.073171,
      0.097561,
      1.121951,
      0.146341,
      1.170732,
      0.195122,
      1.219512,
      0.243902,
      1.268293,
      0.292683,
      1.317073,
      0.341463,
      1.365854,
      0.390244,
      1.414634,
      0.439024,
      1.463415,
      0.487805,
      1.512195,
      0.536585,
      1.560976,
      0.585366,
      1.609756,
      0.634146,
      1.658537,
      0.682927,
      1.707317,
      0.731707,
      1.756098,
      0.780488,
      1.804878,
      0.829268,
      1.853659,
      0.878049,
      1.902439,
      0.926829,
      1.95122,
      0.97561
    ],
    "SoftwareVersions": "27 lx mr software release:dv26.0_r01_1725.a",
    "SpacingBetweenSlices": 3.3,
    "StationName": "3TC",
    "TaskName": "MMI",
    "TotalReadoutTime": 0.024948,
    "dataset": "ds003709",
    "modality": "bold",
    "run_id": 3,
    "session_id": "visit1",
    "subject_id": "23540",
    "task_id": "MMI"
  },
  "dummy_trs": 3,
  "dvars_nstd": 19.200542862711856,
  "dvars_std": 1.0668931983898307,
  "dvars_vstd": 0.9763489968644067,
  "efc": 0.41772723597789985,
  "fber": 18509.041015625,
  "fd_mean": 0.10433136099452603,
  "fd_num": 25,
  "fd_perc": 10.548523206751055,
  "fwhm_avg": 2.432457480297998,
  "fwhm_x": 2.3119146666666666,
  "fwhm_y": 2.349842965464651,
  "fwhm_z": 2.6356148087626763,
  "gcor": 0.0233132,
  "gsr_x": -0.006533741485327482,
  "gsr_y": 0.015758957713842392,
  "provenance": {
    "md5sum": "c9382e15fe1ea3159120ce7fbe480268",
    "settings": {
      "fd_thres": 0.2,
      "testing": false
    },
    "software": "mriqc",
    "version": "21.0.0rc2",
    "webapi_port": null,
    "webapi_url": "https://mriqc.nimh.nih.gov/api/v1"
  },
  "size_t": 237,
  "size_x": 64,
  "size_y": 64,
  "size_z": 41,
  "snr": 3.2365355006943464,
  "spacing_tr": 2.0,
  "spacing_x": 3.75,
  "spacing_y": 3.749999523162842,
  "spacing_z": 3.3000004291534424,
  "summary_bg_k": 43.34234175715163,
  "summary_bg_mad": 14.23172983736516,
  "summary_bg_mean": 40.19309997558594,
  "summary_bg_median": 10.628691673278809,
  "summary_bg_n": 112509.0,
  "summary_bg_p05": 0.44472572207451094,
  "summary_bg_p95": 178.29113464355413,
  "summary_bg_stdv": 92.75667572021484,
  "summary_fg_k": 1.1378692700964912,
  "summary_fg_mad": 385.1761471626871,
  "summary_fg_mean": 1426.923828125,
  "summary_fg_median": 1353.1138916015625,
  "summary_fg_n": 22937.0,
  "summary_fg_p05": 919.264111328125,
  "summary_fg_p95": 2246.654736328125,
  "summary_fg_stdv": 418.065673828125,
  "tsnr": 64.48245613987092
}