{
  "aor": 0.000989029535864979,
  "aqi": 0.0023716321518987343,
  "bids_meta": {
    "AcquisitionMatrix": "64 0 0 64",
    "DataSharing": "1",
    "EchoTime": 0.03,
    "EffectiveEchoSpacing": 0.000396,
    "FlipAngle": 65,
    "ImagesinAcquisition": 41,
    "InstitutionName": "NIH_FMRIF",
    "InternalPulseSequenceName": "epi",
    "MagneticFieldStrength": 3,
    "Manufacturer": "GE",
    "ManufacturersModelName": "DISCOVERY_MR750",
    "Modality": "MR",
    "NumberofTemporalPositions": 240,
    "PhaseEncodingDirection": "j",
    "PixelBandwidth": 7812.5,
    "PixelSpacing": "3.75\\3.75",
    "PulseSequenceName": "epirtnih",
    "ReconstructionDiameter": 240,
    "RepetitionTime": 2.0,
    "SeriesDescription": "mmi_run 2",
    "SliceThickness": 3,
    "SliceTiming": [
      0.0,
      1.02439,
      0.04878,
      1.073171,
      0.097561,
      1.121951,
      0.146341,
      1.170732,
      0.195122,
      1.219512,
      0.243902,
      1.268293,
      0.292683,
      1.317073,
      0.341463,
      1.365854,
      0.390244,
      1.414634,
      0.439024,
      1.463415,
      0.487805,
      1.512195,
      0.536585,
      1.560976,
      0.585366,
      1.609756,
      0.634146,
      1.658537,
      0.682927,
      1.707317,
      0.731707,
      1.756098,
      0.780488,
      1.804878,
      0.829268,
      1.853659,
      0.878049,
      1.902439,
      0.926829,
      1.95122,
      0.97561
    ],
    "SoftwareVersions": "27 lx mr software release:dv26.0_r01_1725.a",
    "SpacingBetweenSlices": 3.3,
    "StationName": "3TC",
    "TaskName": "MMI",
    "TotalReadoutTime": 0.024948,
    "dataset": "ds003709",
    "modality": "bold",
    "run_id": 2,
    "session_id": "visit1",
    "subject_id": "23540",
    "task_id": "MMI"
  },
  "dummy_trs": 3,
  "dvars_nstd": 17.151431164618646,
  "dvars_std": 1.0820587418220342,
  "dvars_vstd": 0.978879662542373,
  "efc": 0.4174219142342427,
  "fber": 19327.974609375,
  "fd_mean": 0.04942411279447732,
  "fd_num": 3,
  "fd_perc": 1.2658227848101267,
  "fwhm_avg": 2.4131511786077415,
  "fwhm_x": 2.2962586666666667,
  "fwhm_y": 2.344104298068275,
  "fwhm_z": 2.5990905710882832,
  "gcor": 0.0109499,
  "gsr_x": -0.0064877914264798164,
  "gsr_y": 0.015677738934755325,
  "provenance": {
    "md5sum": "cadd1e74b174b985aed5a0ddefe305de",
    "settings": {
      "fd_thres": 0.2,
      "testing": false
    },
    "software": "mriqc",
    "version": "21.0.0rc2",
    "webapi_port": null,
    "webapi_url": "https://mriqc.nimh.nih.gov/api/v1"
  },
  "size_t": 237,
  "size_x": 64,
  "size_y": 64,
  "size_z": 41,
  "snr": 3.2421529011883066,
  "spacing_tr": 2.0,
  "spacing_x": 3.75,
  "spacing_y": 3.749999523162842,
  "spacing_z": 3.3000004291534424,
  "summary_bg_k": 44.071268291981745,
  "summary_bg_mad": 13.90643287662408,
  "summary_bg_mean": 40.17873764038086,
  "summary_bg_median": 10.392404556274414,
  "summary_bg_n": 112550.0,
  "summary_bg_p05": 0.4430379569530487,
  "summary_bg_p95": 178.80885391235282,
  "summary_bg_stdv": 93.97340393066406,
  "summary_fg_k": 1.0870655243448368,
  "summary_fg_mad": 383.60920746446664,
  "summary_fg_mean": 1425.0933837890625,
  "summary_fg_median": 1351.7784423828125,
  "summary_fg_n": 22960.0,
  "summary_fg_p05": 916.3558410644531,
  "summary_fg_p95": 2241.6834838867185,
  "summary_fg_stdv": 416.929443359375,
  "tsnr": 80.84705166576896
}