{
  "aor": 0.0011209722222222222,
  "aqi": 0.002833581527777778,
  "bids_meta": {
    "AcquisitionMatrix": "64 0 0 64",
    "DataSharing": "1",
    "EchoTime": 0.03,
    "EffectiveEchoSpacing": 0.000396,
    "FlipAngle": 65,
    "ImagesinAcquisition": 41,
    "InstitutionName": "NIH_FMRIF",
    "InternalPulseSequenceName": "epi",
    "MagneticFieldStrength": 3,
    "Manufacturer": "GE",
    "ManufacturersModelName": "DISCOVERY_MR750",
    "Modality": "MR",
    "NumberofTemporalPositions": 240,
    "PhaseEncodingDirection": "j",
    "PixelBandwidth": 7812.5,
    "PixelSpacing": "3.75\\3.75",
    "PulseSequenceName": "epirtnih",
    "ReconstructionDiameter": 240,
    "RepetitionTime": 2.0,
    "SeriesDescription": "mmi_run 2",
    "SliceThickness": 3,
    "SliceTiming": [
      0.0,
      1.02439,
      0.04878,
      1.073171,
      0.097561,
      1.121951,
      0.146341,
      1.170732,
      0.195122,
      1.219512,
      0.243902,
      1.268293,
      0.292683,
      1.317073,
      0.341463,
      1.365854,
      0.390244,
      1.414634,
      0.439024,
      1.463415,
      0.487805,
      1.512195,
      0.536585,
      1.560976,
      0.585366,
      1.609756,
      0.634146,
      1.658537,
      0.682927,
      1.707317,
      0.731707,
      1.756098,
      0.780488,
      1.804878,
      0.829268,
      1.853659,
      0.878049,
      1.902439,
      0.926829,
      1.95122,
      0.97561
    ],
    "SoftwareVersions": "27 lx mr software release:dv26.0_r01_1725.a",
    "SpacingBetweenSlices": 3.3,
    "StationName": "3TC",
    "TaskName": "MMI",
    "TotalReadoutTime": 0.024948,
    "dataset": "ds003709",
    "modality": "bold",
    "run_id": 2,
    "session_id": "visit1",
    "subject_id": "23817",
    "task_id": "MMI"
  },
  "dummy_trs": 3,
  "dvars_nstd": 19.611754572604646,
  "dvars_std": 1.190301079488372,
  "dvars_vstd": 0.981020512418605,
  "efc": 0.3893855198206326,
  "fber": 33025.23828125,
  "fd_mean": 0.07341173265530031,
  "fd_num": 3,
  "fd_perc": 1.3888888888888888,
  "fwhm_avg": 2.471122955639611,
  "fwhm_x": 2.3787760000000002,
  "fwhm_y": 2.3537441496470226,
  "fwhm_z": 2.680848717271809,
  "gcor": 0.0287676,
  "gsr_x": -0.017102256417274475,
  "gsr_y": 0.006583214737474918,
  "provenance": {
    "md5sum": "a8f7d967aae6c5cfa428f477ce6f4698",
    "settings": {
      "fd_thres": 0.2,
      "testing": false
    },
    "software": "mriqc",
    "version": "21.0.0rc2",
    "webapi_port": null,
    "webapi_url": "https://mriqc.nimh.nih.gov/api/v1"
  },
  "size_t": 216,
  "size_x": 64,
  "size_y": 64,
  "size_z": 41,
  "snr": 3.422706575126699,
  "spacing_tr": 2.0,
  "spacing_x": 3.75,
  "spacing_y": 3.749999761581421,
  "spacing_z": 3.299999713897705,
  "summary_bg_k": 52.80469946731686,
  "summary_bg_mad": 10.803777244713977,
  "summary_bg_mean": 38.07905578613281,
  "summary_bg_median": 8.375,
  "summary_bg_n": 117516.0,
  "summary_bg_p05": 0.5138888955116272,
  "summary_bg_p95": 170.80093383789062,
  "summary_bg_stdv": 99.21348571777344,
  "summary_fg_k": 1.4795579443882074,
  "summary_fg_mad": 361.6999228736645,
  "summary_fg_mean": 1497.5841064453125,
  "summary_fg_median": 1417.351806640625,
  "summary_fg_n": 19491.0,
  "summary_fg_p05": 1001.8541564941406,
  "summary_fg_p95": 2317.97216796875,
  "summary_fg_stdv": 414.0920104980469,
  "tsnr": 80.85704292927403
}