{
  "aor": 0.002936088888888889,
  "aqi": 0.0039388964,
  "bids_meta": {
    "AcquisitionMatrix": "64 0 0 64",
    "DataSharing": "1",
    "EchoTime": 0.03,
    "EffectiveEchoSpacing": 0.000396,
    "FlipAngle": 65,
    "ImagesinAcquisition": 41,
    "InstitutionName": "NIH_FMRIF",
    "InternalPulseSequenceName": "epi",
    "MagneticFieldStrength": 3,
    "Manufacturer": "GE",
    "ManufacturersModelName": "DISCOVERY_MR750",
    "Modality": "MR",
    "NumberofTemporalPositions": 240,
    "PhaseEncodingDirection": "j",
    "PixelBandwidth": 7812.5,
    "PixelSpacing": "3.75\\3.75",
    "PulseSequenceName": "epirtnih",
    "ReconstructionDiameter": 240,
    "RepetitionTime": 2.0,
    "SeriesDescription": "mmi_run 3",
    "SliceThickness": 3,
    "SliceTiming": [
      0.0,
      1.02439,
      0.04878,
      1.073171,
      0.097561,
      1.121951,
      0.146341,
      1.170732,
      0.195122,
      1.219512,
      0.243902,
      1.268293,
      0.292683,
      1.317073,
      0.341463,
      1.365854,
      0.390244,
      1.414634,
      0.439024,
      1.463415,
      0.487805,
      1.512195,
      0.536585,
      1.560976,
      0.585366,
      1.609756,
      0.634146,
      1.658537,
      0.682927,
      1.707317,
      0.731707,
      1.756098,
      0.780488,
      1.804878,
      0.829268,
      1.853659,
      0.878049,
      1.902439,
      0.926829,
      1.95122,
      0.97561
    ],
    "SoftwareVersions": "27 lx mr software release:dv26.0_r01_1725.a",
    "SpacingBetweenSlices": 3.3,
    "StationName": "3TC",
    "TaskName": "MMI",
    "TotalReadoutTime": 0.024948,
    "dataset": "ds003709",
    "modality": "bold",
    "run_id": 3,
    "session_id": "visit1",
    "subject_id": "23817",
    "task_id": "MMI"
  },
  "dummy_trs": 3,
  "dvars_nstd": 20.485470056696446,
  "dvars_std": 1.1726743260714279,
  "dvars_vstd": 0.9830819204017854,
  "efc": 0.3899642743681293,
  "fber": 32514.580078125,
  "fd_mean": 0.09814060239307366,
  "fd_num": 17,
  "fd_perc": 7.555555555555555,
  "fwhm_avg": 2.50000913930045,
  "fwhm_x": 2.3927493333333336,
  "fwhm_y": 2.387208151774607,
  "fwhm_z": 2.720069932793409,
  "gcor": 0.0271879,
  "gsr_x": -0.017360331490635872,
  "gsr_y": 0.0070630344562232494,
  "provenance": {
    "md5sum": "1e42be755ee276009423fe9d98b44aba",
    "settings": {
      "fd_thres": 0.2,
      "testing": false
    },
    "software": "mriqc",
    "version": "21.0.0rc2",
    "webapi_port": null,
    "webapi_url": "https://mriqc.nimh.nih.gov/api/v1"
  },
  "size_t": 225,
  "size_x": 64,
  "size_y": 64,
  "size_z": 41,
  "snr": 3.4285845171288054,
  "spacing_tr": 2.0,
  "spacing_x": 3.75,
  "spacing_y": 3.749999761581421,
  "spacing_z": 3.299999713897705,
  "summary_bg_k": 51.88476043989536,
  "summary_bg_mad": 10.813112119031006,
  "summary_bg_mean": 38.37591552734375,
  "summary_bg_median": 8.382222175598145,
  "summary_bg_n": 117533.0,
  "summary_bg_p05": 0.5066666603088379,
  "summary_bg_p95": 171.28978271484368,
  "summary_bg_stdv": 99.62657928466797,
  "summary_fg_k": 1.4178068358622768,
  "summary_fg_mad": 360.68425348276446,
  "summary_fg_mean": 1493.7041015625,
  "summary_fg_median": 1413.8778076171875,
  "summary_fg_n": 19476.0,
  "summary_fg_p05": 998.158935546875,
  "summary_fg_p95": 2321.489990234375,
  "summary_fg_stdv": 412.3688659667969,
  "tsnr": 68.64330107264686
}