{
  "aor": 0.001608425925925926,
  "aqi": 0.0041842193981481484,
  "bids_meta": {
    "AcquisitionMatrix": "64 0 0 64",
    "DataSharing": "1",
    "EchoTime": 0.03,
    "EffectiveEchoSpacing": 0.000396,
    "FlipAngle": 65,
    "ImagesinAcquisition": 41,
    "InstitutionName": "NIH_FMRIF",
    "InternalPulseSequenceName": "epi",
    "MagneticFieldStrength": 3,
    "Manufacturer": "GE",
    "ManufacturersModelName": "DISCOVERY_MR750",
    "Modality": "MR",
    "NumberofTemporalPositions": 240,
    "PhaseEncodingDirection": "j",
    "PixelBandwidth": 7812.5,
    "PixelSpacing": "3.75\\3.75",
    "PulseSequenceName": "epirtnih",
    "ReconstructionDiameter": 240,
    "RepetitionTime": 2.0,
    "SeriesDescription": "mmi_run 1",
    "SliceThickness": 3,
    "SliceTiming": [
      0.0,
      1.02439,
      0.04878,
      1.073171,
      0.097561,
      1.121951,
      0.146341,
      1.170732,
      0.195122,
      1.219512,
      0.243902,
      1.268293,
      0.292683,
      1.317073,
      0.341463,
      1.365854,
      0.390244,
      1.414634,
      0.439024,
      1.463415,
      0.487805,
      1.512195,
      0.536585,
      1.560976,
      0.585366,
      1.609756,
      0.634146,
      1.658537,
      0.682927,
      1.707317,
      0.731707,
      1.756098,
      0.780488,
      1.804878,
      0.829268,
      1.853659,
      0.878049,
      1.902439,
      0.926829,
      1.95122,
      0.97561
    ],
    "SoftwareVersions": "27 lx mr software release:dv26.0_r01_1725.a",
    "SpacingBetweenSlices": 3.3,
    "StationName": "3TC",
    "TaskName": "MMI",
    "TotalReadoutTime": 0.024948,
    "dataset": "ds003709",
    "modality": "bold",
    "run_id": 1,
    "session_id": "visit1",
    "subject_id": "23689",
    "task_id": "MMI"
  },
  "dummy_trs": 3,
  "dvars_nstd": 21.046914415348827,
  "dvars_std": 1.2295483847906974,
  "dvars_vstd": 0.9775370223255816,
  "efc": 0.3880062241395476,
  "fber": 28237.216796875,
  "fd_mean": 0.056025086535534965,
  "fd_num": 4,
  "fd_perc": 1.8518518518518519,
  "fwhm_avg": 2.461469450849524,
  "fwhm_x": 2.3181146666666668,
  "fwhm_y": 2.3979813333333335,
  "fwhm_z": 2.668312352548572,
  "gcor": 0.0197975,
  "gsr_x": -0.017511527985334396,
  "gsr_y": 0.006903151515871286,
  "provenance": {
    "md5sum": "91ccac7152f50adec51eeba1d085d328",
    "settings": {
      "fd_thres": 0.2,
      "testing": false
    },
    "software": "mriqc",
    "version": "21.0.0rc2",
    "webapi_port": null,
    "webapi_url": "https://mriqc.nimh.nih.gov/api/v1"
  },
  "size_t": 216,
  "size_x": 64,
  "size_y": 64,
  "size_z": 41,
  "snr": 3.5553601971659825,
  "spacing_tr": 2.0,
  "spacing_x": 3.75,
  "spacing_y": 3.75,
  "spacing_z": 3.299999713897705,
  "summary_bg_k": 59.463593603104016,
  "summary_bg_mad": 11.400935961029969,
  "summary_bg_mean": 42.0633430480957,
  "summary_bg_median": 8.833333015441895,
  "summary_bg_n": 118868.0,
  "summary_bg_p05": 0.5231481790542603,
  "summary_bg_p95": 194.8791656494139,
  "summary_bg_stdv": 112.72557830810547,
  "summary_fg_k": 1.5826503230428193,
  "summary_fg_mad": 331.5572370711344,
  "summary_fg_mean": 1443.3597412109375,
  "summary_fg_median": 1363.7130126953125,
  "summary_fg_n": 18776.0,
  "summary_fg_p05": 995.0439758300781,
  "summary_fg_p95": 2208.1527709960938,
  "summary_fg_stdv": 383.5551452636719,
  "tsnr": 77.27292442694306
}