{
  "aor": 0.0012478902953586496,
  "aqi": 0.00631675746835443,
  "bids_meta": {
    "AcquisitionMatrix": "64 0 0 64",
    "DataSharing": "1",
    "EchoTime": 0.03,
    "EffectiveEchoSpacing": 0.000396,
    "FlipAngle": 65,
    "ImagesinAcquisition": 41,
    "InstitutionName": "NIH_FMRIF",
    "InternalPulseSequenceName": "epi",
    "MagneticFieldStrength": 3,
    "Manufacturer": "GE",
    "ManufacturersModelName": "DISCOVERY_MR750",
    "Modality": "MR",
    "NumberofTemporalPositions": 240,
    "PhaseEncodingDirection": "j",
    "PixelBandwidth": 7812.5,
    "PixelSpacing": "3.75\\3.75",
    "PulseSequenceName": "epirtnih",
    "ReconstructionDiameter": 240,
    "RepetitionTime": 2.0,
    "SeriesDescription": "mmi_run 3",
    "SliceThickness": 3,
    "SliceTiming": [
      0.0,
      1.02439,
      0.04878,
      1.073171,
      0.097561,
      1.121951,
      0.146341,
      1.170732,
      0.195122,
      1.219512,
      0.243902,
      1.268293,
      0.292683,
      1.317073,
      0.341463,
      1.365854,
      0.390244,
      1.414634,
      0.439024,
      1.463415,
      0.487805,
      1.512195,
      0.536585,
      1.560976,
      0.585366,
      1.609756,
      0.634146,
      1.658537,
      0.682927,
      1.707317,
      0.731707,
      1.756098,
      0.780488,
      1.804878,
      0.829268,
      1.853659,
      0.878049,
      1.902439,
      0.926829,
      1.95122,
      0.97561
    ],
    "SoftwareVersions": "27 lx mr software release:dv26.0_r01_1725.a",
    "SpacingBetweenSlices": 3.3,
    "StationName": "3TC",
    "TaskName": "MMI",
    "TotalReadoutTime": 0.024948,
    "dataset": "ds003709",
    "modality": "bold",
    "run_id": 3,
    "session_id": "visit1",
    "subject_id": "23689",
    "task_id": "MMI"
  },
  "dummy_trs": 3,
  "dvars_nstd": 21.540985875169497,
  "dvars_std": 1.1637953146610174,
  "dvars_vstd": 0.9499136681779661,
  "efc": 0.38872904836157735,
  "fber": 27017.43359375,
  "fd_mean": 0.07074858032408286,
  "fd_num": 6,
  "fd_perc": 2.5316455696202533,
  "fwhm_avg": 2.478117128650917,
  "fwhm_x": 2.3162293333333333,
  "fwhm_y": 2.41404,
  "fwhm_z": 2.7040820526194183,
  "gcor": 0.0172061,
  "gsr_x": -0.017796866595745087,
  "gsr_y": 0.008043020963668823,
  "provenance": {
    "md5sum": "bb0080917da8990ae2edad6ec3b9061b",
    "settings": {
      "fd_thres": 0.2,
      "testing": false
    },
    "software": "mriqc",
    "version": "21.0.0rc2",
    "webapi_port": null,
    "webapi_url": "https://mriqc.nimh.nih.gov/api/v1"
  },
  "size_t": 237,
  "size_x": 64,
  "size_y": 64,
  "size_z": 41,
  "snr": 3.5483121648113793,
  "spacing_tr": 2.0,
  "spacing_x": 3.75,
  "spacing_y": 3.75,
  "spacing_z": 3.299999713897705,
  "summary_bg_k": 64.90208461330415,
  "summary_bg_mad": 11.679401958583872,
  "summary_bg_mean": 42.7479248046875,
  "summary_bg_median": 9.02531623840332,
  "summary_bg_n": 118784.0,
  "summary_bg_p05": 0.5485231876373291,
  "summary_bg_p95": 197.67129745483376,
  "summary_bg_stdv": 115.53662109375,
  "summary_fg_k": 1.5305597145632683,
  "summary_fg_mad": 333.36651128724776,
  "summary_fg_mean": 1442.7518310546875,
  "summary_fg_median": 1364.5189208984375,
  "summary_fg_n": 18789.0,
  "summary_fg_p05": 994.5628051757812,
  "summary_fg_p95": 2206.2867187499996,
  "summary_fg_stdv": 384.54412841796875,
  "tsnr": 63.69220652349759
}