{
  "aor": 0.008403644444444443,
  "aqi": 0.012677474311111112,
  "bids_meta": {
    "AcquisitionMatrix": "64 0 0 64",
    "DataSharing": "1",
    "EchoTime": 0.03,
    "EffectiveEchoSpacing": 0.000396,
    "FlipAngle": 65,
    "ImagesinAcquisition": 41,
    "InstitutionName": "NIH_FMRIF",
    "InternalPulseSequenceName": "epi",
    "MagneticFieldStrength": 3,
    "Manufacturer": "GE",
    "ManufacturersModelName": "DISCOVERY_MR750",
    "Modality": "MR",
    "NumberofTemporalPositions": 240,
    "PhaseEncodingDirection": "j",
    "PixelBandwidth": 7812.5,
    "PixelSpacing": "3.75\\3.75",
    "PulseSequenceName": "epirtnih",
    "ReconstructionDiameter": 240,
    "RepetitionTime": 2.0,
    "SeriesDescription": "mmi_run 3",
    "SliceThickness": 3,
    "SliceTiming": [
      0.0,
      1.02439,
      0.04878,
      1.073171,
      0.097561,
      1.121951,
      0.146341,
      1.170732,
      0.195122,
      1.219512,
      0.243902,
      1.268293,
      0.292683,
      1.317073,
      0.341463,
      1.365854,
      0.390244,
      1.414634,
      0.439024,
      1.463415,
      0.487805,
      1.512195,
      0.536585,
      1.560976,
      0.585366,
      1.609756,
      0.634146,
      1.658537,
      0.682927,
      1.707317,
      0.731707,
      1.756098,
      0.780488,
      1.804878,
      0.829268,
      1.853659,
      0.878049,
      1.902439,
      0.926829,
      1.95122,
      0.97561
    ],
    "SoftwareVersions": "27 lx mr software release:dv26.0_r01_1725.a",
    "SpacingBetweenSlices": 3.3,
    "StationName": "3TA",
    "TaskName": "MMI",
    "TotalReadoutTime": 0.024948,
    "dataset": "ds003709",
    "modality": "bold",
    "run_id": 3,
    "session_id": "visit1",
    "subject_id": "23843",
    "task_id": "MMI"
  },
  "dummy_trs": 2,
  "dvars_nstd": 26.424921299999998,
  "dvars_std": 1.025473889285714,
  "dvars_vstd": 0.9660701187500004,
  "efc": 0.4084397555654849,
  "fber": 24908.16796875,
  "fd_mean": 0.40340700158765946,
  "fd_num": 118,
  "fd_perc": 52.44444444444444,
  "fwhm_avg": 2.086567970184416,
  "fwhm_x": 1.9119413333333335,
  "fwhm_y": 2.149408,
  "fwhm_z": 2.198354577219914,
  "gcor": 0.033408,
  "gsr_x": -0.00971538107842207,
  "gsr_y": 0.013555172830820084,
  "provenance": {
    "md5sum": "001ec2051bce123e640e1f5ae65705c5",
    "settings": {
      "fd_thres": 0.2,
      "testing": false
    },
    "software": "mriqc",
    "version": "21.0.0rc2",
    "webapi_port": null,
    "webapi_url": "https://mriqc.nimh.nih.gov/api/v1"
  },
  "size_t": 225,
  "size_x": 64,
  "size_y": 64,
  "size_z": 41,
  "snr": 5.503809980262703,
  "spacing_tr": 2.0,
  "spacing_x": 3.75,
  "spacing_y": 3.75,
  "spacing_z": 3.299999952316284,
  "summary_bg_k": 88.08943266770954,
  "summary_bg_mad": 18.693967619678553,
  "summary_bg_mean": 54.46562576293945,
  "summary_bg_median": 13.346667289733887,
  "summary_bg_n": 116138.0,
  "summary_bg_p05": 0.30222222208976746,
  "summary_bg_p95": 219.56267929077137,
  "summary_bg_stdv": 139.5693359375,
  "summary_fg_k": 0.700402410598072,
  "summary_fg_mad": 329.52644123448266,
  "summary_fg_mean": 1942.2442626953125,
  "summary_fg_median": 1928.715576171875,
  "summary_fg_n": 20203.0,
  "summary_fg_p05": 1400.0680786132812,
  "summary_fg_p95": 2537.3662353515624,
  "summary_fg_stdv": 350.42413330078125,
  "tsnr": 37.924245660193264
}