{
  "aor": 0.012847596566523605,
  "aqi": 0.0072513986695278984,
  "bids_meta": {
    "AcquisitionMatrix": "64 0 0 64",
    "DataSharing": "1",
    "EchoTime": 0.03,
    "EffectiveEchoSpacing": 0.000396,
    "FlipAngle": 65,
    "ImagesinAcquisition": 41,
    "InstitutionName": "NIH_FMRIF",
    "InternalPulseSequenceName": "epi",
    "MagneticFieldStrength": 3,
    "Manufacturer": "GE",
    "ManufacturersModelName": "DISCOVERY_MR750",
    "Modality": "MR",
    "NumberofTemporalPositions": 240,
    "PhaseEncodingDirection": "j",
    "PixelBandwidth": 7812.5,
    "PixelSpacing": "3.75\\3.75",
    "PulseSequenceName": "epirtnih",
    "ReconstructionDiameter": 240,
    "RepetitionTime": 2.0,
    "SeriesDescription": "mmi_run 1",
    "SliceThickness": 3,
    "SliceTiming": [
      0.0,
      1.02439,
      0.04878,
      1.073171,
      0.097561,
      1.121951,
      0.146341,
      1.170732,
      0.195122,
      1.219512,
      0.243902,
      1.268293,
      0.292683,
      1.317073,
      0.341463,
      1.365854,
      0.390244,
      1.414634,
      0.439024,
      1.463415,
      0.487805,
      1.512195,
      0.536585,
      1.560976,
      0.585366,
      1.609756,
      0.634146,
      1.658537,
      0.682927,
      1.707317,
      0.731707,
      1.756098,
      0.780488,
      1.804878,
      0.829268,
      1.853659,
      0.878049,
      1.902439,
      0.926829,
      1.95122,
      0.97561
    ],
    "SoftwareVersions": "27 lx mr software release:dv26.0_r01_1725.a",
    "SpacingBetweenSlices": 3.3,
    "StationName": "3TA",
    "TaskName": "MMI",
    "TotalReadoutTime": 0.024948,
    "dataset": "ds003709",
    "modality": "bold",
    "run_id": 1,
    "session_id": "visit1",
    "subject_id": "23843",
    "task_id": "MMI"
  },
  "dummy_trs": 3,
  "dvars_nstd": 20.752064836379308,
  "dvars_std": 1.1248877739655176,
  "dvars_vstd": 1.047250502456897,
  "efc": 0.40595957346437755,
  "fber": 27027.78515625,
  "fd_mean": 0.19439428318857493,
  "fd_num": 53,
  "fd_perc": 22.746781115879827,
  "fwhm_avg": 2.083599485380827,
  "fwhm_x": 1.9209093333333334,
  "fwhm_y": 2.1222133333333333,
  "fwhm_z": 2.2076757894758137,
  "gcor": 0.0442277,
  "gsr_x": -0.009166260249912739,
  "gsr_y": 0.013716326095163822,
  "provenance": {
    "md5sum": "cde4ea23daa7af4c38779803e886f11f",
    "settings": {
      "fd_thres": 0.2,
      "testing": false
    },
    "software": "mriqc",
    "version": "21.0.0rc2",
    "webapi_port": null,
    "webapi_url": "https://mriqc.nimh.nih.gov/api/v1"
  },
  "size_t": 233,
  "size_x": 64,
  "size_y": 64,
  "size_z": 41,
  "snr": 5.412771161708454,
  "spacing_tr": 2.0,
  "spacing_x": 3.75,
  "spacing_y": 3.75,
  "spacing_z": 3.299999952316284,
  "summary_bg_k": 94.69572730141245,
  "summary_bg_mad": 18.096654653564954,
  "summary_bg_mean": 52.969085693359375,
  "summary_bg_median": 12.888411521911621,
  "summary_bg_n": 116215.0,
  "summary_bg_p05": 0.2618025839328766,
  "summary_bg_p95": 212.36309204101553,
  "summary_bg_stdv": 138.24732971191406,
  "summary_fg_k": 0.935965519934447,
  "summary_fg_mad": 338.35147167622705,
  "summary_fg_mean": 1961.11474609375,
  "summary_fg_median": 1948.8111572265625,
  "summary_fg_n": 20083.0,
  "summary_fg_p05": 1410.9948852539062,
  "summary_fg_p95": 2570.7717041015626,
  "summary_fg_stdv": 360.0304870605469,
  "tsnr": 52.694245479186065
}