{
  "bids_meta": {
    "AcquisitionMatrix": "0 256 256 0",
    "AcquisitionNumber": 1,
    "Columns": 256,
    "DataSharing": "1",
    "EchoNumber(s)": 1,
    "EchoTime": 0.003476,
    "EchoTrainLength": 1,
    "FlipAngle": 7,
    "ImagesinAcquisition": 172,
    "In-planePhaseEncodingDirection": "row",
    "InstitutionName": "NIH_FMRIF",
    "InternalPulseSequenceName": "efgre3d",
    "InversionTime": 0.9,
    "MRAcquisitionType": "3d",
    "MagneticFieldStrength": 3,
    "Manufacturer": "GE",
    "Manufacturer'sModelName": "discovery mr750",
    "ManufacturersModelName": "DISCOVERY_MR750",
    "Modality": "MR",
    "NumberofAverages": 1,
    "PixelBandwidth": 195.312,
    "PixelSpacing": "1\\1",
    "PrivateIn-PlanePhaseEncodingDirection": "row",
    "PulseSequenceName": "mprage",
    "ReceiveCoilName": "32ch head",
    "ReconstructionDiameter": 256,
    "RepetitionTime": 0.00766,
    "Rows": 256,
    "SamplesperPixel": 1,
    "ScanOptions": "edr_gems\\filtered_gems\\acc_gems\\ir_gems",
    "SeriesDescription": "anat_t1w_mp_rage_1mm",
    "SeriesNumber": 9,
    "SliceLocation": -85.5,
    "SliceThickness": 1,
    "SoftwareVersion(s)": "27\\lx\\mr software release:dv26.0_r01_1725.a",
    "SoftwareVersions": "27 lx mr software release:dv26.0_r01_1725.a",
    "SpacingBetweenSlices": 1,
    "StationName": "3TA",
    "dataset": "ds003709",
    "modality": "T1w",
    "run_id": 1,
    "session_id": "visit1",
    "subject_id": "23674"
  },
  "cjv": 0.35751046811287085,
  "cnr": 3.6576317153527516,
  "efc": 0.6684103810377615,
  "fber": 3340.4879280579244,
  "fwhm_avg": 3.1460566666666665,
  "fwhm_x": 3.11402,
  "fwhm_y": 3.32209,
  "fwhm_z": 3.00206,
  "icvs_csf": 0.28445604618649106,
  "icvs_gm": 0.38512315436838335,
  "icvs_wm": 0.3304207994451256,
  "inu_med": 0.8036690354347229,
  "inu_range": 0.1086575984954834,
  "provenance": {
    "md5sum": "171a8969047788bc22967d95bcf7de24",
    "settings": {
      "testing": false
    },
    "software": "mriqc",
    "version": "21.0.0rc2",
    "warnings": {
      "large_rot_frame": true,
      "small_air_mask": false
    },
    "webapi_port": null,
    "webapi_url": "https://mriqc.nimh.nih.gov/api/v1"
  },
  "qi_1": 0.0,
  "qi_2": 0.003345770738289216,
  "rpve_csf": 23.845594213971236,
  "rpve_gm": 16.484686022337115,
  "rpve_wm": 25.2992050716698,
  "size_x": 172,
  "size_y": 256,
  "size_z": 256,
  "snr_csf": 2.781617622574097,
  "snr_gm": 7.575920351593823,
  "snr_total": 8.4369437189796,
  "snr_wm": 14.953293182770885,
  "snrd_csf": 21.678469195421584,
  "snrd_gm": 43.17531708215809,
  "snrd_total": 45.25241576017856,
  "snrd_wm": 70.90346100295599,
  "spacing_x": 1.0,
  "spacing_y": 1.0,
  "spacing_z": 1.0,
  "summary_bg_k": 3.9072277223394316,
  "summary_bg_mad": 9.239836492179071,
  "summary_bg_mean": 18.165473835614108,
  "summary_bg_median": 8.344776704907417,
  "summary_bg_n": 802960.0,
  "summary_bg_p05": 2.059786655008793,
  "summary_bg_p95": 69.24052063375711,
  "summary_bg_stdv": 22.346855283156852,
  "summary_csf_k": 0.21472306967471955,
  "summary_csf_mad": 113.22714887873676,
  "summary_csf_mean": 306.41543851846143,
  "summary_csf_median": 305.74628066271544,
  "summary_csf_n": 10101.0,
  "summary_csf_p05": 130.92849019914865,
  "summary_csf_p95": 487.11313638836145,
  "summary_csf_stdv": 109.91127729093445,
  "summary_gm_k": 0.15977276387729544,
  "summary_gm_mad": 76.22865106047733,
  "summary_gm_mean": 609.5674283259997,
  "summary_gm_median": 608.9310317672789,
  "summary_gm_n": 13042.0,
  "summary_gm_p05": 474.9709581322968,
  "summary_gm_p95": 745.3205973543226,
  "summary_gm_stdv": 80.37408764331563,
  "summary_wm_k": 0.4393584929199905,
  "summary_wm_mad": 63.58260365804581,
  "summary_wm_mean": 1001.0626942987951,
  "summary_wm_median": 1000.0000134855509,
  "summary_wm_n": 130035.0,
  "summary_wm_p05": 893.2608127221465,
  "summary_wm_p95": 1112.0207184925675,
  "summary_wm_stdv": 66.87464467771392,
  "tpm_overlap_csf": 0.13732197880744934,
  "tpm_overlap_gm": 0.3924572765827179,
  "tpm_overlap_wm": 0.46803227066993713,
  "wm2max": 0.4879028679033112
}