{
  "aor": 0.06627215246636771,
  "aqi": 0.01874942775784753,
  "bids_meta": {
    "AcquisitionMatrix": "64 0 0 64",
    "DataSharing": "1",
    "EchoTime": 0.03,
    "EffectiveEchoSpacing": 0.000396,
    "FlipAngle": 65,
    "ImagesinAcquisition": 41,
    "InstitutionName": "NIH_FMRIF",
    "InternalPulseSequenceName": "epi",
    "MagneticFieldStrength": 3,
    "Manufacturer": "GE",
    "ManufacturersModelName": "DISCOVERY_MR750",
    "Modality": "MR",
    "NumberofTemporalPositions": 240,
    "PhaseEncodingDirection": "j",
    "PixelBandwidth": 7812.5,
    "PixelSpacing": "3.75\\3.75",
    "PulseSequenceName": "epirtnih",
    "ReconstructionDiameter": 240,
    "RepetitionTime": 2.0,
    "SeriesDescription": "mmi_run 2",
    "SliceThickness": 3,
    "SliceTiming": [
      0.0,
      1.02439,
      0.04878,
      1.073171,
      0.097561,
      1.121951,
      0.146341,
      1.170732,
      0.195122,
      1.219512,
      0.243902,
      1.268293,
      0.292683,
      1.317073,
      0.341463,
      1.365854,
      0.390244,
      1.414634,
      0.439024,
      1.463415,
      0.487805,
      1.512195,
      0.536585,
      1.560976,
      0.585366,
      1.609756,
      0.634146,
      1.658537,
      0.682927,
      1.707317,
      0.731707,
      1.756098,
      0.780488,
      1.804878,
      0.829268,
      1.853659,
      0.878049,
      1.902439,
      0.926829,
      1.95122,
      0.97561
    ],
    "SoftwareVersions": "27 lx mr software release:dv26.0_r01_1725.a",
    "SpacingBetweenSlices": 3.3,
    "StationName": "3TA",
    "TaskName": "MMI",
    "TotalReadoutTime": 0.024948,
    "dataset": "ds003709",
    "modality": "bold",
    "run_id": 2,
    "session_id": "visit1",
    "subject_id": "23625",
    "task_id": "MMI"
  },
  "dummy_trs": 2,
  "dvars_nstd": 21.77356741018018,
  "dvars_std": 1.3969965406756757,
  "dvars_vstd": 1.5984295905855848,
  "efc": 0.4118750213175262,
  "fber": 29616.314453125,
  "fd_mean": 0.1704556361230608,
  "fd_num": 22,
  "fd_perc": 9.865470852017937,
  "fwhm_avg": 2.1257522533282693,
  "fwhm_x": 2.0146373333333334,
  "fwhm_y": 2.0987466666666665,
  "fwhm_z": 2.2638727599848076,
  "gcor": 0.0418839,
  "gsr_x": -0.011509405449032784,
  "gsr_y": 0.014136986806988716,
  "provenance": {
    "md5sum": "17d55ccd2680d1e9cf36b998983d9a6e",
    "settings": {
      "fd_thres": 0.2,
      "testing": false
    },
    "software": "mriqc",
    "version": "21.0.0rc2",
    "webapi_port": null,
    "webapi_url": "https://mriqc.nimh.nih.gov/api/v1"
  },
  "size_t": 223,
  "size_x": 64,
  "size_y": 64,
  "size_z": 41,
  "snr": 5.153155824312056,
  "spacing_tr": 2.0,
  "spacing_x": 3.75,
  "spacing_y": 3.75,
  "spacing_z": 3.299999952316284,
  "summary_bg_k": 43.78032103900534,
  "summary_bg_mad": 16.953524293844133,
  "summary_bg_mean": 56.55718994140625,
  "summary_bg_median": 12.40358829498291,
  "summary_bg_n": 115386.0,
  "summary_bg_p05": 0.4932735562324524,
  "summary_bg_p95": 263.4103240966797,
  "summary_bg_stdv": 140.1152801513672,
  "summary_fg_k": 0.46868732595829377,
  "summary_fg_mad": 365.378376253929,
  "summary_fg_mean": 2009.4481201171875,
  "summary_fg_median": 1969.322998046875,
  "summary_fg_n": 21213.0,
  "summary_fg_p05": 1471.515771484375,
  "summary_fg_p95": 2710.129296875,
  "summary_fg_stdv": 382.1496276855469,
  "tsnr": 36.77486401796341
}