{
  "aor": 0.009669601769911504,
  "aqi": 0.009106200619469026,
  "bids_meta": {
    "AcquisitionMatrix": "64 0 0 64",
    "DataSharing": "1",
    "EchoTime": 0.03,
    "EffectiveEchoSpacing": 0.000396,
    "FlipAngle": 65,
    "ImagesinAcquisition": 41,
    "InstitutionName": "NIH_FMRIF",
    "InternalPulseSequenceName": "epi",
    "MagneticFieldStrength": 3,
    "Manufacturer": "GE",
    "ManufacturersModelName": "DISCOVERY_MR750",
    "Modality": "MR",
    "NumberofTemporalPositions": 240,
    "PhaseEncodingDirection": "j",
    "PixelBandwidth": 7812.5,
    "PixelSpacing": "3.75\\3.75",
    "PulseSequenceName": "epirtnih",
    "ReconstructionDiameter": 240,
    "RepetitionTime": 2.0,
    "SeriesDescription": "mmi_run3",
    "SliceThickness": 3,
    "SliceTiming": [
      0.0,
      1.02439,
      0.04878,
      1.073171,
      0.097561,
      1.121951,
      0.146341,
      1.170732,
      0.195122,
      1.219512,
      0.243902,
      1.268293,
      0.292683,
      1.317073,
      0.341463,
      1.365854,
      0.390244,
      1.414634,
      0.439024,
      1.463415,
      0.487805,
      1.512195,
      0.536585,
      1.560976,
      0.585366,
      1.609756,
      0.634146,
      1.658537,
      0.682927,
      1.707317,
      0.731707,
      1.756098,
      0.780488,
      1.804878,
      0.829268,
      1.853659,
      0.878049,
      1.902439,
      0.926829,
      1.95122,
      0.97561
    ],
    "SoftwareVersions": "27 lx mr software release:dv26.0_r01_1725.a",
    "SpacingBetweenSlices": 3.3,
    "StationName": "3TA",
    "TaskName": "MMI",
    "TotalReadoutTime": 0.024948,
    "dataset": "ds003709",
    "modality": "bold",
    "run_id": 3,
    "session_id": "visit1",
    "subject_id": "23625",
    "task_id": "MMI"
  },
  "dummy_trs": 3,
  "dvars_nstd": 20.079688945155553,
  "dvars_std": 0.9869769185777771,
  "dvars_vstd": 0.9101992101333328,
  "efc": 0.41051498774449874,
  "fber": 31163.115234375,
  "fd_mean": 0.11447822704932584,
  "fd_num": 23,
  "fd_perc": 10.176991150442477,
  "fwhm_avg": 2.132434475629322,
  "fwhm_x": 2.012624,
  "fwhm_y": 2.10444,
  "fwhm_z": 2.280239426887966,
  "gcor": 0.026047,
  "gsr_x": -0.010913323611021042,
  "gsr_y": 0.013832790777087212,
  "provenance": {
    "md5sum": "684bc7dfc8949a7127eb9926950eeb96",
    "settings": {
      "fd_thres": 0.2,
      "testing": false
    },
    "software": "mriqc",
    "version": "21.0.0rc2",
    "webapi_port": null,
    "webapi_url": "https://mriqc.nimh.nih.gov/api/v1"
  },
  "size_t": 226,
  "size_x": 64,
  "size_y": 64,
  "size_z": 41,
  "snr": 5.057431130905132,
  "spacing_tr": 2.0,
  "spacing_x": 3.75,
  "spacing_y": 3.75,
  "spacing_z": 3.299999952316284,
  "summary_bg_k": 45.47807108307652,
  "summary_bg_mad": 16.584151922587875,
  "summary_bg_mean": 56.72075271606445,
  "summary_bg_median": 12.106194496154785,
  "summary_bg_n": 115519.0,
  "summary_bg_p05": 0.43805310130119324,
  "summary_bg_p95": 267.0455780029292,
  "summary_bg_stdv": 141.4524688720703,
  "summary_fg_k": 0.48221372797441386,
  "summary_fg_mad": 370.1159346369638,
  "summary_fg_mean": 2016.4090576171875,
  "summary_fg_median": 1970.006591796875,
  "summary_fg_n": 21152.0,
  "summary_fg_p05": 1474.115496826172,
  "summary_fg_p95": 2734.8835571289064,
  "summary_fg_stdv": 389.5179138183594,
  "tsnr": 50.63774542976171
}