{
  "aor": 0.006235882352941176,
  "aqi": 0.009547034117647058,
  "bids_meta": {
    "AcquisitionMatrix": "64 0 0 64",
    "DataSharing": "1",
    "EchoTime": 0.03,
    "EffectiveEchoSpacing": 0.000396,
    "FlipAngle": 65,
    "ImagesinAcquisition": 41,
    "InstitutionName": "NIH_FMRIF",
    "InternalPulseSequenceName": "epi",
    "MagneticFieldStrength": 3,
    "Manufacturer": "GE",
    "ManufacturersModelName": "DISCOVERY_MR750",
    "Modality": "MR",
    "NumberofTemporalPositions": 240,
    "PhaseEncodingDirection": "j",
    "PixelBandwidth": 7812.5,
    "PixelSpacing": "3.75\\3.75",
    "PulseSequenceName": "epirtnih",
    "ReconstructionDiameter": 240,
    "RepetitionTime": 2.0,
    "SeriesDescription": "mmi_run 1",
    "SliceThickness": 3,
    "SliceTiming": [
      0.0,
      1.02439,
      0.04878,
      1.073171,
      0.097561,
      1.121951,
      0.146341,
      1.170732,
      0.195122,
      1.219512,
      0.243902,
      1.268293,
      0.292683,
      1.317073,
      0.341463,
      1.365854,
      0.390244,
      1.414634,
      0.439024,
      1.463415,
      0.487805,
      1.512195,
      0.536585,
      1.560976,
      0.585366,
      1.609756,
      0.634146,
      1.658537,
      0.682927,
      1.707317,
      0.731707,
      1.756098,
      0.780488,
      1.804878,
      0.829268,
      1.853659,
      0.878049,
      1.902439,
      0.926829,
      1.95122,
      0.97561
    ],
    "SoftwareVersions": "27 lx mr software release:dv26.0_r01_1725.a",
    "SpacingBetweenSlices": 3.3,
    "StationName": "3TC",
    "TaskName": "MMI",
    "TotalReadoutTime": 0.024948,
    "dataset": "ds003709",
    "modality": "bold",
    "run_id": 1,
    "session_id": "visit1",
    "subject_id": "23856",
    "task_id": "MMI"
  },
  "dummy_trs": 2,
  "dvars_nstd": 31.083351859156114,
  "dvars_std": 1.1270902492827,
  "dvars_vstd": 0.9807675062447265,
  "efc": 0.4226187715677752,
  "fber": 24207.208984375,
  "fd_mean": 0.233983132155339,
  "fd_num": 71,
  "fd_perc": 29.831932773109244,
  "fwhm_avg": 2.4434865124869307,
  "fwhm_x": 2.2614053333333337,
  "fwhm_y": 2.4444,
  "fwhm_z": 2.6246542041274585,
  "gcor": 0.0446861,
  "gsr_x": -0.019151626154780388,
  "gsr_y": 0.022490359842777252,
  "provenance": {
    "md5sum": "3a55256627c03931b6403b96ce00e83a",
    "settings": {
      "fd_thres": 0.2,
      "testing": false
    },
    "software": "mriqc",
    "version": "21.0.0rc2",
    "webapi_port": null,
    "webapi_url": "https://mriqc.nimh.nih.gov/api/v1"
  },
  "size_t": 238,
  "size_x": 64,
  "size_y": 64,
  "size_z": 41,
  "snr": 3.2723371656810207,
  "spacing_tr": 2.0,
  "spacing_x": 3.75,
  "spacing_y": 3.75,
  "spacing_z": 3.3000004291534424,
  "summary_bg_k": 56.57447346884757,
  "summary_bg_mad": 12.938508282859646,
  "summary_bg_mean": 38.57497024536133,
  "summary_bg_median": 9.62605094909668,
  "summary_bg_n": 111202.0,
  "summary_bg_p05": 0.34474790841341096,
  "summary_bg_p95": 166.19160232543936,
  "summary_bg_stdv": 94.93458557128906,
  "summary_fg_k": 2.166597782483855,
  "summary_fg_mad": 366.49557638757585,
  "summary_fg_mean": 1470.4425048828125,
  "summary_fg_median": 1387.6807861328125,
  "summary_fg_n": 24197.0,
  "summary_fg_p05": 967.321044921875,
  "summary_fg_p95": 2302.9287109375,
  "summary_fg_stdv": 424.05535888671875,
  "tsnr": 39.96793765813345
}