{
  "aor": 0.008355021097046413,
  "aqi": 0.009173467552742615,
  "bids_meta": {
    "AcquisitionMatrix": "64 0 0 64",
    "DataSharing": "1",
    "EchoTime": 0.03,
    "EffectiveEchoSpacing": 0.000396,
    "FlipAngle": 65,
    "ImagesinAcquisition": 41,
    "InstitutionName": "NIH_FMRIF",
    "InternalPulseSequenceName": "epi",
    "MagneticFieldStrength": 3,
    "Manufacturer": "GE",
    "ManufacturersModelName": "DISCOVERY_MR750",
    "Modality": "MR",
    "NumberofTemporalPositions": 240,
    "PhaseEncodingDirection": "j",
    "PixelBandwidth": 7812.5,
    "PixelSpacing": "3.75\\3.75",
    "PulseSequenceName": "epirtnih",
    "ReconstructionDiameter": 240,
    "RepetitionTime": 2.0,
    "SeriesDescription": "mmi_run 3",
    "SliceThickness": 3,
    "SliceTiming": [
      0.0,
      1.02439,
      0.04878,
      1.073171,
      0.097561,
      1.121951,
      0.146341,
      1.170732,
      0.195122,
      1.219512,
      0.243902,
      1.268293,
      0.292683,
      1.317073,
      0.341463,
      1.365854,
      0.390244,
      1.414634,
      0.439024,
      1.463415,
      0.487805,
      1.512195,
      0.536585,
      1.560976,
      0.585366,
      1.609756,
      0.634146,
      1.658537,
      0.682927,
      1.707317,
      0.731707,
      1.756098,
      0.780488,
      1.804878,
      0.829268,
      1.853659,
      0.878049,
      1.902439,
      0.926829,
      1.95122,
      0.97561
    ],
    "SoftwareVersions": "27 lx mr software release:dv26.0_r01_1725.a",
    "SpacingBetweenSlices": 3.3,
    "StationName": "3TC",
    "TaskName": "MMI",
    "TotalReadoutTime": 0.024948,
    "dataset": "ds003709",
    "modality": "bold",
    "run_id": 3,
    "session_id": "visit1",
    "subject_id": "23856",
    "task_id": "MMI"
  },
  "dummy_trs": 2,
  "dvars_nstd": 26.08345555868645,
  "dvars_std": 1.0733613341949155,
  "dvars_vstd": 0.9773570172881358,
  "efc": 0.42321540174768524,
  "fber": 24895.5859375,
  "fd_mean": 0.14977133745102592,
  "fd_num": 37,
  "fd_perc": 15.611814345991561,
  "fwhm_avg": 2.47489208580804,
  "fwhm_x": 2.2854906666666666,
  "fwhm_y": 2.4583253333333333,
  "fwhm_z": 2.680860257424119,
  "gcor": 0.0478911,
  "gsr_x": -0.018682990223169327,
  "gsr_y": 0.023355700075626373,
  "provenance": {
    "md5sum": "d69e924a2e2e2357b2c731048479f41a",
    "settings": {
      "fd_thres": 0.2,
      "testing": false
    },
    "software": "mriqc",
    "version": "21.0.0rc2",
    "webapi_port": null,
    "webapi_url": "https://mriqc.nimh.nih.gov/api/v1"
  },
  "size_t": 237,
  "size_x": 64,
  "size_y": 64,
  "size_z": 41,
  "snr": 3.304428530488065,
  "spacing_tr": 2.0,
  "spacing_x": 3.75,
  "spacing_y": 3.75,
  "spacing_z": 3.3000004291534424,
  "summary_bg_k": 56.152853969676414,
  "summary_bg_mad": 12.495772304198288,
  "summary_bg_mean": 38.87947463989258,
  "summary_bg_median": 9.322784423828125,
  "summary_bg_n": 111106.0,
  "summary_bg_p05": 0.3375527262687683,
  "summary_bg_p95": 166.65716934204102,
  "summary_bg_stdv": 99.22637939453125,
  "summary_fg_k": 1.9525196789950474,
  "summary_fg_mad": 366.8940076356276,
  "summary_fg_mean": 1458.861328125,
  "summary_fg_median": 1382.75732421875,
  "summary_fg_n": 24222.0,
  "summary_fg_p05": 959.3001922607422,
  "summary_fg_p95": 2274.889636230469,
  "summary_fg_stdv": 418.4471740722656,
  "tsnr": 41.91672974685207
}