{
  "aor": 0.01810768907563025,
  "aqi": 0.019765205924369752,
  "bids_meta": {
    "AcquisitionMatrix": "64 0 0 64",
    "DataSharing": "1",
    "EchoTime": 0.03,
    "EffectiveEchoSpacing": 0.000396,
    "FlipAngle": 65,
    "ImagesinAcquisition": 41,
    "InstitutionName": "NIH_FMRIF",
    "InternalPulseSequenceName": "epi",
    "MagneticFieldStrength": 3,
    "Manufacturer": "GE",
    "ManufacturersModelName": "DISCOVERY_MR750",
    "Modality": "MR",
    "NumberofTemporalPositions": 240,
    "PhaseEncodingDirection": "j",
    "PixelBandwidth": 7812.5,
    "PixelSpacing": "3.75\\3.75",
    "PulseSequenceName": "epirtnih",
    "ReconstructionDiameter": 240,
    "RepetitionTime": 2.0,
    "SeriesDescription": "mmi_run 2",
    "SliceThickness": 3,
    "SliceTiming": [
      0.0,
      1.02439,
      0.04878,
      1.073171,
      0.097561,
      1.121951,
      0.146341,
      1.170732,
      0.195122,
      1.219512,
      0.243902,
      1.268293,
      0.292683,
      1.317073,
      0.341463,
      1.365854,
      0.390244,
      1.414634,
      0.439024,
      1.463415,
      0.487805,
      1.512195,
      0.536585,
      1.560976,
      0.585366,
      1.609756,
      0.634146,
      1.658537,
      0.682927,
      1.707317,
      0.731707,
      1.756098,
      0.780488,
      1.804878,
      0.829268,
      1.853659,
      0.878049,
      1.902439,
      0.926829,
      1.95122,
      0.97561
    ],
    "SoftwareVersions": "27 lx mr software release:dv26.0_r01_1725.a",
    "SpacingBetweenSlices": 3.3,
    "StationName": "3TC",
    "TaskName": "MMI",
    "TotalReadoutTime": 0.024948,
    "dataset": "ds003709",
    "modality": "bold",
    "run_id": 2,
    "session_id": "visit1",
    "subject_id": "23856",
    "task_id": "MMI"
  },
  "dummy_trs": 2,
  "dvars_nstd": 40.83171727763713,
  "dvars_std": 1.0165064640084385,
  "dvars_vstd": 0.953171130168776,
  "efc": 0.42327348517378155,
  "fber": 22903.82421875,
  "fd_mean": 0.5002647700219591,
  "fd_num": 115,
  "fd_perc": 48.319327731092436,
  "fwhm_avg": 2.494014268210511,
  "fwhm_x": 2.3170319999999998,
  "fwhm_y": 2.4976293333333337,
  "fwhm_z": 2.6673814712982,
  "gcor": 0.100717,
  "gsr_x": -0.018606340512633324,
  "gsr_y": 0.02278195694088936,
  "provenance": {
    "md5sum": "0110d35930d86d9cf2cc2402d8492899",
    "settings": {
      "fd_thres": 0.2,
      "testing": false
    },
    "software": "mriqc",
    "version": "21.0.0rc2",
    "webapi_port": null,
    "webapi_url": "https://mriqc.nimh.nih.gov/api/v1"
  },
  "size_t": 238,
  "size_x": 64,
  "size_y": 64,
  "size_z": 41,
  "snr": 3.273891541115723,
  "spacing_tr": 2.0,
  "spacing_x": 3.75,
  "spacing_y": 3.75,
  "spacing_z": 3.3000004291534424,
  "summary_bg_k": 54.71098840863915,
  "summary_bg_mad": 13.175226358394136,
  "summary_bg_mean": 38.954490661621094,
  "summary_bg_median": 9.85714340209961,
  "summary_bg_n": 111237.0,
  "summary_bg_p05": 0.4831933081150055,
  "summary_bg_p95": 166.64454040527335,
  "summary_bg_stdv": 94.96612548828125,
  "summary_fg_k": 2.1960866593047577,
  "summary_fg_mad": 363.6548873712594,
  "summary_fg_mean": 1460.998291015625,
  "summary_fg_median": 1378.3446044921875,
  "summary_fg_n": 24205.0,
  "summary_fg_p05": 961.789111328125,
  "summary_fg_p95": 2295.6136230468746,
  "summary_fg_stdv": 421.00238037109375,
  "tsnr": 24.726520311785862
}