{
  "aor": 0.007203815789473685,
  "aqi": 0.006195639780701754,
  "bids_meta": {
    "AcquisitionMatrix": "64 0 0 64",
    "DataSharing": "1",
    "EchoTime": 0.03,
    "EffectiveEchoSpacing": 0.000396,
    "FlipAngle": 65,
    "ImagesinAcquisition": 41,
    "InstitutionName": "NIH_FMRIF",
    "InternalPulseSequenceName": "epi",
    "MagneticFieldStrength": 3,
    "Manufacturer": "GE",
    "ManufacturersModelName": "DISCOVERY_MR750",
    "Modality": "MR",
    "NumberofTemporalPositions": 240,
    "PhaseEncodingDirection": "j",
    "PixelBandwidth": 7812.5,
    "PixelSpacing": "3.75\\3.75",
    "PulseSequenceName": "epirtnih",
    "ReconstructionDiameter": 240,
    "RepetitionTime": 2.0,
    "SeriesDescription": "mmi_run 2",
    "SliceThickness": 3,
    "SliceTiming": [
      0.0,
      1.02439,
      0.04878,
      1.073171,
      0.097561,
      1.121951,
      0.146341,
      1.170732,
      0.195122,
      1.219512,
      0.243902,
      1.268293,
      0.292683,
      1.317073,
      0.341463,
      1.365854,
      0.390244,
      1.414634,
      0.439024,
      1.463415,
      0.487805,
      1.512195,
      0.536585,
      1.560976,
      0.585366,
      1.609756,
      0.634146,
      1.658537,
      0.682927,
      1.707317,
      0.731707,
      1.756098,
      0.780488,
      1.804878,
      0.829268,
      1.853659,
      0.878049,
      1.902439,
      0.926829,
      1.95122,
      0.97561
    ],
    "SoftwareVersions": "27 lx mr software release:dv26.0_r01_1725.a",
    "SpacingBetweenSlices": 3.3,
    "StationName": "3TA",
    "TaskName": "MMI",
    "TotalReadoutTime": 0.024948,
    "dataset": "ds003709",
    "modality": "bold",
    "run_id": 2,
    "session_id": "visit1",
    "subject_id": "23919",
    "task_id": "MMI"
  },
  "dummy_trs": 2,
  "dvars_nstd": 20.090626397224668,
  "dvars_std": 1.1396099164757711,
  "dvars_vstd": 1.0110753751541846,
  "efc": 0.42058317773709053,
  "fber": 40698.4296875,
  "fd_mean": 0.1511982906878315,
  "fd_num": 37,
  "fd_perc": 16.228070175438596,
  "fwhm_avg": 2.112600409393252,
  "fwhm_x": 1.967872,
  "fwhm_y": 2.1077869346856355,
  "fwhm_z": 2.262142293494121,
  "gcor": 0.0366145,
  "gsr_x": -0.01441908534616232,
  "gsr_y": 0.017993992194533348,
  "provenance": {
    "md5sum": "972afb13e2aace782ba850d5a2be3595",
    "settings": {
      "fd_thres": 0.2,
      "testing": false
    },
    "software": "mriqc",
    "version": "21.0.0rc2",
    "webapi_port": null,
    "webapi_url": "https://mriqc.nimh.nih.gov/api/v1"
  },
  "size_t": 228,
  "size_x": 64,
  "size_y": 64,
  "size_z": 41,
  "snr": 4.553678532810649,
  "spacing_tr": 2.0,
  "spacing_x": 3.75,
  "spacing_y": 3.749999523162842,
  "spacing_z": 3.3000001907348633,
  "summary_bg_k": 34.324086175624664,
  "summary_bg_mad": 14.435864399508588,
  "summary_bg_mean": 49.033905029296875,
  "summary_bg_median": 10.61842155456543,
  "summary_bg_n": 112753.0,
  "summary_bg_p05": 0.4649122953414917,
  "summary_bg_p95": 237.58158569335916,
  "summary_bg_stdv": 114.31615447998047,
  "summary_fg_k": 1.22364645015029,
  "summary_fg_mad": 382.3098492335388,
  "summary_fg_mean": 1997.86669921875,
  "summary_fg_median": 1955.600830078125,
  "summary_fg_n": 23430.0,
  "summary_fg_p05": 1409.9149047851563,
  "summary_fg_p95": 2791.044555664062,
  "summary_fg_stdv": 429.4460144042969,
  "tsnr": 60.12621616269462
}