{
  "aor": 0.003832413793103449,
  "aqi": 0.004075541206896552,
  "bids_meta": {
    "AcquisitionMatrix": "64 0 0 64",
    "DataSharing": "1",
    "EchoTime": 0.03,
    "EffectiveEchoSpacing": 0.000396,
    "FlipAngle": 65,
    "ImagesinAcquisition": 41,
    "InstitutionName": "NIH_FMRIF",
    "InternalPulseSequenceName": "epi",
    "MagneticFieldStrength": 3,
    "Manufacturer": "GE",
    "ManufacturersModelName": "DISCOVERY_MR750",
    "Modality": "MR",
    "NumberofTemporalPositions": 240,
    "PhaseEncodingDirection": "j",
    "PixelBandwidth": 7812.5,
    "PixelSpacing": "3.75\\3.75",
    "PulseSequenceName": "epirtnih",
    "ReconstructionDiameter": 240,
    "RepetitionTime": 2.0,
    "SeriesDescription": "mmi_run3",
    "SliceThickness": 3,
    "SliceTiming": [
      0.0,
      1.02439,
      0.04878,
      1.073171,
      0.097561,
      1.121951,
      0.146341,
      1.170732,
      0.195122,
      1.219512,
      0.243902,
      1.268293,
      0.292683,
      1.317073,
      0.341463,
      1.365854,
      0.390244,
      1.414634,
      0.439024,
      1.463415,
      0.487805,
      1.512195,
      0.536585,
      1.560976,
      0.585366,
      1.609756,
      0.634146,
      1.658537,
      0.682927,
      1.707317,
      0.731707,
      1.756098,
      0.780488,
      1.804878,
      0.829268,
      1.853659,
      0.878049,
      1.902439,
      0.926829,
      1.95122,
      0.97561
    ],
    "SoftwareVersions": "27 lx mr software release:dv26.0_r01_1725.a",
    "SpacingBetweenSlices": 3.3,
    "StationName": "3TA",
    "TaskName": "MMI",
    "TotalReadoutTime": 0.024948,
    "dataset": "ds003709",
    "modality": "bold",
    "run_id": 3,
    "session_id": "visit1",
    "subject_id": "23919",
    "task_id": "MMI"
  },
  "dummy_trs": 2,
  "dvars_nstd": 20.16869085878788,
  "dvars_std": 1.1516164996969704,
  "dvars_vstd": 1.00087408943723,
  "efc": 0.420488550774371,
  "fber": 40474.22265625,
  "fd_mean": 0.16533697140775622,
  "fd_num": 39,
  "fd_perc": 16.810344827586206,
  "fwhm_avg": 2.1684911571638,
  "fwhm_x": 1.9936453333333333,
  "fwhm_y": 2.1569282742676132,
  "fwhm_z": 2.3548998638904535,
  "gcor": 0.0304556,
  "gsr_x": -0.014152579009532928,
  "gsr_y": 0.018894972279667854,
  "provenance": {
    "md5sum": "15c67c47b80bf5b20333ce3c226e97dd",
    "settings": {
      "fd_thres": 0.2,
      "testing": false
    },
    "software": "mriqc",
    "version": "21.0.0rc2",
    "webapi_port": null,
    "webapi_url": "https://mriqc.nimh.nih.gov/api/v1"
  },
  "size_t": 232,
  "size_x": 64,
  "size_y": 64,
  "size_z": 41,
  "snr": 4.4491239718539655,
  "spacing_tr": 2.0,
  "spacing_x": 3.75,
  "spacing_y": 3.749999523162842,
  "spacing_z": 3.3000001907348633,
  "summary_bg_k": 35.20069248938447,
  "summary_bg_mad": 14.385076140310744,
  "summary_bg_mean": 48.822322845458984,
  "summary_bg_median": 10.581896781921387,
  "summary_bg_n": 112688.0,
  "summary_bg_p05": 0.4094827473163605,
  "summary_bg_p95": 239.1609886169429,
  "summary_bg_stdv": 115.42312622070312,
  "summary_fg_k": 1.1801188368216904,
  "summary_fg_mad": 392.3015783082906,
  "summary_fg_mean": 1995.9267578125,
  "summary_fg_median": 1948.5538330078125,
  "summary_fg_n": 23494.0,
  "summary_fg_p05": 1403.4211120605469,
  "summary_fg_p95": 2806.2784912109373,
  "summary_fg_stdv": 437.95416259765625,
  "tsnr": 70.76691621355712
}