{
  "aor": 0.006687468354430379,
  "aqi": 0.008966134388185656,
  "bids_meta": {
    "AcquisitionMatrix": "64 0 0 64",
    "DataSharing": "1",
    "EchoTime": 0.03,
    "EffectiveEchoSpacing": 0.000396,
    "FlipAngle": 65,
    "ImagesinAcquisition": 41,
    "InstitutionName": "NIH_FMRIF",
    "InternalPulseSequenceName": "epi",
    "MagneticFieldStrength": 3,
    "Manufacturer": "GE",
    "ManufacturersModelName": "DISCOVERY_MR750",
    "Modality": "MR",
    "NumberofTemporalPositions": 240,
    "PhaseEncodingDirection": "j",
    "PixelBandwidth": 7812.5,
    "PixelSpacing": "3.75\\3.75",
    "PulseSequenceName": "epirtnih",
    "ReconstructionDiameter": 240,
    "RepetitionTime": 2.0,
    "SeriesDescription": "mmi_run 2",
    "SliceThickness": 3,
    "SliceTiming": [
      0.0,
      1.02439,
      0.04878,
      1.073171,
      0.097561,
      1.121951,
      0.146341,
      1.170732,
      0.195122,
      1.219512,
      0.243902,
      1.268293,
      0.292683,
      1.317073,
      0.341463,
      1.365854,
      0.390244,
      1.414634,
      0.439024,
      1.463415,
      0.487805,
      1.512195,
      0.536585,
      1.560976,
      0.585366,
      1.609756,
      0.634146,
      1.658537,
      0.682927,
      1.707317,
      0.731707,
      1.756098,
      0.780488,
      1.804878,
      0.829268,
      1.853659,
      0.878049,
      1.902439,
      0.926829,
      1.95122,
      0.97561
    ],
    "SoftwareVersions": "27 lx mr software release:dv26.0_r01_1725.a",
    "SpacingBetweenSlices": 3.3,
    "StationName": "3TA",
    "TaskName": "MMI",
    "TotalReadoutTime": 0.024948,
    "dataset": "ds003709",
    "modality": "bold",
    "run_id": 2,
    "session_id": "visit1",
    "subject_id": "23643",
    "task_id": "MMI"
  },
  "dummy_trs": 3,
  "dvars_nstd": 17.60681151944915,
  "dvars_std": 0.95687508779661,
  "dvars_vstd": 0.9363110552542384,
  "efc": 0.421231355100774,
  "fber": 15888.9443359375,
  "fd_mean": 0.12073892390894786,
  "fd_num": 21,
  "fd_perc": 8.860759493670885,
  "fwhm_avg": 2.4697278917232244,
  "fwhm_x": 2.2826986666666667,
  "fwhm_y": 2.4636423533983414,
  "fwhm_z": 2.662842655104665,
  "gcor": 0.0102812,
  "gsr_x": -0.010919138789176941,
  "gsr_y": 0.031686991453170776,
  "provenance": {
    "md5sum": "2a088b81976673918a47b72d30abe41e",
    "settings": {
      "fd_thres": 0.2,
      "testing": false
    },
    "software": "mriqc",
    "version": "21.0.0rc2",
    "webapi_port": null,
    "webapi_url": "https://mriqc.nimh.nih.gov/api/v1"
  },
  "size_t": 237,
  "size_x": 64,
  "size_y": 64,
  "size_z": 41,
  "snr": 3.452255366557456,
  "spacing_tr": 2.0,
  "spacing_x": 3.75,
  "spacing_y": 3.750000476837158,
  "spacing_z": 3.299999713897705,
  "summary_bg_k": 60.934119463449385,
  "summary_bg_mad": 15.507893776755804,
  "summary_bg_mean": 43.842533111572266,
  "summary_bg_median": 11.468354225158691,
  "summary_bg_n": 112573.0,
  "summary_bg_p05": 0.26582276821136475,
  "summary_bg_p95": 176.63205261230465,
  "summary_bg_stdv": 107.7959976196289,
  "summary_fg_k": 1.313368638387062,
  "summary_fg_mad": 364.02571890760197,
  "summary_fg_mean": 1434.325439453125,
  "summary_fg_median": 1356.227783203125,
  "summary_fg_n": 23011.0,
  "summary_fg_p05": 958.0716857910156,
  "summary_fg_p95": 2185.1834716796875,
  "summary_fg_stdv": 392.8441467285156,
  "tsnr": 45.80147543689236
}