{
  "aor": 0.005431061946902654,
  "aqi": 0.004663107699115045,
  "bids_meta": {
    "AcquisitionMatrix": "64 0 0 64",
    "DataSharing": "1",
    "EchoTime": 0.03,
    "EffectiveEchoSpacing": 0.000396,
    "FlipAngle": 65,
    "ImagesinAcquisition": 41,
    "InstitutionName": "NIH_FMRIF",
    "InternalPulseSequenceName": "epi",
    "MagneticFieldStrength": 3,
    "Manufacturer": "GE",
    "ManufacturersModelName": "DISCOVERY_MR750",
    "Modality": "MR",
    "NumberofTemporalPositions": 240,
    "PhaseEncodingDirection": "j",
    "PixelBandwidth": 7812.5,
    "PixelSpacing": "3.75\\3.75",
    "PulseSequenceName": "epirtnih",
    "ReconstructionDiameter": 240,
    "RepetitionTime": 2.0,
    "SeriesDescription": "mmi_run 2",
    "SliceThickness": 3,
    "SliceTiming": [
      0.0,
      1.02439,
      0.04878,
      1.073171,
      0.097561,
      1.121951,
      0.146341,
      1.170732,
      0.195122,
      1.219512,
      0.243902,
      1.268293,
      0.292683,
      1.317073,
      0.341463,
      1.365854,
      0.390244,
      1.414634,
      0.439024,
      1.463415,
      0.487805,
      1.512195,
      0.536585,
      1.560976,
      0.585366,
      1.609756,
      0.634146,
      1.658537,
      0.682927,
      1.707317,
      0.731707,
      1.756098,
      0.780488,
      1.804878,
      0.829268,
      1.853659,
      0.878049,
      1.902439,
      0.926829,
      1.95122,
      0.97561
    ],
    "SoftwareVersions": "27 lx mr software release:dv26.0_r01_1725.a",
    "SpacingBetweenSlices": 3.3,
    "StationName": "3TA",
    "TaskName": "MMI",
    "TotalReadoutTime": 0.024948,
    "dataset": "ds003709",
    "modality": "bold",
    "run_id": 2,
    "session_id": "visit1",
    "subject_id": "23780",
    "task_id": "MMI"
  },
  "dummy_trs": 3,
  "dvars_nstd": 21.943044789288866,
  "dvars_std": 1.1678339849777783,
  "dvars_vstd": 1.0390688933333339,
  "efc": 0.41692714049719726,
  "fber": 27621.248046875,
  "fd_mean": 0.2143391350672526,
  "fd_num": 87,
  "fd_perc": 38.49557522123894,
  "fwhm_avg": 2.1384330680322035,
  "fwhm_x": 1.998368,
  "fwhm_y": 2.111570398166606,
  "fwhm_z": 2.3053608059300053,
  "gcor": 0.0206558,
  "gsr_x": -0.01115062739700079,
  "gsr_y": 0.02199358306825161,
  "provenance": {
    "md5sum": "5d8ff41d58c307c0cde3744ccf029900",
    "settings": {
      "fd_thres": 0.2,
      "testing": false
    },
    "software": "mriqc",
    "version": "21.0.0rc2",
    "webapi_port": null,
    "webapi_url": "https://mriqc.nimh.nih.gov/api/v1"
  },
  "size_t": 226,
  "size_x": 64,
  "size_y": 64,
  "size_z": 41,
  "snr": 4.766451510817772,
  "spacing_tr": 2.0,
  "spacing_x": 3.75,
  "spacing_y": 3.750000476837158,
  "spacing_z": 3.299999713897705,
  "summary_bg_k": 58.84246225139844,
  "summary_bg_mad": 16.544791138799766,
  "summary_bg_mean": 48.1655158996582,
  "summary_bg_median": 12.030973434448242,
  "summary_bg_n": 113639.0,
  "summary_bg_p05": 0.29646018147468567,
  "summary_bg_p95": 227.24601745605446,
  "summary_bg_stdv": 108.47663116455078,
  "summary_fg_k": 0.6653714923965084,
  "summary_fg_mad": 353.7385371812742,
  "summary_fg_mean": 1876.135498046875,
  "summary_fg_median": 1834.5487060546875,
  "summary_fg_n": 22349.0,
  "summary_fg_p05": 1314.623046875,
  "summary_fg_p95": 2576.9921386718743,
  "summary_fg_stdv": 384.8791198730469,
  "tsnr": 68.2609536871314
}