{
  "aor": 0.011020253164556964,
  "aqi": 0.01439163417721519,
  "bids_meta": {
    "AcquisitionMatrix": "64 0 0 64",
    "DataSharing": "1",
    "EchoTime": 0.03,
    "EffectiveEchoSpacing": 0.000396,
    "FlipAngle": 65,
    "ImagesinAcquisition": 41,
    "InstitutionName": "NIH_FMRIF",
    "InternalPulseSequenceName": "epi",
    "MagneticFieldStrength": 3,
    "Manufacturer": "GE",
    "ManufacturersModelName": "DISCOVERY_MR750",
    "Modality": "MR",
    "NumberofTemporalPositions": 240,
    "PhaseEncodingDirection": "j",
    "PixelBandwidth": 7812.5,
    "PixelSpacing": "3.75\\3.75",
    "PulseSequenceName": "epirtnih",
    "ReconstructionDiameter": 240,
    "RepetitionTime": 2.0,
    "SeriesDescription": "mmi_run 1",
    "SliceThickness": 3,
    "SliceTiming": [
      0.0,
      1.02439,
      0.04878,
      1.073171,
      0.097561,
      1.121951,
      0.146341,
      1.170732,
      0.195122,
      1.219512,
      0.243902,
      1.268293,
      0.292683,
      1.317073,
      0.341463,
      1.365854,
      0.390244,
      1.414634,
      0.439024,
      1.463415,
      0.487805,
      1.512195,
      0.536585,
      1.560976,
      0.585366,
      1.609756,
      0.634146,
      1.658537,
      0.682927,
      1.707317,
      0.731707,
      1.756098,
      0.780488,
      1.804878,
      0.829268,
      1.853659,
      0.878049,
      1.902439,
      0.926829,
      1.95122,
      0.97561
    ],
    "SoftwareVersions": "27 lx mr software release:dv26.0_r01_1725.a",
    "SpacingBetweenSlices": 3.3,
    "StationName": "3TC",
    "TaskName": "MMI",
    "TotalReadoutTime": 0.024948,
    "dataset": "ds003709",
    "modality": "bold",
    "run_id": 1,
    "session_id": "visit1",
    "subject_id": "23649",
    "task_id": "MMI"
  },
  "dummy_trs": 3,
  "dvars_nstd": 35.497788647330516,
  "dvars_std": 0.9118435699576266,
  "dvars_vstd": 0.8841523489406784,
  "efc": 0.4117066883192189,
  "fber": 15721.99609375,
  "fd_mean": 0.3414523271109978,
  "fd_num": 81,
  "fd_perc": 34.177215189873415,
  "fwhm_avg": 2.6295404584673103,
  "fwhm_x": 2.4126133333333333,
  "fwhm_y": 2.5646079999999998,
  "fwhm_z": 2.911400042068598,
  "gcor": 0.103044,
  "gsr_x": 0.0015146866207942367,
  "gsr_y": 0.024333301931619644,
  "provenance": {
    "md5sum": "c4928cf3b8ed123cc9a0a412cba0659d",
    "settings": {
      "fd_thres": 0.2,
      "testing": false
    },
    "software": "mriqc",
    "version": "21.0.0rc2",
    "webapi_port": null,
    "webapi_url": "https://mriqc.nimh.nih.gov/api/v1"
  },
  "size_t": 237,
  "size_x": 64,
  "size_y": 64,
  "size_z": 41,
  "snr": 3.3973302027942265,
  "spacing_tr": 2.0,
  "spacing_x": 3.75,
  "spacing_y": 3.75,
  "spacing_z": 3.299999952316284,
  "summary_bg_k": 56.33150648526796,
  "summary_bg_mad": 16.102185152376897,
  "summary_bg_mean": 47.44987487792969,
  "summary_bg_median": 11.63291072845459,
  "summary_bg_n": 115411.0,
  "summary_bg_p05": 0.113924041390419,
  "summary_bg_p95": 197.05906677246094,
  "summary_bg_stdv": 118.92963409423828,
  "summary_fg_k": 1.4875969390395083,
  "summary_fg_mad": 352.69662544153584,
  "summary_fg_mean": 1427.529541015625,
  "summary_fg_median": 1345.5020751953125,
  "summary_fg_n": 21513.0,
  "summary_fg_p05": 963.6446655273438,
  "summary_fg_p95": 2215.696142578123,
  "summary_fg_stdv": 396.0376892089844,
  "tsnr": 28.66665968624875
}