{
  "aor": 0.004639177489177489,
  "aqi": 0.0031322306493506494,
  "bids_meta": {
    "AcquisitionMatrix": "64 0 0 64",
    "DataSharing": "1",
    "EchoTime": 0.03,
    "EffectiveEchoSpacing": 0.000396,
    "FlipAngle": 65,
    "ImagesinAcquisition": 41,
    "InstitutionName": "NIH_FMRIF",
    "InternalPulseSequenceName": "epi",
    "MagneticFieldStrength": 3,
    "Manufacturer": "GE",
    "ManufacturersModelName": "DISCOVERY_MR750",
    "Modality": "MR",
    "NumberofTemporalPositions": 240,
    "PhaseEncodingDirection": "j",
    "PixelBandwidth": 7812.5,
    "PixelSpacing": "3.75\\3.75",
    "PulseSequenceName": "epirtnih",
    "ReconstructionDiameter": 240,
    "RepetitionTime": 2.0,
    "SeriesDescription": "mmi_run 2",
    "SliceThickness": 3,
    "SliceTiming": [
      0.0,
      1.02439,
      0.04878,
      1.073171,
      0.097561,
      1.121951,
      0.146341,
      1.170732,
      0.195122,
      1.219512,
      0.243902,
      1.268293,
      0.292683,
      1.317073,
      0.341463,
      1.365854,
      0.390244,
      1.414634,
      0.439024,
      1.463415,
      0.487805,
      1.512195,
      0.536585,
      1.560976,
      0.585366,
      1.609756,
      0.634146,
      1.658537,
      0.682927,
      1.707317,
      0.731707,
      1.756098,
      0.780488,
      1.804878,
      0.829268,
      1.853659,
      0.878049,
      1.902439,
      0.926829,
      1.95122,
      0.97561
    ],
    "SoftwareVersions": "27 lx mr software release:dv26.0_r01_1725.a",
    "SpacingBetweenSlices": 3.3,
    "StationName": "3TA",
    "TaskName": "MMI",
    "TotalReadoutTime": 0.024948,
    "dataset": "ds003709",
    "modality": "bold",
    "run_id": 2,
    "session_id": "visit1",
    "subject_id": "23549",
    "task_id": "MMI"
  },
  "dummy_trs": 4,
  "dvars_nstd": 19.378916226391297,
  "dvars_std": 1.2129003391739128,
  "dvars_vstd": 1.030392593086957,
  "efc": 0.46197373417864124,
  "fber": 22812.740234375,
  "fd_mean": 0.09565744498398997,
  "fd_num": 19,
  "fd_perc": 8.225108225108226,
  "fwhm_avg": 2.208288268515941,
  "fwhm_x": 2.083256,
  "fwhm_y": 2.1871569161662583,
  "fwhm_z": 2.3544518893815645,
  "gcor": 0.0510799,
  "gsr_x": -0.007659045048058033,
  "gsr_y": 0.035942334681749344,
  "provenance": {
    "md5sum": "d4eccae2e9e7baaf3e435301699c38b4",
    "settings": {
      "fd_thres": 0.2,
      "testing": false
    },
    "software": "mriqc",
    "version": "21.0.0rc2",
    "webapi_port": null,
    "webapi_url": "https://mriqc.nimh.nih.gov/api/v1"
  },
  "size_t": 231,
  "size_x": 64,
  "size_y": 64,
  "size_z": 41,
  "snr": 4.448579768793153,
  "spacing_tr": 2.0,
  "spacing_x": 3.75,
  "spacing_y": 3.7500007152557373,
  "spacing_z": 3.299999475479126,
  "summary_bg_k": 37.33848252630282,
  "summary_bg_mad": 19.63324810114193,
  "summary_bg_mean": 73.58524322509766,
  "summary_bg_median": 13.935065269470215,
  "summary_bg_n": 107671.0,
  "summary_bg_p05": 0.2467532455921173,
  "summary_bg_p95": 389.7597351074219,
  "summary_bg_stdv": 177.08956909179688,
  "summary_fg_k": 0.7238916926300645,
  "summary_fg_mad": 401.17547381338903,
  "summary_fg_mean": 1986.7882080078125,
  "summary_fg_median": 1937.127685546875,
  "summary_fg_n": 27164.0,
  "summary_fg_p05": 1359.6090759277345,
  "summary_fg_p95": 2771.291296386719,
  "summary_fg_stdv": 435.4405517578125,
  "tsnr": 81.49244847241789
}