{
  "aor": 0.006281518987341773,
  "aqi": 0.006757667341772152,
  "bids_meta": {
    "AcquisitionMatrix": "64 0 0 64",
    "DataSharing": "1",
    "EchoTime": 0.03,
    "EffectiveEchoSpacing": 0.000396,
    "FlipAngle": 65,
    "ImagesinAcquisition": 41,
    "InstitutionName": "NIH_FMRIF",
    "InternalPulseSequenceName": "epi",
    "MagneticFieldStrength": 3,
    "Manufacturer": "GE",
    "ManufacturersModelName": "DISCOVERY_MR750",
    "Modality": "MR",
    "NumberofTemporalPositions": 240,
    "PhaseEncodingDirection": "j",
    "PixelBandwidth": 7812.5,
    "PixelSpacing": "3.75\\3.75",
    "PulseSequenceName": "epirtnih",
    "ReconstructionDiameter": 240,
    "RepetitionTime": 2.0,
    "SeriesDescription": "mmi_run3",
    "SliceThickness": 3,
    "SliceTiming": [
      0.0,
      1.02439,
      0.04878,
      1.073171,
      0.097561,
      1.121951,
      0.146341,
      1.170732,
      0.195122,
      1.219512,
      0.243902,
      1.268293,
      0.292683,
      1.317073,
      0.341463,
      1.365854,
      0.390244,
      1.414634,
      0.439024,
      1.463415,
      0.487805,
      1.512195,
      0.536585,
      1.560976,
      0.585366,
      1.609756,
      0.634146,
      1.658537,
      0.682927,
      1.707317,
      0.731707,
      1.756098,
      0.780488,
      1.804878,
      0.829268,
      1.853659,
      0.878049,
      1.902439,
      0.926829,
      1.95122,
      0.97561
    ],
    "SoftwareVersions": "27 lx mr software release:dv26.0_r01_1725.a",
    "SpacingBetweenSlices": 3.3,
    "StationName": "3TA",
    "TaskName": "MMI",
    "TotalReadoutTime": 0.024948,
    "dataset": "ds003709",
    "modality": "bold",
    "run_id": 3,
    "session_id": "visit1",
    "subject_id": "23549",
    "task_id": "MMI"
  },
  "dummy_trs": 3,
  "dvars_nstd": 20.534046981525425,
  "dvars_std": 1.0596834549152545,
  "dvars_vstd": 0.9744885801271179,
  "efc": 0.4626937606908888,
  "fber": 21262.09375,
  "fd_mean": 0.14984388649571656,
  "fd_num": 40,
  "fd_perc": 16.877637130801688,
  "fwhm_avg": 2.2327551375284758,
  "fwhm_x": 2.100373333333333,
  "fwhm_y": 2.2099462451528717,
  "fwhm_z": 2.387945834099223,
  "gcor": 0.0420153,
  "gsr_x": -0.00789724476635456,
  "gsr_y": 0.03559203818440437,
  "provenance": {
    "md5sum": "b67b8fa4b1f1c9d3792438d94e566cf9",
    "settings": {
      "fd_thres": 0.2,
      "testing": false
    },
    "software": "mriqc",
    "version": "21.0.0rc2",
    "webapi_port": null,
    "webapi_url": "https://mriqc.nimh.nih.gov/api/v1"
  },
  "size_t": 237,
  "size_x": 64,
  "size_y": 64,
  "size_z": 41,
  "snr": 4.469992654943256,
  "spacing_tr": 2.0,
  "spacing_x": 3.75,
  "spacing_y": 3.7500007152557373,
  "spacing_z": 3.299999475479126,
  "summary_bg_k": 35.80403116265407,
  "summary_bg_mad": 20.196544236996935,
  "summary_bg_mean": 74.16610717773438,
  "summary_bg_median": 14.356538772583008,
  "summary_bg_n": 107690.0,
  "summary_bg_p05": 0.2911392152309418,
  "summary_bg_p95": 391.9086318969718,
  "summary_bg_stdv": 177.2012481689453,
  "summary_fg_k": 0.6914739478007306,
  "summary_fg_mad": 399.63948198862624,
  "summary_fg_mean": 1989.07568359375,
  "summary_fg_median": 1939.274169921875,
  "summary_fg_n": 27113.0,
  "summary_fg_p05": 1364.5636474609375,
  "summary_fg_p95": 2770.157666015625,
  "summary_fg_stdv": 433.8348083496094,
  "tsnr": 58.40444568882231
}