{
  "aor": 0.005276413502109704,
  "aqi": 0.003615230928270042,
  "bids_meta": {
    "AcquisitionMatrix": "64 0 0 64",
    "DataSharing": "1",
    "EchoTime": 0.03,
    "EffectiveEchoSpacing": 0.000396,
    "FlipAngle": 65,
    "ImagesinAcquisition": 41,
    "InstitutionName": "NIH_FMRIF",
    "InternalPulseSequenceName": "epi",
    "MagneticFieldStrength": 3,
    "Manufacturer": "GE",
    "ManufacturersModelName": "DISCOVERY_MR750",
    "Modality": "MR",
    "NumberofTemporalPositions": 240,
    "PhaseEncodingDirection": "j",
    "PixelBandwidth": 7812.5,
    "PixelSpacing": "3.75\\3.75",
    "PulseSequenceName": "epirtnih",
    "ReconstructionDiameter": 240,
    "RepetitionTime": 2.0,
    "SeriesDescription": "mmi_run 1",
    "SliceThickness": 3,
    "SliceTiming": [
      0.0,
      1.02439,
      0.04878,
      1.073171,
      0.097561,
      1.121951,
      0.146341,
      1.170732,
      0.195122,
      1.219512,
      0.243902,
      1.268293,
      0.292683,
      1.317073,
      0.341463,
      1.365854,
      0.390244,
      1.414634,
      0.439024,
      1.463415,
      0.487805,
      1.512195,
      0.536585,
      1.560976,
      0.585366,
      1.609756,
      0.634146,
      1.658537,
      0.682927,
      1.707317,
      0.731707,
      1.756098,
      0.780488,
      1.804878,
      0.829268,
      1.853659,
      0.878049,
      1.902439,
      0.926829,
      1.95122,
      0.97561
    ],
    "SoftwareVersions": "27 lx mr software release:dv26.0_r01_1725.a",
    "SpacingBetweenSlices": 3.3,
    "StationName": "3TC",
    "TaskName": "MMI",
    "TotalReadoutTime": 0.024948,
    "dataset": "ds003709",
    "modality": "bold",
    "run_id": 3,
    "session_id": "visit1",
    "subject_id": "23593",
    "task_id": "MMI"
  },
  "dummy_trs": 3,
  "dvars_nstd": 21.894104901016938,
  "dvars_std": 1.2820598499999993,
  "dvars_vstd": 1.025924773601695,
  "efc": 0.42656215588493784,
  "fber": 21142.099609375,
  "fd_mean": 0.053732537695957115,
  "fd_num": 3,
  "fd_perc": 1.2658227848101267,
  "fwhm_avg": 2.381124697300318,
  "fwhm_x": 2.2554373333333335,
  "fwhm_y": 2.3520429657443955,
  "fwhm_z": 2.5358937928232255,
  "gcor": 0.0294017,
  "gsr_x": -0.01665157824754715,
  "gsr_y": 0.01938079483807087,
  "provenance": {
    "md5sum": "334edb6445a91f54399478c615868ac4",
    "settings": {
      "fd_thres": 0.2,
      "testing": false
    },
    "software": "mriqc",
    "version": "21.0.0rc2",
    "webapi_port": null,
    "webapi_url": "https://mriqc.nimh.nih.gov/api/v1"
  },
  "size_t": 237,
  "size_x": 64,
  "size_y": 64,
  "size_z": 41,
  "snr": 3.517498576740455,
  "spacing_tr": 2.0,
  "spacing_x": 3.75,
  "spacing_y": 3.749999523162842,
  "spacing_z": 3.3000001907348633,
  "summary_bg_k": 39.24415121771052,
  "summary_bg_mad": 13.41223225494885,
  "summary_bg_mean": 45.67504119873047,
  "summary_bg_median": 10.08438777923584,
  "summary_bg_n": 111922.0,
  "summary_bg_p05": 0.46835440397262573,
  "summary_bg_p95": 213.3708702087402,
  "summary_bg_stdv": 112.03273010253906,
  "summary_fg_k": 0.9938361962986897,
  "summary_fg_mad": 371.85480696550405,
  "summary_fg_mean": 1449.6370849609375,
  "summary_fg_median": 1384.1771240234375,
  "summary_fg_n": 23446.0,
  "summary_fg_p05": 961.5801239013672,
  "summary_fg_p95": 2193.27099609375,
  "summary_fg_stdv": 393.5033874511719,
  "tsnr": 72.39879219862632
}