{
  "aor": 0.002252869198312236,
  "aqi": 0.002850447426160338,
  "bids_meta": {
    "AcquisitionMatrix": "64 0 0 64",
    "DataSharing": "1",
    "EchoTime": 0.03,
    "EffectiveEchoSpacing": 0.000396,
    "FlipAngle": 65,
    "ImagesinAcquisition": 41,
    "InstitutionName": "NIH_FMRIF",
    "InternalPulseSequenceName": "epi",
    "MagneticFieldStrength": 3,
    "Manufacturer": "GE",
    "ManufacturersModelName": "DISCOVERY_MR750",
    "Modality": "MR",
    "NumberofTemporalPositions": 240,
    "PhaseEncodingDirection": "j",
    "PixelBandwidth": 7812.5,
    "PixelSpacing": "3.75\\3.75",
    "PulseSequenceName": "epirtnih",
    "ReconstructionDiameter": 240,
    "RepetitionTime": 2.0,
    "SeriesDescription": "mmi_run 1",
    "SliceThickness": 3,
    "SliceTiming": [
      0.0,
      1.02439,
      0.04878,
      1.073171,
      0.097561,
      1.121951,
      0.146341,
      1.170732,
      0.195122,
      1.219512,
      0.243902,
      1.268293,
      0.292683,
      1.317073,
      0.341463,
      1.365854,
      0.390244,
      1.414634,
      0.439024,
      1.463415,
      0.487805,
      1.512195,
      0.536585,
      1.560976,
      0.585366,
      1.609756,
      0.634146,
      1.658537,
      0.682927,
      1.707317,
      0.731707,
      1.756098,
      0.780488,
      1.804878,
      0.829268,
      1.853659,
      0.878049,
      1.902439,
      0.926829,
      1.95122,
      0.97561
    ],
    "SoftwareVersions": "27 lx mr software release:dv26.0_r01_1725.a",
    "SpacingBetweenSlices": 3.3,
    "StationName": "3TC",
    "TaskName": "MMI",
    "TotalReadoutTime": 0.024948,
    "dataset": "ds003709",
    "modality": "bold",
    "run_id": 1,
    "session_id": "visit1",
    "subject_id": "23546",
    "task_id": "MMI"
  },
  "dummy_trs": 3,
  "dvars_nstd": 21.34343141627118,
  "dvars_std": 1.1781967372881361,
  "dvars_vstd": 1.0106884436440673,
  "efc": 0.40426631532535257,
  "fber": 18273.611328125,
  "fd_mean": 0.08503621811232548,
  "fd_num": 12,
  "fd_perc": 5.063291139240507,
  "fwhm_avg": 2.4848613462535334,
  "fwhm_x": 2.3249093333333333,
  "fwhm_y": 2.4472080000000003,
  "fwhm_z": 2.6824667054272666,
  "gcor": 0.03418,
  "gsr_x": -0.0080480445176363,
  "gsr_y": 0.013511814177036285,
  "provenance": {
    "md5sum": "8e23febc3037d4aa10f6b5ad3aa5d59d",
    "settings": {
      "fd_thres": 0.2,
      "testing": false
    },
    "software": "mriqc",
    "version": "21.0.0rc2",
    "webapi_port": null,
    "webapi_url": "https://mriqc.nimh.nih.gov/api/v1"
  },
  "size_t": 237,
  "size_x": 64,
  "size_y": 64,
  "size_z": 41,
  "snr": 3.2671229359207743,
  "spacing_tr": 2.0,
  "spacing_x": 3.75,
  "spacing_y": 3.75,
  "spacing_z": 3.299999952316284,
  "summary_bg_k": 41.21064082516677,
  "summary_bg_mad": 14.682139953336142,
  "summary_bg_mean": 43.24153137207031,
  "summary_bg_median": 10.827003479003906,
  "summary_bg_n": 115717.0,
  "summary_bg_p05": 0.38396623730659485,
  "summary_bg_p95": 184.43121643066405,
  "summary_bg_stdv": 103.7352294921875,
  "summary_fg_k": 2.0499523062147915,
  "summary_fg_mad": 359.74369150405676,
  "summary_fg_mean": 1447.6358642578125,
  "summary_fg_median": 1363.090576171875,
  "summary_fg_n": 20786.0,
  "summary_fg_p05": 961.9820251464844,
  "summary_fg_p95": 2260.5009765625,
  "summary_fg_stdv": 417.2043151855469,
  "tsnr": 73.3895370864775
}