{
  "aor": 0.0011598672566371683,
  "aqi": 0.0026324877876106193,
  "bids_meta": {
    "AcquisitionMatrix": "64 0 0 64",
    "DataSharing": "1",
    "EchoTime": 0.03,
    "EffectiveEchoSpacing": 0.000396,
    "FlipAngle": 65,
    "ImagesinAcquisition": 41,
    "InstitutionName": "NIH_FMRIF",
    "InternalPulseSequenceName": "epi",
    "MagneticFieldStrength": 3,
    "Manufacturer": "GE",
    "ManufacturersModelName": "DISCOVERY_MR750",
    "Modality": "MR",
    "NumberofTemporalPositions": 240,
    "PhaseEncodingDirection": "j",
    "PixelBandwidth": 7812.5,
    "PixelSpacing": "3.75\\3.75",
    "PulseSequenceName": "epirtnih",
    "ReconstructionDiameter": 240,
    "RepetitionTime": 2.0,
    "SeriesDescription": "mmi_run 3",
    "SliceThickness": 3,
    "SliceTiming": [
      0.0,
      1.02439,
      0.04878,
      1.073171,
      0.097561,
      1.121951,
      0.146341,
      1.170732,
      0.195122,
      1.219512,
      0.243902,
      1.268293,
      0.292683,
      1.317073,
      0.341463,
      1.365854,
      0.390244,
      1.414634,
      0.439024,
      1.463415,
      0.487805,
      1.512195,
      0.536585,
      1.560976,
      0.585366,
      1.609756,
      0.634146,
      1.658537,
      0.682927,
      1.707317,
      0.731707,
      1.756098,
      0.780488,
      1.804878,
      0.829268,
      1.853659,
      0.878049,
      1.902439,
      0.926829,
      1.95122,
      0.97561
    ],
    "SoftwareVersions": "27 lx mr software release:dv26.0_r01_1725.a",
    "SpacingBetweenSlices": 3.3,
    "StationName": "3TC",
    "TaskName": "MMI",
    "TotalReadoutTime": 0.024948,
    "dataset": "ds003709",
    "modality": "bold",
    "run_id": 3,
    "session_id": "visit1",
    "subject_id": "23546",
    "task_id": "MMI"
  },
  "dummy_trs": 3,
  "dvars_nstd": 20.149387757555555,
  "dvars_std": 1.1623431264888895,
  "dvars_vstd": 0.9898374742666666,
  "efc": 0.4043979562360747,
  "fber": 18126.318359375,
  "fd_mean": 0.054514830104498944,
  "fd_num": 1,
  "fd_perc": 0.4424778761061947,
  "fwhm_avg": 2.4778361341941477,
  "fwhm_x": 2.3140346666666667,
  "fwhm_y": 2.424170666666667,
  "fwhm_z": 2.695303069249111,
  "gcor": 0.0115251,
  "gsr_x": -0.007427777163684368,
  "gsr_y": 0.013509197160601616,
  "provenance": {
    "md5sum": "308ff1b625c0aa767aed16cada24581c",
    "settings": {
      "fd_thres": 0.2,
      "testing": false
    },
    "software": "mriqc",
    "version": "21.0.0rc2",
    "webapi_port": null,
    "webapi_url": "https://mriqc.nimh.nih.gov/api/v1"
  },
  "size_t": 226,
  "size_x": 64,
  "size_y": 64,
  "size_z": 41,
  "snr": 3.24008994420541,
  "spacing_tr": 2.0,
  "spacing_x": 3.75,
  "spacing_y": 3.75,
  "spacing_z": 3.299999952316284,
  "summary_bg_k": 41.65867389517615,
  "summary_bg_mad": 14.576735070728533,
  "summary_bg_mean": 43.1193962097168,
  "summary_bg_median": 10.765486717224121,
  "summary_bg_n": 115631.0,
  "summary_bg_p05": 0.38053098320961,
  "summary_bg_p95": 183.46902465820312,
  "summary_bg_stdv": 104.19869232177734,
  "summary_fg_k": 2.018118719635419,
  "summary_fg_mad": 362.7192118988871,
  "summary_fg_mean": 1440.4776611328125,
  "summary_fg_median": 1356.3052978515625,
  "summary_fg_n": 20803.0,
  "summary_fg_p05": 951.3384826660157,
  "summary_fg_p95": 2254.2393554687496,
  "summary_fg_stdv": 418.591064453125,
  "tsnr": 79.24995723320171
}