{
  "bids_meta": {
    "AcquisitionMatrix": "0 256 256 0",
    "AcquisitionNumber": 1,
    "Columns": 256,
    "DataSharing": "1",
    "EchoNumber(s)": 1,
    "EchoTime": 0.003476,
    "EchoTrainLength": 1,
    "FlipAngle": 7,
    "ImagesinAcquisition": 172,
    "In-planePhaseEncodingDirection": "row",
    "InstitutionName": "NIH_FMRIF",
    "InternalPulseSequenceName": "efgre3d",
    "InversionTime": 0.9,
    "MRAcquisitionType": "3d",
    "MagneticFieldStrength": 3,
    "Manufacturer": "GE",
    "Manufacturer'sModelName": "discovery mr750",
    "ManufacturersModelName": "DISCOVERY_MR750",
    "Modality": "MR",
    "NumberofAverages": 1,
    "PixelBandwidth": 195.312,
    "PixelSpacing": "1\\1",
    "PrivateIn-PlanePhaseEncodingDirection": "row",
    "PulseSequenceName": "mprage",
    "ReceiveCoilName": "32ch head",
    "ReconstructionDiameter": 256,
    "RepetitionTime": 0.00766,
    "Rows": 256,
    "SamplesperPixel": 1,
    "ScanOptions": "edr_gems\\filtered_gems\\acc_gems\\ir_gems",
    "SeriesDescription": "anat_t1w_mp_rage_1mm",
    "SeriesNumber": 3,
    "SliceLocation": -86.67514801,
    "SliceThickness": 1,
    "SoftwareVersion(s)": "27\\lx\\mr software release:dv26.0_r01_1725.a",
    "SoftwareVersions": "27 lx mr software release:dv26.0_r01_1725.a",
    "SpacingBetweenSlices": 1,
    "StationName": "3TA",
    "dataset": "ds003709",
    "modality": "T1w",
    "run_id": 1,
    "session_id": "visit1",
    "subject_id": "23834"
  },
  "cjv": 0.39448496481392376,
  "cnr": 3.313426517166091,
  "efc": 0.7019712131348771,
  "fber": 2515.5581110377975,
  "fwhm_avg": 3.3125466666666665,
  "fwhm_x": 3.30573,
  "fwhm_y": 3.4568,
  "fwhm_z": 3.17511,
  "icvs_csf": 0.2677607663828325,
  "icvs_gm": 0.39216270176492984,
  "icvs_wm": 0.34007653185223763,
  "inu_med": 1.015049695968628,
  "inu_range": 0.2119237780570984,
  "provenance": {
    "md5sum": "5be0c6c5aa47b5aef46d485f2b0279ff",
    "settings": {
      "testing": false
    },
    "software": "mriqc",
    "version": "21.0.0rc2",
    "warnings": {
      "large_rot_frame": true,
      "small_air_mask": false
    },
    "webapi_port": null,
    "webapi_url": "https://mriqc.nimh.nih.gov/api/v1"
  },
  "qi_1": 0.0,
  "qi_2": 0.004750869875644324,
  "rpve_csf": 19.859499965258042,
  "rpve_gm": 13.002288541573803,
  "rpve_wm": 20.06464304381135,
  "size_x": 172,
  "size_y": 256,
  "size_z": 256,
  "snr_csf": 2.8370310792593085,
  "snr_gm": 7.431228926707868,
  "snr_total": 7.68454031689473,
  "snr_wm": 12.785360944717016,
  "snrd_csf": 28.42599537114158,
  "snrd_gm": 56.86815718514826,
  "snrd_total": 59.14762562912796,
  "snrd_wm": 92.14872433109403,
  "spacing_x": 1.0,
  "spacing_y": 1.0,
  "spacing_z": 1.0,
  "summary_bg_k": 4.951723055325867,
  "summary_bg_mad": 7.1095545510673475,
  "summary_bg_mean": 15.98986273231266,
  "summary_bg_median": 9.590643346309662,
  "summary_bg_n": 736694.0,
  "summary_bg_p05": 2.3976608365774155,
  "summary_bg_p95": 59.53216418623924,
  "summary_bg_stdv": 18.388172332458186,
  "summary_csf_k": 0.5408149634163681,
  "summary_csf_mad": 112.27894077600261,
  "summary_csf_mean": 301.1433343346275,
  "summary_csf_median": 308.4795344620943,
  "summary_csf_n": 10779.0,
  "summary_csf_p05": 121.9298254698515,
  "summary_csf_p95": 467.60234266519547,
  "summary_csf_stdv": 108.72817964588478,
  "summary_gm_k": 0.059706831975102403,
  "summary_gm_mad": 81.32636791342892,
  "summary_gm_mean": 617.6408739053873,
  "summary_gm_median": 617.134507521987,
  "summary_gm_n": 13587.0,
  "summary_gm_p05": 478.2046819254756,
  "summary_gm_p95": 755.128660596907,
  "summary_gm_stdv": 83.0430340275206,
  "summary_wm_k": 2.3271986187536893,
  "summary_wm_mad": 69.70831535436766,
  "summary_wm_mean": 1003.2692205078868,
  "summary_wm_median": 1000.0000074505806,
  "summary_wm_n": 181915.0,
  "summary_wm_p05": 883.918135240674,
  "summary_wm_p95": 1131.286558136344,
  "summary_wm_stdv": 78.21423761396295,
  "tpm_overlap_csf": 0.15546414256095886,
  "tpm_overlap_gm": 0.41393452882766724,
  "tpm_overlap_wm": 0.5020120739936829,
  "wm2max": 0.4888647474198805
}