{
  "bids_meta": {
    "AcquisitionMatrix": "0 256 256 0",
    "AcquisitionNumber": 1,
    "Columns": 256,
    "DataSharing": "1",
    "EchoNumber(s)": 1,
    "EchoTime": 0.003476,
    "EchoTrainLength": 1,
    "FlipAngle": 7,
    "ImagesinAcquisition": 172,
    "In-planePhaseEncodingDirection": "row",
    "InstitutionName": "NIH_FMRIF",
    "InternalPulseSequenceName": "efgre3d",
    "InversionTime": 0.9,
    "MRAcquisitionType": "3d",
    "MagneticFieldStrength": 3,
    "Manufacturer": "GE",
    "Manufacturer'sModelName": "discovery mr750",
    "ManufacturersModelName": "DISCOVERY_MR750",
    "Modality": "MR",
    "NumberofAverages": 1,
    "PixelBandwidth": 195.312,
    "PixelSpacing": "1\\1",
    "PrivateIn-PlanePhaseEncodingDirection": "row",
    "PulseSequenceName": "mprage",
    "ReceiveCoilName": "32ch head",
    "ReconstructionDiameter": 256,
    "RepetitionTime": 0.00766,
    "Rows": 256,
    "SamplesperPixel": 1,
    "ScanOptions": "edr_gems\\filtered_gems\\acc_gems\\ir_gems",
    "SeriesDescription": "anat_t1w_mp_rage_1mm",
    "SeriesNumber": 10,
    "SliceLocation": -86.08920288,
    "SliceThickness": 1,
    "SoftwareVersion(s)": "27\\lx\\mr software release:dv26.0_r01_1725.a",
    "SoftwareVersions": "27 lx mr software release:dv26.0_r01_1725.a",
    "SpacingBetweenSlices": 1,
    "StationName": "3TA",
    "dataset": "ds003709",
    "modality": "T1w",
    "run_id": 1,
    "session_id": "visit1",
    "subject_id": "23780"
  },
  "cjv": 0.3593369198327276,
  "cnr": 3.6317483530062096,
  "efc": 0.6941677062546787,
  "fber": 2177.8877124199325,
  "fwhm_avg": 3.1171133333333336,
  "fwhm_x": 3.11302,
  "fwhm_y": 3.29052,
  "fwhm_z": 2.9478,
  "icvs_csf": 0.26725969952618356,
  "icvs_gm": 0.3774557622605461,
  "icvs_wm": 0.35528453821327033,
  "inu_med": 1.301955223083496,
  "inu_range": 0.19591509103775007,
  "provenance": {
    "md5sum": "fa27023867b6f8f73536aa53a9b38004",
    "settings": {
      "testing": false
    },
    "software": "mriqc",
    "version": "21.0.0rc2",
    "warnings": {
      "large_rot_frame": true,
      "small_air_mask": false
    },
    "webapi_port": null,
    "webapi_url": "https://mriqc.nimh.nih.gov/api/v1"
  },
  "qi_1": 0.0,
  "qi_2": 0.0034687632252775377,
  "rpve_csf": 20.225491956236706,
  "rpve_gm": 13.444404844164819,
  "rpve_wm": 19.26061235044769,
  "size_x": 172,
  "size_y": 256,
  "size_z": 256,
  "snr_csf": 2.798935190719501,
  "snr_gm": 7.5352401233219375,
  "snr_total": 8.52975641990442,
  "snr_wm": 15.25509394567182,
  "snrd_csf": 16.433882782138323,
  "snrd_gm": 31.828684789366072,
  "snrd_total": 33.50543302930072,
  "snrd_wm": 52.25373151639776,
  "spacing_x": 1.0,
  "spacing_y": 1.0,
  "spacing_z": 1.0,
  "summary_bg_k": 1.5883980319569568,
  "summary_bg_mad": 12.537600311510788,
  "summary_bg_mean": 24.497053716346016,
  "summary_bg_median": 11.805585041642189,
  "summary_bg_n": 1183514.0,
  "summary_bg_p05": 1.7164148464798927,
  "summary_bg_p95": 83.01586928218603,
  "summary_bg_stdv": 27.44647112555756,
  "summary_csf_k": 0.9175238621318216,
  "summary_csf_mad": 113.8935473842688,
  "summary_csf_mean": 314.9831887231516,
  "summary_csf_median": 314.5016227848828,
  "summary_csf_n": 10426.0,
  "summary_csf_p05": 142.1693858206272,
  "summary_csf_p95": 496.9544277768582,
  "summary_csf_stdv": 112.35935040655546,
  "summary_gm_k": 0.20130346329538673,
  "summary_gm_mad": 77.70829500005696,
  "summary_gm_mean": 606.7991871739617,
  "summary_gm_median": 609.1179516166449,
  "summary_gm_n": 8856.0,
  "summary_gm_p05": 468.277740707621,
  "summary_gm_p95": 737.3048360049725,
  "summary_gm_stdv": 80.83134054777885,
  "summary_wm_k": 0.5919032579208232,
  "summary_wm_mad": 62.750068885828746,
  "summary_wm_mean": 1001.2253798275325,
  "summary_wm_median": 1000.0000350698829,
  "summary_wm_n": 184119.0,
  "summary_wm_p05": 896.5965065136552,
  "summary_wm_p95": 1109.138901039958,
  "summary_wm_stdv": 65.55169853377552,
  "tpm_overlap_csf": 0.14190757274627686,
  "tpm_overlap_gm": 0.40189263224601746,
  "tpm_overlap_wm": 0.4962853789329529,
  "wm2max": 0.5630950184006543
}