{
  "bids_meta": {
    "AcquisitionMatrix": "0 256 256 0",
    "AcquisitionNumber": 1,
    "Columns": 256,
    "DataSharing": "1",
    "EchoNumber(s)": 1,
    "EchoTime": 0.003476,
    "EchoTrainLength": 1,
    "FlipAngle": 7,
    "ImagesinAcquisition": 172,
    "In-planePhaseEncodingDirection": "row",
    "InstitutionName": "NIH_FMRIF",
    "InternalPulseSequenceName": "efgre3d",
    "InversionTime": 0.9,
    "MRAcquisitionType": "3d",
    "MagneticFieldStrength": 3,
    "Manufacturer": "GE",
    "Manufacturer'sModelName": "discovery mr750",
    "ManufacturersModelName": "DISCOVERY_MR750",
    "Modality": "MR",
    "NumberofAverages": 1,
    "PixelBandwidth": 195.312,
    "PixelSpacing": "1\\1",
    "PrivateIn-PlanePhaseEncodingDirection": "row",
    "PulseSequenceName": "mprage",
    "ReceiveCoilName": "32ch head",
    "ReconstructionDiameter": 256,
    "RepetitionTime": 0.00766,
    "Rows": 256,
    "SamplesperPixel": 1,
    "ScanOptions": "edr_gems\\filtered_gems\\acc_gems\\ir_gems",
    "SeriesDescription": "anat_t1w_mp_rage_1mm",
    "SeriesNumber": 3,
    "SliceLocation": -86.08920288,
    "SliceThickness": 1,
    "SoftwareVersion(s)": "27\\lx\\mr software release:dv26.0_r01_1725.a",
    "SoftwareVersions": "27 lx mr software release:dv26.0_r01_1725.a",
    "SpacingBetweenSlices": 1,
    "StationName": "3TA",
    "dataset": "ds003709",
    "modality": "T1w",
    "run_id": 1,
    "session_id": "visit1",
    "subject_id": "23905"
  },
  "cjv": 0.3570140958651944,
  "cnr": 3.667514022688461,
  "efc": 0.6955758871488414,
  "fber": 2524.3834915997077,
  "fwhm_avg": 3.128973333333333,
  "fwhm_x": 3.15499,
  "fwhm_y": 3.24959,
  "fwhm_z": 2.98234,
  "icvs_csf": 0.263013898221822,
  "icvs_gm": 0.4025785539838607,
  "icvs_wm": 0.33440754779431736,
  "inu_med": 1.0514259338378906,
  "inu_range": 0.14808923602104174,
  "provenance": {
    "md5sum": "f2a6081fd9521b0ba7caff4e34f1dfe1",
    "settings": {
      "testing": false
    },
    "software": "mriqc",
    "version": "21.0.0rc2",
    "warnings": {
      "large_rot_frame": true,
      "small_air_mask": false
    },
    "webapi_port": null,
    "webapi_url": "https://mriqc.nimh.nih.gov/api/v1"
  },
  "qi_1": 0.0,
  "qi_2": 0.004043548168738458,
  "rpve_csf": 21.75719000011702,
  "rpve_gm": 13.982369630510593,
  "rpve_wm": 22.23893066495332,
  "size_x": 172,
  "size_y": 256,
  "size_z": 256,
  "snr_csf": 2.318067291465149,
  "snr_gm": 7.564041206294555,
  "snr_total": 8.405828179068264,
  "snr_wm": 15.335376039445086,
  "snrd_csf": 18.61933315072775,
  "snrd_gm": 40.171161058743806,
  "snrd_total": 41.54032813149599,
  "snrd_wm": 65.83049018501642,
  "spacing_x": 1.0,
  "spacing_y": 1.0,
  "spacing_z": 1.0,
  "summary_bg_k": 1.604080118922143,
  "summary_bg_mad": 9.951868470364834,
  "summary_bg_mean": 21.36114514472174,
  "summary_bg_median": 11.212814681231976,
  "summary_bg_n": 982786.0,
  "summary_bg_p05": 2.2120518758893013,
  "summary_bg_p95": 73.15026720613241,
  "summary_bg_stdv": 23.134023649507657,
  "summary_csf_k": 0.8067816611584386,
  "summary_csf_mad": 132.99315137669367,
  "summary_csf_mean": 290.57867008488245,
  "summary_csf_median": 282.8375295102596,
  "summary_csf_n": 9892.0,
  "summary_csf_p05": 116.44164797030389,
  "summary_csf_p95": 492.9061800688505,
  "summary_csf_stdv": 122.00820654085197,
  "summary_gm_k": 0.22988473542654164,
  "summary_gm_mad": 76.3918994514937,
  "summary_gm_mean": 610.621138954768,
  "summary_gm_median": 610.2212071418762,
  "summary_gm_n": 14578.0,
  "summary_gm_p05": 476.7353180795908,
  "summary_gm_p95": 745.7894760735333,
  "summary_gm_stdv": 80.67119951051646,
  "summary_wm_k": 0.328643141125474,
  "summary_wm_mad": 62.76462501196003,
  "summary_wm_mean": 1001.109324679562,
  "summary_wm_median": 1000.0000032037497,
  "summary_wm_n": 149290.0,
  "summary_wm_p05": 895.6102240744979,
  "summary_wm_p95": 1110.0686534419656,
  "summary_wm_stdv": 65.2084860155909,
  "tpm_overlap_csf": 0.1524335741996765,
  "tpm_overlap_gm": 0.41043955087661743,
  "tpm_overlap_wm": 0.45953744649887085,
  "wm2max": 0.5041919852319052
}