{
  "aor": 0.008537935779816515,
  "aqi": 0.012057374770642202,
  "bids_meta": {
    "AcquisitionMatrix": "64 0 0 64",
    "DataSharing": "1",
    "EchoTime": 0.03,
    "EffectiveEchoSpacing": 0.000396,
    "FlipAngle": 65,
    "ImagesinAcquisition": 41,
    "InstitutionName": "NIH_FMRIF",
    "InternalPulseSequenceName": "epi",
    "MagneticFieldStrength": 3,
    "Manufacturer": "GE",
    "ManufacturersModelName": "DISCOVERY_MR750",
    "Modality": "MR",
    "NumberofTemporalPositions": 240,
    "PhaseEncodingDirection": "j",
    "PixelBandwidth": 7812.5,
    "PixelSpacing": "3.75\\3.75",
    "PulseSequenceName": "epirtnih",
    "ReconstructionDiameter": 240,
    "RepetitionTime": 2.0,
    "SeriesDescription": "mmi_run 1",
    "SliceThickness": 3,
    "SliceTiming": [
      0.0,
      1.02439,
      0.04878,
      1.073171,
      0.097561,
      1.121951,
      0.146341,
      1.170732,
      0.195122,
      1.219512,
      0.243902,
      1.268293,
      0.292683,
      1.317073,
      0.341463,
      1.365854,
      0.390244,
      1.414634,
      0.439024,
      1.463415,
      0.487805,
      1.512195,
      0.536585,
      1.560976,
      0.585366,
      1.609756,
      0.634146,
      1.658537,
      0.682927,
      1.707317,
      0.731707,
      1.756098,
      0.780488,
      1.804878,
      0.829268,
      1.853659,
      0.878049,
      1.902439,
      0.926829,
      1.95122,
      0.97561
    ],
    "SoftwareVersions": "27 lx mr software release:dv26.0_r01_1725.a",
    "SpacingBetweenSlices": 3.3,
    "StationName": "3TC",
    "TaskName": "MMI",
    "TotalReadoutTime": 0.024948,
    "dataset": "ds003709",
    "modality": "bold",
    "run_id": 1,
    "session_id": "visit1",
    "subject_id": "23814",
    "task_id": "MMI"
  },
  "dummy_trs": 3,
  "dvars_nstd": 29.505318048064517,
  "dvars_std": 0.975613773732719,
  "dvars_vstd": 0.9088825057142859,
  "efc": 0.4111280328056968,
  "fber": 18016.314453125,
  "fd_mean": 0.28577686597833474,
  "fd_num": 84,
  "fd_perc": 38.53211009174312,
  "fwhm_avg": 2.186223203190327,
  "fwhm_x": 2.0451360000000003,
  "fwhm_y": 2.173442666666667,
  "fwhm_z": 2.3400909429043124,
  "gcor": 0.0567946,
  "gsr_x": -0.011518379673361778,
  "gsr_y": 0.00944061204791069,
  "provenance": {
    "md5sum": "afa118df3884f6e49992f90317a718fe",
    "settings": {
      "fd_thres": 0.2,
      "testing": false
    },
    "software": "mriqc",
    "version": "21.0.0rc2",
    "webapi_port": null,
    "webapi_url": "https://mriqc.nimh.nih.gov/api/v1"
  },
  "size_t": 218,
  "size_x": 64,
  "size_y": 64,
  "size_z": 41,
  "snr": 4.271934562454492,
  "spacing_tr": 2.0,
  "spacing_x": 3.75,
  "spacing_y": 3.75,
  "spacing_z": 3.299999952316284,
  "summary_bg_k": 41.59072149774676,
  "summary_bg_mad": 14.343155189873277,
  "summary_bg_mean": 39.90611267089844,
  "summary_bg_median": 11.032109260559082,
  "summary_bg_n": 115169.0,
  "summary_bg_p05": 0.6100917458534241,
  "summary_bg_p95": 179.75228271484335,
  "summary_bg_stdv": 91.86711883544922,
  "summary_fg_k": 0.27490312727299093,
  "summary_fg_mad": 322.28228608310036,
  "summary_fg_mean": 1433.57470703125,
  "summary_fg_median": 1387.7247314453125,
  "summary_fg_n": 20916.0,
  "summary_fg_p05": 1005.7465362548828,
  "summary_fg_p95": 2038.8324279785156,
  "summary_fg_stdv": 324.8391418457031,
  "tsnr": 38.24995688791387
}