{
  "aor": 0.0172704329004329,
  "aqi": 0.017921010562770557,
  "bids_meta": {
    "AcquisitionMatrix": "64 0 0 64",
    "DataSharing": "1",
    "EchoTime": 0.03,
    "EffectiveEchoSpacing": 0.000396,
    "FlipAngle": 65,
    "ImagesinAcquisition": 41,
    "InstitutionName": "NIH_FMRIF",
    "InternalPulseSequenceName": "epi",
    "MagneticFieldStrength": 3,
    "Manufacturer": "GE",
    "ManufacturersModelName": "DISCOVERY_MR750",
    "Modality": "MR",
    "NumberofTemporalPositions": 240,
    "PhaseEncodingDirection": "j",
    "PixelBandwidth": 7812.5,
    "PixelSpacing": "3.75\\3.75",
    "PulseSequenceName": "epirtnih",
    "ReconstructionDiameter": 240,
    "RepetitionTime": 2.0,
    "SeriesDescription": "mmi_run 3",
    "SliceThickness": 3,
    "SliceTiming": [
      0.0,
      1.02439,
      0.04878,
      1.073171,
      0.097561,
      1.121951,
      0.146341,
      1.170732,
      0.195122,
      1.219512,
      0.243902,
      1.268293,
      0.292683,
      1.317073,
      0.341463,
      1.365854,
      0.390244,
      1.414634,
      0.439024,
      1.463415,
      0.487805,
      1.512195,
      0.536585,
      1.560976,
      0.585366,
      1.609756,
      0.634146,
      1.658537,
      0.682927,
      1.707317,
      0.731707,
      1.756098,
      0.780488,
      1.804878,
      0.829268,
      1.853659,
      0.878049,
      1.902439,
      0.926829,
      1.95122,
      0.97561
    ],
    "SoftwareVersions": "27 lx mr software release:dv26.0_r01_1725.a",
    "SpacingBetweenSlices": 3.3,
    "StationName": "3TC",
    "TaskName": "MMI",
    "TotalReadoutTime": 0.024948,
    "dataset": "ds003709",
    "modality": "bold",
    "run_id": 3,
    "session_id": "visit1",
    "subject_id": "23814",
    "task_id": "MMI"
  },
  "dummy_trs": 2,
  "dvars_nstd": 50.03312552104351,
  "dvars_std": 1.1214763590000003,
  "dvars_vstd": 1.0291325898695654,
  "efc": 0.4124193863173469,
  "fber": 17541.14453125,
  "fd_mean": 0.6462207361351834,
  "fd_num": 160,
  "fd_perc": 69.26406926406926,
  "fwhm_avg": 2.2044059911611247,
  "fwhm_x": 2.055208,
  "fwhm_y": 2.198816,
  "fwhm_z": 2.3591939734833742,
  "gcor": 0.0889996,
  "gsr_x": -0.01235299650579691,
  "gsr_y": 0.00858626700937748,
  "provenance": {
    "md5sum": "60d7b64fd9aa25bf94c09a835097f831",
    "settings": {
      "fd_thres": 0.2,
      "testing": false
    },
    "software": "mriqc",
    "version": "21.0.0rc2",
    "webapi_port": null,
    "webapi_url": "https://mriqc.nimh.nih.gov/api/v1"
  },
  "size_t": 231,
  "size_x": 64,
  "size_y": 64,
  "size_z": 41,
  "snr": 4.2823950239010315,
  "spacing_tr": 2.0,
  "spacing_x": 3.75,
  "spacing_y": 3.75,
  "spacing_z": 3.299999952316284,
  "summary_bg_k": 39.20454568447946,
  "summary_bg_mad": 14.415257669314098,
  "summary_bg_mean": 40.86518478393555,
  "summary_bg_median": 11.077921867370605,
  "summary_bg_n": 115277.0,
  "summary_bg_p05": 0.6363636255264282,
  "summary_bg_p95": 185.6000030517577,
  "summary_bg_stdv": 94.81925964355469,
  "summary_fg_k": 0.2954315335911071,
  "summary_fg_mad": 317.6363044484254,
  "summary_fg_mean": 1420.45361328125,
  "summary_fg_median": 1373.259765625,
  "summary_fg_n": 20901.0,
  "summary_fg_p05": 1000.2164306640625,
  "summary_fg_p95": 2014.0042724609375,
  "summary_fg_stdv": 320.66796875,
  "tsnr": 28.237476957729086
}