{
  "aor": 0.0161431914893617,
  "aqi": 0.010881137574468087,
  "bids_meta": {
    "AcquisitionMatrix": "64 0 0 64",
    "DataSharing": "1",
    "EchoTime": 0.03,
    "EffectiveEchoSpacing": 0.000396,
    "FlipAngle": 65,
    "ImagesinAcquisition": 41,
    "InstitutionName": "NIH_FMRIF",
    "InternalPulseSequenceName": "epi",
    "MagneticFieldStrength": 3,
    "Manufacturer": "GE",
    "ManufacturersModelName": "DISCOVERY_MR750",
    "Modality": "MR",
    "NumberofTemporalPositions": 240,
    "PhaseEncodingDirection": "j",
    "PixelBandwidth": 7812.5,
    "PixelSpacing": "3.75\\3.75",
    "PulseSequenceName": "epirtnih",
    "ReconstructionDiameter": 240,
    "RepetitionTime": 2.0,
    "SeriesDescription": "mmi_run 2",
    "SliceThickness": 3,
    "SliceTiming": [
      0.0,
      1.02439,
      0.04878,
      1.073171,
      0.097561,
      1.121951,
      0.146341,
      1.170732,
      0.195122,
      1.219512,
      0.243902,
      1.268293,
      0.292683,
      1.317073,
      0.341463,
      1.365854,
      0.390244,
      1.414634,
      0.439024,
      1.463415,
      0.487805,
      1.512195,
      0.536585,
      1.560976,
      0.585366,
      1.609756,
      0.634146,
      1.658537,
      0.682927,
      1.707317,
      0.731707,
      1.756098,
      0.780488,
      1.804878,
      0.829268,
      1.853659,
      0.878049,
      1.902439,
      0.926829,
      1.95122,
      0.97561
    ],
    "SoftwareVersions": "27 lx mr software release:dv26.0_r01_1725.a",
    "SpacingBetweenSlices": 3.3,
    "StationName": "3TC",
    "TaskName": "MMI",
    "TotalReadoutTime": 0.024948,
    "dataset": "ds003709",
    "modality": "bold",
    "run_id": 2,
    "session_id": "visit1",
    "subject_id": "23814",
    "task_id": "MMI"
  },
  "dummy_trs": 2,
  "dvars_nstd": 36.15461384559831,
  "dvars_std": 1.1240374436752136,
  "dvars_vstd": 1.0227328338888884,
  "efc": 0.4109517028139415,
  "fber": 18599.923828125,
  "fd_mean": 0.3369882353263187,
  "fd_num": 111,
  "fd_perc": 47.234042553191486,
  "fwhm_avg": 2.1823991223464865,
  "fwhm_x": 2.0478906666666665,
  "fwhm_y": 2.16664,
  "fwhm_z": 2.332666700372793,
  "gcor": 0.0966675,
  "gsr_x": -0.011639643460512161,
  "gsr_y": 0.008092395029962063,
  "provenance": {
    "md5sum": "499e499b797723df444eb20f12b2cdf9",
    "settings": {
      "fd_thres": 0.2,
      "testing": false
    },
    "software": "mriqc",
    "version": "21.0.0rc2",
    "webapi_port": null,
    "webapi_url": "https://mriqc.nimh.nih.gov/api/v1"
  },
  "size_t": 235,
  "size_x": 64,
  "size_y": 64,
  "size_z": 41,
  "snr": 4.232888317812834,
  "spacing_tr": 2.0,
  "spacing_x": 3.75,
  "spacing_y": 3.75,
  "spacing_z": 3.299999952316284,
  "summary_bg_k": 41.90765687954581,
  "summary_bg_mad": 13.993240473980068,
  "summary_bg_mean": 39.825584411621094,
  "summary_bg_median": 10.787233352661133,
  "summary_bg_n": 115174.0,
  "summary_bg_p05": 0.570212721824646,
  "summary_bg_p95": 183.06169357299768,
  "summary_bg_stdv": 92.15613555908203,
  "summary_fg_k": 0.30633543796982243,
  "summary_fg_mad": 324.31136259344896,
  "summary_fg_mean": 1428.6964111328125,
  "summary_fg_median": 1382.3680419921875,
  "summary_fg_n": 20928.0,
  "summary_fg_p05": 999.5386657714844,
  "summary_fg_p95": 2031.823352050781,
  "summary_fg_stdv": 326.5701599121094,
  "tsnr": 36.38263859692961
}