{
  "aor": 0.0023631944444444442,
  "aqi": 0.003258209398148148,
  "bids_meta": {
    "DataSharing": "1",
    "EchoTime": 0.03,
    "EffectiveEchoSpacing": 0.000396,
    "InstitutionName": "NIH_FMRIF",
    "MagneticFieldStrength": 3,
    "Manufacturer": "GE",
    "ManufacturersModelName": "DISCOVERY_MR750",
    "Modality": "MR",
    "PhaseEncodingDirection": "j",
    "PixelBandwidth": 7812.5,
    "RepetitionTime": 2.0,
    "SliceTiming": [
      0.0,
      1.02439,
      0.04878,
      1.073171,
      0.097561,
      1.121951,
      0.146341,
      1.170732,
      0.195122,
      1.219512,
      0.243902,
      1.268293,
      0.292683,
      1.317073,
      0.341463,
      1.365854,
      0.390244,
      1.414634,
      0.439024,
      1.463415,
      0.487805,
      1.512195,
      0.536585,
      1.560976,
      0.585366,
      1.609756,
      0.634146,
      1.658537,
      0.682927,
      1.707317,
      0.731707,
      1.756098,
      0.780488,
      1.804878,
      0.829268,
      1.853659,
      0.878049,
      1.902439,
      0.926829,
      1.95122,
      0.97561
    ],
    "SoftwareVersions": "27 lx mr software release:dv26.0_r01_1725.a",
    "StationName": "3TA",
    "TaskName": "MMI",
    "TotalReadoutTime": 0.024948,
    "dataset": "ds003709",
    "modality": "bold",
    "run_id": 1,
    "session_id": "visit1",
    "subject_id": "23867",
    "task_id": "MMI"
  },
  "dummy_trs": 3,
  "dvars_nstd": 17.581003144883724,
  "dvars_std": 1.1603835438139545,
  "dvars_vstd": 1.010137767162791,
  "efc": 0.42897992182356054,
  "fber": 30495.298828125,
  "fd_mean": 0.08994003617043458,
  "fd_num": 7,
  "fd_perc": 3.240740740740741,
  "fwhm_avg": 2.2218634862590423,
  "fwhm_x": 2.0590986666666664,
  "fwhm_y": 2.2164826666666664,
  "fwhm_z": 2.3900091254437927,
  "gcor": 0.01929,
  "gsr_x": -0.0012790337204933167,
  "gsr_y": 0.01659616082906723,
  "provenance": {
    "md5sum": "c02eb764e0cadba98019bb1456d0f8ee",
    "settings": {
      "fd_thres": 0.2,
      "testing": false
    },
    "software": "mriqc",
    "version": "21.0.0rc2",
    "webapi_port": null,
    "webapi_url": "https://mriqc.nimh.nih.gov/api/v1"
  },
  "size_t": 216,
  "size_x": 64,
  "size_y": 64,
  "size_z": 41,
  "snr": 4.465452947697436,
  "spacing_tr": 2.0,
  "spacing_x": 3.75,
  "spacing_y": 3.75,
  "spacing_z": 3.299999952316284,
  "summary_bg_k": 40.67418767937368,
  "summary_bg_mad": 17.12542811555098,
  "summary_bg_mean": 58.060508728027344,
  "summary_bg_median": 12.18055534362793,
  "summary_bg_n": 111789.0,
  "summary_bg_p05": 0.16203704476356506,
  "summary_bg_p95": 242.80462646484364,
  "summary_bg_stdv": 155.80413818359375,
  "summary_fg_k": 0.958139841932776,
  "summary_fg_mad": 384.9891930499287,
  "summary_fg_mean": 2048.855224609375,
  "summary_fg_median": 1975.236083984375,
  "summary_fg_n": 24375.0,
  "summary_fg_p05": 1461.431005859375,
  "summary_fg_p95": 2896.3976562499997,
  "summary_fg_stdv": 442.3281555175781,
  "tsnr": 81.81412924895994
}