{
  "bids_meta": {
    "AcquisitionMatrix": "0 256 256 0",
    "AcquisitionNumber": 1,
    "Columns": 256,
    "DataSharing": "1",
    "EchoNumber(s)": 1,
    "EchoTime": 0.003476,
    "EchoTrainLength": 1,
    "FlipAngle": 7,
    "ImagesinAcquisition": 172,
    "In-planePhaseEncodingDirection": "row",
    "InstitutionName": "NIH_FMRIF",
    "InternalPulseSequenceName": "efgre3d",
    "InversionTime": 0.9,
    "MRAcquisitionType": "3d",
    "MagneticFieldStrength": 3,
    "Manufacturer": "GE",
    "Manufacturer'sModelName": "discovery mr750",
    "ManufacturersModelName": "DISCOVERY_MR750",
    "Modality": "MR",
    "NumberofAverages": 1,
    "PixelBandwidth": 195.312,
    "PixelSpacing": "1\\1",
    "PrivateIn-PlanePhaseEncodingDirection": "row",
    "PulseSequenceName": "mprage",
    "ReceiveCoilName": "32ch head",
    "ReconstructionDiameter": 256,
    "RepetitionTime": 0.00766,
    "Rows": 256,
    "SamplesperPixel": 1,
    "ScanOptions": "edr_gems\\filtered_gems\\acc_gems\\ir_gems",
    "SeriesDescription": "anat_t1w_mp_rage_1mm",
    "SeriesNumber": 13,
    "SliceLocation": -83.86524963,
    "SliceThickness": 1,
    "SoftwareVersion(s)": "27\\lx\\mr software release:dv26.0_r01_1725.a",
    "SoftwareVersions": "27 lx mr software release:dv26.0_r01_1725.a",
    "SpacingBetweenSlices": 1,
    "StationName": "3TC",
    "dataset": "ds003709",
    "modality": "T1w",
    "run_id": 1,
    "session_id": "visit1",
    "subject_id": "23607"
  },
  "cjv": 0.3814407598083411,
  "cnr": 3.503513077892292,
  "efc": 0.6748061356825925,
  "fber": 3472.5091840000005,
  "fwhm_avg": 3.2165866666666667,
  "fwhm_x": 3.25375,
  "fwhm_y": 3.34852,
  "fwhm_z": 3.04749,
  "icvs_csf": 0.2716198889189296,
  "icvs_gm": 0.37484778489948933,
  "icvs_wm": 0.35353232618158115,
  "inu_med": 1.0381455421447754,
  "inu_range": 0.15318875014781952,
  "provenance": {
    "md5sum": "1aa984789b9cf7c3d8952bdef4cfe45f",
    "settings": {
      "testing": false
    },
    "software": "mriqc",
    "version": "21.0.0rc2",
    "warnings": {
      "large_rot_frame": true,
      "small_air_mask": false
    },
    "webapi_port": null,
    "webapi_url": "https://mriqc.nimh.nih.gov/api/v1"
  },
  "qi_1": 0.0,
  "qi_2": 0.0026148780742010105,
  "rpve_csf": 18.959006004059418,
  "rpve_gm": 12.959912481040872,
  "rpve_wm": 18.682831673169,
  "size_x": 172,
  "size_y": 256,
  "size_z": 256,
  "snr_csf": 2.367733534250421,
  "snr_gm": 6.873143971080721,
  "snr_total": 8.188829288331059,
  "snr_wm": 15.325610359662035,
  "snrd_csf": 16.392890213352377,
  "snrd_gm": 39.260323646042295,
  "snrd_total": 40.107265625030806,
  "snrd_wm": 64.66858301569775,
  "spacing_x": 1.0,
  "spacing_y": 1.0,
  "spacing_z": 1.0,
  "summary_bg_k": 5.745867452663777,
  "summary_bg_mad": 10.13067473854338,
  "summary_bg_mean": 17.465857683486288,
  "summary_bg_median": 9.135472409427166,
  "summary_bg_n": 1378500.0,
  "summary_bg_p05": 2.3024361357092857,
  "summary_bg_p95": 70.55852673947811,
  "summary_bg_stdv": 22.740892857962802,
  "summary_csf_k": 0.9545526767200623,
  "summary_csf_mad": 113.36445264489576,
  "summary_csf_mean": 270.7946469193927,
  "summary_csf_median": 253.49079132825136,
  "summary_csf_n": 14888.0,
  "summary_csf_p05": 133.4670237377286,
  "summary_csf_p95": 457.8617072258144,
  "summary_csf_stdv": 107.0569277580595,
  "summary_gm_k": -0.07598267052406849,
  "summary_gm_mad": 87.76247572412038,
  "summary_gm_mean": 606.6811057579878,
  "summary_gm_median": 607.1004184931517,
  "summary_gm_n": 18647.0,
  "summary_gm_p05": 459.6925153143704,
  "summary_gm_p95": 752.8520530968906,
  "summary_gm_stdv": 88.32699301223006,
  "summary_wm_k": 0.4515195274721129,
  "summary_wm_mad": 62.10544078846159,
  "summary_wm_mean": 1001.1827745254097,
  "summary_wm_median": 1000.0000042319298,
  "summary_wm_n": 196034.0,
  "summary_wm_p05": 895.9447453245521,
  "summary_wm_p95": 1110.0713059455156,
  "summary_wm_stdv": 65.25008989415267,
  "tpm_overlap_csf": 0.1616225391626358,
  "tpm_overlap_gm": 0.40338394045829773,
  "tpm_overlap_wm": 0.4888753294944763,
  "wm2max": 0.5595101991864995
}