{
  "bids_meta": {
    "AcquisitionMatrix": "0 256 256 0",
    "AcquisitionNumber": 1,
    "Columns": 256,
    "DataSharing": "1",
    "EchoNumber(s)": 1,
    "EchoTime": 0.003476,
    "EchoTrainLength": 1,
    "FlipAngle": 7,
    "ImagesinAcquisition": 172,
    "In-planePhaseEncodingDirection": "row",
    "InstitutionName": "NIH_FMRIF",
    "InternalPulseSequenceName": "efgre3d",
    "InversionTime": 0.9,
    "MRAcquisitionType": "3d",
    "MagneticFieldStrength": 3,
    "Manufacturer": "GE",
    "Manufacturer'sModelName": "discovery mr750",
    "ManufacturersModelName": "DISCOVERY_MR750",
    "Modality": "MR",
    "NumberofAverages": 1,
    "PixelBandwidth": 195.312,
    "PixelSpacing": "1\\1",
    "PrivateIn-PlanePhaseEncodingDirection": "row",
    "PulseSequenceName": "mprage",
    "ReceiveCoilName": "32ch head",
    "ReconstructionDiameter": 256,
    "RepetitionTime": 0.00766,
    "Rows": 256,
    "SamplesperPixel": 1,
    "ScanOptions": "edr_gems\\filtered_gems\\acc_gems\\ir_gems",
    "SeriesDescription": "anat_t1w_mp_rage_1mm",
    "SeriesNumber": 10,
    "SliceLocation": -82.57350159,
    "SliceThickness": 1,
    "SoftwareVersion(s)": "27\\lx\\mr software release:dv26.0_r01_1725.a",
    "SoftwareVersions": "27 lx mr software release:dv26.0_r01_1725.a",
    "SpacingBetweenSlices": 1,
    "StationName": "3TA",
    "dataset": "ds003709",
    "modality": "T1w",
    "run_id": 1,
    "session_id": "visit1",
    "subject_id": "23652"
  },
  "cjv": 0.37520960203877934,
  "cnr": 3.5384413293923567,
  "efc": 0.7134829677954958,
  "fber": 2813.4415449137905,
  "fwhm_avg": 3.081336666666667,
  "fwhm_x": 3.04517,
  "fwhm_y": 3.25342,
  "fwhm_z": 2.94542,
  "icvs_csf": 0.23736155103573403,
  "icvs_gm": 0.4394430924561804,
  "icvs_wm": 0.32319535650808556,
  "inu_med": 1.1370755434036255,
  "inu_range": 0.1939974069595336,
  "provenance": {
    "md5sum": "de7b4aff730ec5bc516945b61d471d3a",
    "settings": {
      "testing": false
    },
    "software": "mriqc",
    "version": "21.0.0rc2",
    "warnings": {
      "large_rot_frame": true,
      "small_air_mask": false
    },
    "webapi_port": null,
    "webapi_url": "https://mriqc.nimh.nih.gov/api/v1"
  },
  "qi_1": 0.0,
  "qi_2": 0.004610010311553654,
  "rpve_csf": 20.103619503871663,
  "rpve_gm": 11.41070775707855,
  "rpve_wm": 19.59481034084789,
  "size_x": 172,
  "size_y": 256,
  "size_z": 256,
  "snr_csf": 2.1424716251311486,
  "snr_gm": 7.434286248239158,
  "snr_total": 8.158241055252743,
  "snr_wm": 14.897965292387923,
  "snrd_csf": 21.73653242175007,
  "snrd_gm": 47.43634331084218,
  "snrd_total": 48.74604740206154,
  "snrd_wm": 77.06526647359236,
  "spacing_x": 1.0,
  "spacing_y": 1.0,
  "spacing_z": 1.0,
  "summary_bg_k": 2.2696242582221062,
  "summary_bg_mad": 8.50105894783513,
  "summary_bg_mean": 18.967905523463887,
  "summary_bg_median": 9.398829516023397,
  "summary_bg_n": 950683.0,
  "summary_bg_p05": 1.832476194947958,
  "summary_bg_p95": 66.97404931858182,
  "summary_bg_stdv": 21.097547644142274,
  "summary_csf_k": 0.41542332720830855,
  "summary_csf_mad": 148.6370719126637,
  "summary_csf_mean": 294.5283922413795,
  "summary_csf_median": 282.0535536836833,
  "summary_csf_n": 9852.0,
  "summary_csf_p05": 116.92971487827599,
  "summary_csf_p95": 520.7128888282923,
  "summary_csf_stdv": 131.6419949180852,
  "summary_gm_k": 0.01801986411928036,
  "summary_gm_mad": 80.62860032998267,
  "summary_gm_mean": 617.3447447950364,
  "summary_gm_median": 615.5346650965512,
  "summary_gm_n": 27341.0,
  "summary_gm_p05": 483.8328276015818,
  "summary_gm_p95": 759.1180417910218,
  "summary_gm_stdv": 82.79522577117568,
  "summary_wm_k": 0.5116454379264774,
  "summary_wm_mad": 63.62648243431241,
  "summary_wm_mean": 1001.873974180984,
  "summary_wm_median": 999.999993223697,
  "summary_wm_n": 177101.0,
  "summary_wm_p05": 895.2532894350588,
  "summary_wm_p95": 1115.1504328288138,
  "summary_wm_stdv": 67.12307018750577,
  "tpm_overlap_csf": 0.16129207611083984,
  "tpm_overlap_gm": 0.45411500334739685,
  "tpm_overlap_wm": 0.49458587169647217,
  "wm2max": 0.5057550300457413
}