{
  "bids_meta": {
    "AcquisitionMatrix": "0 256 256 0",
    "AcquisitionNumber": 1,
    "Columns": 256,
    "DataSharing": "1",
    "EchoNumber(s)": 1,
    "EchoTime": 0.003476,
    "EchoTrainLength": 1,
    "FlipAngle": 7,
    "ImagesinAcquisition": 172,
    "In-planePhaseEncodingDirection": "row",
    "InstitutionName": "NIH_FMRIF",
    "InternalPulseSequenceName": "efgre3d",
    "InversionTime": 0.9,
    "MRAcquisitionType": "3d",
    "MagneticFieldStrength": 3,
    "Manufacturer": "GE",
    "Manufacturer'sModelName": "discovery mr750",
    "ManufacturersModelName": "DISCOVERY_MR750",
    "Modality": "MR",
    "NumberofAverages": 1,
    "PixelBandwidth": 195.312,
    "PixelSpacing": "1\\1",
    "PrivateIn-PlanePhaseEncodingDirection": "row",
    "PulseSequenceName": "mprage",
    "ReceiveCoilName": "32ch head",
    "ReconstructionDiameter": 256,
    "RepetitionTime": 0.00766,
    "Rows": 256,
    "SamplesperPixel": 1,
    "ScanOptions": "edr_gems\\filtered_gems\\acc_gems\\ir_gems",
    "SeriesDescription": "anat_t1w_mp_rage_1mm",
    "SeriesNumber": 3,
    "SliceLocation": -89.01570129,
    "SliceThickness": 1,
    "SoftwareVersion(s)": "27\\lx\\mr software release:dv26.0_r01_1725.a",
    "SoftwareVersions": "27 lx mr software release:dv26.0_r01_1725.a",
    "SpacingBetweenSlices": 1,
    "StationName": "3TC",
    "dataset": "ds003709",
    "modality": "T1w",
    "run_id": 1,
    "session_id": "visit1",
    "subject_id": "23820"
  },
  "cjv": 0.38956995667399724,
  "cnr": 3.4813456325476935,
  "efc": 0.6991354803861531,
  "fber": 1628.3598615916956,
  "fwhm_avg": 3.089423333333333,
  "fwhm_x": 3.05652,
  "fwhm_y": 3.21385,
  "fwhm_z": 2.9979,
  "icvs_csf": 0.2608349924788642,
  "icvs_gm": 0.40714740500850477,
  "icvs_wm": 0.332017602512631,
  "inu_med": 1.2778663635253906,
  "inu_range": 0.23317777514457694,
  "provenance": {
    "md5sum": "dde1a62c417ae17dda6234f9f214a7de",
    "settings": {
      "testing": false
    },
    "software": "mriqc",
    "version": "21.0.0rc2",
    "warnings": {
      "large_rot_frame": true,
      "small_air_mask": false
    },
    "webapi_port": null,
    "webapi_url": "https://mriqc.nimh.nih.gov/api/v1"
  },
  "qi_1": 0.0,
  "qi_2": 0.0052430148449668,
  "rpve_csf": 22.968301893001406,
  "rpve_gm": 14.476805429805307,
  "rpve_wm": 22.95912239333874,
  "size_x": 172,
  "size_y": 256,
  "size_z": 256,
  "snr_csf": 2.6397474767564226,
  "snr_gm": 7.359981224914864,
  "snr_total": 7.763828678699222,
  "snr_wm": 13.291757334426379,
  "snrd_csf": 16.003841251359546,
  "snrd_gm": 31.06628007616853,
  "snrd_total": 32.8383855185674,
  "snrd_wm": 51.44503522817412,
  "spacing_x": 1.0,
  "spacing_y": 1.0,
  "spacing_z": 1.0,
  "summary_bg_k": 3.138897154453362,
  "summary_bg_mad": 12.734685777203067,
  "summary_bg_mean": 21.02134088493838,
  "summary_bg_median": 11.683738455176353,
  "summary_bg_n": 920206.0,
  "summary_bg_p05": 2.934272214770317,
  "summary_bg_p95": 75.17071910202503,
  "summary_bg_stdv": 23.569597984459307,
  "summary_csf_k": 0.35082051399368996,
  "summary_csf_mad": 127.18866291765548,
  "summary_csf_mean": 318.02421250786534,
  "summary_csf_median": 311.0862051695585,
  "summary_csf_n": 8541.0,
  "summary_csf_p05": 147.14041396975517,
  "summary_csf_p95": 515.7383545488119,
  "summary_csf_stdv": 117.84005706224434,
  "summary_gm_k": 0.009150791742174924,
  "summary_gm_mad": 79.88840145947266,
  "summary_gm_mean": 605.2742385634349,
  "summary_gm_median": 603.8732217997313,
  "summary_gm_n": 13627.0,
  "summary_gm_p05": 470.97736567258835,
  "summary_gm_p95": 745.6625902578234,
  "summary_gm_stdv": 82.04519083775794,
  "summary_wm_k": 0.1010526525612998,
  "summary_wm_mad": 74.4306789835285,
  "summary_wm_mean": 1001.9190177007458,
  "summary_wm_median": 999.9999707937241,
  "summary_wm_n": 152091.0,
  "summary_wm_p05": 881.3486725091934,
  "summary_wm_p95": 1128.6277946084738,
  "summary_wm_stdv": 75.23434698080618,
  "tpm_overlap_csf": 0.14788874983787537,
  "tpm_overlap_gm": 0.42315393686294556,
  "tpm_overlap_wm": 0.49711838364601135,
  "wm2max": 0.5432413633201948
}