{
  "aor": 0.0015654708520179373,
  "aqi": 0.0024332340941704035,
  "bids_meta": {
    "AcquisitionMatrix": "64 0 0 64",
    "DataSharing": "1",
    "EchoTime": 0.03,
    "EffectiveEchoSpacing": 0.000396,
    "FlipAngle": 65,
    "ImagesinAcquisition": 41,
    "InstitutionName": "NIH_FMRIF",
    "InternalPulseSequenceName": "epi",
    "MagneticFieldStrength": 3,
    "Manufacturer": "GE",
    "ManufacturersModelName": "DISCOVERY_MR750",
    "Modality": "MR",
    "NumberofTemporalPositions": 240,
    "PhaseEncodingDirection": "j",
    "PixelBandwidth": 7812.5,
    "PixelSpacing": "3.75\\3.75",
    "PulseSequenceName": "epirtnih",
    "ReconstructionDiameter": 240,
    "RepetitionTime": 2.0,
    "SeriesDescription": "mmi_run1",
    "SliceThickness": 3,
    "SliceTiming": [
      0.0,
      1.02439,
      0.04878,
      1.073171,
      0.097561,
      1.121951,
      0.146341,
      1.170732,
      0.195122,
      1.219512,
      0.243902,
      1.268293,
      0.292683,
      1.317073,
      0.341463,
      1.365854,
      0.390244,
      1.414634,
      0.439024,
      1.463415,
      0.487805,
      1.512195,
      0.536585,
      1.560976,
      0.585366,
      1.609756,
      0.634146,
      1.658537,
      0.682927,
      1.707317,
      0.731707,
      1.756098,
      0.780488,
      1.804878,
      0.829268,
      1.853659,
      0.878049,
      1.902439,
      0.926829,
      1.95122,
      0.97561
    ],
    "SoftwareVersions": "27 lx mr software release:dv26.0_r01_1725.a",
    "SpacingBetweenSlices": 3.3,
    "StationName": "3TA",
    "TaskName": "MMI",
    "TotalReadoutTime": 0.024948,
    "dataset": "ds003709",
    "modality": "bold",
    "run_id": 1,
    "session_id": "visit1",
    "subject_id": "23549",
    "task_id": "MMI"
  },
  "dummy_trs": 2,
  "dvars_nstd": 17.497185346396403,
  "dvars_std": 1.1826001656306304,
  "dvars_vstd": 1.0040017420720717,
  "efc": 0.46101305510814294,
  "fber": 23368.357421875,
  "fd_mean": 0.05705664658856344,
  "fd_num": 5,
  "fd_perc": 2.242152466367713,
  "fwhm_avg": 2.2140744106058503,
  "fwhm_x": 2.08336,
  "fwhm_y": 2.189202249109475,
  "fwhm_z": 2.369660982708076,
  "gcor": 0.0496632,
  "gsr_x": -0.007566056679934263,
  "gsr_y": 0.0350235179066658,
  "provenance": {
    "md5sum": "dbcf810c198b46b614784431a8c41b79",
    "settings": {
      "fd_thres": 0.2,
      "testing": false
    },
    "software": "mriqc",
    "version": "21.0.0rc2",
    "webapi_port": null,
    "webapi_url": "https://mriqc.nimh.nih.gov/api/v1"
  },
  "size_t": 223,
  "size_x": 64,
  "size_y": 64,
  "size_z": 41,
  "snr": 4.449581711277067,
  "spacing_tr": 2.0,
  "spacing_x": 3.75,
  "spacing_y": 3.7500007152557373,
  "spacing_z": 3.299999475479126,
  "summary_bg_k": 36.47521191393185,
  "summary_bg_mad": 19.39350211666147,
  "summary_bg_mean": 72.55345153808594,
  "summary_bg_median": 13.766817092895508,
  "summary_bg_n": 107658.0,
  "summary_bg_p05": 0.2466367781162262,
  "summary_bg_p95": 388.1049606323233,
  "summary_bg_stdv": 174.70443725585938,
  "summary_fg_k": 0.7102088679978253,
  "summary_fg_mad": 403.76640806145133,
  "summary_fg_mean": 1990.9129638671875,
  "summary_fg_median": 1944.080810546875,
  "summary_fg_n": 27171.0,
  "summary_fg_p05": 1360.3184814453125,
  "summary_fg_p95": 2780.345458984375,
  "summary_fg_stdv": 436.9051208496094,
  "tsnr": 91.2928873335477
}