{
  "aor": 0.021946794871794875,
  "aqi": 0.04979814700854701,
  "bids_meta": {
    "AcquisitionMatrix": "64 0 0 64",
    "DataSharing": "1",
    "EchoTime": 0.03,
    "EffectiveEchoSpacing": 0.000396,
    "FlipAngle": 65,
    "ImagesinAcquisition": 41,
    "InstitutionName": "NIH_FMRIF",
    "InternalPulseSequenceName": "epi",
    "MagneticFieldStrength": 3,
    "Manufacturer": "GE",
    "ManufacturersModelName": "DISCOVERY_MR750",
    "Modality": "MR",
    "NumberofTemporalPositions": 240,
    "PhaseEncodingDirection": "j",
    "PixelBandwidth": 7812.5,
    "PixelSpacing": "3.75\\3.75",
    "PulseSequenceName": "epirtnih",
    "ReconstructionDiameter": 240,
    "RepetitionTime": 2.0,
    "SeriesDescription": "mmi_run3",
    "SliceThickness": 3,
    "SliceTiming": [
      0.0,
      1.02439,
      0.04878,
      1.073171,
      0.097561,
      1.121951,
      0.146341,
      1.170732,
      0.195122,
      1.219512,
      0.243902,
      1.268293,
      0.292683,
      1.317073,
      0.341463,
      1.365854,
      0.390244,
      1.414634,
      0.439024,
      1.463415,
      0.487805,
      1.512195,
      0.536585,
      1.560976,
      0.585366,
      1.609756,
      0.634146,
      1.658537,
      0.682927,
      1.707317,
      0.731707,
      1.756098,
      0.780488,
      1.804878,
      0.829268,
      1.853659,
      0.878049,
      1.902439,
      0.926829,
      1.95122,
      0.97561
    ],
    "SoftwareVersions": "27 lx mr software release:dv26.0_r01_1725.a",
    "SpacingBetweenSlices": 3.3,
    "StationName": "3TA",
    "TaskName": "MMI",
    "TotalReadoutTime": 0.024948,
    "dataset": "ds003709",
    "modality": "bold",
    "run_id": 3,
    "session_id": "visit1",
    "subject_id": "23720",
    "task_id": "MMI"
  },
  "dummy_trs": 2,
  "dvars_nstd": 45.691533751759685,
  "dvars_std": 0.9212699520171673,
  "dvars_vstd": 0.914624448583691,
  "efc": 0.39988871654660557,
  "fber": 31241.41796875,
  "fd_mean": 0.8304383576305976,
  "fd_num": 116,
  "fd_perc": 49.572649572649574,
  "fwhm_avg": 2.1657938289502083,
  "fwhm_x": 2.0893813333333333,
  "fwhm_y": 2.172288,
  "fwhm_z": 2.2357121535172917,
  "gcor": 0.0757908,
  "gsr_x": -0.009534746408462524,
  "gsr_y": 0.013827088288962841,
  "provenance": {
    "md5sum": "a2c9764c402c53ff6635bd403bca3f9c",
    "settings": {
      "fd_thres": 0.2,
      "testing": false
    },
    "software": "mriqc",
    "version": "21.0.0rc2",
    "webapi_port": null,
    "webapi_url": "https://mriqc.nimh.nih.gov/api/v1"
  },
  "size_t": 234,
  "size_x": 64,
  "size_y": 64,
  "size_z": 41,
  "snr": 4.7737313843991,
  "spacing_tr": 2.0,
  "spacing_x": 3.75,
  "spacing_y": 3.75,
  "spacing_z": 3.299999952316284,
  "summary_bg_k": 57.1442596437764,
  "summary_bg_mad": 16.35297623536979,
  "summary_bg_mean": 47.028499603271484,
  "summary_bg_median": 11.982906341552734,
  "summary_bg_n": 116898.0,
  "summary_bg_p05": 0.5213675498962402,
  "summary_bg_p95": 211.38591003417963,
  "summary_bg_stdv": 107.99819946289062,
  "summary_fg_k": 0.6540443510286269,
  "summary_fg_mad": 379.60951153807827,
  "summary_fg_mean": 1946.3345947265625,
  "summary_fg_median": 1900.342041015625,
  "summary_fg_n": 20334.0,
  "summary_fg_p05": 1395.5752746582032,
  "summary_fg_p95": 2691.060363769531,
  "summary_fg_stdv": 398.0733642578125,
  "tsnr": 22.12316185911186
}