{
  "aor": 0.006850407239819003,
  "aqi": 0.023595509954751133,
  "bids_meta": {
    "AcquisitionMatrix": "64 0 0 64",
    "DataSharing": "1",
    "EchoTime": 0.03,
    "EffectiveEchoSpacing": 0.000396,
    "FlipAngle": 65,
    "ImagesinAcquisition": 41,
    "InstitutionName": "NIH_FMRIF",
    "InternalPulseSequenceName": "epi",
    "MagneticFieldStrength": 3,
    "Manufacturer": "GE",
    "ManufacturersModelName": "DISCOVERY_MR750",
    "Modality": "MR",
    "NumberofTemporalPositions": 240,
    "PhaseEncodingDirection": "j",
    "PixelBandwidth": 7812.5,
    "PixelSpacing": "3.75\\3.75",
    "PulseSequenceName": "epirtnih",
    "ReconstructionDiameter": 240,
    "RepetitionTime": 2.0,
    "SeriesDescription": "mmi_run 2",
    "SliceThickness": 3,
    "SliceTiming": [
      0.0,
      1.02439,
      0.04878,
      1.073171,
      0.097561,
      1.121951,
      0.146341,
      1.170732,
      0.195122,
      1.219512,
      0.243902,
      1.268293,
      0.292683,
      1.317073,
      0.341463,
      1.365854,
      0.390244,
      1.414634,
      0.439024,
      1.463415,
      0.487805,
      1.512195,
      0.536585,
      1.560976,
      0.585366,
      1.609756,
      0.634146,
      1.658537,
      0.682927,
      1.707317,
      0.731707,
      1.756098,
      0.780488,
      1.804878,
      0.829268,
      1.853659,
      0.878049,
      1.902439,
      0.926829,
      1.95122,
      0.97561
    ],
    "SoftwareVersions": "27 lx mr software release:dv26.0_r01_1725.a",
    "SpacingBetweenSlices": 3.3,
    "StationName": "3TA",
    "TaskName": "MMI",
    "TotalReadoutTime": 0.024948,
    "dataset": "ds003709",
    "modality": "bold",
    "run_id": 2,
    "session_id": "visit1",
    "subject_id": "23720",
    "task_id": "MMI"
  },
  "dummy_trs": 3,
  "dvars_nstd": 29.98836131990909,
  "dvars_std": 0.8365791441818176,
  "dvars_vstd": 0.8118085480909091,
  "efc": 0.3979617877445384,
  "fber": 37001.375,
  "fd_mean": 0.39109411357813295,
  "fd_num": 76,
  "fd_perc": 34.38914027149321,
  "fwhm_avg": 2.1338574249660556,
  "fwhm_x": 2.0288,
  "fwhm_y": 2.1253813333333333,
  "fwhm_z": 2.2473909415648334,
  "gcor": 0.0334782,
  "gsr_x": -0.00855248048901558,
  "gsr_y": 0.014435549266636372,
  "provenance": {
    "md5sum": "a716452c6803c88f19ec112bae4205e4",
    "settings": {
      "fd_thres": 0.2,
      "testing": false
    },
    "software": "mriqc",
    "version": "21.0.0rc2",
    "webapi_port": null,
    "webapi_url": "https://mriqc.nimh.nih.gov/api/v1"
  },
  "size_t": 221,
  "size_x": 64,
  "size_y": 64,
  "size_z": 41,
  "snr": 4.858041223975973,
  "spacing_tr": 2.0,
  "spacing_x": 3.75,
  "spacing_y": 3.75,
  "spacing_z": 3.299999952316284,
  "summary_bg_k": 67.23826435333221,
  "summary_bg_mad": 14.936714773701775,
  "summary_bg_mean": 44.43399429321289,
  "summary_bg_median": 10.970588684082031,
  "summary_bg_n": 116752.0,
  "summary_bg_p05": 0.46606338024139404,
  "summary_bg_p95": 201.53236160278271,
  "summary_bg_stdv": 105.58790588378906,
  "summary_fg_k": 0.690942656329872,
  "summary_fg_mad": 369.36929456708526,
  "summary_fg_mean": 1954.919677734375,
  "summary_fg_median": 1909.5521240234375,
  "summary_fg_n": 20490.0,
  "summary_fg_p05": 1411.36728515625,
  "summary_fg_p95": 2686.474536132812,
  "summary_fg_stdv": 393.060791015625,
  "tsnr": 29.41011616785545
}