{
  "bids_meta": {
    "AcquisitionMatrix": "0 256 256 0",
    "AcquisitionNumber": 1,
    "Columns": 256,
    "DataSharing": "1",
    "EchoNumber(s)": 1,
    "EchoTime": 0.003476,
    "EchoTrainLength": 1,
    "FlipAngle": 7,
    "ImagesinAcquisition": 172,
    "In-planePhaseEncodingDirection": "row",
    "InstitutionName": "NIH_FMRIF",
    "InternalPulseSequenceName": "efgre3d",
    "InversionTime": 0.9,
    "MRAcquisitionType": "3d",
    "MagneticFieldStrength": 3,
    "Manufacturer": "GE",
    "Manufacturer'sModelName": "discovery mr750",
    "ManufacturersModelName": "DISCOVERY_MR750",
    "Modality": "MR",
    "NumberofAverages": 1,
    "PixelBandwidth": 195.312,
    "PixelSpacing": "1\\1",
    "PrivateIn-PlanePhaseEncodingDirection": "row",
    "PulseSequenceName": "mprage",
    "ReceiveCoilName": "32ch head",
    "ReconstructionDiameter": 256,
    "RepetitionTime": 0.00766,
    "Rows": 256,
    "SamplesperPixel": 1,
    "ScanOptions": "edr_gems\\filtered_gems\\acc_gems\\ir_gems",
    "SeriesDescription": "anat_t1w_mp_rage_1mm",
    "SeriesNumber": 9,
    "SliceLocation": -87.26110077,
    "SliceThickness": 1,
    "SoftwareVersion(s)": "27\\lx\\mr software release:dv26.0_r01_1725.a",
    "SoftwareVersions": "27 lx mr software release:dv26.0_r01_1725.a",
    "SpacingBetweenSlices": 1,
    "StationName": "3TA",
    "dataset": "ds003709",
    "modality": "T1w",
    "run_id": 1,
    "session_id": "visit1",
    "subject_id": "23830"
  },
  "cjv": 0.37831438188371325,
  "cnr": 3.3759597968765127,
  "efc": 0.715354926143795,
  "fber": 1382.335689938139,
  "fwhm_avg": 3.220333333333333,
  "fwhm_x": 3.2231,
  "fwhm_y": 3.27644,
  "fwhm_z": 3.16146,
  "icvs_csf": 0.275463797637982,
  "icvs_gm": 0.3624310846486555,
  "icvs_wm": 0.36210511771336246,
  "inu_med": 0.9747792482376099,
  "inu_range": 0.17190640568733206,
  "provenance": {
    "md5sum": "d144b9a053437fb5f9346b8de62ae5b2",
    "settings": {
      "testing": false
    },
    "software": "mriqc",
    "version": "21.0.0rc2",
    "warnings": {
      "large_rot_frame": true,
      "small_air_mask": false
    },
    "webapi_port": null,
    "webapi_url": "https://mriqc.nimh.nih.gov/api/v1"
  },
  "qi_1": 0.0,
  "qi_2": 0.004350672468768057,
  "rpve_csf": 20.504006793168603,
  "rpve_gm": 14.25077206566892,
  "rpve_wm": 19.752214088436716,
  "size_x": 172,
  "size_y": 256,
  "size_z": 256,
  "snr_csf": 2.883474966643623,
  "snr_gm": 7.349155638300364,
  "snr_total": 8.620479032113197,
  "snr_wm": 15.628806491395604,
  "snrd_csf": 16.04586814540198,
  "snrd_gm": 31.35332692239521,
  "snrd_total": 32.437199466444014,
  "snrd_wm": 49.91240333153485,
  "spacing_x": 1.0,
  "spacing_y": 1.0,
  "spacing_z": 1.0,
  "summary_bg_k": 2.899707786306122,
  "summary_bg_mad": 13.125723175424763,
  "summary_bg_mean": 23.739534905931883,
  "summary_bg_median": 13.279748618602753,
  "summary_bg_n": 1109738.0,
  "summary_bg_p05": 2.271535947918892,
  "summary_bg_p95": 85.211720302701,
  "summary_bg_stdv": 27.05415393537413,
  "summary_csf_k": 0.5433174623026242,
  "summary_csf_mad": 111.87088403791303,
  "summary_csf_mean": 320.90566960954044,
  "summary_csf_median": 321.4805811420083,
  "summary_csf_n": 8690.0,
  "summary_csf_p05": 141.9098400078714,
  "summary_csf_p95": 497.4081280827522,
  "summary_csf_stdv": 111.48426366518949,
  "summary_gm_k": 0.17791859701624801,
  "summary_gm_mad": 80.04964068170233,
  "summary_gm_mean": 629.7745867831358,
  "summary_gm_median": 628.1670563668013,
  "summary_gm_n": 10297.0,
  "summary_gm_p05": 488.1821974635124,
  "summary_gm_p95": 774.7684917747974,
  "summary_gm_stdv": 85.47057432312586,
  "summary_wm_k": 0.8840887304960132,
  "summary_wm_mad": 60.620116244395945,
  "summary_wm_mean": 1002.5945405191587,
  "summary_wm_median": 1000.0000176876783,
  "summary_wm_n": 186049.0,
  "summary_wm_p05": 902.5569499731064,
  "summary_wm_p95": 1110.8975675553083,
  "summary_wm_stdv": 63.984241584314844,
  "tpm_overlap_csf": 0.13664133846759796,
  "tpm_overlap_gm": 0.39353227615356445,
  "tpm_overlap_wm": 0.4923344850540161,
  "wm2max": 0.5340461912162483
}