{
  "aor": 0.02459517857142857,
  "aqi": 0.007777859553571429,
  "bids_meta": {
    "AcquisitionMatrix": "64 0 0 64",
    "DataSharing": "1",
    "EchoTime": 0.03,
    "EffectiveEchoSpacing": 0.000396,
    "FlipAngle": 65,
    "ImagesinAcquisition": 41,
    "InstitutionName": "NIH_FMRIF",
    "InternalPulseSequenceName": "epi",
    "MagneticFieldStrength": 3,
    "Manufacturer": "GE",
    "ManufacturersModelName": "DISCOVERY_MR750",
    "Modality": "MR",
    "NumberofTemporalPositions": 240,
    "PhaseEncodingDirection": "j",
    "PixelBandwidth": 7812.5,
    "PixelSpacing": "3.75\\3.75",
    "PulseSequenceName": "epirtnih",
    "ReconstructionDiameter": 240,
    "RepetitionTime": 2.0,
    "SeriesDescription": "mmi_run 3",
    "SliceThickness": 3,
    "SliceTiming": [
      0.0,
      1.02439,
      0.04878,
      1.073171,
      0.097561,
      1.121951,
      0.146341,
      1.170732,
      0.195122,
      1.219512,
      0.243902,
      1.268293,
      0.292683,
      1.317073,
      0.341463,
      1.365854,
      0.390244,
      1.414634,
      0.439024,
      1.463415,
      0.487805,
      1.512195,
      0.536585,
      1.560976,
      0.585366,
      1.609756,
      0.634146,
      1.658537,
      0.682927,
      1.707317,
      0.731707,
      1.756098,
      0.780488,
      1.804878,
      0.829268,
      1.853659,
      0.878049,
      1.902439,
      0.926829,
      1.95122,
      0.97561
    ],
    "SoftwareVersions": "27 lx mr software release:dv26.0_r01_1725.a",
    "SpacingBetweenSlices": 3.3,
    "StationName": "3TC",
    "TaskName": "MMI",
    "TotalReadoutTime": 0.024948,
    "dataset": "ds003709",
    "modality": "bold",
    "run_id": 3,
    "session_id": "visit1",
    "subject_id": "23607",
    "task_id": "MMI"
  },
  "dummy_trs": 3,
  "dvars_nstd": 26.119508640538115,
  "dvars_std": 1.1327874358744394,
  "dvars_vstd": 1.0696981517488784,
  "efc": 0.43043676110674856,
  "fber": 15596.857421875,
  "fd_mean": 0.20617516711199363,
  "fd_num": 45,
  "fd_perc": 20.089285714285715,
  "fwhm_avg": 2.393542234527511,
  "fwhm_x": 2.2583786666666668,
  "fwhm_y": 2.367448,
  "fwhm_z": 2.554800036915866,
  "gcor": 0.0569062,
  "gsr_x": -0.013046842999756336,
  "gsr_y": 0.02837023325264454,
  "provenance": {
    "md5sum": "7502e157736adb7d407534538d83e934",
    "settings": {
      "fd_thres": 0.2,
      "testing": false
    },
    "software": "mriqc",
    "version": "21.0.0rc2",
    "webapi_port": null,
    "webapi_url": "https://mriqc.nimh.nih.gov/api/v1"
  },
  "size_t": 224,
  "size_x": 64,
  "size_y": 64,
  "size_z": 41,
  "snr": 3.4848289632162843,
  "spacing_tr": 2.0,
  "spacing_x": 3.75,
  "spacing_y": 3.75,
  "spacing_z": 3.299999952316284,
  "summary_bg_k": 91.88910139610539,
  "summary_bg_mad": 16.44099971526102,
  "summary_bg_mean": 49.76839828491211,
  "summary_bg_median": 12.058035850524902,
  "summary_bg_n": 112115.0,
  "summary_bg_p05": 0.4508928656578064,
  "summary_bg_p95": 221.27054595947254,
  "summary_bg_stdv": 121.79228210449219,
  "summary_fg_k": 0.5703219435403719,
  "summary_fg_mad": 379.50644245074443,
  "summary_fg_mean": 1457.08935546875,
  "summary_fg_median": 1386.1251220703125,
  "summary_fg_n": 23486.0,
  "summary_fg_p05": 957.5714569091797,
  "summary_fg_p95": 2214.723388671875,
  "summary_fg_stdv": 397.75140380859375,
  "tsnr": 42.74757545720786
}