{
  "aor": 0.011130970464135023,
  "aqi": 0.006050589873417721,
  "bids_meta": {
    "AcquisitionMatrix": "64 0 0 64",
    "DataSharing": "1",
    "EchoTime": 0.03,
    "EffectiveEchoSpacing": 0.000396,
    "FlipAngle": 65,
    "ImagesinAcquisition": 41,
    "InstitutionName": "NIH_FMRIF",
    "InternalPulseSequenceName": "epi",
    "MagneticFieldStrength": 3,
    "Manufacturer": "GE",
    "ManufacturersModelName": "DISCOVERY_MR750",
    "Modality": "MR",
    "NumberofTemporalPositions": 240,
    "PhaseEncodingDirection": "j",
    "PixelBandwidth": 7812.5,
    "PixelSpacing": "3.75\\3.75",
    "PulseSequenceName": "epirtnih",
    "ReconstructionDiameter": 240,
    "RepetitionTime": 2.0,
    "SeriesDescription": "mmi_run 2",
    "SliceThickness": 3,
    "SliceTiming": [
      0.0,
      1.02439,
      0.04878,
      1.073171,
      0.097561,
      1.121951,
      0.146341,
      1.170732,
      0.195122,
      1.219512,
      0.243902,
      1.268293,
      0.292683,
      1.317073,
      0.341463,
      1.365854,
      0.390244,
      1.414634,
      0.439024,
      1.463415,
      0.487805,
      1.512195,
      0.536585,
      1.560976,
      0.585366,
      1.609756,
      0.634146,
      1.658537,
      0.682927,
      1.707317,
      0.731707,
      1.756098,
      0.780488,
      1.804878,
      0.829268,
      1.853659,
      0.878049,
      1.902439,
      0.926829,
      1.95122,
      0.97561
    ],
    "SoftwareVersions": "27 lx mr software release:dv26.0_r01_1725.a",
    "SpacingBetweenSlices": 3.3,
    "StationName": "3TC",
    "TaskName": "MMI",
    "TotalReadoutTime": 0.024948,
    "dataset": "ds003709",
    "modality": "bold",
    "run_id": 2,
    "session_id": "visit1",
    "subject_id": "23607",
    "task_id": "MMI"
  },
  "dummy_trs": 3,
  "dvars_nstd": 23.211660522372874,
  "dvars_std": 0.9882686180508468,
  "dvars_vstd": 0.9388766535593216,
  "efc": 0.4300673148645452,
  "fber": 16551.197265625,
  "fd_mean": 0.12620382069163977,
  "fd_num": 26,
  "fd_perc": 10.970464135021096,
  "fwhm_avg": 2.3884004970751618,
  "fwhm_x": 2.2648746666666666,
  "fwhm_y": 2.361848,
  "fwhm_z": 2.538478824558819,
  "gcor": 0.0955788,
  "gsr_x": -0.01308014988899231,
  "gsr_y": 0.027859147638082504,
  "provenance": {
    "md5sum": "2401d61ccdfdeccd4e8db319fc68a1cd",
    "settings": {
      "fd_thres": 0.2,
      "testing": false
    },
    "software": "mriqc",
    "version": "21.0.0rc2",
    "webapi_port": null,
    "webapi_url": "https://mriqc.nimh.nih.gov/api/v1"
  },
  "size_t": 237,
  "size_x": 64,
  "size_y": 64,
  "size_z": 41,
  "snr": 3.490591972620204,
  "spacing_tr": 2.0,
  "spacing_x": 3.75,
  "spacing_y": 3.75,
  "spacing_z": 3.299999952316284,
  "summary_bg_k": 90.01637904190451,
  "summary_bg_mad": 16.033372068648656,
  "summary_bg_mean": 49.5828857421875,
  "summary_bg_median": 11.738395690917969,
  "summary_bg_n": 112160.0,
  "summary_bg_p05": 0.4261603057384491,
  "summary_bg_p95": 222.3506263732909,
  "summary_bg_stdv": 120.97110748291016,
  "summary_fg_k": 0.5751732629052273,
  "summary_fg_mad": 379.72760210785054,
  "summary_fg_mean": 1461.1461181640625,
  "summary_fg_median": 1389.175048828125,
  "summary_fg_n": 23474.0,
  "summary_fg_p05": 959.2558471679688,
  "summary_fg_p95": 2220.3411987304685,
  "summary_fg_stdv": 397.96844482421875,
  "tsnr": 49.72889605443925
}