{
  "aor": 0.0014379237288135594,
  "aqi": 0.0031434836016949155,
  "bids_meta": {
    "AcquisitionMatrix": "64 0 0 64",
    "DataSharing": "1",
    "EchoTime": 0.03,
    "EffectiveEchoSpacing": 0.000396,
    "FlipAngle": 65,
    "ImagesinAcquisition": 41,
    "InstitutionName": "NIH_FMRIF",
    "InternalPulseSequenceName": "epi",
    "MagneticFieldStrength": 3,
    "Manufacturer": "GE",
    "ManufacturersModelName": "DISCOVERY_MR750",
    "Modality": "MR",
    "NumberofTemporalPositions": 240,
    "PhaseEncodingDirection": "j",
    "PixelBandwidth": 7812.5,
    "PixelSpacing": "3.75\\3.75",
    "PulseSequenceName": "epirtnih",
    "ReconstructionDiameter": 240,
    "RepetitionTime": 2.0,
    "SeriesDescription": "mmi_run 1",
    "SliceThickness": 3,
    "SliceTiming": [
      0.0,
      1.02439,
      0.04878,
      1.073171,
      0.097561,
      1.121951,
      0.146341,
      1.170732,
      0.195122,
      1.219512,
      0.243902,
      1.268293,
      0.292683,
      1.317073,
      0.341463,
      1.365854,
      0.390244,
      1.414634,
      0.439024,
      1.463415,
      0.487805,
      1.512195,
      0.536585,
      1.560976,
      0.585366,
      1.609756,
      0.634146,
      1.658537,
      0.682927,
      1.707317,
      0.731707,
      1.756098,
      0.780488,
      1.804878,
      0.829268,
      1.853659,
      0.878049,
      1.902439,
      0.926829,
      1.95122,
      0.97561
    ],
    "SoftwareVersions": "27 lx mr software release:dv26.0_r01_1725.a",
    "SpacingBetweenSlices": 3.3,
    "StationName": "3TC",
    "TaskName": "MMI",
    "TotalReadoutTime": 0.024948,
    "dataset": "ds003709",
    "modality": "bold",
    "run_id": 1,
    "session_id": "visit1",
    "subject_id": "23607",
    "task_id": "MMI"
  },
  "dummy_trs": 4,
  "dvars_nstd": 18.38300136408511,
  "dvars_std": 1.1071106281276595,
  "dvars_vstd": 0.9567110220851058,
  "efc": 0.4292565732315743,
  "fber": 16989.201171875,
  "fd_mean": 0.048921223056110276,
  "fd_num": 5,
  "fd_perc": 2.1186440677966103,
  "fwhm_avg": 2.3752053051428486,
  "fwhm_x": 2.2484453333333336,
  "fwhm_y": 2.341416,
  "fwhm_z": 2.5357545820952128,
  "gcor": 0.026023,
  "gsr_x": -0.012788447551429272,
  "gsr_y": 0.02739756740629673,
  "provenance": {
    "md5sum": "fb3332e53be10b41df731fe2e9bb11cf",
    "settings": {
      "fd_thres": 0.2,
      "testing": false
    },
    "software": "mriqc",
    "version": "21.0.0rc2",
    "webapi_port": null,
    "webapi_url": "https://mriqc.nimh.nih.gov/api/v1"
  },
  "size_t": 236,
  "size_x": 64,
  "size_y": 64,
  "size_z": 41,
  "snr": 3.504360966102711,
  "spacing_tr": 2.0,
  "spacing_x": 3.75,
  "spacing_y": 3.75,
  "spacing_z": 3.299999952316284,
  "summary_bg_k": 84.70434936470201,
  "summary_bg_mad": 15.730660707032348,
  "summary_bg_mean": 48.74230194091797,
  "summary_bg_median": 11.538135528564453,
  "summary_bg_n": 112119.0,
  "summary_bg_p05": 0.42796608805656433,
  "summary_bg_p95": 219.70380859374995,
  "summary_bg_stdv": 119.89686584472656,
  "summary_fg_k": 0.5553744077102691,
  "summary_fg_mad": 378.5095046674634,
  "summary_fg_mean": 1460.3846435546875,
  "summary_fg_median": 1388.3262939453125,
  "summary_fg_n": 23491.0,
  "summary_fg_p05": 958.4131164550781,
  "summary_fg_p95": 2214.2860107421875,
  "summary_fg_stdv": 396.16259765625,
  "tsnr": 80.04599263286218
}