{
  "bids_meta": {
    "AcquisitionMatrix": "0 256 256 0",
    "AcquisitionNumber": 1,
    "Columns": 256,
    "DataSharing": "1",
    "EchoNumber(s)": 1,
    "EchoTime": 0.003476,
    "EchoTrainLength": 1,
    "FlipAngle": 7,
    "ImagesinAcquisition": 172,
    "In-planePhaseEncodingDirection": "row",
    "InstitutionName": "NIH_FMRIF",
    "InternalPulseSequenceName": "efgre3d",
    "InversionTime": 0.9,
    "MRAcquisitionType": "3d",
    "MagneticFieldStrength": 3,
    "Manufacturer": "GE",
    "Manufacturer'sModelName": "discovery mr750",
    "ManufacturersModelName": "DISCOVERY_MR750",
    "Modality": "MR",
    "NumberofAverages": 1,
    "PixelBandwidth": 195.312,
    "PixelSpacing": "1\\1",
    "PrivateIn-PlanePhaseEncodingDirection": "row",
    "PulseSequenceName": "mprage",
    "ReceiveCoilName": "32ch head",
    "ReconstructionDiameter": 256,
    "RepetitionTime": 0.00766,
    "Rows": 256,
    "SamplesperPixel": 1,
    "ScanOptions": "edr_gems\\filtered_gems\\acc_gems\\ir_gems",
    "SeriesDescription": "anat_t1w_mp_rage_1mm",
    "SeriesNumber": 17,
    "SliceLocation": -84.32810211,
    "SliceThickness": 1,
    "SoftwareVersion(s)": "27\\lx\\mr software release:dv26.0_r01_1725.a",
    "SoftwareVersions": "27 lx mr software release:dv26.0_r01_1725.a",
    "SpacingBetweenSlices": 1,
    "StationName": "3TA",
    "dataset": "ds003709",
    "modality": "T1w",
    "run_id": 1,
    "session_id": "visit1",
    "subject_id": "23625"
  },
  "cjv": 0.35922448489731595,
  "cnr": 3.63866624546578,
  "efc": 0.6819750694435307,
  "fber": 3416.1407885943418,
  "fwhm_avg": 3.1738733333333333,
  "fwhm_x": 3.14526,
  "fwhm_y": 3.32723,
  "fwhm_z": 3.04913,
  "icvs_csf": 0.26466204933576715,
  "icvs_gm": 0.4039947873514028,
  "icvs_wm": 0.33134316331283004,
  "inu_med": 1.1152461767196655,
  "inu_range": 0.16991803646087633,
  "provenance": {
    "md5sum": "b9555c77b7fcca1731433a43a2bb5c05",
    "settings": {
      "testing": false
    },
    "software": "mriqc",
    "version": "21.0.0rc2",
    "warnings": {
      "large_rot_frame": true,
      "small_air_mask": false
    },
    "webapi_port": null,
    "webapi_url": "https://mriqc.nimh.nih.gov/api/v1"
  },
  "qi_1": 0.0,
  "qi_2": 0.003907106970429718,
  "rpve_csf": 20.345040753060356,
  "rpve_gm": 13.11127923719096,
  "rpve_wm": 21.079600166190094,
  "size_x": 172,
  "size_y": 256,
  "size_z": 256,
  "snr_csf": 2.449014157851582,
  "snr_gm": 7.212029090480515,
  "snr_total": 8.443265885845763,
  "snr_wm": 15.668754409205196,
  "snrd_csf": 22.072044443726785,
  "snrd_gm": 45.57468436065808,
  "snrd_total": 47.53553915983802,
  "snrd_wm": 74.95988867512918,
  "spacing_x": 1.0,
  "spacing_y": 1.0,
  "spacing_z": 1.0,
  "summary_bg_k": 2.3886029985863733,
  "summary_bg_mad": 8.739826229279723,
  "summary_bg_mean": 18.24377804086631,
  "summary_bg_median": 9.800309836864471,
  "summary_bg_n": 973386.0,
  "summary_bg_p05": 1.9895365834236145,
  "summary_bg_p95": 65.43364763259888,
  "summary_bg_stdv": 20.67156681165288,
  "summary_csf_k": 0.46929520359207366,
  "summary_csf_mad": 129.3494281933399,
  "summary_csf_mean": 295.6438016489789,
  "summary_csf_median": 294.45141434669495,
  "summary_csf_n": 11804.0,
  "summary_csf_p05": 112.76251235604286,
  "summary_csf_p95": 489.83495981991297,
  "summary_csf_stdv": 120.22753752226318,
  "summary_gm_k": 0.15718583306601008,
  "summary_gm_mad": 79.96940999790947,
  "summary_gm_mean": 612.2092436673257,
  "summary_gm_median": 607.9876425862312,
  "summary_gm_n": 18593.0,
  "summary_gm_p05": 478.78566312789917,
  "summary_gm_p95": 759.2661094665527,
  "summary_gm_stdv": 84.29961732431875,
  "summary_wm_k": 0.5524899240402483,
  "summary_wm_mad": 60.85104012136007,
  "summary_wm_mean": 1001.5258711899676,
  "summary_wm_median": 1000.0000360608101,
  "summary_wm_n": 164791.0,
  "summary_wm_p05": 899.933714568615,
  "summary_wm_p95": 1108.1718769669533,
  "summary_wm_stdv": 63.821091057648445,
  "tpm_overlap_csf": 0.15005876123905182,
  "tpm_overlap_gm": 0.4215947389602661,
  "tpm_overlap_wm": 0.4899129569530487,
  "wm2max": 0.5019417834818952
}