{
  "aor": 0.004955023474178404,
  "aqi": 0.010280572112676056,
  "bids_meta": {
    "AcquisitionMatrix": "64 0 0 64",
    "DataSharing": "1",
    "EchoTime": 0.03,
    "EffectiveEchoSpacing": 0.000396,
    "FlipAngle": 65,
    "ImagesinAcquisition": 41,
    "InstitutionName": "NIH_FMRIF",
    "InternalPulseSequenceName": "epi",
    "MagneticFieldStrength": 3,
    "Manufacturer": "GE",
    "ManufacturersModelName": "DISCOVERY_MR750",
    "Modality": "MR",
    "NumberofTemporalPositions": 240,
    "PhaseEncodingDirection": "j",
    "PixelBandwidth": 7812.5,
    "PixelSpacing": "3.75\\3.75",
    "PulseSequenceName": "epirtnih",
    "ReconstructionDiameter": 240,
    "RepetitionTime": 2.0,
    "SeriesDescription": "mmi_run1",
    "SliceThickness": 3,
    "SliceTiming": [
      0.0,
      1.02439,
      0.04878,
      1.073171,
      0.097561,
      1.121951,
      0.146341,
      1.170732,
      0.195122,
      1.219512,
      0.243902,
      1.268293,
      0.292683,
      1.317073,
      0.341463,
      1.365854,
      0.390244,
      1.414634,
      0.439024,
      1.463415,
      0.487805,
      1.512195,
      0.536585,
      1.560976,
      0.585366,
      1.609756,
      0.634146,
      1.658537,
      0.682927,
      1.707317,
      0.731707,
      1.756098,
      0.780488,
      1.804878,
      0.829268,
      1.853659,
      0.878049,
      1.902439,
      0.926829,
      1.95122,
      0.97561
    ],
    "SoftwareVersions": "27 lx mr software release:dv26.0_r01_1725.a",
    "SpacingBetweenSlices": 3.3,
    "StationName": "3TA",
    "TaskName": "MMI",
    "TotalReadoutTime": 0.024948,
    "dataset": "ds003709",
    "modality": "bold",
    "run_id": 1,
    "session_id": "visit1",
    "subject_id": "23576",
    "task_id": "MMI"
  },
  "dummy_trs": 2,
  "dvars_nstd": 23.958253158679245,
  "dvars_std": 1.157588873207547,
  "dvars_vstd": 1.0137495217452828,
  "efc": 0.41799725210961614,
  "fber": 39766.35546875,
  "fd_mean": 0.27077296872229667,
  "fd_num": 134,
  "fd_perc": 62.91079812206573,
  "fwhm_avg": 1.833286918116647,
  "fwhm_x": 1.7164186666666665,
  "fwhm_y": 1.909536,
  "fwhm_z": 1.8739060876832743,
  "gcor": 0.0286307,
  "gsr_x": -0.01169581525027752,
  "gsr_y": 0.016637472435832024,
  "provenance": {
    "md5sum": "28e3d7a30b22ab30e1fae817bd425c8d",
    "settings": {
      "fd_thres": 0.2,
      "testing": false
    },
    "software": "mriqc",
    "version": "21.0.0rc2",
    "webapi_port": null,
    "webapi_url": "https://mriqc.nimh.nih.gov/api/v1"
  },
  "size_t": 213,
  "size_x": 64,
  "size_y": 64,
  "size_z": 41,
  "snr": 6.287364789431219,
  "spacing_tr": 2.0,
  "spacing_x": 3.75,
  "spacing_y": 3.75,
  "spacing_z": 3.299999952316284,
  "summary_bg_k": 35.96217042572858,
  "summary_bg_mad": 14.157807554955497,
  "summary_bg_mean": 48.628509521484375,
  "summary_bg_median": 10.361502647399902,
  "summary_bg_n": 114280.0,
  "summary_bg_p05": 0.30985915660858154,
  "summary_bg_p95": 233.2786361694332,
  "summary_bg_stdv": 111.98411560058594,
  "summary_fg_k": 2.3604501534513425,
  "summary_fg_mad": 274.92878202211966,
  "summary_fg_mean": 1901.849609375,
  "summary_fg_median": 1892.8450927734375,
  "summary_fg_n": 22199.0,
  "summary_fg_p05": 1463.1652587890626,
  "summary_fg_p95": 2381.142309570312,
  "summary_fg_stdv": 301.0486145019531,
  "tsnr": 58.929046162054874
}