{
  "aor": 0.07673295154185023,
  "aqi": 0.02904162162995595,
  "bids_meta": {
    "AcquisitionMatrix": "64 0 0 64",
    "DataSharing": "1",
    "EchoTime": 0.03,
    "EffectiveEchoSpacing": 0.000396,
    "FlipAngle": 65,
    "ImagesinAcquisition": 41,
    "InstitutionName": "NIH_FMRIF",
    "InternalPulseSequenceName": "epi",
    "MagneticFieldStrength": 3,
    "Manufacturer": "GE",
    "ManufacturersModelName": "DISCOVERY_MR750",
    "Modality": "MR",
    "NumberofTemporalPositions": 240,
    "PhaseEncodingDirection": "j",
    "PixelBandwidth": 7812.5,
    "PixelSpacing": "3.75\\3.75",
    "PulseSequenceName": "epirtnih",
    "ReconstructionDiameter": 240,
    "RepetitionTime": 2.0,
    "SeriesDescription": "mmi_run3",
    "SliceThickness": 3,
    "SliceTiming": [
      0.0,
      1.02439,
      0.04878,
      1.073171,
      0.097561,
      1.121951,
      0.146341,
      1.170732,
      0.195122,
      1.219512,
      0.243902,
      1.268293,
      0.292683,
      1.317073,
      0.341463,
      1.365854,
      0.390244,
      1.414634,
      0.439024,
      1.463415,
      0.487805,
      1.512195,
      0.536585,
      1.560976,
      0.585366,
      1.609756,
      0.634146,
      1.658537,
      0.682927,
      1.707317,
      0.731707,
      1.756098,
      0.780488,
      1.804878,
      0.829268,
      1.853659,
      0.878049,
      1.902439,
      0.926829,
      1.95122,
      0.97561
    ],
    "SoftwareVersions": "27 lx mr software release:dv26.0_r01_1725.a",
    "SpacingBetweenSlices": 3.3,
    "StationName": "3TA",
    "TaskName": "MMI",
    "TotalReadoutTime": 0.024948,
    "dataset": "ds003709",
    "modality": "bold",
    "run_id": 3,
    "session_id": "visit1",
    "subject_id": "23576",
    "task_id": "MMI"
  },
  "dummy_trs": 3,
  "dvars_nstd": 36.841567284557534,
  "dvars_std": 1.5248940170796457,
  "dvars_vstd": 1.4657799792035406,
  "efc": 0.4182320121463788,
  "fber": 34166.9140625,
  "fd_mean": 0.4627294000520015,
  "fd_num": 138,
  "fd_perc": 60.79295154185022,
  "fwhm_avg": 1.8869011407241922,
  "fwhm_x": 1.7494,
  "fwhm_y": 1.9573973333333332,
  "fwhm_z": 1.9539060888392432,
  "gcor": 0.103863,
  "gsr_x": -0.010208201594650745,
  "gsr_y": 0.016445331275463104,
  "provenance": {
    "md5sum": "26b28b3bce55581f8ee8353e4ed0c4ab",
    "settings": {
      "fd_thres": 0.2,
      "testing": false
    },
    "software": "mriqc",
    "version": "21.0.0rc2",
    "webapi_port": null,
    "webapi_url": "https://mriqc.nimh.nih.gov/api/v1"
  },
  "size_t": 227,
  "size_x": 64,
  "size_y": 64,
  "size_z": 41,
  "snr": 6.393005841713318,
  "spacing_tr": 2.0,
  "spacing_x": 3.75,
  "spacing_y": 3.75,
  "spacing_z": 3.299999952316284,
  "summary_bg_k": 38.166964125552106,
  "summary_bg_mad": 14.858677543239665,
  "summary_bg_mean": 46.55234909057617,
  "summary_bg_median": 10.964756965637207,
  "summary_bg_n": 114013.0,
  "summary_bg_p05": 0.392070472240448,
  "summary_bg_p95": 221.8669555664062,
  "summary_bg_stdv": 108.390625,
  "summary_fg_k": 2.311549103378373,
  "summary_fg_mad": 272.02167271598495,
  "summary_fg_mean": 1879.471435546875,
  "summary_fg_median": 1874.01318359375,
  "summary_fg_n": 22371.0,
  "summary_fg_p05": 1442.9889526367188,
  "summary_fg_p95": 2348.3038330078125,
  "summary_fg_stdv": 293.12835693359375,
  "tsnr": 29.712468449724838
}