{
  "aor": 0.02244309734513274,
  "aqi": 0.012573339734513276,
  "bids_meta": {
    "AcquisitionMatrix": "64 0 0 64",
    "DataSharing": "1",
    "EchoTime": 0.03,
    "EffectiveEchoSpacing": 0.000396,
    "FlipAngle": 65,
    "ImagesinAcquisition": 41,
    "InstitutionName": "NIH_FMRIF",
    "InternalPulseSequenceName": "epi",
    "MagneticFieldStrength": 3,
    "Manufacturer": "GE",
    "ManufacturersModelName": "DISCOVERY_MR750",
    "Modality": "MR",
    "NumberofTemporalPositions": 240,
    "PhaseEncodingDirection": "j",
    "PixelBandwidth": 7812.5,
    "PixelSpacing": "3.75\\3.75",
    "PulseSequenceName": "epirtnih",
    "ReconstructionDiameter": 240,
    "RepetitionTime": 2.0,
    "SeriesDescription": "mmi_run1",
    "SliceThickness": 3,
    "SliceTiming": [
      0.0,
      1.02439,
      0.04878,
      1.073171,
      0.097561,
      1.121951,
      0.146341,
      1.170732,
      0.195122,
      1.219512,
      0.243902,
      1.268293,
      0.292683,
      1.317073,
      0.341463,
      1.365854,
      0.390244,
      1.414634,
      0.439024,
      1.463415,
      0.487805,
      1.512195,
      0.536585,
      1.560976,
      0.585366,
      1.609756,
      0.634146,
      1.658537,
      0.682927,
      1.707317,
      0.731707,
      1.756098,
      0.780488,
      1.804878,
      0.829268,
      1.853659,
      0.878049,
      1.902439,
      0.926829,
      1.95122,
      0.97561
    ],
    "SoftwareVersions": "27 lx mr software release:dv26.0_r01_1725.a",
    "SpacingBetweenSlices": 3.3,
    "StationName": "3TA",
    "TaskName": "MMI",
    "TotalReadoutTime": 0.024948,
    "dataset": "ds003709",
    "modality": "bold",
    "run_id": 1,
    "session_id": "visit1",
    "subject_id": "23625",
    "task_id": "MMI"
  },
  "dummy_trs": 3,
  "dvars_nstd": 23.428303697377793,
  "dvars_std": 0.9325694062222216,
  "dvars_vstd": 0.9338605848000002,
  "efc": 0.4105489811562763,
  "fber": 30774.087890625,
  "fd_mean": 0.15916023919731298,
  "fd_num": 29,
  "fd_perc": 12.831858407079647,
  "fwhm_avg": 2.122366556352267,
  "fwhm_x": 2.0018266666666666,
  "fwhm_y": 2.1027093333333333,
  "fwhm_z": 2.2625636690568007,
  "gcor": 0.0907025,
  "gsr_x": -0.010733007453382015,
  "gsr_y": 0.013909080065786839,
  "provenance": {
    "md5sum": "c76e302bd2d101e25e7e9755d4b11362",
    "settings": {
      "fd_thres": 0.2,
      "testing": false
    },
    "software": "mriqc",
    "version": "21.0.0rc2",
    "webapi_port": null,
    "webapi_url": "https://mriqc.nimh.nih.gov/api/v1"
  },
  "size_t": 226,
  "size_x": 64,
  "size_y": 64,
  "size_z": 41,
  "snr": 5.111966603196266,
  "spacing_tr": 2.0,
  "spacing_x": 3.75,
  "spacing_y": 3.75,
  "spacing_z": 3.299999952316284,
  "summary_bg_k": 44.755386320373404,
  "summary_bg_mad": 16.794078871717105,
  "summary_bg_mean": 55.41059875488281,
  "summary_bg_median": 12.256637573242188,
  "summary_bg_n": 115384.0,
  "summary_bg_p05": 0.39823007583618164,
  "summary_bg_p95": 258.4407043457025,
  "summary_bg_stdv": 135.5403289794922,
  "summary_fg_k": 0.4399465490546617,
  "summary_fg_mad": 370.1914040125884,
  "summary_fg_mean": 2027.47021484375,
  "summary_fg_median": 1981.0885009765625,
  "summary_fg_n": 21147.0,
  "summary_fg_p05": 1487.6805541992187,
  "summary_fg_p95": 2744.2239990234375,
  "summary_fg_stdv": 387.5302429199219,
  "tsnr": 38.69643873721361
}