{
  "aor": 0.009211218487394956,
  "aqi": 0.00765476768907563,
  "bids_meta": {
    "AcquisitionMatrix": "64 0 0 64",
    "DataSharing": "1",
    "EchoTime": 0.03,
    "EffectiveEchoSpacing": 0.000396,
    "FlipAngle": 65,
    "ImagesinAcquisition": 41,
    "InstitutionName": "NIH_FMRIF",
    "InternalPulseSequenceName": "epi",
    "MagneticFieldStrength": 3,
    "Manufacturer": "GE",
    "ManufacturersModelName": "DISCOVERY_MR750",
    "Modality": "MR",
    "NumberofTemporalPositions": 240,
    "PhaseEncodingDirection": "j",
    "PixelBandwidth": 7812.5,
    "PixelSpacing": "3.75\\3.75",
    "PulseSequenceName": "epirtnih",
    "ReconstructionDiameter": 240,
    "RepetitionTime": 2.0,
    "SeriesDescription": "mmi_run 2",
    "SliceThickness": 3,
    "SliceTiming": [
      0.0,
      1.02439,
      0.04878,
      1.073171,
      0.097561,
      1.121951,
      0.146341,
      1.170732,
      0.195122,
      1.219512,
      0.243902,
      1.268293,
      0.292683,
      1.317073,
      0.341463,
      1.365854,
      0.390244,
      1.414634,
      0.439024,
      1.463415,
      0.487805,
      1.512195,
      0.536585,
      1.560976,
      0.585366,
      1.609756,
      0.634146,
      1.658537,
      0.682927,
      1.707317,
      0.731707,
      1.756098,
      0.780488,
      1.804878,
      0.829268,
      1.853659,
      0.878049,
      1.902439,
      0.926829,
      1.95122,
      0.97561
    ],
    "SoftwareVersions": "27 lx mr software release:dv26.0_r01_1725.a",
    "SpacingBetweenSlices": 3.3,
    "StationName": "3TA",
    "TaskName": "MMI",
    "TotalReadoutTime": 0.024948,
    "dataset": "ds003709",
    "modality": "bold",
    "run_id": 2,
    "session_id": "visit1",
    "subject_id": "23943",
    "task_id": "MMI"
  },
  "dummy_trs": 2,
  "dvars_nstd": 23.55644925383964,
  "dvars_std": 1.055442391054852,
  "dvars_vstd": 0.9721468986919827,
  "efc": 0.38653163301641463,
  "fber": 43066.03515625,
  "fd_mean": 0.20856460979272015,
  "fd_num": 65,
  "fd_perc": 27.310924369747898,
  "fwhm_avg": 2.149967728116889,
  "fwhm_x": 2.007712,
  "fwhm_y": 2.1697759999999997,
  "fwhm_z": 2.272415184350667,
  "gcor": 0.104155,
  "gsr_x": -0.020638681948184967,
  "gsr_y": 0.01770380511879921,
  "provenance": {
    "md5sum": "b6841fc0f96bd9a700546188cb63945e",
    "settings": {
      "fd_thres": 0.2,
      "testing": false
    },
    "software": "mriqc",
    "version": "21.0.0rc2",
    "webapi_port": null,
    "webapi_url": "https://mriqc.nimh.nih.gov/api/v1"
  },
  "size_t": 238,
  "size_x": 64,
  "size_y": 64,
  "size_z": 41,
  "snr": 5.2923208980283585,
  "spacing_tr": 2.0,
  "spacing_x": 3.75,
  "spacing_y": 3.75,
  "spacing_z": 3.299999952316284,
  "summary_bg_k": 46.821454229915375,
  "summary_bg_mad": 13.91029800274709,
  "summary_bg_mean": 45.84584426879883,
  "summary_bg_median": 10.35714340209961,
  "summary_bg_n": 118111.0,
  "summary_bg_p05": 0.31722690165042877,
  "summary_bg_p95": 190.34664154052734,
  "summary_bg_stdv": 121.51060485839844,
  "summary_fg_k": 0.8565873433889286,
  "summary_fg_mad": 343.4216744535018,
  "summary_fg_mean": 2052.305419921875,
  "summary_fg_median": 2008.5169677734375,
  "summary_fg_n": 18861.0,
  "summary_fg_p05": 1527.8656005859375,
  "summary_fg_p95": 2752.7900390625,
  "summary_fg_stdv": 379.5052795410156,
  "tsnr": 52.54448387026787
}