{
  "aor": 0.003794298245614035,
  "aqi": 0.007699325745614034,
  "bids_meta": {
    "DataSharing": "1",
    "EchoTime": 0.03,
    "EffectiveEchoSpacing": 0.000396,
    "InstitutionName": "NIH_FMRIF",
    "MagneticFieldStrength": 3,
    "Manufacturer": "GE",
    "ManufacturersModelName": "DISCOVERY_MR750",
    "Modality": "MR",
    "PhaseEncodingDirection": "j",
    "PixelBandwidth": 7812.5,
    "RepetitionTime": 2.0,
    "SliceTiming": [
      0.0,
      1.02439,
      0.04878,
      1.073171,
      0.097561,
      1.121951,
      0.146341,
      1.170732,
      0.195122,
      1.219512,
      0.243902,
      1.268293,
      0.292683,
      1.317073,
      0.341463,
      1.365854,
      0.390244,
      1.414634,
      0.439024,
      1.463415,
      0.487805,
      1.512195,
      0.536585,
      1.560976,
      0.585366,
      1.609756,
      0.634146,
      1.658537,
      0.682927,
      1.707317,
      0.731707,
      1.756098,
      0.780488,
      1.804878,
      0.829268,
      1.853659,
      0.878049,
      1.902439,
      0.926829,
      1.95122,
      0.97561
    ],
    "SoftwareVersions": "27 lx mr software release:dv26.0_r01_1725.a",
    "StationName": "3TC",
    "TaskName": "MMI",
    "TotalReadoutTime": 0.024948,
    "dataset": "ds003709",
    "modality": "bold",
    "run_id": 3,
    "session_id": "visit1",
    "subject_id": "23017",
    "task_id": "MMI"
  },
  "dummy_trs": 2,
  "dvars_nstd": 26.758650330132145,
  "dvars_std": 1.1648609462995598,
  "dvars_vstd": 0.9806948047136562,
  "efc": 0.42679919370311603,
  "fber": 26678.23046875,
  "fd_mean": 0.1764958991942995,
  "fd_num": 54,
  "fd_perc": 23.68421052631579,
  "fwhm_avg": 2.448544659165504,
  "fwhm_x": 2.2837466666666666,
  "fwhm_y": 2.42496,
  "fwhm_z": 2.6369273108298463,
  "gcor": 0.0264165,
  "gsr_x": -0.012559699825942516,
  "gsr_y": 0.03010435961186886,
  "provenance": {
    "md5sum": "df762671fcd6c68e560bc7dd1f69c776",
    "settings": {
      "fd_thres": 0.2,
      "testing": false
    },
    "software": "mriqc",
    "version": "21.0.0rc2",
    "webapi_port": null,
    "webapi_url": "https://mriqc.nimh.nih.gov/api/v1"
  },
  "size_t": 228,
  "size_x": 64,
  "size_y": 64,
  "size_z": 41,
  "snr": 3.3915001040516493,
  "spacing_tr": 2.0,
  "spacing_x": 3.75,
  "spacing_y": 3.75,
  "spacing_z": 3.299999952316284,
  "summary_bg_k": 51.89900225216936,
  "summary_bg_mad": 12.556600718512184,
  "summary_bg_mean": 42.809288024902344,
  "summary_bg_median": 9.188596725463867,
  "summary_bg_n": 111210.0,
  "summary_bg_p05": 0.25438597798347473,
  "summary_bg_p95": 196.11250457763657,
  "summary_bg_stdv": 106.1672134399414,
  "summary_fg_k": 1.1797548508201592,
  "summary_fg_mad": 361.24783054678136,
  "summary_fg_mean": 1471.812744140625,
  "summary_fg_median": 1386.7412109375,
  "summary_fg_n": 24451.0,
  "summary_fg_p05": 982.1995544433594,
  "summary_fg_p95": 2264.1512451171875,
  "summary_fg_stdv": 408.87890625,
  "tsnr": 51.002536101965234
}