{
  "aor": 0.002246969696969697,
  "aqi": 0.009669999870129868,
  "bids_meta": {
    "DataSharing": "1",
    "EchoTime": 0.03,
    "EffectiveEchoSpacing": 0.000396,
    "InstitutionName": "NIH_FMRIF",
    "MagneticFieldStrength": 3,
    "Manufacturer": "GE",
    "ManufacturersModelName": "DISCOVERY_MR750",
    "Modality": "MR",
    "PhaseEncodingDirection": "j",
    "PixelBandwidth": 7812.5,
    "RepetitionTime": 2.0,
    "SliceTiming": [
      0.0,
      1.02439,
      0.04878,
      1.073171,
      0.097561,
      1.121951,
      0.146341,
      1.170732,
      0.195122,
      1.219512,
      0.243902,
      1.268293,
      0.292683,
      1.317073,
      0.341463,
      1.365854,
      0.390244,
      1.414634,
      0.439024,
      1.463415,
      0.487805,
      1.512195,
      0.536585,
      1.560976,
      0.585366,
      1.609756,
      0.634146,
      1.658537,
      0.682927,
      1.707317,
      0.731707,
      1.756098,
      0.780488,
      1.804878,
      0.829268,
      1.853659,
      0.878049,
      1.902439,
      0.926829,
      1.95122,
      0.97561
    ],
    "SoftwareVersions": "27 lx mr software release:dv26.0_r01_1725.a",
    "StationName": "3TC",
    "TaskName": "MMI",
    "TotalReadoutTime": 0.024948,
    "dataset": "ds003709",
    "modality": "bold",
    "run_id": 2,
    "session_id": "visit1",
    "subject_id": "23017",
    "task_id": "MMI"
  },
  "dummy_trs": 3,
  "dvars_nstd": 24.754840892217384,
  "dvars_std": 1.1342882780434778,
  "dvars_vstd": 0.9634694228695652,
  "efc": 0.4234334250427424,
  "fber": 27384.48046875,
  "fd_mean": 0.12509371360500518,
  "fd_num": 26,
  "fd_perc": 11.255411255411255,
  "fwhm_avg": 2.4528806186629875,
  "fwhm_x": 2.3172693333333334,
  "fwhm_y": 2.4248906666666667,
  "fwhm_z": 2.6164818559889627,
  "gcor": 0.0162826,
  "gsr_x": -0.013116786256432533,
  "gsr_y": 0.03367491811513901,
  "provenance": {
    "md5sum": "63797f76155493a58541f7728728ea9c",
    "settings": {
      "fd_thres": 0.2,
      "testing": false
    },
    "software": "mriqc",
    "version": "21.0.0rc2",
    "webapi_port": null,
    "webapi_url": "https://mriqc.nimh.nih.gov/api/v1"
  },
  "size_t": 231,
  "size_x": 64,
  "size_y": 64,
  "size_z": 41,
  "snr": 3.3310834860896468,
  "spacing_tr": 2.0,
  "spacing_x": 3.75,
  "spacing_y": 3.75,
  "spacing_z": 3.299999952316284,
  "summary_bg_k": 56.664316863420844,
  "summary_bg_mad": 12.2459089292405,
  "summary_bg_mean": 42.44602584838867,
  "summary_bg_median": 9.047618865966797,
  "summary_bg_n": 111712.0,
  "summary_bg_p05": 0.31168830394744873,
  "summary_bg_p95": 194.87034378051746,
  "summary_bg_stdv": 105.20525360107422,
  "summary_fg_k": 1.2938071320627875,
  "summary_fg_mad": 362.91648196946466,
  "summary_fg_mean": 1479.91015625,
  "summary_fg_median": 1391.1817626953125,
  "summary_fg_n": 24177.0,
  "summary_fg_p05": 980.7367919921875,
  "summary_fg_p95": 2303.199072265625,
  "summary_fg_stdv": 417.6277770996094,
  "tsnr": 50.78802626603283
}