{
  "bids_meta": {
    "AcquisitionMatrix": "0 256 256 0",
    "AcquisitionNumber": 1,
    "Columns": 256,
    "DataSharing": "1",
    "EchoNumber(s)": 1,
    "EchoTime": 0.003476,
    "EchoTrainLength": 1,
    "FlipAngle": 7,
    "ImagesinAcquisition": 172,
    "In-planePhaseEncodingDirection": "row",
    "InstitutionName": "NIH_FMRIF",
    "InternalPulseSequenceName": "efgre3d",
    "InversionTime": 0.9,
    "MRAcquisitionType": "3d",
    "MagneticFieldStrength": 3,
    "Manufacturer": "GE",
    "Manufacturer'sModelName": "discovery mr750",
    "ManufacturersModelName": "DISCOVERY_MR750",
    "Modality": "MR",
    "NumberofAverages": 1,
    "PixelBandwidth": 195.312,
    "PixelSpacing": "1\\1",
    "PrivateIn-PlanePhaseEncodingDirection": "row",
    "PulseSequenceName": "mprage",
    "ReceiveCoilName": "32ch head",
    "ReconstructionDiameter": 256,
    "RepetitionTime": 0.00766,
    "Rows": 256,
    "SamplesperPixel": 1,
    "ScanOptions": "edr_gems\\filtered_gems\\acc_gems\\ir_gems",
    "SeriesDescription": "anat_t1w_mp_rage_1mm",
    "SeriesNumber": 3,
    "SliceLocation": -86.08920288,
    "SliceThickness": 1,
    "SoftwareVersion(s)": "27\\lx\\mr software release:dv26.0_r01_1725.a",
    "SoftwareVersions": "27 lx mr software release:dv26.0_r01_1725.a",
    "SpacingBetweenSlices": 1,
    "StationName": "3TC",
    "dataset": "ds003709",
    "modality": "T1w",
    "run_id": 1,
    "session_id": "visit1",
    "subject_id": "23901"
  },
  "cjv": 0.4295174559560978,
  "cnr": 3.1617515741842666,
  "efc": 0.7259595919119974,
  "fber": 1976.995240928019,
  "fwhm_avg": 3.312416666666666,
  "fwhm_x": 3.21169,
  "fwhm_y": 3.55146,
  "fwhm_z": 3.1741,
  "icvs_csf": 0.26617706141012226,
  "icvs_gm": 0.4236839194208157,
  "icvs_wm": 0.31013901916906206,
  "inu_med": 1.1384005546569824,
  "inu_range": 0.3141525983810425,
  "provenance": {
    "md5sum": "bbdbe1e992dc46288646177470e4470a",
    "settings": {
      "testing": false
    },
    "software": "mriqc",
    "version": "21.0.0rc2",
    "warnings": {
      "large_rot_frame": true,
      "small_air_mask": false
    },
    "webapi_port": null,
    "webapi_url": "https://mriqc.nimh.nih.gov/api/v1"
  },
  "qi_1": 0.0,
  "qi_2": 0.009064245451382,
  "rpve_csf": 17.303123426162543,
  "rpve_gm": 11.037904842293466,
  "rpve_wm": 19.002564802830783,
  "size_x": 172,
  "size_y": 256,
  "size_z": 256,
  "snr_csf": 2.3970725553568526,
  "snr_gm": 6.765688011212417,
  "snr_total": 7.328694584488311,
  "snr_wm": 12.82332318689566,
  "snrd_csf": 20.294719048285984,
  "snrd_gm": 42.56196634526059,
  "snrd_total": 43.94531756508764,
  "snrd_wm": 68.97926730171635,
  "spacing_x": 1.0,
  "spacing_y": 1.0,
  "spacing_z": 1.0,
  "summary_bg_k": 11.605737430148986,
  "summary_bg_mad": 9.497584313949252,
  "summary_bg_mean": 14.987404429569061,
  "summary_bg_median": 10.104345984756947,
  "summary_bg_n": 610844.0,
  "summary_bg_p05": 3.3681153282523155,
  "summary_bg_p95": 47.68194641172886,
  "summary_bg_stdv": 16.53990791666741,
  "summary_csf_k": 11.532776845299601,
  "summary_csf_mad": 123.37068284099028,
  "summary_csf_mean": 308.8930723506488,
  "summary_csf_median": 294.21478014439344,
  "summary_csf_n": 22208.0,
  "summary_csf_p05": 146.61207899451256,
  "summary_csf_p95": 525.931208506599,
  "summary_csf_stdv": 122.73644172362782,
  "summary_gm_k": 0.06652900580259624,
  "summary_gm_mad": 88.905222237793,
  "summary_gm_mean": 621.7559259425161,
  "summary_gm_median": 617.0255198404193,
  "summary_gm_n": 24635.0,
  "summary_gm_p05": 480.38570387661457,
  "summary_gm_p95": 782.1490248449146,
  "summary_gm_stdv": 91.19737642933853,
  "summary_wm_k": 0.2706857987179925,
  "summary_wm_mad": 75.58902155019405,
  "summary_wm_mean": 1002.9262345048968,
  "summary_wm_median": 1000.0000451058149,
  "summary_wm_n": 178215.0,
  "summary_wm_p05": 879.9366398751736,
  "summary_wm_p95": 1136.0454877763987,
  "summary_wm_stdv": 77.98269020652047,
  "tpm_overlap_csf": 0.15619014203548431,
  "tpm_overlap_gm": 0.44108545780181885,
  "tpm_overlap_wm": 0.48924851417541504,
  "wm2max": 0.5333022551461724
}