{
  "aor": 0.0037453539823008846,
  "aqi": 0.005508461592920354,
  "bids_meta": {
    "AcquisitionMatrix": "64 0 0 64",
    "DataSharing": "1",
    "EchoTime": 0.03,
    "EffectiveEchoSpacing": 0.000396,
    "FlipAngle": 65,
    "ImagesinAcquisition": 41,
    "InstitutionName": "NIH_FMRIF",
    "InternalPulseSequenceName": "epi",
    "MagneticFieldStrength": 3,
    "Manufacturer": "GE",
    "ManufacturersModelName": "DISCOVERY_MR750",
    "Modality": "MR",
    "NumberofTemporalPositions": 240,
    "PhaseEncodingDirection": "j",
    "PixelBandwidth": 7812.5,
    "PixelSpacing": "3.75\\3.75",
    "PulseSequenceName": "epirtnih",
    "ReconstructionDiameter": 240,
    "RepetitionTime": 2.0,
    "SeriesDescription": "mmi_run 3",
    "SliceThickness": 3,
    "SliceTiming": [
      0.0,
      1.02439,
      0.04878,
      1.073171,
      0.097561,
      1.121951,
      0.146341,
      1.170732,
      0.195122,
      1.219512,
      0.243902,
      1.268293,
      0.292683,
      1.317073,
      0.341463,
      1.365854,
      0.390244,
      1.414634,
      0.439024,
      1.463415,
      0.487805,
      1.512195,
      0.536585,
      1.560976,
      0.585366,
      1.609756,
      0.634146,
      1.658537,
      0.682927,
      1.707317,
      0.731707,
      1.756098,
      0.780488,
      1.804878,
      0.829268,
      1.853659,
      0.878049,
      1.902439,
      0.926829,
      1.95122,
      0.97561
    ],
    "SoftwareVersions": "27 lx mr software release:dv26.0_r01_1725.a",
    "SpacingBetweenSlices": 3.3,
    "StationName": "3TA",
    "TaskName": "MMI",
    "TotalReadoutTime": 0.024948,
    "dataset": "ds003709",
    "modality": "bold",
    "run_id": 3,
    "session_id": "visit1",
    "subject_id": "23905",
    "task_id": "MMI"
  },
  "dummy_trs": 3,
  "dvars_nstd": 19.144283892133334,
  "dvars_std": 1.1589840535111113,
  "dvars_vstd": 0.9919679195111113,
  "efc": 0.41599815229856735,
  "fber": 24905.12890625,
  "fd_mean": 0.08213826338635126,
  "fd_num": 8,
  "fd_perc": 3.5398230088495577,
  "fwhm_avg": 2.0277070952702174,
  "fwhm_x": 1.8987546666666666,
  "fwhm_y": 2.01826946165145,
  "fwhm_z": 2.1660971574925356,
  "gcor": 0.0209856,
  "gsr_x": 9.259240323444828e-05,
  "gsr_y": 0.014312350191175938,
  "provenance": {
    "md5sum": "e077c6a32e07bf440610de980e8f887f",
    "settings": {
      "fd_thres": 0.2,
      "testing": false
    },
    "software": "mriqc",
    "version": "21.0.0rc2",
    "webapi_port": null,
    "webapi_url": "https://mriqc.nimh.nih.gov/api/v1"
  },
  "size_t": 226,
  "size_x": 64,
  "size_y": 64,
  "size_z": 41,
  "snr": 5.437871668600676,
  "spacing_tr": 2.0,
  "spacing_x": 3.75,
  "spacing_y": 3.749999761581421,
  "spacing_z": 3.299999713897705,
  "summary_bg_k": 87.75793408331427,
  "summary_bg_mad": 18.237318804144966,
  "summary_bg_mean": 60.384735107421875,
  "summary_bg_median": 13.150442123413086,
  "summary_bg_n": 115436.0,
  "summary_bg_p05": 0.36283186078071594,
  "summary_bg_p95": 267.6305389404297,
  "summary_bg_stdv": 160.49432373046875,
  "summary_fg_k": 0.5617748671999134,
  "summary_fg_mad": 333.0409251799368,
  "summary_fg_mean": 1944.720947265625,
  "summary_fg_median": 1914.0220947265625,
  "summary_fg_n": 20835.0,
  "summary_fg_p05": 1420.70439453125,
  "summary_fg_p95": 2563.8742919921874,
  "summary_fg_stdv": 351.9715576171875,
  "tsnr": 70.86658791638911
}