{
  "aor": 0.001147824074074074,
  "aqi": 0.0037927580555555556,
  "bids_meta": {
    "AcquisitionMatrix": "64 0 0 64",
    "DataSharing": "1",
    "EchoTime": 0.03,
    "EffectiveEchoSpacing": 0.000396,
    "FlipAngle": 65,
    "ImagesinAcquisition": 41,
    "InstitutionName": "NIH_FMRIF",
    "InternalPulseSequenceName": "epi",
    "MagneticFieldStrength": 3,
    "Manufacturer": "GE",
    "ManufacturersModelName": "DISCOVERY_MR750",
    "Modality": "MR",
    "NumberofTemporalPositions": 240,
    "PhaseEncodingDirection": "j",
    "PixelBandwidth": 7812.5,
    "PixelSpacing": "3.75\\3.75",
    "PulseSequenceName": "epirtnih",
    "ReconstructionDiameter": 240,
    "RepetitionTime": 2.0,
    "SeriesDescription": "mmi_run 1",
    "SliceThickness": 3,
    "SliceTiming": [
      0.0,
      1.02439,
      0.04878,
      1.073171,
      0.097561,
      1.121951,
      0.146341,
      1.170732,
      0.195122,
      1.219512,
      0.243902,
      1.268293,
      0.292683,
      1.317073,
      0.341463,
      1.365854,
      0.390244,
      1.414634,
      0.439024,
      1.463415,
      0.487805,
      1.512195,
      0.536585,
      1.560976,
      0.585366,
      1.609756,
      0.634146,
      1.658537,
      0.682927,
      1.707317,
      0.731707,
      1.756098,
      0.780488,
      1.804878,
      0.829268,
      1.853659,
      0.878049,
      1.902439,
      0.926829,
      1.95122,
      0.97561
    ],
    "SoftwareVersions": "27 lx mr software release:dv26.0_r01_1725.a",
    "SpacingBetweenSlices": 3.3,
    "StationName": "3TA",
    "TaskName": "MMI",
    "TotalReadoutTime": 0.024948,
    "dataset": "ds003709",
    "modality": "bold",
    "run_id": 1,
    "session_id": "visit1",
    "subject_id": "23905",
    "task_id": "MMI"
  },
  "dummy_trs": 3,
  "dvars_nstd": 18.540161172790704,
  "dvars_std": 1.1818137791162793,
  "dvars_vstd": 0.9807476056279066,
  "efc": 0.4154518313777485,
  "fber": 23612.025390625,
  "fd_mean": 0.057848053097575215,
  "fd_num": 2,
  "fd_perc": 0.9259259259259259,
  "fwhm_avg": 2.0117746905288785,
  "fwhm_x": 1.8773573333333333,
  "fwhm_y": 2.010224127806608,
  "fwhm_z": 2.147742610446694,
  "gcor": 0.0307585,
  "gsr_x": -0.0011586040491238236,
  "gsr_y": 0.014232846908271313,
  "provenance": {
    "md5sum": "2773644396b637172ec0d71b52872e68",
    "settings": {
      "fd_thres": 0.2,
      "testing": false
    },
    "software": "mriqc",
    "version": "21.0.0rc2",
    "webapi_port": null,
    "webapi_url": "https://mriqc.nimh.nih.gov/api/v1"
  },
  "size_t": 216,
  "size_x": 64,
  "size_y": 64,
  "size_z": 41,
  "snr": 5.436021607635218,
  "spacing_tr": 2.0,
  "spacing_x": 3.75,
  "spacing_y": 3.749999761581421,
  "spacing_z": 3.299999713897705,
  "summary_bg_k": 95.65420441669579,
  "summary_bg_mad": 18.793355611369783,
  "summary_bg_mean": 60.91464614868164,
  "summary_bg_median": 13.546296119689941,
  "summary_bg_n": 115519.0,
  "summary_bg_p05": 0.35648149251937866,
  "summary_bg_p95": 268.6773223876952,
  "summary_bg_stdv": 164.0699462890625,
  "summary_fg_k": 0.6186262845991735,
  "summary_fg_mad": 334.7042376419944,
  "summary_fg_mean": 1956.5933837890625,
  "summary_fg_median": 1927.076416015625,
  "summary_fg_n": 20764.0,
  "summary_fg_p05": 1433.5886352539062,
  "summary_fg_p95": 2578.495397949219,
  "summary_fg_stdv": 354.4927062988281,
  "tsnr": 87.33214509277605
}