{
  "aor": 0.003994748858447489,
  "aqi": 0.005390435433789954,
  "bids_meta": {
    "AcquisitionMatrix": "64 0 0 64",
    "DataSharing": "1",
    "EchoTime": 0.03,
    "EffectiveEchoSpacing": 0.000396,
    "FlipAngle": 65,
    "ImagesinAcquisition": 41,
    "InstitutionName": "NIH_FMRIF",
    "InternalPulseSequenceName": "epi",
    "MagneticFieldStrength": 3,
    "Manufacturer": "GE",
    "ManufacturersModelName": "DISCOVERY_MR750",
    "Modality": "MR",
    "NumberofTemporalPositions": 240,
    "PhaseEncodingDirection": "j",
    "PixelBandwidth": 7812.5,
    "PixelSpacing": "3.75\\3.75",
    "PulseSequenceName": "epirtnih",
    "ReconstructionDiameter": 240,
    "RepetitionTime": 2.0,
    "SeriesDescription": "mmi_run 2",
    "SliceThickness": 3,
    "SliceTiming": [
      0.0,
      1.02439,
      0.04878,
      1.073171,
      0.097561,
      1.121951,
      0.146341,
      1.170732,
      0.195122,
      1.219512,
      0.243902,
      1.268293,
      0.292683,
      1.317073,
      0.341463,
      1.365854,
      0.390244,
      1.414634,
      0.439024,
      1.463415,
      0.487805,
      1.512195,
      0.536585,
      1.560976,
      0.585366,
      1.609756,
      0.634146,
      1.658537,
      0.682927,
      1.707317,
      0.731707,
      1.756098,
      0.780488,
      1.804878,
      0.829268,
      1.853659,
      0.878049,
      1.902439,
      0.926829,
      1.95122,
      0.97561
    ],
    "SoftwareVersions": "27 lx mr software release:dv26.0_r01_1725.a",
    "SpacingBetweenSlices": 3.3,
    "StationName": "3TA",
    "TaskName": "MMI",
    "TotalReadoutTime": 0.024948,
    "dataset": "ds003709",
    "modality": "bold",
    "run_id": 2,
    "session_id": "visit1",
    "subject_id": "23905",
    "task_id": "MMI"
  },
  "dummy_trs": 3,
  "dvars_nstd": 18.68253222321102,
  "dvars_std": 1.1697270994495421,
  "dvars_vstd": 0.9800220732110086,
  "efc": 0.41598607015366756,
  "fber": 22802.259765625,
  "fd_mean": 0.06709792823097935,
  "fd_num": 5,
  "fd_perc": 2.2831050228310503,
  "fwhm_avg": 2.020801721331088,
  "fwhm_x": 1.8844026666666667,
  "fwhm_y": 2.0205841284652792,
  "fwhm_z": 2.1574183688613173,
  "gcor": 0.0324512,
  "gsr_x": -0.0013165958225727081,
  "gsr_y": 0.014460849575698376,
  "provenance": {
    "md5sum": "e9275cbd516a505c1681101adad2583b",
    "settings": {
      "fd_thres": 0.2,
      "testing": false
    },
    "software": "mriqc",
    "version": "21.0.0rc2",
    "webapi_port": null,
    "webapi_url": "https://mriqc.nimh.nih.gov/api/v1"
  },
  "size_t": 219,
  "size_x": 64,
  "size_y": 64,
  "size_z": 41,
  "snr": 5.4522658661691255,
  "spacing_tr": 2.0,
  "spacing_x": 3.75,
  "spacing_y": 3.749999761581421,
  "spacing_z": 3.299999713897705,
  "summary_bg_k": 95.47427029069951,
  "summary_bg_mad": 19.063961452809156,
  "summary_bg_mean": 61.58125305175781,
  "summary_bg_median": 13.744291305541992,
  "summary_bg_n": 115542.0,
  "summary_bg_p05": 0.37442919611930847,
  "summary_bg_p95": 272.83584136962867,
  "summary_bg_stdv": 165.69020080566406,
  "summary_fg_k": 0.5937347450384229,
  "summary_fg_mad": 333.768471678764,
  "summary_fg_mean": 1956.0811767578125,
  "summary_fg_median": 1926.9222412109375,
  "summary_fg_n": 20753.0,
  "summary_fg_p05": 1433.2666259765624,
  "summary_fg_p95": 2578.930419921875,
  "summary_fg_stdv": 353.40826416015625,
  "tsnr": 74.01828662026674
}