{
  "aor": 0.015147222222222223,
  "aqi": 0.005846573611111111,
  "bids_meta": {
    "AcquisitionMatrix": "64 0 0 64",
    "DataSharing": "1",
    "EchoTime": 0.03,
    "EffectiveEchoSpacing": 0.000396,
    "FlipAngle": 65,
    "ImagesinAcquisition": 41,
    "InstitutionName": "NIH_FMRIF",
    "InternalPulseSequenceName": "epi",
    "MagneticFieldStrength": 3,
    "Manufacturer": "GE",
    "ManufacturersModelName": "DISCOVERY_MR750",
    "Modality": "MR",
    "NumberofTemporalPositions": 240,
    "PhaseEncodingDirection": "j",
    "PixelBandwidth": 7812.5,
    "PixelSpacing": "3.75\\3.75",
    "PulseSequenceName": "epirtnih",
    "ReconstructionDiameter": 240,
    "RepetitionTime": 2.0,
    "SeriesDescription": "mmi_run 1",
    "SliceThickness": 3,
    "SliceTiming": [
      0.0,
      1.02439,
      0.04878,
      1.073171,
      0.097561,
      1.121951,
      0.146341,
      1.170732,
      0.195122,
      1.219512,
      0.243902,
      1.268293,
      0.292683,
      1.317073,
      0.341463,
      1.365854,
      0.390244,
      1.414634,
      0.439024,
      1.463415,
      0.487805,
      1.512195,
      0.536585,
      1.560976,
      0.585366,
      1.609756,
      0.634146,
      1.658537,
      0.682927,
      1.707317,
      0.731707,
      1.756098,
      0.780488,
      1.804878,
      0.829268,
      1.853659,
      0.878049,
      1.902439,
      0.926829,
      1.95122,
      0.97561
    ],
    "SoftwareVersions": "27 lx mr software release:dv26.0_r01_1725.a",
    "SpacingBetweenSlices": 3.3,
    "StationName": "3TA",
    "TaskName": "MMI",
    "TotalReadoutTime": 0.024948,
    "dataset": "ds003709",
    "modality": "bold",
    "run_id": 1,
    "session_id": "visit1",
    "subject_id": "23834",
    "task_id": "MMI"
  },
  "dummy_trs": 4,
  "dvars_nstd": 21.032846104976738,
  "dvars_std": 1.2623812510232553,
  "dvars_vstd": 1.085088028837209,
  "efc": 0.41128472931198984,
  "fber": 34739.69921875,
  "fd_mean": 0.128037221929279,
  "fd_num": 20,
  "fd_perc": 9.25925925925926,
  "fwhm_avg": 2.171834031208158,
  "fwhm_x": 2.085104,
  "fwhm_y": 2.145325333333333,
  "fwhm_z": 2.2850727602911394,
  "gcor": 0.045713,
  "gsr_x": -0.009388361126184464,
  "gsr_y": 0.014666704460978508,
  "provenance": {
    "md5sum": "0ba850168076ccb6e249a6139b5b6b47",
    "settings": {
      "fd_thres": 0.2,
      "testing": false
    },
    "software": "mriqc",
    "version": "21.0.0rc2",
    "webapi_port": null,
    "webapi_url": "https://mriqc.nimh.nih.gov/api/v1"
  },
  "size_t": 216,
  "size_x": 64,
  "size_y": 64,
  "size_z": 41,
  "snr": 4.954369012908591,
  "spacing_tr": 2.0,
  "spacing_x": 3.75,
  "spacing_y": 3.75,
  "spacing_z": 3.299999952316284,
  "summary_bg_k": 73.24681944657797,
  "summary_bg_mad": 16.473357796836734,
  "summary_bg_mean": 51.29152297973633,
  "summary_bg_median": 11.912036895751953,
  "summary_bg_n": 114396.0,
  "summary_bg_p05": 0.32870370149612427,
  "summary_bg_p95": 231.41782760620117,
  "summary_bg_stdv": 130.30401611328125,
  "summary_fg_k": 0.5873426570932008,
  "summary_fg_mad": 393.16431814906406,
  "summary_fg_mean": 2106.7421875,
  "summary_fg_median": 2058.476806640625,
  "summary_fg_n": 21967.0,
  "summary_fg_p05": 1520.94541015625,
  "summary_fg_p95": 2862.790698242188,
  "summary_fg_stdv": 415.47772216796875,
  "tsnr": 64.86600269470364
}