{
  "aor": 0.009183990825688073,
  "aqi": 0.00774160495412844,
  "bids_meta": {
    "AcquisitionMatrix": "64 0 0 64",
    "DataSharing": "1",
    "EchoTime": 0.03,
    "EffectiveEchoSpacing": 0.000396,
    "FlipAngle": 65,
    "ImagesinAcquisition": 41,
    "InstitutionName": "NIH_FMRIF",
    "InternalPulseSequenceName": "epi",
    "MagneticFieldStrength": 3,
    "Manufacturer": "GE",
    "ManufacturersModelName": "DISCOVERY_MR750",
    "Modality": "MR",
    "NumberofTemporalPositions": 240,
    "PhaseEncodingDirection": "j",
    "PixelBandwidth": 7812.5,
    "PixelSpacing": "3.75\\3.75",
    "PulseSequenceName": "epirtnih",
    "ReconstructionDiameter": 240,
    "RepetitionTime": 2.0,
    "SeriesDescription": "mmi_run 3",
    "SliceThickness": 3,
    "SliceTiming": [
      0.0,
      1.02439,
      0.04878,
      1.073171,
      0.097561,
      1.121951,
      0.146341,
      1.170732,
      0.195122,
      1.219512,
      0.243902,
      1.268293,
      0.292683,
      1.317073,
      0.341463,
      1.365854,
      0.390244,
      1.414634,
      0.439024,
      1.463415,
      0.487805,
      1.512195,
      0.536585,
      1.560976,
      0.585366,
      1.609756,
      0.634146,
      1.658537,
      0.682927,
      1.707317,
      0.731707,
      1.756098,
      0.780488,
      1.804878,
      0.829268,
      1.853659,
      0.878049,
      1.902439,
      0.926829,
      1.95122,
      0.97561
    ],
    "SoftwareVersions": "27 lx mr software release:dv26.0_r01_1725.a",
    "SpacingBetweenSlices": 3.3,
    "StationName": "3TA",
    "TaskName": "MMI",
    "TotalReadoutTime": 0.024948,
    "dataset": "ds003709",
    "modality": "bold",
    "run_id": 3,
    "session_id": "visit1",
    "subject_id": "23834",
    "task_id": "MMI"
  },
  "dummy_trs": 3,
  "dvars_nstd": 22.015398240829487,
  "dvars_std": 1.1310367901843323,
  "dvars_vstd": 0.9835388999539177,
  "efc": 0.4110022348994754,
  "fber": 36086.94140625,
  "fd_mean": 0.12675851641473895,
  "fd_num": 24,
  "fd_perc": 11.009174311926605,
  "fwhm_avg": 2.171362879698246,
  "fwhm_x": 2.094512,
  "fwhm_y": 2.133416,
  "fwhm_z": 2.2861606390947378,
  "gcor": 0.0465214,
  "gsr_x": -0.008441798388957977,
  "gsr_y": 0.016965316608548164,
  "provenance": {
    "md5sum": "aba854ee7e97a998b674378103fbac89",
    "settings": {
      "fd_thres": 0.2,
      "testing": false
    },
    "software": "mriqc",
    "version": "21.0.0rc2",
    "webapi_port": null,
    "webapi_url": "https://mriqc.nimh.nih.gov/api/v1"
  },
  "size_t": 218,
  "size_x": 64,
  "size_y": 64,
  "size_z": 41,
  "snr": 4.886910421428413,
  "spacing_tr": 2.0,
  "spacing_x": 3.75,
  "spacing_y": 3.75,
  "spacing_z": 3.299999952316284,
  "summary_bg_k": 91.31740664373848,
  "summary_bg_mad": 16.390234697367546,
  "summary_bg_mean": 52.350650787353516,
  "summary_bg_median": 11.844036102294922,
  "summary_bg_n": 114610.0,
  "summary_bg_p05": 0.31192660331726074,
  "summary_bg_p95": 233.51466522216776,
  "summary_bg_stdv": 136.14544677734375,
  "summary_fg_k": 0.6953964901402383,
  "summary_fg_mad": 394.05583408270155,
  "summary_fg_mean": 2106.95458984375,
  "summary_fg_median": 2058.093994140625,
  "summary_fg_n": 21958.0,
  "summary_fg_p05": 1517.0905456542969,
  "summary_fg_p95": 2874.494824218749,
  "summary_fg_stdv": 421.1346130371094,
  "tsnr": 57.60918893292546
}