{
  "aor": 0.02184206422018348,
  "aqi": 0.006477938440366972,
  "bids_meta": {
    "AcquisitionMatrix": "64 0 0 64",
    "DataSharing": "1",
    "EchoTime": 0.03,
    "EffectiveEchoSpacing": 0.000396,
    "FlipAngle": 65,
    "ImagesinAcquisition": 41,
    "InstitutionName": "NIH_FMRIF",
    "InternalPulseSequenceName": "epi",
    "MagneticFieldStrength": 3,
    "Manufacturer": "GE",
    "ManufacturersModelName": "DISCOVERY_MR750",
    "Modality": "MR",
    "NumberofTemporalPositions": 240,
    "PhaseEncodingDirection": "j",
    "PixelBandwidth": 7812.5,
    "PixelSpacing": "3.75\\3.75",
    "PulseSequenceName": "epirtnih",
    "ReconstructionDiameter": 240,
    "RepetitionTime": 2.0,
    "SeriesDescription": "mmi_run 2",
    "SliceThickness": 3,
    "SliceTiming": [
      0.0,
      1.02439,
      0.04878,
      1.073171,
      0.097561,
      1.121951,
      0.146341,
      1.170732,
      0.195122,
      1.219512,
      0.243902,
      1.268293,
      0.292683,
      1.317073,
      0.341463,
      1.365854,
      0.390244,
      1.414634,
      0.439024,
      1.463415,
      0.487805,
      1.512195,
      0.536585,
      1.560976,
      0.585366,
      1.609756,
      0.634146,
      1.658537,
      0.682927,
      1.707317,
      0.731707,
      1.756098,
      0.780488,
      1.804878,
      0.829268,
      1.853659,
      0.878049,
      1.902439,
      0.926829,
      1.95122,
      0.97561
    ],
    "SoftwareVersions": "27 lx mr software release:dv26.0_r01_1725.a",
    "SpacingBetweenSlices": 3.3,
    "StationName": "3TA",
    "TaskName": "MMI",
    "TotalReadoutTime": 0.024948,
    "dataset": "ds003709",
    "modality": "bold",
    "run_id": 2,
    "session_id": "visit1",
    "subject_id": "23834",
    "task_id": "MMI"
  },
  "dummy_trs": 2,
  "dvars_nstd": 22.340503969815664,
  "dvars_std": 1.2595276955299528,
  "dvars_vstd": 1.101277213686636,
  "efc": 0.4122305285278062,
  "fber": 37075.47265625,
  "fd_mean": 0.12590018411262732,
  "fd_num": 12,
  "fd_perc": 5.504587155963303,
  "fwhm_avg": 2.147684132135239,
  "fwhm_x": 2.062333333333333,
  "fwhm_y": 2.1128826666666667,
  "fwhm_z": 2.267836396405717,
  "gcor": 0.161459,
  "gsr_x": -0.009814723394811153,
  "gsr_y": 0.015808789059519768,
  "provenance": {
    "md5sum": "b3d60339f4d1036ee93ce122b8e6cca7",
    "settings": {
      "fd_thres": 0.2,
      "testing": false
    },
    "software": "mriqc",
    "version": "21.0.0rc2",
    "webapi_port": null,
    "webapi_url": "https://mriqc.nimh.nih.gov/api/v1"
  },
  "size_t": 218,
  "size_x": 64,
  "size_y": 64,
  "size_z": 41,
  "snr": 4.933071217930814,
  "spacing_tr": 2.0,
  "spacing_x": 3.75,
  "spacing_y": 3.75,
  "spacing_z": 3.299999952316284,
  "summary_bg_k": 76.81036204937259,
  "summary_bg_mad": 16.06379025245464,
  "summary_bg_mean": 52.10319519042969,
  "summary_bg_median": 11.600916862487793,
  "summary_bg_n": 114346.0,
  "summary_bg_p05": 0.29816511273384094,
  "summary_bg_p95": 233.23278427124023,
  "summary_bg_stdv": 132.58111572265625,
  "summary_fg_k": 0.6688207257592915,
  "summary_fg_mad": 393.51506071491656,
  "summary_fg_mean": 2103.94384765625,
  "summary_fg_median": 2058.330078125,
  "summary_fg_n": 22081.0,
  "summary_fg_p05": 1517.646728515625,
  "summary_fg_p95": 2857.65576171875,
  "summary_fg_stdv": 417.2417907714844,
  "tsnr": 53.45464874152094
}