{
  "bids_meta": {
    "AcquisitionMatrix": "0 256 256 0",
    "AcquisitionNumber": 1,
    "Columns": 256,
    "DataSharing": "1",
    "EchoNumber(s)": 1,
    "EchoTime": 0.003476,
    "EchoTrainLength": 1,
    "FlipAngle": 7,
    "ImagesinAcquisition": 172,
    "In-planePhaseEncodingDirection": "row",
    "InstitutionName": "NIH_FMRIF",
    "InternalPulseSequenceName": "efgre3d",
    "InversionTime": 0.9,
    "MRAcquisitionType": "3d",
    "MagneticFieldStrength": 3,
    "Manufacturer": "GE",
    "Manufacturer'sModelName": "discovery mr750",
    "ManufacturersModelName": "DISCOVERY_MR750",
    "Modality": "MR",
    "NumberofAverages": 1,
    "PixelBandwidth": 195.312,
    "PixelSpacing": "1\\1",
    "PrivateIn-PlanePhaseEncodingDirection": "row",
    "PulseSequenceName": "mprage",
    "ReceiveCoilName": "32ch head",
    "ReconstructionDiameter": 256,
    "RepetitionTime": 0.00766,
    "Rows": 256,
    "SamplesperPixel": 1,
    "ScanOptions": "edr_gems\\filtered_gems\\acc_gems\\ir_gems",
    "SeriesDescription": "anat_t1w_mp_rage_1mm",
    "SeriesNumber": 9,
    "SliceLocation": -89.01895142,
    "SliceThickness": 1,
    "SoftwareVersion(s)": "27\\lx\\mr software release:dv26.0_r01_1725.a",
    "SoftwareVersions": "27 lx mr software release:dv26.0_r01_1725.a",
    "SpacingBetweenSlices": 1,
    "StationName": "3TA",
    "dataset": "ds003709",
    "modality": "T1w",
    "run_id": 1,
    "session_id": "visit1",
    "subject_id": "23643"
  },
  "cjv": 0.38897437475395114,
  "cnr": 3.427399969605358,
  "efc": 0.6864393519483721,
  "fber": 1899.4415045676308,
  "fwhm_avg": 3.278703333333334,
  "fwhm_x": 3.19307,
  "fwhm_y": 3.49925,
  "fwhm_z": 3.14379,
  "icvs_csf": 0.268673977693777,
  "icvs_gm": 0.3944827134251449,
  "icvs_wm": 0.3368433088810781,
  "inu_med": 1.234367847442627,
  "inu_range": 0.2082080841064453,
  "provenance": {
    "md5sum": "e80670f91634b08cd0527cd30612da9a",
    "settings": {
      "testing": false
    },
    "software": "mriqc",
    "version": "21.0.0rc2",
    "warnings": {
      "large_rot_frame": true,
      "small_air_mask": false
    },
    "webapi_port": null,
    "webapi_url": "https://mriqc.nimh.nih.gov/api/v1"
  },
  "qi_1": 0.0,
  "qi_2": 0.0033442656610506672,
  "rpve_csf": 19.306373270278037,
  "rpve_gm": 12.490428112539393,
  "rpve_wm": 18.91935546515496,
  "size_x": 172,
  "size_y": 256,
  "size_z": 256,
  "snr_csf": 2.710126828956369,
  "snr_gm": 7.424663578334847,
  "snr_total": 7.880939191939493,
  "snr_wm": 13.508027168527265,
  "snrd_csf": 13.61551290134798,
  "snrd_gm": 31.941811778995437,
  "snrd_total": 32.72299739315565,
  "snrd_wm": 52.61166749912354,
  "spacing_x": 1.0,
  "spacing_y": 1.0,
  "spacing_z": 1.0,
  "summary_bg_k": 7.775903469882046,
  "summary_bg_mad": 12.452301521076533,
  "summary_bg_mean": 24.99016820696677,
  "summary_bg_median": 10.46119186654687,
  "summary_bg_n": 1237333.0,
  "summary_bg_p05": 2.0622421242296696,
  "summary_bg_p95": 91.93850342929363,
  "summary_bg_stdv": 31.197232205603033,
  "summary_csf_k": 1.604318591574664,
  "summary_csf_mad": 87.44406380648834,
  "summary_csf_mean": 275.4299325475062,
  "summary_csf_median": 258.7926389351487,
  "summary_csf_n": 27474.0,
  "summary_csf_p05": 153.19271881561727,
  "summary_csf_p95": 453.8938672462478,
  "summary_csf_stdv": 95.48923185206134,
  "summary_gm_k": -0.09982536184979329,
  "summary_gm_mad": 81.16232241415955,
  "summary_gm_mean": 607.0948584351254,
  "summary_gm_median": 607.1240813732147,
  "summary_gm_n": 10221.0,
  "summary_gm_p05": 471.39105428755283,
  "summary_gm_p95": 742.3696694113314,
  "summary_gm_stdv": 81.76725778937396,
  "summary_wm_k": 0.3776674904937587,
  "summary_wm_mad": 71.6563243779806,
  "summary_wm_mean": 1000.1409096856481,
  "summary_wm_median": 999.9999536946416,
  "summary_wm_n": 178240.0,
  "summary_wm_p05": 878.3651636764407,
  "summary_wm_p95": 1122.0096968263388,
  "summary_wm_stdv": 74.02984432947362,
  "tpm_overlap_csf": 0.1524025946855545,
  "tpm_overlap_gm": 0.4108756184577942,
  "tpm_overlap_wm": 0.48188725113868713,
  "wm2max": 0.5538250685272863
}