{
  "bids_meta": {
    "AcquisitionMatrix": "0 256 256 0",
    "AcquisitionNumber": 1,
    "Columns": 256,
    "DataSharing": "1",
    "EchoNumber(s)": 1,
    "EchoTime": 0.003476,
    "EchoTrainLength": 1,
    "FlipAngle": 7,
    "ImagesinAcquisition": 172,
    "In-planePhaseEncodingDirection": "row",
    "InstitutionName": "NIH_FMRIF",
    "InternalPulseSequenceName": "efgre3d",
    "InversionTime": 0.9,
    "MRAcquisitionType": "3d",
    "MagneticFieldStrength": 3,
    "Manufacturer": "GE",
    "Manufacturer'sModelName": "discovery mr750",
    "ManufacturersModelName": "DISCOVERY_MR750",
    "Modality": "MR",
    "NumberofAverages": 1,
    "PixelBandwidth": 195.312,
    "PixelSpacing": "1\\1",
    "PrivateIn-PlanePhaseEncodingDirection": "row",
    "PulseSequenceName": "mprage",
    "ReceiveCoilName": "32ch head",
    "ReconstructionDiameter": 256,
    "RepetitionTime": 0.00766,
    "Rows": 256,
    "SamplesperPixel": 1,
    "ScanOptions": "edr_gems\\filtered_gems\\acc_gems\\ir_gems",
    "SeriesDescription": "anat_t1w_mp_rage_1mm",
    "SeriesNumber": 9,
    "SliceLocation": -88.43299866,
    "SliceThickness": 1,
    "SoftwareVersion(s)": "27\\lx\\mr software release:dv26.0_r01_1725.a",
    "SoftwareVersions": "27 lx mr software release:dv26.0_r01_1725.a",
    "SpacingBetweenSlices": 1,
    "StationName": "3TC",
    "dataset": "ds003709",
    "modality": "T1w",
    "run_id": 1,
    "session_id": "visit1",
    "subject_id": "23017"
  },
  "cjv": 0.4066165309089438,
  "cnr": 3.3101393580977145,
  "efc": 0.7226118861061346,
  "fber": 3587.522143281259,
  "fwhm_avg": 3.126513333333333,
  "fwhm_x": 3.09461,
  "fwhm_y": 3.28394,
  "fwhm_z": 3.00099,
  "icvs_csf": 0.26678243807032803,
  "icvs_gm": 0.39536139359657396,
  "icvs_wm": 0.337856168333098,
  "inu_med": 1.1061409711837769,
  "inu_range": 0.15910645723342887,
  "provenance": {
    "md5sum": "e1f25d475b6c7cfce10e2cefea6e0e31",
    "settings": {
      "testing": false
    },
    "software": "mriqc",
    "version": "21.0.0rc2",
    "warnings": {
      "large_rot_frame": true,
      "small_air_mask": false
    },
    "webapi_port": null,
    "webapi_url": "https://mriqc.nimh.nih.gov/api/v1"
  },
  "qi_1": 0.0,
  "qi_2": 0.005793335612141399,
  "rpve_csf": 17.491705039461312,
  "rpve_gm": 11.452633310129325,
  "rpve_wm": 17.336632621316546,
  "size_x": 172,
  "size_y": 256,
  "size_z": 256,
  "snr_csf": 2.6547468928863593,
  "snr_gm": 7.429279009409002,
  "snr_total": 7.927874033824153,
  "snr_wm": 13.699596199177101,
  "snrd_csf": 17.019181901887794,
  "snrd_gm": 38.25633571494369,
  "snrd_total": 38.91425006383911,
  "snrd_wm": 61.467232574685866,
  "spacing_x": 1.0,
  "spacing_y": 1.0,
  "spacing_z": 1.0,
  "summary_bg_k": 2.2038463891807085,
  "summary_bg_mad": 10.658302978121917,
  "summary_bg_mean": 21.996306094198893,
  "summary_bg_median": 9.585221484303474,
  "summary_bg_n": 704550.0,
  "summary_bg_p05": 2.3963053710758686,
  "summary_bg_p95": 78.55524698272347,
  "summary_bg_stdv": 25.84261145271998,
  "summary_csf_k": 1.385266331629607,
  "summary_csf_mad": 99.41289868684625,
  "summary_csf_mean": 293.9836483562376,
  "summary_csf_median": 276.88219333067536,
  "summary_csf_n": 28635.0,
  "summary_csf_p05": 156.63123289123178,
  "summary_csf_p95": 485.1559854280203,
  "summary_csf_stdv": 104.29520017488902,
  "summary_gm_k": -0.04810949305503964,
  "summary_gm_mad": 82.81178435122605,
  "summary_gm_mean": 623.3963536893699,
  "summary_gm_median": 622.3858586512506,
  "summary_gm_n": 14807.0,
  "summary_gm_p05": 485.3302621822804,
  "summary_gm_p95": 762.796282639727,
  "summary_gm_stdv": 83.77190315496235,
  "summary_wm_k": 0.29747453103366395,
  "summary_wm_mad": 70.73237430935454,
  "summary_wm_mean": 1001.2327585618101,
  "summary_wm_median": 1000.0000159442425,
  "summary_wm_n": 209984.0,
  "summary_wm_p05": 883.8881284184754,
  "summary_wm_p95": 1123.5622347146273,
  "summary_wm_stdv": 72.99467957074795,
  "tpm_overlap_csf": 0.15127891302108765,
  "tpm_overlap_gm": 0.41036397218704224,
  "tpm_overlap_wm": 0.48870429396629333,
  "wm2max": 0.5399454220382046
}