{
  "aor": 0.0066906194690265494,
  "aqi": 0.004916838495575221,
  "bids_meta": {
    "AcquisitionMatrix": "64 0 0 64",
    "DataSharing": "1",
    "EchoTime": 0.03,
    "EffectiveEchoSpacing": 0.000396,
    "FlipAngle": 65,
    "ImagesinAcquisition": 41,
    "InstitutionName": "NIH_FMRIF",
    "InternalPulseSequenceName": "epi",
    "MagneticFieldStrength": 3,
    "Manufacturer": "GE",
    "ManufacturersModelName": "DISCOVERY_MR750",
    "Modality": "MR",
    "NumberofTemporalPositions": 240,
    "PhaseEncodingDirection": "j",
    "PixelBandwidth": 7812.5,
    "PixelSpacing": "3.75\\3.75",
    "PulseSequenceName": "epirtnih",
    "ReconstructionDiameter": 240,
    "RepetitionTime": 2.0,
    "SeriesDescription": "mmi_run3",
    "SliceThickness": 3,
    "SliceTiming": [
      0.0,
      1.02439,
      0.04878,
      1.073171,
      0.097561,
      1.121951,
      0.146341,
      1.170732,
      0.195122,
      1.219512,
      0.243902,
      1.268293,
      0.292683,
      1.317073,
      0.341463,
      1.365854,
      0.390244,
      1.414634,
      0.439024,
      1.463415,
      0.487805,
      1.512195,
      0.536585,
      1.560976,
      0.585366,
      1.609756,
      0.634146,
      1.658537,
      0.682927,
      1.707317,
      0.731707,
      1.756098,
      0.780488,
      1.804878,
      0.829268,
      1.853659,
      0.878049,
      1.902439,
      0.926829,
      1.95122,
      0.97561
    ],
    "SoftwareVersions": "27 lx mr software release:dv26.0_r01_1725.a",
    "SpacingBetweenSlices": 3.3,
    "StationName": "3TA",
    "TaskName": "MMI",
    "TotalReadoutTime": 0.024948,
    "dataset": "ds003709",
    "modality": "bold",
    "run_id": 3,
    "session_id": "visit1",
    "subject_id": "23780",
    "task_id": "MMI"
  },
  "dummy_trs": 2,
  "dvars_nstd": 23.99467412342221,
  "dvars_std": 1.1866470143555545,
  "dvars_vstd": 1.050128607955556,
  "efc": 0.4172907437348999,
  "fber": 27589.01171875,
  "fd_mean": 0.2421062539460161,
  "fd_num": 92,
  "fd_perc": 40.70796460176991,
  "fwhm_avg": 2.1362714509120977,
  "fwhm_x": 2.004954666666667,
  "fwhm_y": 2.1197170637973706,
  "fwhm_z": 2.2841426222722565,
  "gcor": 0.022387,
  "gsr_x": -0.011642729863524437,
  "gsr_y": 0.02165505476295948,
  "provenance": {
    "md5sum": "6ca0e36cf68695d76388e89872156bad",
    "settings": {
      "fd_thres": 0.2,
      "testing": false
    },
    "software": "mriqc",
    "version": "21.0.0rc2",
    "webapi_port": null,
    "webapi_url": "https://mriqc.nimh.nih.gov/api/v1"
  },
  "size_t": 226,
  "size_x": 64,
  "size_y": 64,
  "size_z": 41,
  "snr": 4.73458407335761,
  "spacing_tr": 2.0,
  "spacing_x": 3.75,
  "spacing_y": 3.750000476837158,
  "spacing_z": 3.299999713897705,
  "summary_bg_k": 57.3873000736394,
  "summary_bg_mad": 16.551350665569597,
  "summary_bg_mean": 48.769744873046875,
  "summary_bg_median": 12.039822578430176,
  "summary_bg_n": 113608.0,
  "summary_bg_p05": 0.33185839653015137,
  "summary_bg_p95": 229.73716735839832,
  "summary_bg_stdv": 109.88550567626953,
  "summary_fg_k": 0.6822624991482638,
  "summary_fg_mad": 359.45882628287416,
  "summary_fg_mean": 1883.2208251953125,
  "summary_fg_median": 1839.818603515625,
  "summary_fg_n": 22367.0,
  "summary_fg_p05": 1320.4057250976562,
  "summary_fg_p95": 2597.9658691406253,
  "summary_fg_stdv": 388.58270263671875,
  "tsnr": 65.04303077282384
}