{
  "aor": 0.0015181860465116278,
  "aqi": 0.002377865255813954,
  "bids_meta": {
    "AcquisitionMatrix": "64 0 0 64",
    "DataSharing": "1",
    "EchoTime": 0.03,
    "EffectiveEchoSpacing": 0.000396,
    "FlipAngle": 65,
    "ImagesinAcquisition": 41,
    "InstitutionName": "NIH_FMRIF",
    "InternalPulseSequenceName": "epi",
    "MagneticFieldStrength": 3,
    "Manufacturer": "GE",
    "ManufacturersModelName": "DISCOVERY_MR750",
    "Modality": "MR",
    "NumberofTemporalPositions": 240,
    "PhaseEncodingDirection": "j",
    "PixelBandwidth": 7812.5,
    "PixelSpacing": "3.75\\3.75",
    "PulseSequenceName": "epirtnih",
    "ReconstructionDiameter": 240,
    "RepetitionTime": 2.0,
    "SeriesDescription": "mmi_run 1",
    "SliceThickness": 3,
    "SliceTiming": [
      0.0,
      1.02439,
      0.04878,
      1.073171,
      0.097561,
      1.121951,
      0.146341,
      1.170732,
      0.195122,
      1.219512,
      0.243902,
      1.268293,
      0.292683,
      1.317073,
      0.341463,
      1.365854,
      0.390244,
      1.414634,
      0.439024,
      1.463415,
      0.487805,
      1.512195,
      0.536585,
      1.560976,
      0.585366,
      1.609756,
      0.634146,
      1.658537,
      0.682927,
      1.707317,
      0.731707,
      1.756098,
      0.780488,
      1.804878,
      0.829268,
      1.853659,
      0.878049,
      1.902439,
      0.926829,
      1.95122,
      0.97561
    ],
    "SoftwareVersions": "27 lx mr software release:dv26.0_r01_1725.a",
    "SpacingBetweenSlices": 3.3,
    "StationName": "3TC",
    "TaskName": "MMI",
    "TotalReadoutTime": 0.024948,
    "dataset": "ds003709",
    "modality": "bold",
    "run_id": 1,
    "session_id": "visit1",
    "subject_id": "23820",
    "task_id": "MMI"
  },
  "dummy_trs": 3,
  "dvars_nstd": 15.889442452990654,
  "dvars_std": 1.1006648686915892,
  "dvars_vstd": 1.005842308785047,
  "efc": 0.3805381463912901,
  "fber": 24899.802734375,
  "fd_mean": 0.05350677919661606,
  "fd_num": 3,
  "fd_perc": 1.3953488372093024,
  "fwhm_avg": 2.3184805776486335,
  "fwhm_x": 2.177264,
  "fwhm_y": 2.288408,
  "fwhm_z": 2.489769732945901,
  "gcor": 0.0468775,
  "gsr_x": -0.011458980850875378,
  "gsr_y": 0.007002669852226973,
  "provenance": {
    "md5sum": "868ff466bf73d604f4bff4f9da99ac09",
    "settings": {
      "fd_thres": 0.2,
      "testing": false
    },
    "software": "mriqc",
    "version": "21.0.0rc2",
    "webapi_port": null,
    "webapi_url": "https://mriqc.nimh.nih.gov/api/v1"
  },
  "size_t": 215,
  "size_x": 64,
  "size_y": 64,
  "size_z": 41,
  "snr": 3.673239059092996,
  "spacing_tr": 2.0,
  "spacing_x": 3.75,
  "spacing_y": 3.75,
  "spacing_z": 3.299999952316284,
  "summary_bg_k": 48.3018134332231,
  "summary_bg_mad": 12.191816693283611,
  "summary_bg_mean": 40.342002868652344,
  "summary_bg_median": 9.260464668273926,
  "summary_bg_n": 120149.0,
  "summary_bg_p05": 0.46046510338783264,
  "summary_bg_p95": 180.83721008300762,
  "summary_bg_stdv": 101.98713684082031,
  "summary_fg_k": 1.8076044599766172,
  "summary_fg_mad": 314.15294935814495,
  "summary_fg_mean": 1434.1861572265625,
  "summary_fg_median": 1361.739501953125,
  "summary_fg_n": 17549.0,
  "summary_fg_p05": 998.3646484375,
  "summary_fg_p95": 2168.3404785156245,
  "summary_fg_stdv": 370.70843505859375,
  "tsnr": 86.04203417524695
}