{
  "aor": 0.0009519196428571429,
  "aqi": 0.0027736435267857146,
  "bids_meta": {
    "AcquisitionMatrix": "64 0 0 64",
    "DataSharing": "1",
    "EchoTime": 0.03,
    "EffectiveEchoSpacing": 0.000396,
    "FlipAngle": 65,
    "ImagesinAcquisition": 41,
    "InstitutionName": "NIH_FMRIF",
    "InternalPulseSequenceName": "epi",
    "MagneticFieldStrength": 3,
    "Manufacturer": "GE",
    "ManufacturersModelName": "DISCOVERY_MR750",
    "Modality": "MR",
    "NumberofTemporalPositions": 240,
    "PhaseEncodingDirection": "j",
    "PixelBandwidth": 7812.5,
    "PixelSpacing": "3.75\\3.75",
    "PulseSequenceName": "epirtnih",
    "ReconstructionDiameter": 240,
    "RepetitionTime": 2.0,
    "SeriesDescription": "mmi_run 3",
    "SliceThickness": 3,
    "SliceTiming": [
      0.0,
      1.02439,
      0.04878,
      1.073171,
      0.097561,
      1.121951,
      0.146341,
      1.170732,
      0.195122,
      1.219512,
      0.243902,
      1.268293,
      0.292683,
      1.317073,
      0.341463,
      1.365854,
      0.390244,
      1.414634,
      0.439024,
      1.463415,
      0.487805,
      1.512195,
      0.536585,
      1.560976,
      0.585366,
      1.609756,
      0.634146,
      1.658537,
      0.682927,
      1.707317,
      0.731707,
      1.756098,
      0.780488,
      1.804878,
      0.829268,
      1.853659,
      0.878049,
      1.902439,
      0.926829,
      1.95122,
      0.97561
    ],
    "SoftwareVersions": "27 lx mr software release:dv26.0_r01_1725.a",
    "SpacingBetweenSlices": 3.3,
    "StationName": "3TC",
    "TaskName": "MMI",
    "TotalReadoutTime": 0.024948,
    "dataset": "ds003709",
    "modality": "bold",
    "run_id": 3,
    "session_id": "visit1",
    "subject_id": "23820",
    "task_id": "MMI"
  },
  "dummy_trs": 3,
  "dvars_nstd": 15.370218140269058,
  "dvars_std": 1.0426278261434976,
  "dvars_vstd": 0.9745290057847531,
  "efc": 0.38133685539634843,
  "fber": 24615.3203125,
  "fd_mean": 0.054996571008948406,
  "fd_num": 2,
  "fd_perc": 0.8928571428571429,
  "fwhm_avg": 2.3453734263212684,
  "fwhm_x": 2.199616,
  "fwhm_y": 2.3077466666666666,
  "fwhm_z": 2.5287576122971394,
  "gcor": 0.0159767,
  "gsr_x": -0.011731203645467758,
  "gsr_y": 0.006836331449449062,
  "provenance": {
    "md5sum": "1df49d6347155990586e65420fdd932d",
    "settings": {
      "fd_thres": 0.2,
      "testing": false
    },
    "software": "mriqc",
    "version": "21.0.0rc2",
    "webapi_port": null,
    "webapi_url": "https://mriqc.nimh.nih.gov/api/v1"
  },
  "size_t": 224,
  "size_x": 64,
  "size_y": 64,
  "size_z": 41,
  "snr": 3.611928536508643,
  "spacing_tr": 2.0,
  "spacing_x": 3.75,
  "spacing_y": 3.75,
  "spacing_z": 3.299999952316284,
  "summary_bg_k": 47.715283152779364,
  "summary_bg_mad": 12.191756071478308,
  "summary_bg_mean": 41.461483001708984,
  "summary_bg_median": 9.272321701049805,
  "summary_bg_n": 120173.0,
  "summary_bg_p05": 0.4732142984867096,
  "summary_bg_p95": 188.39108276367176,
  "summary_bg_stdv": 105.55919647216797,
  "summary_fg_k": 1.8281352120573438,
  "summary_fg_mad": 318.4814890627346,
  "summary_fg_mean": 1429.7650146484375,
  "summary_fg_median": 1356.625,
  "summary_fg_n": 17559.0,
  "summary_fg_p05": 990.9576110839844,
  "summary_fg_p95": 2177.2144775390616,
  "summary_fg_stdv": 375.5850524902344,
  "tsnr": 80.8568209502846
}