{
  "aor": 0.005733715596330275,
  "aqi": 0.004854512981651377,
  "bids_meta": {
    "AcquisitionMatrix": "64 0 0 64",
    "DataSharing": "1",
    "EchoTime": 0.03,
    "EffectiveEchoSpacing": 0.000396,
    "FlipAngle": 65,
    "ImagesinAcquisition": 41,
    "InstitutionName": "NIH_FMRIF",
    "InternalPulseSequenceName": "epi",
    "MagneticFieldStrength": 3,
    "Manufacturer": "GE",
    "ManufacturersModelName": "DISCOVERY_MR750",
    "Modality": "MR",
    "NumberofTemporalPositions": 240,
    "PhaseEncodingDirection": "j",
    "PixelBandwidth": 7812.5,
    "PixelSpacing": "3.75\\3.75",
    "PulseSequenceName": "epirtnih",
    "ReconstructionDiameter": 240,
    "RepetitionTime": 2.0,
    "SeriesDescription": "mmi_run 1",
    "SliceThickness": 3,
    "SliceTiming": [
      0.0,
      1.02439,
      0.04878,
      1.073171,
      0.097561,
      1.121951,
      0.146341,
      1.170732,
      0.195122,
      1.219512,
      0.243902,
      1.268293,
      0.292683,
      1.317073,
      0.341463,
      1.365854,
      0.390244,
      1.414634,
      0.439024,
      1.463415,
      0.487805,
      1.512195,
      0.536585,
      1.560976,
      0.585366,
      1.609756,
      0.634146,
      1.658537,
      0.682927,
      1.707317,
      0.731707,
      1.756098,
      0.780488,
      1.804878,
      0.829268,
      1.853659,
      0.878049,
      1.902439,
      0.926829,
      1.95122,
      0.97561
    ],
    "SoftwareVersions": "27 lx mr software release:dv26.0_r01_1725.a",
    "SpacingBetweenSlices": 3.3,
    "StationName": "3TC",
    "TaskName": "MMI",
    "TotalReadoutTime": 0.024948,
    "dataset": "ds003709",
    "modality": "bold",
    "run_id": 1,
    "session_id": "visit1",
    "subject_id": "23798",
    "task_id": "MMI"
  },
  "dummy_trs": 3,
  "dvars_nstd": 21.905541749539157,
  "dvars_std": 1.1650510912442391,
  "dvars_vstd": 1.004244592211981,
  "efc": 0.4254601553327014,
  "fber": 22129.970703125,
  "fd_mean": 0.1020379169429387,
  "fd_num": 19,
  "fd_perc": 8.715596330275229,
  "fwhm_avg": 2.438078464374239,
  "fwhm_x": 2.2898693333333333,
  "fwhm_y": 2.3858268183534506,
  "fwhm_z": 2.6385392414359328,
  "gcor": 0.023016,
  "gsr_x": -0.010718421079218388,
  "gsr_y": 0.020325178280472755,
  "provenance": {
    "md5sum": "66e7953c2c2e29540cf7efcd159b60c5",
    "settings": {
      "fd_thres": 0.2,
      "testing": false
    },
    "software": "mriqc",
    "version": "21.0.0rc2",
    "webapi_port": null,
    "webapi_url": "https://mriqc.nimh.nih.gov/api/v1"
  },
  "size_t": 218,
  "size_x": 64,
  "size_y": 64,
  "size_z": 41,
  "snr": 3.3591171167525884,
  "spacing_tr": 2.0,
  "spacing_x": 3.75,
  "spacing_y": 3.749999761581421,
  "spacing_z": 3.3000001907348633,
  "summary_bg_k": 73.23667309585458,
  "summary_bg_mad": 13.499840837790662,
  "summary_bg_mean": 45.25279235839844,
  "summary_bg_median": 9.908256530761719,
  "summary_bg_n": 111950.0,
  "summary_bg_p05": 0.3486238420009613,
  "summary_bg_p95": 194.81168746948194,
  "summary_bg_stdv": 123.3965835571289,
  "summary_fg_k": 1.2898436386280103,
  "summary_fg_mad": 359.1433751516662,
  "summary_fg_mean": 1443.8936767578125,
  "summary_fg_median": 1367.5986328125,
  "summary_fg_n": 23710.0,
  "summary_fg_p05": 954.4316314697265,
  "summary_fg_p95": 2263.409777832031,
  "summary_fg_stdv": 407.1217956542969,
  "tsnr": 61.61160349426791
}