{
  "aor": 0.0010423478260869568,
  "aqi": 0.0027218646521739135,
  "bids_meta": {
    "AcquisitionMatrix": "64 0 0 64",
    "DataSharing": "1",
    "EchoTime": 0.03,
    "EffectiveEchoSpacing": 0.000396,
    "FlipAngle": 65,
    "ImagesinAcquisition": 41,
    "InstitutionName": "NIH_FMRIF",
    "InternalPulseSequenceName": "epi",
    "MagneticFieldStrength": 3,
    "Manufacturer": "GE",
    "ManufacturersModelName": "DISCOVERY_MR750",
    "Modality": "MR",
    "NumberofTemporalPositions": 240,
    "PhaseEncodingDirection": "j",
    "PixelBandwidth": 7812.5,
    "PixelSpacing": "3.75\\3.75",
    "PulseSequenceName": "epirtnih",
    "ReconstructionDiameter": 240,
    "RepetitionTime": 2.0,
    "SeriesDescription": "mmi_run 3",
    "SliceThickness": 3,
    "SliceTiming": [
      0.0,
      1.02439,
      0.04878,
      1.073171,
      0.097561,
      1.121951,
      0.146341,
      1.170732,
      0.195122,
      1.219512,
      0.243902,
      1.268293,
      0.292683,
      1.317073,
      0.341463,
      1.365854,
      0.390244,
      1.414634,
      0.439024,
      1.463415,
      0.487805,
      1.512195,
      0.536585,
      1.560976,
      0.585366,
      1.609756,
      0.634146,
      1.658537,
      0.682927,
      1.707317,
      0.731707,
      1.756098,
      0.780488,
      1.804878,
      0.829268,
      1.853659,
      0.878049,
      1.902439,
      0.926829,
      1.95122,
      0.97561
    ],
    "SoftwareVersions": "27 lx mr software release:dv26.0_r01_1725.a",
    "SpacingBetweenSlices": 3.3,
    "StationName": "3TC",
    "TaskName": "MMI",
    "TotalReadoutTime": 0.024948,
    "dataset": "ds003709",
    "modality": "bold",
    "run_id": 3,
    "session_id": "visit1",
    "subject_id": "23951",
    "task_id": "MMI"
  },
  "dummy_trs": 2,
  "dvars_nstd": 18.779941920742353,
  "dvars_std": 1.11287677069869,
  "dvars_vstd": 0.9969618793449784,
  "efc": 0.4316292787117591,
  "fber": 15554.1279296875,
  "fd_mean": 0.08805663640444339,
  "fd_num": 6,
  "fd_perc": 2.608695652173913,
  "fwhm_avg": 2.4342782347901726,
  "fwhm_x": 2.282632,
  "fwhm_y": 2.4108693333333333,
  "fwhm_z": 2.609333371037185,
  "gcor": 0.016222,
  "gsr_x": -0.01668155938386917,
  "gsr_y": 0.02702007256448269,
  "provenance": {
    "md5sum": "015954f439b32b081c75ef4ba2c5389c",
    "settings": {
      "fd_thres": 0.2,
      "testing": false
    },
    "software": "mriqc",
    "version": "21.0.0rc2",
    "webapi_port": null,
    "webapi_url": "https://mriqc.nimh.nih.gov/api/v1"
  },
  "size_t": 230,
  "size_x": 64,
  "size_y": 64,
  "size_z": 41,
  "snr": 3.3931170562836512,
  "spacing_tr": 2.0,
  "spacing_x": 3.75,
  "spacing_y": 3.75,
  "spacing_z": 3.299999952316284,
  "summary_bg_k": 48.68960818406098,
  "summary_bg_mad": 16.463330455367576,
  "summary_bg_mean": 45.763675689697266,
  "summary_bg_median": 11.8695650100708,
  "summary_bg_n": 110981.0,
  "summary_bg_p05": 0.20434781908988953,
  "summary_bg_p95": 199.4260711669922,
  "summary_bg_stdv": 107.6514663696289,
  "summary_fg_k": 0.9598032201421516,
  "summary_fg_mad": 377.99895524627146,
  "summary_fg_mean": 1484.65625,
  "summary_fg_median": 1402.0999755859375,
  "summary_fg_n": 24289.0,
  "summary_fg_p05": 976.561669921875,
  "summary_fg_p95": 2283.677294921875,
  "summary_fg_stdv": 413.2103576660156,
  "tsnr": 77.8602174196858
}