{
  "aor": 0.004754484304932735,
  "aqi": 0.004162149282511211,
  "bids_meta": {
    "AcquisitionMatrix": "64 0 0 64",
    "DataSharing": "1",
    "EchoTime": 0.03,
    "EffectiveEchoSpacing": 0.000396,
    "FlipAngle": 65,
    "ImagesinAcquisition": 41,
    "InstitutionName": "NIH_FMRIF",
    "InternalPulseSequenceName": "epi",
    "MagneticFieldStrength": 3,
    "Manufacturer": "GE",
    "ManufacturersModelName": "DISCOVERY_MR750",
    "Modality": "MR",
    "NumberofTemporalPositions": 240,
    "PhaseEncodingDirection": "j",
    "PixelBandwidth": 7812.5,
    "PixelSpacing": "3.75\\3.75",
    "PulseSequenceName": "epirtnih",
    "ReconstructionDiameter": 240,
    "RepetitionTime": 2.0,
    "SeriesDescription": "mmi_run 1",
    "SliceThickness": 3,
    "SliceTiming": [
      0.0,
      1.02439,
      0.04878,
      1.073171,
      0.097561,
      1.121951,
      0.146341,
      1.170732,
      0.195122,
      1.219512,
      0.243902,
      1.268293,
      0.292683,
      1.317073,
      0.341463,
      1.365854,
      0.390244,
      1.414634,
      0.439024,
      1.463415,
      0.487805,
      1.512195,
      0.536585,
      1.560976,
      0.585366,
      1.609756,
      0.634146,
      1.658537,
      0.682927,
      1.707317,
      0.731707,
      1.756098,
      0.780488,
      1.804878,
      0.829268,
      1.853659,
      0.878049,
      1.902439,
      0.926829,
      1.95122,
      0.97561
    ],
    "SoftwareVersions": "27 lx mr software release:dv26.0_r01_1725.a",
    "SpacingBetweenSlices": 3.3,
    "StationName": "3TC",
    "TaskName": "MMI",
    "TotalReadoutTime": 0.024948,
    "dataset": "ds003709",
    "modality": "bold",
    "run_id": 1,
    "session_id": "visit1",
    "subject_id": "23951",
    "task_id": "MMI"
  },
  "dummy_trs": 3,
  "dvars_nstd": 21.2309990832883,
  "dvars_std": 1.112920149324324,
  "dvars_vstd": 1.0099088836486485,
  "efc": 0.43223754538368325,
  "fber": 14936.6435546875,
  "fd_mean": 0.15125216131483493,
  "fd_num": 46,
  "fd_perc": 20.62780269058296,
  "fwhm_avg": 2.4440213864102227,
  "fwhm_x": 2.277992,
  "fwhm_y": 2.4229600000000002,
  "fwhm_z": 2.631112159230668,
  "gcor": 0.0317947,
  "gsr_x": -0.017592838034033775,
  "gsr_y": 0.027097435668110847,
  "provenance": {
    "md5sum": "99c8030d7ffbf34bd9f151a72b55c3e5",
    "settings": {
      "fd_thres": 0.2,
      "testing": false
    },
    "software": "mriqc",
    "version": "21.0.0rc2",
    "webapi_port": null,
    "webapi_url": "https://mriqc.nimh.nih.gov/api/v1"
  },
  "size_t": 223,
  "size_x": 64,
  "size_y": 64,
  "size_z": 41,
  "snr": 3.391493942137306,
  "spacing_tr": 2.0,
  "spacing_x": 3.75,
  "spacing_y": 3.75,
  "spacing_z": 3.299999952316284,
  "summary_bg_k": 50.418641247785864,
  "summary_bg_mad": 16.83385269678508,
  "summary_bg_mean": 46.25535202026367,
  "summary_bg_median": 12.130045890808105,
  "summary_bg_n": 111005.0,
  "summary_bg_p05": 0.21076233685016632,
  "summary_bg_p95": 200.39821472167938,
  "summary_bg_stdv": 109.01518249511719,
  "summary_fg_k": 1.0661737953458,
  "summary_fg_mad": 376.3449633425944,
  "summary_fg_mean": 1487.794189453125,
  "summary_fg_median": 1402.7579345703125,
  "summary_fg_n": 24288.0,
  "summary_fg_p05": 979.3440216064453,
  "summary_fg_p95": 2282.423828124999,
  "summary_fg_stdv": 413.60211181640625,
  "tsnr": 62.43290545558557
}