{
  "aor": 0.003876363636363636,
  "aqi": 0.00655047966507177,
  "bids_meta": {
    "AcquisitionMatrix": "64 0 0 64",
    "DataSharing": "1",
    "EchoTime": 0.03,
    "EffectiveEchoSpacing": 0.000396,
    "FlipAngle": 65,
    "ImagesinAcquisition": 41,
    "InstitutionName": "NIH_FMRIF",
    "InternalPulseSequenceName": "epi",
    "MagneticFieldStrength": 3,
    "Manufacturer": "GE",
    "ManufacturersModelName": "DISCOVERY_MR750",
    "Modality": "MR",
    "NumberofTemporalPositions": 240,
    "PhaseEncodingDirection": "j",
    "PixelBandwidth": 7812.5,
    "PixelSpacing": "3.75\\3.75",
    "PulseSequenceName": "epirtnih",
    "ReconstructionDiameter": 240,
    "RepetitionTime": 2.0,
    "SeriesDescription": "mmi_run 1",
    "SliceThickness": 3,
    "SliceTiming": [
      0.0,
      1.02439,
      0.04878,
      1.073171,
      0.097561,
      1.121951,
      0.146341,
      1.170732,
      0.195122,
      1.219512,
      0.243902,
      1.268293,
      0.292683,
      1.317073,
      0.341463,
      1.365854,
      0.390244,
      1.414634,
      0.439024,
      1.463415,
      0.487805,
      1.512195,
      0.536585,
      1.560976,
      0.585366,
      1.609756,
      0.634146,
      1.658537,
      0.682927,
      1.707317,
      0.731707,
      1.756098,
      0.780488,
      1.804878,
      0.829268,
      1.853659,
      0.878049,
      1.902439,
      0.926829,
      1.95122,
      0.97561
    ],
    "SoftwareVersions": "27 lx mr software release:dv26.0_r01_1725.a",
    "SpacingBetweenSlices": 3.3,
    "StationName": "3TC",
    "TaskName": "MMI",
    "TotalReadoutTime": 0.024948,
    "dataset": "ds003709",
    "modality": "bold",
    "run_id": 1,
    "session_id": "visit1",
    "subject_id": "23673",
    "task_id": "MMI"
  },
  "dummy_trs": 3,
  "dvars_nstd": 19.74458396923078,
  "dvars_std": 1.135198559326923,
  "dvars_vstd": 1.0102763811538458,
  "efc": 0.3813898633312471,
  "fber": 21492.04296875,
  "fd_mean": 0.10311450213508457,
  "fd_num": 19,
  "fd_perc": 9.090909090909092,
  "fwhm_avg": 2.231221546675419,
  "fwhm_x": 2.0868693333333335,
  "fwhm_y": 2.256168,
  "fwhm_z": 2.3506273066929224,
  "gcor": 0.0284386,
  "gsr_x": -0.013730349019169807,
  "gsr_y": 0.01747300662100315,
  "provenance": {
    "md5sum": "c9219f93a7c1a14f858d14a326dde82f",
    "settings": {
      "fd_thres": 0.2,
      "testing": false
    },
    "software": "mriqc",
    "version": "21.0.0rc2",
    "webapi_port": null,
    "webapi_url": "https://mriqc.nimh.nih.gov/api/v1"
  },
  "size_t": 209,
  "size_x": 64,
  "size_y": 64,
  "size_z": 41,
  "snr": 4.063343968754937,
  "spacing_tr": 2.0,
  "spacing_x": 3.75,
  "spacing_y": 3.75,
  "spacing_z": 3.299999952316284,
  "summary_bg_k": 82.84385268546407,
  "summary_bg_mad": 11.945942427528777,
  "summary_bg_mean": 34.97636413574219,
  "summary_bg_median": 9.459329605102539,
  "summary_bg_n": 119409.0,
  "summary_bg_p05": 0.3779904246330261,
  "summary_bg_p95": 148.9741577148437,
  "summary_bg_stdv": 89.76927947998047,
  "summary_fg_k": 1.4907079973150372,
  "summary_fg_mad": 290.980231407066,
  "summary_fg_mean": 1348.4344482421875,
  "summary_fg_median": 1293.8038330078125,
  "summary_fg_n": 17905.0,
  "summary_fg_p05": 943.42197265625,
  "summary_fg_p95": 1942.0765136718744,
  "summary_fg_stdv": 318.3997497558594,
  "tsnr": 70.64345708861947
}