{
  "aor": 0.006281764705882352,
  "aqi": 0.008650698325791854,
  "bids_meta": {
    "AcquisitionMatrix": "64 0 0 64",
    "DataSharing": "1",
    "EchoTime": 0.03,
    "EffectiveEchoSpacing": 0.000396,
    "FlipAngle": 65,
    "ImagesinAcquisition": 41,
    "InstitutionName": "NIH_FMRIF",
    "InternalPulseSequenceName": "epi",
    "MagneticFieldStrength": 3,
    "Manufacturer": "GE",
    "ManufacturersModelName": "DISCOVERY_MR750",
    "Modality": "MR",
    "NumberofTemporalPositions": 240,
    "PhaseEncodingDirection": "j",
    "PixelBandwidth": 7812.5,
    "PixelSpacing": "3.75\\3.75",
    "PulseSequenceName": "epirtnih",
    "ReconstructionDiameter": 240,
    "RepetitionTime": 2.0,
    "SeriesDescription": "mmi_run 2",
    "SliceThickness": 3,
    "SliceTiming": [
      0.0,
      1.02439,
      0.04878,
      1.073171,
      0.097561,
      1.121951,
      0.146341,
      1.170732,
      0.195122,
      1.219512,
      0.243902,
      1.268293,
      0.292683,
      1.317073,
      0.341463,
      1.365854,
      0.390244,
      1.414634,
      0.439024,
      1.463415,
      0.487805,
      1.512195,
      0.536585,
      1.560976,
      0.585366,
      1.609756,
      0.634146,
      1.658537,
      0.682927,
      1.707317,
      0.731707,
      1.756098,
      0.780488,
      1.804878,
      0.829268,
      1.853659,
      0.878049,
      1.902439,
      0.926829,
      1.95122,
      0.97561
    ],
    "SoftwareVersions": "27 lx mr software release:dv26.0_r01_1725.a",
    "SpacingBetweenSlices": 3.3,
    "StationName": "3TC",
    "TaskName": "MMI",
    "TotalReadoutTime": 0.024948,
    "dataset": "ds003709",
    "modality": "bold",
    "run_id": 2,
    "session_id": "visit1",
    "subject_id": "23673",
    "task_id": "MMI"
  },
  "dummy_trs": 3,
  "dvars_nstd": 22.371357154727274,
  "dvars_std": 1.066662052818182,
  "dvars_vstd": 0.9705295968636365,
  "efc": 0.38214635910463696,
  "fber": 20777.0546875,
  "fd_mean": 0.16459840333255005,
  "fd_num": 41,
  "fd_perc": 18.552036199095024,
  "fwhm_avg": 2.2617558095186445,
  "fwhm_x": 2.108592,
  "fwhm_y": 2.2810026666666667,
  "fwhm_z": 2.395672761889266,
  "gcor": 0.0337985,
  "gsr_x": -0.014096620492637157,
  "gsr_y": 0.018759887665510178,
  "provenance": {
    "md5sum": "396b9f810b2ba01bd1cd946ca78cf277",
    "settings": {
      "fd_thres": 0.2,
      "testing": false
    },
    "software": "mriqc",
    "version": "21.0.0rc2",
    "webapi_port": null,
    "webapi_url": "https://mriqc.nimh.nih.gov/api/v1"
  },
  "size_t": 221,
  "size_x": 64,
  "size_y": 64,
  "size_z": 41,
  "snr": 4.009885139347164,
  "spacing_tr": 2.0,
  "spacing_x": 3.75,
  "spacing_y": 3.75,
  "spacing_z": 3.299999952316284,
  "summary_bg_k": 103.8145445411484,
  "summary_bg_mad": 12.159351507293865,
  "summary_bg_mean": 35.8047981262207,
  "summary_bg_median": 9.617647171020508,
  "summary_bg_n": 119414.0,
  "summary_bg_p05": 0.42081448435783386,
  "summary_bg_p95": 151.12082748413079,
  "summary_bg_stdv": 93.61294555664062,
  "summary_fg_k": 1.7261795854437523,
  "summary_fg_mad": 293.59885585769564,
  "summary_fg_mean": 1349.551025390625,
  "summary_fg_median": 1292.601806640625,
  "summary_fg_n": 17898.0,
  "summary_fg_p05": 942.7640655517578,
  "summary_fg_p95": 1951.1089233398434,
  "summary_fg_stdv": 322.3448181152344,
  "tsnr": 54.045676912763156
}