{
  "aor": 0.008055316455696203,
  "aqi": 0.011202604261603376,
  "bids_meta": {
    "AcquisitionMatrix": "64 0 0 64",
    "DataSharing": "1",
    "EchoTime": 0.03,
    "EffectiveEchoSpacing": 0.000396,
    "FlipAngle": 65,
    "ImagesinAcquisition": 41,
    "InstitutionName": "NIH_FMRIF",
    "InternalPulseSequenceName": "epi",
    "MagneticFieldStrength": 3,
    "Manufacturer": "GE",
    "ManufacturersModelName": "DISCOVERY_MR750",
    "Modality": "MR",
    "NumberofTemporalPositions": 240,
    "PhaseEncodingDirection": "j",
    "PixelBandwidth": 7812.5,
    "PixelSpacing": "3.75\\3.75",
    "PulseSequenceName": "epirtnih",
    "ReconstructionDiameter": 240,
    "RepetitionTime": 2.0,
    "SeriesDescription": "mmi_run 3",
    "SliceThickness": 3,
    "SliceTiming": [
      0.0,
      1.02439,
      0.04878,
      1.073171,
      0.097561,
      1.121951,
      0.146341,
      1.170732,
      0.195122,
      1.219512,
      0.243902,
      1.268293,
      0.292683,
      1.317073,
      0.341463,
      1.365854,
      0.390244,
      1.414634,
      0.439024,
      1.463415,
      0.487805,
      1.512195,
      0.536585,
      1.560976,
      0.585366,
      1.609756,
      0.634146,
      1.658537,
      0.682927,
      1.707317,
      0.731707,
      1.756098,
      0.780488,
      1.804878,
      0.829268,
      1.853659,
      0.878049,
      1.902439,
      0.926829,
      1.95122,
      0.97561
    ],
    "SoftwareVersions": "27 lx mr software release:dv26.0_r01_1725.a",
    "SpacingBetweenSlices": 3.3,
    "StationName": "3TC",
    "TaskName": "MMI",
    "TotalReadoutTime": 0.024948,
    "dataset": "ds003709",
    "modality": "bold",
    "run_id": 3,
    "session_id": "visit1",
    "subject_id": "23673",
    "task_id": "MMI"
  },
  "dummy_trs": 3,
  "dvars_nstd": 23.573816194533908,
  "dvars_std": 1.1011126746610176,
  "dvars_vstd": 1.0104780848728814,
  "efc": 0.3848296598876258,
  "fber": 20682.8515625,
  "fd_mean": 0.22378525450051556,
  "fd_num": 85,
  "fd_perc": 35.86497890295359,
  "fwhm_avg": 2.2566473649325935,
  "fwhm_x": 2.1226906666666667,
  "fwhm_y": 2.280978666666667,
  "fwhm_z": 2.366272761464448,
  "gcor": 0.0193642,
  "gsr_x": -0.015795009210705757,
  "gsr_y": 0.01924172416329384,
  "provenance": {
    "md5sum": "7c096744c6a2d31801473bbe267ed867",
    "settings": {
      "fd_thres": 0.2,
      "testing": false
    },
    "software": "mriqc",
    "version": "21.0.0rc2",
    "webapi_port": null,
    "webapi_url": "https://mriqc.nimh.nih.gov/api/v1"
  },
  "size_t": 237,
  "size_x": 64,
  "size_y": 64,
  "size_z": 41,
  "snr": 3.996526512491425,
  "spacing_tr": 2.0,
  "spacing_x": 3.75,
  "spacing_y": 3.75,
  "spacing_z": 3.299999952316284,
  "summary_bg_k": 102.14203323216547,
  "summary_bg_mad": 12.373784618370706,
  "summary_bg_mean": 37.686763763427734,
  "summary_bg_median": 9.746834754943848,
  "summary_bg_n": 119306.0,
  "summary_bg_p05": 0.49367085099220276,
  "summary_bg_p95": 160.87657165527344,
  "summary_bg_stdv": 97.79863739013672,
  "summary_fg_k": 1.7377796788254223,
  "summary_fg_mad": 293.62401231623716,
  "summary_fg_mean": 1349.175537109375,
  "summary_fg_median": 1292.9788818359375,
  "summary_fg_n": 17977.0,
  "summary_fg_p05": 943.8581665039063,
  "summary_fg_p95": 1956.8480468750004,
  "summary_fg_stdv": 323.51666259765625,
  "tsnr": 46.65935375564732
}