{
  "aor": 0.0030981092436974797,
  "aqi": 0.007934389705882354,
  "bids_meta": {
    "AcquisitionMatrix": "64 0 0 64",
    "DataSharing": "1",
    "EchoTime": 0.03,
    "EffectiveEchoSpacing": 0.000396,
    "FlipAngle": 65,
    "ImagesinAcquisition": 41,
    "InstitutionName": "NIH_FMRIF",
    "InternalPulseSequenceName": "epi",
    "MagneticFieldStrength": 3,
    "Manufacturer": "GE",
    "ManufacturersModelName": "DISCOVERY_MR750",
    "Modality": "MR",
    "NumberofTemporalPositions": 240,
    "PhaseEncodingDirection": "j",
    "PixelBandwidth": 7812.5,
    "PixelSpacing": "3.75\\3.75",
    "PulseSequenceName": "epirtnih",
    "ReconstructionDiameter": 240,
    "RepetitionTime": 2.0,
    "SeriesDescription": "mmi_run 3",
    "SliceThickness": 3,
    "SliceTiming": [
      0.0,
      1.02439,
      0.04878,
      1.073171,
      0.097561,
      1.121951,
      0.146341,
      1.170732,
      0.195122,
      1.219512,
      0.243902,
      1.268293,
      0.292683,
      1.317073,
      0.341463,
      1.365854,
      0.390244,
      1.414634,
      0.439024,
      1.463415,
      0.487805,
      1.512195,
      0.536585,
      1.560976,
      0.585366,
      1.609756,
      0.634146,
      1.658537,
      0.682927,
      1.707317,
      0.731707,
      1.756098,
      0.780488,
      1.804878,
      0.829268,
      1.853659,
      0.878049,
      1.902439,
      0.926829,
      1.95122,
      0.97561
    ],
    "SoftwareVersions": "27 lx mr software release:dv26.0_r01_1725.a",
    "SpacingBetweenSlices": 3.3,
    "StationName": "3TC",
    "TaskName": "MMI",
    "TotalReadoutTime": 0.024948,
    "dataset": "ds003709",
    "modality": "bold",
    "run_id": 3,
    "session_id": "visit1",
    "subject_id": "23520",
    "task_id": "MMI"
  },
  "dummy_trs": 2,
  "dvars_nstd": 41.093527371181416,
  "dvars_std": 1.2338540185654003,
  "dvars_vstd": 1.021104497974683,
  "efc": 0.4162499956959466,
  "fber": 20574.822265625,
  "fd_mean": 0.25913958011598104,
  "fd_num": 146,
  "fd_perc": 61.34453781512605,
  "fwhm_avg": 2.500715367150288,
  "fwhm_x": 2.3102506666666667,
  "fwhm_y": 2.3651893333333334,
  "fwhm_z": 2.826706101450864,
  "gcor": 0.0650287,
  "gsr_x": -0.02016870677471161,
  "gsr_y": 0.03612002357840538,
  "provenance": {
    "md5sum": "3f0ec1df196540753a935080ee28f20f",
    "settings": {
      "fd_thres": 0.2,
      "testing": false
    },
    "software": "mriqc",
    "version": "21.0.0rc2",
    "webapi_port": null,
    "webapi_url": "https://mriqc.nimh.nih.gov/api/v1"
  },
  "size_t": 238,
  "size_x": 64,
  "size_y": 64,
  "size_z": 41,
  "snr": 3.415206600126036,
  "spacing_tr": 2.0,
  "spacing_x": 3.75,
  "spacing_y": 3.75,
  "spacing_z": 3.299999952316284,
  "summary_bg_k": 209.38812830121935,
  "summary_bg_mad": 13.654891620883046,
  "summary_bg_mean": 42.52808380126953,
  "summary_bg_median": 10.239496231079102,
  "summary_bg_n": 113062.0,
  "summary_bg_p05": 0.43697482347488403,
  "summary_bg_p95": 183.95253524780267,
  "summary_bg_stdv": 121.0489730834961,
  "summary_fg_k": 1.403089389239347,
  "summary_fg_mad": 355.22964554043773,
  "summary_fg_mean": 1467.51708984375,
  "summary_fg_median": 1382.81103515625,
  "summary_fg_n": 22994.0,
  "summary_fg_p05": 1000.0185333251953,
  "summary_fg_p95": 2272.287548828125,
  "summary_fg_stdv": 404.889404296875,
  "tsnr": 49.7330078703817
}