{
  "aor": 0.003656050420168068,
  "aqi": 0.00854786676470588,
  "bids_meta": {
    "AcquisitionMatrix": "64 0 0 64",
    "DataSharing": "1",
    "EchoTime": 0.03,
    "EffectiveEchoSpacing": 0.000396,
    "FlipAngle": 65,
    "ImagesinAcquisition": 41,
    "InstitutionName": "NIH_FMRIF",
    "InternalPulseSequenceName": "epi",
    "MagneticFieldStrength": 3,
    "Manufacturer": "GE",
    "ManufacturersModelName": "DISCOVERY_MR750",
    "Modality": "MR",
    "NumberofTemporalPositions": 240,
    "PhaseEncodingDirection": "j",
    "PixelBandwidth": 7812.5,
    "PixelSpacing": "3.75\\3.75",
    "PulseSequenceName": "epirtnih",
    "ReconstructionDiameter": 240,
    "RepetitionTime": 2.0,
    "SeriesDescription": "mmi_run 2",
    "SliceThickness": 3,
    "SliceTiming": [
      0.0,
      1.02439,
      0.04878,
      1.073171,
      0.097561,
      1.121951,
      0.146341,
      1.170732,
      0.195122,
      1.219512,
      0.243902,
      1.268293,
      0.292683,
      1.317073,
      0.341463,
      1.365854,
      0.390244,
      1.414634,
      0.439024,
      1.463415,
      0.487805,
      1.512195,
      0.536585,
      1.560976,
      0.585366,
      1.609756,
      0.634146,
      1.658537,
      0.682927,
      1.707317,
      0.731707,
      1.756098,
      0.780488,
      1.804878,
      0.829268,
      1.853659,
      0.878049,
      1.902439,
      0.926829,
      1.95122,
      0.97561
    ],
    "SoftwareVersions": "27 lx mr software release:dv26.0_r01_1725.a",
    "SpacingBetweenSlices": 3.3,
    "StationName": "3TC",
    "TaskName": "MMI",
    "TotalReadoutTime": 0.024948,
    "dataset": "ds003709",
    "modality": "bold",
    "run_id": 2,
    "session_id": "visit1",
    "subject_id": "23520",
    "task_id": "MMI"
  },
  "dummy_trs": 2,
  "dvars_nstd": 35.9999337578903,
  "dvars_std": 1.1840314830801688,
  "dvars_vstd": 1.0175914136708861,
  "efc": 0.4156953559212622,
  "fber": 22163.818359375,
  "fd_mean": 0.25394212553012335,
  "fd_num": 128,
  "fd_perc": 53.78151260504202,
  "fwhm_avg": 2.5242329833850423,
  "fwhm_x": 2.331016,
  "fwhm_y": 2.3997919999999997,
  "fwhm_z": 2.8418909501551273,
  "gcor": 0.0534594,
  "gsr_x": -0.01982632651925087,
  "gsr_y": 0.0362430103123188,
  "provenance": {
    "md5sum": "89e1ba9ab9cb7af4dd6e08a443ab6389",
    "settings": {
      "fd_thres": 0.2,
      "testing": false
    },
    "software": "mriqc",
    "version": "21.0.0rc2",
    "webapi_port": null,
    "webapi_url": "https://mriqc.nimh.nih.gov/api/v1"
  },
  "size_t": 238,
  "size_x": 64,
  "size_y": 64,
  "size_z": 41,
  "snr": 3.3969873333362766,
  "spacing_tr": 2.0,
  "spacing_x": 3.75,
  "spacing_y": 3.75,
  "spacing_z": 3.299999952316284,
  "summary_bg_k": 204.83102156109967,
  "summary_bg_mad": 13.256209402092118,
  "summary_bg_mean": 42.24930953979492,
  "summary_bg_median": 9.941177368164062,
  "summary_bg_n": 113276.0,
  "summary_bg_p05": 0.4285714626312256,
  "summary_bg_p95": 184.3561019897461,
  "summary_bg_stdv": 117.93531036376953,
  "summary_fg_k": 1.4368331918094404,
  "summary_fg_mad": 355.1767988793289,
  "summary_fg_mean": 1470.1068115234375,
  "summary_fg_median": 1384.3067626953125,
  "summary_fg_n": 22939.0,
  "summary_fg_p05": 1000.7744018554688,
  "summary_fg_p95": 2284.0260986328126,
  "summary_fg_stdv": 407.5012512207031,
  "tsnr": 46.94843821786344
}