{
  "aor": 0.00384886462882096,
  "aqi": 0.011375884410480349,
  "bids_meta": {
    "AcquisitionMatrix": "64 0 0 64",
    "DataSharing": "1",
    "EchoTime": 0.03,
    "EffectiveEchoSpacing": 0.000396,
    "FlipAngle": 65,
    "ImagesinAcquisition": 41,
    "InstitutionName": "NIH_FMRIF",
    "InternalPulseSequenceName": "epi",
    "MagneticFieldStrength": 3,
    "Manufacturer": "GE",
    "ManufacturersModelName": "DISCOVERY_MR750",
    "Modality": "MR",
    "NumberofTemporalPositions": 240,
    "PhaseEncodingDirection": "j",
    "PixelBandwidth": 7812.5,
    "PixelSpacing": "3.75\\3.75",
    "PulseSequenceName": "epirtnih",
    "ReconstructionDiameter": 240,
    "RepetitionTime": 2.0,
    "SeriesDescription": "mmi_run 3",
    "SliceThickness": 3,
    "SliceTiming": [
      0.0,
      1.02439,
      0.04878,
      1.073171,
      0.097561,
      1.121951,
      0.146341,
      1.170732,
      0.195122,
      1.219512,
      0.243902,
      1.268293,
      0.292683,
      1.317073,
      0.341463,
      1.365854,
      0.390244,
      1.414634,
      0.439024,
      1.463415,
      0.487805,
      1.512195,
      0.536585,
      1.560976,
      0.585366,
      1.609756,
      0.634146,
      1.658537,
      0.682927,
      1.707317,
      0.731707,
      1.756098,
      0.780488,
      1.804878,
      0.829268,
      1.853659,
      0.878049,
      1.902439,
      0.926829,
      1.95122,
      0.97561
    ],
    "SoftwareVersions": "27 lx mr software release:dv26.0_r01_1725.a",
    "SpacingBetweenSlices": 3.3,
    "StationName": "3TC",
    "TaskName": "MMI",
    "TotalReadoutTime": 0.024948,
    "dataset": "ds003709",
    "modality": "bold",
    "run_id": 3,
    "session_id": "visit1",
    "subject_id": "23798",
    "task_id": "MMI"
  },
  "dummy_trs": 3,
  "dvars_nstd": 29.149292214035093,
  "dvars_std": 1.0278191329824564,
  "dvars_vstd": 0.9129780857894741,
  "efc": 0.4264037015255958,
  "fber": 20845.828125,
  "fd_mean": 0.2449911643182515,
  "fd_num": 85,
  "fd_perc": 37.11790393013101,
  "fwhm_avg": 2.4539355952453703,
  "fwhm_x": 2.286885333333333,
  "fwhm_y": 2.398976152522796,
  "fwhm_z": 2.6759452998799813,
  "gcor": 0.0283333,
  "gsr_x": -0.00794243160635233,
  "gsr_y": 0.025673169642686844,
  "provenance": {
    "md5sum": "dc51563be0efd5cfd27d99a8d1ac9e36",
    "settings": {
      "fd_thres": 0.2,
      "testing": false
    },
    "software": "mriqc",
    "version": "21.0.0rc2",
    "webapi_port": null,
    "webapi_url": "https://mriqc.nimh.nih.gov/api/v1"
  },
  "size_t": 229,
  "size_x": 64,
  "size_y": 64,
  "size_z": 41,
  "snr": 3.3523249938982977,
  "spacing_tr": 2.0,
  "spacing_x": 3.75,
  "spacing_y": 3.749999761581421,
  "spacing_z": 3.3000001907348633,
  "summary_bg_k": 81.32554953857796,
  "summary_bg_mad": 14.036164600414343,
  "summary_bg_mean": 45.28289031982422,
  "summary_bg_median": 10.283843040466309,
  "summary_bg_n": 111759.0,
  "summary_bg_p05": 0.34061136841773987,
  "summary_bg_p95": 194.57205505371056,
  "summary_bg_stdv": 123.07261657714844,
  "summary_fg_k": 1.375141789618687,
  "summary_fg_mad": 359.8128265196169,
  "summary_fg_mean": 1438.15185546875,
  "summary_fg_median": 1364.166015625,
  "summary_fg_n": 23701.0,
  "summary_fg_p05": 950.2052612304688,
  "summary_fg_p95": 2255.17041015625,
  "summary_fg_stdv": 406.9227294921875,
  "tsnr": 38.97641455277335
}