{
  "aor": 0.005226441441441441,
  "aqi": 0.006953938018018017,
  "bids_meta": {
    "AcquisitionMatrix": "64 0 0 64",
    "DataSharing": "1",
    "EchoTime": 0.03,
    "EffectiveEchoSpacing": 0.000396,
    "FlipAngle": 65,
    "ImagesinAcquisition": 41,
    "InstitutionName": "NIH_FMRIF",
    "InternalPulseSequenceName": "epi",
    "MagneticFieldStrength": 3,
    "Manufacturer": "GE",
    "ManufacturersModelName": "DISCOVERY_MR750",
    "Modality": "MR",
    "NumberofTemporalPositions": 240,
    "PhaseEncodingDirection": "j",
    "PixelBandwidth": 7812.5,
    "PixelSpacing": "3.75\\3.75",
    "PulseSequenceName": "epirtnih",
    "ReconstructionDiameter": 240,
    "RepetitionTime": 2.0,
    "SeriesDescription": "mmi_run 2",
    "SliceThickness": 3,
    "SliceTiming": [
      0.0,
      1.02439,
      0.04878,
      1.073171,
      0.097561,
      1.121951,
      0.146341,
      1.170732,
      0.195122,
      1.219512,
      0.243902,
      1.268293,
      0.292683,
      1.317073,
      0.341463,
      1.365854,
      0.390244,
      1.414634,
      0.439024,
      1.463415,
      0.487805,
      1.512195,
      0.536585,
      1.560976,
      0.585366,
      1.609756,
      0.634146,
      1.658537,
      0.682927,
      1.707317,
      0.731707,
      1.756098,
      0.780488,
      1.804878,
      0.829268,
      1.853659,
      0.878049,
      1.902439,
      0.926829,
      1.95122,
      0.97561
    ],
    "SoftwareVersions": "27 lx mr software release:dv26.0_r01_1725.a",
    "SpacingBetweenSlices": 3.3,
    "StationName": "3TC",
    "TaskName": "MMI",
    "TotalReadoutTime": 0.024948,
    "dataset": "ds003709",
    "modality": "bold",
    "run_id": 2,
    "session_id": "visit1",
    "subject_id": "23798",
    "task_id": "MMI"
  },
  "dummy_trs": 3,
  "dvars_nstd": 23.903204046018125,
  "dvars_std": 1.159680634479638,
  "dvars_vstd": 0.998452513529412,
  "efc": 0.42787331619150576,
  "fber": 20393.15234375,
  "fd_mean": 0.14442348386646495,
  "fd_num": 44,
  "fd_perc": 19.81981981981982,
  "fwhm_avg": 2.4441762423313667,
  "fwhm_x": 2.2924453333333332,
  "fwhm_y": 2.397744152444468,
  "fwhm_z": 2.642339241216299,
  "gcor": 0.0205194,
  "gsr_x": -0.01165821310132742,
  "gsr_y": 0.022576671093702316,
  "provenance": {
    "md5sum": "d1cab10ec94ff6e8196962583bf329e4",
    "settings": {
      "fd_thres": 0.2,
      "testing": false
    },
    "software": "mriqc",
    "version": "21.0.0rc2",
    "webapi_port": null,
    "webapi_url": "https://mriqc.nimh.nih.gov/api/v1"
  },
  "size_t": 222,
  "size_x": 64,
  "size_y": 64,
  "size_z": 41,
  "snr": 3.3990905510130127,
  "spacing_tr": 2.0,
  "spacing_x": 3.75,
  "spacing_y": 3.749999761581421,
  "spacing_z": 3.3000001907348633,
  "summary_bg_k": 74.14760219890212,
  "summary_bg_mad": 14.231645532405597,
  "summary_bg_mean": 47.40847396850586,
  "summary_bg_median": 10.400900840759277,
  "summary_bg_n": 111917.0,
  "summary_bg_p05": 0.3513513505458832,
  "summary_bg_p95": 204.2846862792968,
  "summary_bg_stdv": 129.2316436767578,
  "summary_fg_k": 1.2182266405225874,
  "summary_fg_mad": 361.3274625018769,
  "summary_fg_mean": 1442.450927734375,
  "summary_fg_median": 1371.090087890625,
  "summary_fg_n": 23699.0,
  "summary_fg_p05": 953.879736328125,
  "summary_fg_p95": 2247.4523681640617,
  "summary_fg_stdv": 403.3611755371094,
  "tsnr": 53.29488963354379
}