{
  "aor": 0.011525318181818183,
  "aqi": 0.005011368954545454,
  "bids_meta": {
    "AcquisitionMatrix": "64 0 0 64",
    "DataSharing": "1",
    "EchoTime": 0.03,
    "EffectiveEchoSpacing": 0.000396,
    "FlipAngle": 65,
    "ImagesinAcquisition": 41,
    "InstitutionName": "NIH_FMRIF",
    "InternalPulseSequenceName": "epi",
    "MagneticFieldStrength": 3,
    "Manufacturer": "GE",
    "ManufacturersModelName": "DISCOVERY_MR750",
    "Modality": "MR",
    "NumberofTemporalPositions": 240,
    "PhaseEncodingDirection": "j",
    "PixelBandwidth": 7812.5,
    "PixelSpacing": "3.75\\3.75",
    "PulseSequenceName": "epirtnih",
    "ReconstructionDiameter": 240,
    "RepetitionTime": 2.0,
    "SeriesDescription": "mmi_run1",
    "SliceThickness": 3,
    "SliceTiming": [
      0.0,
      1.02439,
      0.04878,
      1.073171,
      0.097561,
      1.121951,
      0.146341,
      1.170732,
      0.195122,
      1.219512,
      0.243902,
      1.268293,
      0.292683,
      1.317073,
      0.341463,
      1.365854,
      0.390244,
      1.414634,
      0.439024,
      1.463415,
      0.487805,
      1.512195,
      0.536585,
      1.560976,
      0.585366,
      1.609756,
      0.634146,
      1.658537,
      0.682927,
      1.707317,
      0.731707,
      1.756098,
      0.780488,
      1.804878,
      0.829268,
      1.853659,
      0.878049,
      1.902439,
      0.926829,
      1.95122,
      0.97561
    ],
    "SoftwareVersions": "27 lx mr software release:dv26.0_r01_1725.a",
    "SpacingBetweenSlices": 3.3,
    "StationName": "3TA",
    "TaskName": "MMI",
    "TotalReadoutTime": 0.024948,
    "dataset": "ds003709",
    "modality": "bold",
    "run_id": 1,
    "session_id": "visit1",
    "subject_id": "23943",
    "task_id": "MMI"
  },
  "dummy_trs": 2,
  "dvars_nstd": 20.686924834155246,
  "dvars_std": 1.1739739697260274,
  "dvars_vstd": 1.0415767991780815,
  "efc": 0.3865269784196089,
  "fber": 42465.82421875,
  "fd_mean": 0.16756630485023627,
  "fd_num": 54,
  "fd_perc": 24.545454545454547,
  "fwhm_avg": 2.1553426371363815,
  "fwhm_x": 2.024589333333333,
  "fwhm_y": 2.1838506666666664,
  "fwhm_z": 2.2575879114091455,
  "gcor": 0.135217,
  "gsr_x": -0.021127117797732353,
  "gsr_y": 0.01658051647245884,
  "provenance": {
    "md5sum": "cba46d852d35f4d6584c9426c57821b1",
    "settings": {
      "fd_thres": 0.2,
      "testing": false
    },
    "software": "mriqc",
    "version": "21.0.0rc2",
    "webapi_port": null,
    "webapi_url": "https://mriqc.nimh.nih.gov/api/v1"
  },
  "size_t": 220,
  "size_x": 64,
  "size_y": 64,
  "size_z": 41,
  "snr": 5.300219048064161,
  "spacing_tr": 2.0,
  "spacing_x": 3.75,
  "spacing_y": 3.75,
  "spacing_z": 3.299999952316284,
  "summary_bg_k": 46.59682190135161,
  "summary_bg_mad": 14.051024542531977,
  "summary_bg_mean": 46.63607406616211,
  "summary_bg_median": 10.495453834533691,
  "summary_bg_n": 118126.0,
  "summary_bg_p05": 0.3681817948818207,
  "summary_bg_p95": 193.0568084716797,
  "summary_bg_stdv": 124.75958251953125,
  "summary_fg_k": 0.7953787611310807,
  "summary_fg_mad": 346.36280832226817,
  "summary_fg_mean": 2067.230224609375,
  "summary_fg_median": 2024.6590576171875,
  "summary_fg_n": 18863.0,
  "summary_fg_p05": 1533.3204467773437,
  "summary_fg_p95": 2767.342675781249,
  "summary_fg_stdv": 381.9852294921875,
  "tsnr": 63.60827815660741
}