{
  "aor": 0.007072079646017698,
  "aqi": 0.006389969823008849,
  "bids_meta": {
    "AcquisitionMatrix": "64 0 0 64",
    "DataSharing": "1",
    "EchoTime": 0.03,
    "EffectiveEchoSpacing": 0.000396,
    "FlipAngle": 65,
    "ImagesinAcquisition": 41,
    "InstitutionName": "NIH_FMRIF",
    "InternalPulseSequenceName": "epi",
    "MagneticFieldStrength": 3,
    "Manufacturer": "GE",
    "ManufacturersModelName": "DISCOVERY_MR750",
    "Modality": "MR",
    "NumberofTemporalPositions": 240,
    "PhaseEncodingDirection": "j",
    "PixelBandwidth": 7812.5,
    "PixelSpacing": "3.75\\3.75",
    "PulseSequenceName": "epirtnih",
    "ReconstructionDiameter": 240,
    "RepetitionTime": 2.0,
    "SeriesDescription": "mmi_run3",
    "SliceThickness": 3,
    "SliceTiming": [
      0.0,
      1.02439,
      0.04878,
      1.073171,
      0.097561,
      1.121951,
      0.146341,
      1.170732,
      0.195122,
      1.219512,
      0.243902,
      1.268293,
      0.292683,
      1.317073,
      0.341463,
      1.365854,
      0.390244,
      1.414634,
      0.439024,
      1.463415,
      0.487805,
      1.512195,
      0.536585,
      1.560976,
      0.585366,
      1.609756,
      0.634146,
      1.658537,
      0.682927,
      1.707317,
      0.731707,
      1.756098,
      0.780488,
      1.804878,
      0.829268,
      1.853659,
      0.878049,
      1.902439,
      0.926829,
      1.95122,
      0.97561
    ],
    "SoftwareVersions": "27 lx mr software release:dv26.0_r01_1725.a",
    "SpacingBetweenSlices": 3.3,
    "StationName": "3TA",
    "TaskName": "MMI",
    "TotalReadoutTime": 0.024948,
    "dataset": "ds003709",
    "modality": "bold",
    "run_id": 3,
    "session_id": "visit1",
    "subject_id": "23943",
    "task_id": "MMI"
  },
  "dummy_trs": 2,
  "dvars_nstd": 18.991049016311106,
  "dvars_std": 1.0837894492888898,
  "dvars_vstd": 0.9941922709333337,
  "efc": 0.38673710375519266,
  "fber": 42872.34375,
  "fd_mean": 0.18173248010425197,
  "fd_num": 53,
  "fd_perc": 23.451327433628318,
  "fwhm_avg": 2.145470798800621,
  "fwhm_x": 1.9990746666666666,
  "fwhm_y": 2.169768,
  "fwhm_z": 2.267569729735197,
  "gcor": 0.0704721,
  "gsr_x": -0.020674321800470352,
  "gsr_y": 0.017254440113902092,
  "provenance": {
    "md5sum": "8db6d0e0ab65b3065f4a1657d3a2bdba",
    "settings": {
      "fd_thres": 0.2,
      "testing": false
    },
    "software": "mriqc",
    "version": "21.0.0rc2",
    "webapi_port": null,
    "webapi_url": "https://mriqc.nimh.nih.gov/api/v1"
  },
  "size_t": 226,
  "size_x": 64,
  "size_y": 64,
  "size_z": 41,
  "snr": 5.28304782429684,
  "spacing_tr": 2.0,
  "spacing_x": 3.75,
  "spacing_y": 3.75,
  "spacing_z": 3.299999952316284,
  "summary_bg_k": 47.185518883272174,
  "summary_bg_mad": 13.95351763838973,
  "summary_bg_mean": 46.20441818237305,
  "summary_bg_median": 10.424778938293457,
  "summary_bg_n": 118056.0,
  "summary_bg_p05": 0.3451327383518219,
  "summary_bg_p95": 192.40375518798828,
  "summary_bg_stdv": 123.16902160644531,
  "summary_fg_k": 0.8928656315344785,
  "summary_fg_mad": 347.8474918305092,
  "summary_fg_mean": 2057.733154296875,
  "summary_fg_median": 2015.833984375,
  "summary_fg_n": 18970.0,
  "summary_fg_p05": 1527.1577087402343,
  "summary_fg_p95": 2761.9699340820307,
  "summary_fg_stdv": 381.5564270019531,
  "tsnr": 60.382996167754754
}