{
  "bids_meta": {
    "AcquisitionMatrix": "0 256 256 0",
    "AcquisitionNumber": 1,
    "Columns": 256,
    "DataSharing": "1",
    "EchoNumber(s)": 1,
    "EchoTime": 0.003476,
    "EchoTrainLength": 1,
    "FlipAngle": 7,
    "ImagesinAcquisition": 172,
    "In-planePhaseEncodingDirection": "row",
    "InstitutionName": "NIH_FMRIF",
    "InternalPulseSequenceName": "efgre3d",
    "InversionTime": 0.9,
    "MRAcquisitionType": "3d",
    "MagneticFieldStrength": 3,
    "Manufacturer": "GE",
    "Manufacturer'sModelName": "discovery mr750",
    "ManufacturersModelName": "DISCOVERY_MR750",
    "Modality": "MR",
    "NumberofAverages": 1,
    "PixelBandwidth": 195.312,
    "PixelSpacing": "1\\1",
    "PrivateIn-PlanePhaseEncodingDirection": "row",
    "PulseSequenceName": "mprage",
    "ReceiveCoilName": "32ch head",
    "ReconstructionDiameter": 256,
    "RepetitionTime": 0.00766,
    "Rows": 256,
    "SamplesperPixel": 1,
    "ScanOptions": "edr_gems\\filtered_gems\\acc_gems\\ir_gems",
    "SeriesDescription": "anat_t1w_mp_rage_1mm",
    "SeriesNumber": 3,
    "SliceLocation": -93.70330048,
    "SliceThickness": 1,
    "SoftwareVersion(s)": "27\\lx\\mr software release:dv26.0_r01_1725.a",
    "SoftwareVersions": "27 lx mr software release:dv26.0_r01_1725.a",
    "SpacingBetweenSlices": 1,
    "StationName": "3TA",
    "dataset": "ds003709",
    "modality": "T1w",
    "run_id": 1,
    "session_id": "visit1",
    "subject_id": "23843"
  },
  "cjv": 0.3673750990358526,
  "cnr": 3.6100828765376445,
  "efc": 0.7141782778682321,
  "fber": 1323.226147541789,
  "fwhm_avg": 3.177493333333333,
  "fwhm_x": 3.18333,
  "fwhm_y": 3.35748,
  "fwhm_z": 2.99167,
  "icvs_csf": 0.26686354533673373,
  "icvs_gm": 0.411221229179248,
  "icvs_wm": 0.32191522548401824,
  "inu_med": 1.1502604484558105,
  "inu_range": 0.18182551860809326,
  "provenance": {
    "md5sum": "861753559cd3d56f7af7b112565f9ecc",
    "settings": {
      "testing": false
    },
    "software": "mriqc",
    "version": "21.0.0rc2",
    "warnings": {
      "large_rot_frame": true,
      "small_air_mask": false
    },
    "webapi_port": null,
    "webapi_url": "https://mriqc.nimh.nih.gov/api/v1"
  },
  "qi_1": 0.0,
  "qi_2": 0.00900551484896898,
  "rpve_csf": 19.70527461922025,
  "rpve_gm": 12.623083649878392,
  "rpve_wm": 20.849828316760227,
  "size_x": 172,
  "size_y": 256,
  "size_z": 256,
  "snr_csf": 2.413078429560912,
  "snr_gm": 6.785116422030092,
  "snr_total": 7.80867203321814,
  "snr_wm": 14.227821248063414,
  "snrd_csf": 18.898493610549025,
  "snrd_gm": 39.1354437323162,
  "snrd_total": 41.44839051047387,
  "snrd_wm": 66.31123418855638,
  "spacing_x": 1.0,
  "spacing_y": 1.0,
  "spacing_z": 1.0,
  "summary_bg_k": 1.9007721359894596,
  "summary_bg_mad": 9.879719519361528,
  "summary_bg_mean": 18.951242868597138,
  "summary_bg_median": 11.106282584369183,
  "summary_bg_n": 781938.0,
  "summary_bg_p05": 2.2212565168738365,
  "summary_bg_p95": 63.25752254575491,
  "summary_bg_stdv": 19.541621226487774,
  "summary_csf_k": 0.5467650705251565,
  "summary_csf_mad": 126.14540429793487,
  "summary_csf_mean": 290.65389981372664,
  "summary_csf_median": 284.9968687519431,
  "summary_csf_n": 16137.0,
  "summary_csf_p05": 120.9136156141758,
  "summary_csf_p95": 489.92226888909914,
  "summary_csf_stdv": 118.10144029439847,
  "summary_gm_k": 0.07571139802444593,
  "summary_gm_mad": 84.26398459629361,
  "summary_gm_mean": 591.4586343162337,
  "summary_gm_median": 590.1781988963485,
  "summary_gm_n": 17658.0,
  "summary_gm_p05": 450.4321910738945,
  "summary_gm_p95": 740.8856247477233,
  "summary_gm_stdv": 86.97882992677873,
  "summary_wm_k": 1.12379132737669,
  "summary_wm_mad": 66.29434981832446,
  "summary_wm_mean": 1002.4342814318228,
  "summary_wm_median": 1000.0000262595713,
  "summary_wm_n": 160469.0,
  "summary_wm_p05": 893.2348488941789,
  "summary_wm_p95": 1119.4649963192642,
  "summary_wm_stdv": 70.28461300946773,
  "tpm_overlap_csf": 0.1473621279001236,
  "tpm_overlap_gm": 0.41815102100372314,
  "tpm_overlap_wm": 0.48499321937561035,
  "wm2max": 0.5555911927326719
}