{
  "bids_meta": {
    "AcquisitionMatrix": "0 256 256 0",
    "AcquisitionNumber": 1,
    "Columns": 256,
    "DataSharing": "1",
    "EchoNumber(s)": 1,
    "EchoTime": 0.003476,
    "EchoTrainLength": 1,
    "FlipAngle": 7,
    "ImagesinAcquisition": 172,
    "In-planePhaseEncodingDirection": "row",
    "InstitutionName": "NIH_FMRIF",
    "InternalPulseSequenceName": "efgre3d",
    "InversionTime": 0.9,
    "MRAcquisitionType": "3d",
    "MagneticFieldStrength": 3,
    "Manufacturer": "GE",
    "Manufacturer'sModelName": "discovery mr750",
    "ManufacturersModelName": "DISCOVERY_MR750",
    "Modality": "MR",
    "NumberofAverages": 1,
    "PixelBandwidth": 195.312,
    "PixelSpacing": "1\\1",
    "PrivateIn-PlanePhaseEncodingDirection": "row",
    "PulseSequenceName": "mprage",
    "ReceiveCoilName": "32ch head",
    "ReconstructionDiameter": 256,
    "RepetitionTime": 0.00766,
    "Rows": 256,
    "SamplesperPixel": 1,
    "ScanOptions": "edr_gems\\filtered_gems\\acc_gems\\ir_gems",
    "SeriesDescription": "anat_t1w_mp_rage_1mm",
    "SeriesNumber": 3,
    "SliceLocation": -89.60489655,
    "SliceThickness": 1,
    "SoftwareVersion(s)": "27\\lx\\mr software release:dv26.0_r01_1725.a",
    "SoftwareVersions": "27 lx mr software release:dv26.0_r01_1725.a",
    "SpacingBetweenSlices": 1,
    "StationName": "3TC",
    "dataset": "ds003709",
    "modality": "T1w",
    "run_id": 1,
    "session_id": "visit1",
    "subject_id": "23639"
  },
  "cjv": 0.36840862434906513,
  "cnr": 3.632515657515315,
  "efc": 0.7179887490127019,
  "fber": 1813.7029276999306,
  "fwhm_avg": 3.3130433333333333,
  "fwhm_x": 3.24448,
  "fwhm_y": 3.57167,
  "fwhm_z": 3.12298,
  "icvs_csf": 0.26432027972968497,
  "icvs_gm": 0.39083366248703844,
  "icvs_wm": 0.3448460577832766,
  "inu_med": 1.378666639328003,
  "inu_range": 0.2537476956844329,
  "provenance": {
    "md5sum": "d20544b9541094d9a05715c6865a50a8",
    "settings": {
      "testing": false
    },
    "software": "mriqc",
    "version": "21.0.0rc2",
    "warnings": {
      "large_rot_frame": true,
      "small_air_mask": false
    },
    "webapi_port": null,
    "webapi_url": "https://mriqc.nimh.nih.gov/api/v1"
  },
  "qi_1": 0.0,
  "qi_2": 0.003346073958334971,
  "rpve_csf": 18.925553343840864,
  "rpve_gm": 12.401657916242206,
  "rpve_wm": 18.644651681280468,
  "size_x": 172,
  "size_y": 256,
  "size_z": 256,
  "snr_csf": 2.463106867517491,
  "snr_gm": 7.19872945234356,
  "snr_total": 8.280836834880311,
  "snr_wm": 15.180674184779884,
  "snrd_csf": 20.93025092484817,
  "snrd_gm": 48.89906314091767,
  "snrd_total": 50.22997196504247,
  "snrd_wm": 80.86060182936158,
  "spacing_x": 1.0,
  "spacing_y": 1.0,
  "spacing_z": 1.0,
  "summary_bg_k": 3.1109785215667465,
  "summary_bg_mad": 8.10204675002107,
  "summary_bg_mean": 19.29755387794388,
  "summary_bg_median": 10.734325423836708,
  "summary_bg_n": 862505.0,
  "summary_bg_p05": 2.63478896766901,
  "summary_bg_p95": 68.11417405307293,
  "summary_bg_stdv": 21.087338998916522,
  "summary_csf_k": 2.253335098037809,
  "summary_csf_mad": 110.17336785966152,
  "summary_csf_mean": 274.9405833463159,
  "summary_csf_median": 258.84361987933517,
  "summary_csf_n": 15949.0,
  "summary_csf_p05": 136.96023393049836,
  "summary_csf_p95": 460.04391223266714,
  "summary_csf_stdv": 105.0849674598927,
  "summary_gm_k": 0.08497195601732033,
  "summary_gm_mad": 81.52684542208702,
  "summary_gm_mean": 605.8375119095573,
  "summary_gm_median": 604.732860468328,
  "summary_gm_n": 15415.0,
  "summary_gm_p05": 468.32885976433755,
  "summary_gm_p95": 747.9824332494287,
  "summary_gm_stdv": 84.00277424999624,
  "summary_wm_k": 0.26368695349074134,
  "summary_wm_mad": 64.09297696891669,
  "summary_wm_mean": 999.8011547580923,
  "summary_wm_median": 999.9999980069697,
  "summary_wm_n": 192463.0,
  "summary_wm_p05": 891.5833112262189,
  "summary_wm_p95": 1107.7823837399483,
  "summary_wm_stdv": 65.87305596112861,
  "tpm_overlap_csf": 0.15665815770626068,
  "tpm_overlap_gm": 0.41094350814819336,
  "tpm_overlap_wm": 0.5008742213249207,
  "wm2max": 0.5713862825110786
}