{
  "bids_meta": {
    "AcquisitionMatrix": "0 256 256 0",
    "AcquisitionNumber": 1,
    "Columns": 256,
    "DataSharing": "1",
    "EchoNumber(s)": 1,
    "EchoTime": 0.003476,
    "EchoTrainLength": 1,
    "FlipAngle": 7,
    "ImagesinAcquisition": 172,
    "In-planePhaseEncodingDirection": "row",
    "InstitutionName": "NIH_FMRIF",
    "InternalPulseSequenceName": "efgre3d",
    "InversionTime": 0.9,
    "MRAcquisitionType": "3d",
    "MagneticFieldStrength": 3,
    "Manufacturer": "GE",
    "Manufacturer'sModelName": "discovery mr750",
    "ManufacturersModelName": "DISCOVERY_MR750",
    "Modality": "MR",
    "NumberofAverages": 1,
    "PixelBandwidth": 195.312,
    "PixelSpacing": "1\\1",
    "PrivateIn-PlanePhaseEncodingDirection": "row",
    "PulseSequenceName": "mprage",
    "ReceiveCoilName": "32ch head",
    "ReconstructionDiameter": 256,
    "RepetitionTime": 0.00766,
    "Rows": 256,
    "SamplesperPixel": 1,
    "ScanOptions": "edr_gems\\filtered_gems\\acc_gems\\ir_gems",
    "SeriesDescription": "anat_t1w_mp_rage_1mm",
    "SeriesNumber": 3,
    "SliceLocation": -89.01895142,
    "SliceThickness": 1,
    "SoftwareVersion(s)": "27\\lx\\mr software release:dv26.0_r01_1725.a",
    "SoftwareVersions": "27 lx mr software release:dv26.0_r01_1725.a",
    "SpacingBetweenSlices": 1,
    "StationName": "3TA",
    "dataset": "ds003709",
    "modality": "T1w",
    "run_id": 1,
    "session_id": "visit1",
    "subject_id": "23952"
  },
  "cjv": 0.41257255834607726,
  "cnr": 3.332322800551413,
  "efc": 0.7113953531099623,
  "fber": 2959.9040250000003,
  "fwhm_avg": 3.2585433333333333,
  "fwhm_x": 3.13009,
  "fwhm_y": 3.56963,
  "fwhm_z": 3.07591,
  "icvs_csf": 0.2433576583967636,
  "icvs_gm": 0.4330520444142259,
  "icvs_wm": 0.3235902971890105,
  "inu_med": 1.461259126663208,
  "inu_range": 0.3404605627059938,
  "provenance": {
    "md5sum": "29341735dfcf1679e50964eac4362f71",
    "settings": {
      "testing": false
    },
    "software": "mriqc",
    "version": "21.0.0rc2",
    "warnings": {
      "large_rot_frame": true,
      "small_air_mask": false
    },
    "webapi_port": null,
    "webapi_url": "https://mriqc.nimh.nih.gov/api/v1"
  },
  "qi_1": 0.0,
  "qi_2": 0.007055368813557744,
  "rpve_csf": 20.76594464948772,
  "rpve_gm": 12.021535600840117,
  "rpve_wm": 19.973063774923364,
  "size_x": 172,
  "size_y": 256,
  "size_z": 256,
  "snr_csf": 2.267723394630147,
  "snr_gm": 7.639219363358958,
  "snr_total": 7.475249898225218,
  "snr_wm": 12.518806936686547,
  "snrd_csf": 28.04557236751843,
  "snrd_gm": 62.89837679951032,
  "snrd_total": 64.17181955492948,
  "snrd_wm": 101.5715094977597,
  "spacing_x": 1.0,
  "spacing_y": 1.0,
  "spacing_z": 1.0,
  "summary_bg_k": 10.523447232854705,
  "summary_bg_mad": 6.450001338723363,
  "summary_bg_mean": 10.600810969565861,
  "summary_bg_median": 8.700919583439827,
  "summary_bg_n": 625190.0,
  "summary_bg_p05": 2.2027644515037537,
  "summary_bg_p95": 31.169116988778114,
  "summary_bg_stdv": 10.176473695602965,
  "summary_csf_k": -0.1756871101612738,
  "summary_csf_mad": 141.5734471056495,
  "summary_csf_mean": 282.97759382375,
  "summary_csf_median": 276.1165239959955,
  "summary_csf_n": 8035.0,
  "summary_csf_p05": 109.33421355038882,
  "summary_csf_p95": 487.851749985665,
  "summary_csf_stdv": 121.7517718448975,
  "summary_gm_k": -0.012273211135031659,
  "summary_gm_mad": 80.74748511389122,
  "summary_gm_mean": 622.0590756516499,
  "summary_gm_median": 619.2521564289927,
  "summary_gm_n": 23908.0,
  "summary_gm_p05": 491.5110924307257,
  "summary_gm_p95": 759.7692542459814,
  "summary_gm_stdv": 81.06053460549235,
  "summary_wm_k": 0.3398653419170774,
  "summary_wm_mad": 76.33862343932081,
  "summary_wm_mean": 1001.8944777759386,
  "summary_wm_median": 999.9999918714166,
  "summary_wm_n": 162756.0,
  "summary_wm_p05": 873.4511741325259,
  "summary_wm_p95": 1136.2960423082113,
  "summary_wm_stdv": 79.87957038085258,
  "tpm_overlap_csf": 0.15239092707633972,
  "tpm_overlap_gm": 0.4322710633277893,
  "tpm_overlap_wm": 0.4814903140068054,
  "wm2max": 0.5409148270044348
}