{
  "aor": 0.0013551541850220265,
  "aqi": 0.0064979671806167415,
  "bids_meta": {
    "AcquisitionMatrix": "64 0 0 64",
    "DataSharing": "1",
    "EchoTime": 0.03,
    "EffectiveEchoSpacing": 0.000396,
    "FlipAngle": 65,
    "ImagesinAcquisition": 41,
    "InstitutionName": "NIH_FMRIF",
    "InternalPulseSequenceName": "epi",
    "MagneticFieldStrength": 3,
    "Manufacturer": "GE",
    "ManufacturersModelName": "DISCOVERY_MR750",
    "Modality": "MR",
    "NumberofTemporalPositions": 240,
    "PhaseEncodingDirection": "j",
    "PixelBandwidth": 7812.5,
    "PixelSpacing": "3.75\\3.75",
    "PulseSequenceName": "epirtnih",
    "ReconstructionDiameter": 240,
    "RepetitionTime": 2.0,
    "SeriesDescription": "mmi_run 2",
    "SliceThickness": 3,
    "SliceTiming": [
      0.0,
      1.02439,
      0.04878,
      1.073171,
      0.097561,
      1.121951,
      0.146341,
      1.170732,
      0.195122,
      1.219512,
      0.243902,
      1.268293,
      0.292683,
      1.317073,
      0.341463,
      1.365854,
      0.390244,
      1.414634,
      0.439024,
      1.463415,
      0.487805,
      1.512195,
      0.536585,
      1.560976,
      0.585366,
      1.609756,
      0.634146,
      1.658537,
      0.682927,
      1.707317,
      0.731707,
      1.756098,
      0.780488,
      1.804878,
      0.829268,
      1.853659,
      0.878049,
      1.902439,
      0.926829,
      1.95122,
      0.97561
    ],
    "SoftwareVersions": "27 lx mr software release:dv26.0_r01_1725.a",
    "SpacingBetweenSlices": 3.3,
    "StationName": "3TC",
    "TaskName": "MMI",
    "TotalReadoutTime": 0.024948,
    "dataset": "ds003709",
    "modality": "bold",
    "run_id": 2,
    "session_id": "visit1",
    "subject_id": "23689",
    "task_id": "MMI"
  },
  "dummy_trs": 3,
  "dvars_nstd": 21.509060463141598,
  "dvars_std": 1.1687355473451329,
  "dvars_vstd": 0.9418323207079644,
  "efc": 0.3886159020456097,
  "fber": 27488.10546875,
  "fd_mean": 0.07084964188941227,
  "fd_num": 7,
  "fd_perc": 3.0837004405286343,
  "fwhm_avg": 2.462726703392379,
  "fwhm_x": 2.323664,
  "fwhm_y": 2.3955946666666668,
  "fwhm_z": 2.66892144351047,
  "gcor": 0.0198861,
  "gsr_x": -0.01751415804028511,
  "gsr_y": 0.007993627339601517,
  "provenance": {
    "md5sum": "23461c670ab54652228d23fcffe24ce6",
    "settings": {
      "fd_thres": 0.2,
      "testing": false
    },
    "software": "mriqc",
    "version": "21.0.0rc2",
    "webapi_port": null,
    "webapi_url": "https://mriqc.nimh.nih.gov/api/v1"
  },
  "size_t": 227,
  "size_x": 64,
  "size_y": 64,
  "size_z": 41,
  "snr": 3.602341402955724,
  "spacing_tr": 2.0,
  "spacing_x": 3.75,
  "spacing_y": 3.75,
  "spacing_z": 3.299999713897705,
  "summary_bg_k": 62.062224324983134,
  "summary_bg_mad": 11.573440875331098,
  "summary_bg_mean": 41.978057861328125,
  "summary_bg_median": 8.955946922302246,
  "summary_bg_n": 118807.0,
  "summary_bg_p05": 0.5550660490989685,
  "summary_bg_p95": 192.94492645263654,
  "summary_bg_stdv": 112.03404998779297,
  "summary_fg_k": 1.6465504828545479,
  "summary_fg_mad": 328.02736967980957,
  "summary_fg_mean": 1442.503662109375,
  "summary_fg_median": 1365.72900390625,
  "summary_fg_n": 18764.0,
  "summary_fg_p05": 999.8393585205079,
  "summary_fg_p95": 2192.8757568359374,
  "summary_fg_stdv": 379.11248779296875,
  "tsnr": 59.704589657485485
}