{
  "aor": 0.0037137053571428573,
  "aqi": 0.0028575537499999997,
  "bids_meta": {
    "AcquisitionMatrix": "64 0 0 64",
    "DataSharing": "1",
    "EchoTime": 0.03,
    "EffectiveEchoSpacing": 0.000396,
    "FlipAngle": 65,
    "ImagesinAcquisition": 41,
    "InstitutionName": "NIH_FMRIF",
    "InternalPulseSequenceName": "epi",
    "MagneticFieldStrength": 3,
    "Manufacturer": "GE",
    "ManufacturersModelName": "DISCOVERY_MR750",
    "Modality": "MR",
    "NumberofTemporalPositions": 240,
    "PhaseEncodingDirection": "j",
    "PixelBandwidth": 7812.5,
    "PixelSpacing": "3.75\\3.75",
    "PulseSequenceName": "epirtnih",
    "ReconstructionDiameter": 240,
    "RepetitionTime": 2.0,
    "SeriesDescription": "mmi_run 2",
    "SliceThickness": 3,
    "SliceTiming": [
      0.0,
      1.02439,
      0.04878,
      1.073171,
      0.097561,
      1.121951,
      0.146341,
      1.170732,
      0.195122,
      1.219512,
      0.243902,
      1.268293,
      0.292683,
      1.317073,
      0.341463,
      1.365854,
      0.390244,
      1.414634,
      0.439024,
      1.463415,
      0.487805,
      1.512195,
      0.536585,
      1.560976,
      0.585366,
      1.609756,
      0.634146,
      1.658537,
      0.682927,
      1.707317,
      0.731707,
      1.756098,
      0.780488,
      1.804878,
      0.829268,
      1.853659,
      0.878049,
      1.902439,
      0.926829,
      1.95122,
      0.97561
    ],
    "SoftwareVersions": "27 lx mr software release:dv26.0_r01_1725.a",
    "SpacingBetweenSlices": 3.3,
    "StationName": "3TC",
    "TaskName": "MMI",
    "TotalReadoutTime": 0.024948,
    "dataset": "ds003709",
    "modality": "bold",
    "run_id": 2,
    "session_id": "visit1",
    "subject_id": "23546",
    "task_id": "MMI"
  },
  "dummy_trs": 3,
  "dvars_nstd": 20.759454171165917,
  "dvars_std": 1.1690036746188341,
  "dvars_vstd": 1.0056759595067266,
  "efc": 0.403898007973857,
  "fber": 18343.92578125,
  "fd_mean": 0.06971396060424015,
  "fd_num": 11,
  "fd_perc": 4.910714285714286,
  "fwhm_avg": 2.507033346455025,
  "fwhm_x": 2.3350853333333332,
  "fwhm_y": 2.4617146666666665,
  "fwhm_z": 2.7243000393650756,
  "gcor": 0.0111194,
  "gsr_x": -0.008030355907976627,
  "gsr_y": 0.014264581725001335,
  "provenance": {
    "md5sum": "b91b7a77dcbb864b0443ce2c7cf7fac3",
    "settings": {
      "fd_thres": 0.2,
      "testing": false
    },
    "software": "mriqc",
    "version": "21.0.0rc2",
    "webapi_port": null,
    "webapi_url": "https://mriqc.nimh.nih.gov/api/v1"
  },
  "size_t": 224,
  "size_x": 64,
  "size_y": 64,
  "size_z": 41,
  "snr": 3.2433183567874724,
  "spacing_tr": 2.0,
  "spacing_x": 3.75,
  "spacing_y": 3.75,
  "spacing_z": 3.299999952316284,
  "summary_bg_k": 42.10727946163658,
  "summary_bg_mad": 14.574510091407914,
  "summary_bg_mean": 42.99216079711914,
  "summary_bg_median": 10.76339340209961,
  "summary_bg_n": 115707.0,
  "summary_bg_p05": 0.392857164144516,
  "summary_bg_p95": 183.69242248535153,
  "summary_bg_stdv": 103.6628189086914,
  "summary_fg_k": 2.0396060140353054,
  "summary_fg_mad": 363.21112020331805,
  "summary_fg_mean": 1445.6873779296875,
  "summary_fg_median": 1361.40185546875,
  "summary_fg_n": 20733.0,
  "summary_fg_p05": 955.3509399414063,
  "summary_fg_p95": 2263.390234374999,
  "summary_fg_stdv": 419.7457275390625,
  "tsnr": 74.14952422492206
}