{
  "aor": 0.01428493670886076,
  "aqi": 0.009361537637130801,
  "bids_meta": {
    "AcquisitionMatrix": "64 0 0 64",
    "DataSharing": "1",
    "EchoTime": 0.03,
    "EffectiveEchoSpacing": 0.000396,
    "FlipAngle": 65,
    "ImagesinAcquisition": 41,
    "InstitutionName": "NIH_FMRIF",
    "InternalPulseSequenceName": "epi",
    "MagneticFieldStrength": 3,
    "Manufacturer": "GE",
    "ManufacturersModelName": "DISCOVERY_MR750",
    "Modality": "MR",
    "NumberofTemporalPositions": 240,
    "PhaseEncodingDirection": "j",
    "PixelBandwidth": 7812.5,
    "PixelSpacing": "3.75\\3.75",
    "PulseSequenceName": "epirtnih",
    "ReconstructionDiameter": 240,
    "RepetitionTime": 2.0,
    "SeriesDescription": "mmi_run 2",
    "SliceThickness": 3,
    "SliceTiming": [
      0.0,
      1.02439,
      0.04878,
      1.073171,
      0.097561,
      1.121951,
      0.146341,
      1.170732,
      0.195122,
      1.219512,
      0.243902,
      1.268293,
      0.292683,
      1.317073,
      0.341463,
      1.365854,
      0.390244,
      1.414634,
      0.439024,
      1.463415,
      0.487805,
      1.512195,
      0.536585,
      1.560976,
      0.585366,
      1.609756,
      0.634146,
      1.658537,
      0.682927,
      1.707317,
      0.731707,
      1.756098,
      0.780488,
      1.804878,
      0.829268,
      1.853659,
      0.878049,
      1.902439,
      0.926829,
      1.95122,
      0.97561
    ],
    "SoftwareVersions": "27 lx mr software release:dv26.0_r01_1725.a",
    "SpacingBetweenSlices": 3.3,
    "StationName": "3TC",
    "TaskName": "MMI",
    "TotalReadoutTime": 0.024948,
    "dataset": "ds003709",
    "modality": "bold",
    "run_id": 2,
    "session_id": "visit1",
    "subject_id": "23717",
    "task_id": "MMI"
  },
  "dummy_trs": 3,
  "dvars_nstd": 26.578355070042374,
  "dvars_std": 1.0571022707203395,
  "dvars_vstd": 1.012141512245763,
  "efc": 0.411910475480429,
  "fber": 24009.033203125,
  "fd_mean": 0.18461087002957127,
  "fd_num": 53,
  "fd_perc": 22.362869198312236,
  "fwhm_avg": 2.4214838914535903,
  "fwhm_x": 2.3061146666666668,
  "fwhm_y": 2.3287066666666667,
  "fwhm_z": 2.6296303410274384,
  "gcor": 0.0426846,
  "gsr_x": -0.0011952618369832635,
  "gsr_y": 0.019947584718465805,
  "provenance": {
    "md5sum": "ffca902ad8c529773a499ea026c13366",
    "settings": {
      "fd_thres": 0.2,
      "testing": false
    },
    "software": "mriqc",
    "version": "21.0.0rc2",
    "webapi_port": null,
    "webapi_url": "https://mriqc.nimh.nih.gov/api/v1"
  },
  "size_t": 237,
  "size_x": 64,
  "size_y": 64,
  "size_z": 41,
  "snr": 3.4134795730540595,
  "spacing_tr": 2.0,
  "spacing_x": 3.75,
  "spacing_y": 3.75,
  "spacing_z": 3.299999952316284,
  "summary_bg_k": 41.495346365843595,
  "summary_bg_mad": 12.861729882742367,
  "summary_bg_mean": 47.07651138305664,
  "summary_bg_median": 9.472573280334473,
  "summary_bg_n": 115725.0,
  "summary_bg_p05": 0.3037974536418915,
  "summary_bg_p95": 219.84808349609375,
  "summary_bg_stdv": 120.38370513916016,
  "summary_fg_k": 2.3009605944070257,
  "summary_fg_mad": 334.94304301642285,
  "summary_fg_mean": 1424.7872314453125,
  "summary_fg_median": 1352.1982421875,
  "summary_fg_n": 21005.0,
  "summary_fg_p05": 959.3720825195312,
  "summary_fg_p95": 2197.2185546875,
  "summary_fg_stdv": 396.12542724609375,
  "tsnr": 42.16612238669768
}