{
  "bids_meta": {
    "AcquisitionMatrix": "0 256 256 0",
    "AcquisitionNumber": 1,
    "Columns": 256,
    "DataSharing": "1",
    "EchoNumber(s)": 1,
    "EchoTime": 0.003476,
    "EchoTrainLength": 1,
    "FlipAngle": 7,
    "ImagesinAcquisition": 172,
    "In-planePhaseEncodingDirection": "row",
    "InstitutionName": "NIH_FMRIF",
    "InternalPulseSequenceName": "efgre3d",
    "InversionTime": 0.9,
    "MRAcquisitionType": "3d",
    "MagneticFieldStrength": 3,
    "Manufacturer": "GE",
    "Manufacturer'sModelName": "discovery mr750",
    "ManufacturersModelName": "DISCOVERY_MR750",
    "Modality": "MR",
    "NumberofAverages": 1,
    "PixelBandwidth": 195.312,
    "PixelSpacing": "1\\1",
    "PrivateIn-PlanePhaseEncodingDirection": "row",
    "PulseSequenceName": "mprage",
    "ReceiveCoilName": "32ch head",
    "ReconstructionDiameter": 256,
    "RepetitionTime": 0.00766,
    "Rows": 256,
    "SamplesperPixel": 1,
    "ScanOptions": "edr_gems\\filtered_gems\\acc_gems\\ir_gems",
    "SeriesDescription": "anat_t1w_mp_rage_1mm",
    "SeriesNumber": 9,
    "SliceLocation": -83.15944672,
    "SliceThickness": 1,
    "SoftwareVersion(s)": "27\\lx\\mr software release:dv26.0_r01_1725.a",
    "SoftwareVersions": "27 lx mr software release:dv26.0_r01_1725.a",
    "SpacingBetweenSlices": 1,
    "StationName": "3TA",
    "dataset": "ds003709",
    "modality": "T1w",
    "run_id": 1,
    "session_id": "visit1",
    "subject_id": "23576"
  },
  "cjv": 0.35934891604097713,
  "cnr": 3.570305519236199,
  "efc": 0.6858535260923283,
  "fber": 3214.327045923243,
  "fwhm_avg": 3.2139933333333333,
  "fwhm_x": 3.19189,
  "fwhm_y": 3.33962,
  "fwhm_z": 3.11047,
  "icvs_csf": 0.2561560574319986,
  "icvs_gm": 0.40068715572168784,
  "icvs_wm": 0.34315678684631357,
  "inu_med": 0.864120364189148,
  "inu_range": 0.15738533735275262,
  "provenance": {
    "md5sum": "7513068778d2a3802511962a41271db8",
    "settings": {
      "testing": false
    },
    "software": "mriqc",
    "version": "21.0.0rc2",
    "warnings": {
      "large_rot_frame": true,
      "small_air_mask": false
    },
    "webapi_port": null,
    "webapi_url": "https://mriqc.nimh.nih.gov/api/v1"
  },
  "qi_1": 0.0,
  "qi_2": 0.006345478505518217,
  "rpve_csf": 21.48626728146102,
  "rpve_gm": 13.463437748372497,
  "rpve_wm": 20.84421337953805,
  "size_x": 172,
  "size_y": 256,
  "size_z": 256,
  "snr_csf": 3.1523547803291057,
  "snr_gm": 7.8347834654728885,
  "snr_total": 8.223683831916588,
  "snr_wm": 13.683913249947771,
  "snrd_csf": 23.64332759349218,
  "snrd_gm": 41.750123989299844,
  "snrd_total": 44.63709143072157,
  "snrd_wm": 68.51782270937267,
  "spacing_x": 1.0,
  "spacing_y": 1.0,
  "spacing_z": 1.0,
  "summary_bg_k": 2.1047753472625272,
  "summary_bg_mad": 9.561546791645883,
  "summary_bg_mean": 21.429154955267126,
  "summary_bg_median": 10.698027156293392,
  "summary_bg_n": 958687.0,
  "summary_bg_p05": 2.2003034576773643,
  "summary_bg_p95": 76.25189568847418,
  "summary_bg_stdv": 24.1766676137968,
  "summary_csf_k": 0.6413409956143452,
  "summary_csf_mad": 107.08932406643389,
  "summary_csf_mean": 338.8852585279722,
  "summary_csf_median": 345.0682801902294,
  "summary_csf_n": 8169.0,
  "summary_csf_p05": 151.27465634196997,
  "summary_csf_p95": 500.9104630202055,
  "summary_csf_stdv": 109.45695614656009,
  "summary_gm_k": 0.6742120846697235,
  "summary_gm_mad": 70.08051354347512,
  "summary_gm_mean": 612.982613922094,
  "summary_gm_median": 609.3323127105832,
  "summary_gm_n": 11868.0,
  "summary_gm_p05": 492.64035692065954,
  "summary_gm_p95": 752.2192605268209,
  "summary_gm_stdv": 77.76942957326857,
  "summary_wm_k": 0.4112037890696181,
  "summary_wm_mad": 70.30549111504325,
  "summary_wm_mean": 1003.6035256151555,
  "summary_wm_median": 999.9999852478504,
  "summary_wm_n": 173591.0,
  "summary_wm_p05": 889.6813222318888,
  "summary_wm_p95": 1129.2867815196514,
  "summary_wm_stdv": 73.07829906871878,
  "tpm_overlap_csf": 0.13987918198108673,
  "tpm_overlap_gm": 0.40629908442497253,
  "tpm_overlap_wm": 0.4947762191295624,
  "wm2max": 0.48936249211005084
}