{
  "bids_meta": {
    "AcquisitionMatrix": "0 256 256 0",
    "AcquisitionNumber": 1,
    "Columns": 256,
    "DataSharing": "1",
    "EchoNumber(s)": 1,
    "EchoTime": 0.003476,
    "EchoTrainLength": 1,
    "FlipAngle": 7,
    "ImagesinAcquisition": 172,
    "In-planePhaseEncodingDirection": "row",
    "InstitutionName": "NIH_FMRIF",
    "InternalPulseSequenceName": "efgre3d",
    "InversionTime": 0.9,
    "MRAcquisitionType": "3d",
    "MagneticFieldStrength": 3,
    "Manufacturer": "GE",
    "Manufacturer'sModelName": "discovery mr750",
    "ManufacturersModelName": "DISCOVERY_MR750",
    "Modality": "MR",
    "NumberofAverages": 1,
    "PixelBandwidth": 195.312,
    "PixelSpacing": "1\\1",
    "PrivateIn-PlanePhaseEncodingDirection": "row",
    "PulseSequenceName": "mprage",
    "ReceiveCoilName": "32ch head",
    "ReconstructionDiameter": 256,
    "RepetitionTime": 0.00766,
    "Rows": 256,
    "SamplesperPixel": 1,
    "ScanOptions": "edr_gems\\filtered_gems\\acc_gems\\ir_gems",
    "SeriesDescription": "anat_t1w_mp_rage_1mm",
    "SeriesNumber": 10,
    "SliceLocation": -85.50325012,
    "SliceThickness": 1,
    "SoftwareVersion(s)": "27\\lx\\mr software release:dv26.0_r01_1725.a",
    "SoftwareVersions": "27 lx mr software release:dv26.0_r01_1725.a",
    "SpacingBetweenSlices": 1,
    "StationName": "3TC",
    "dataset": "ds003709",
    "modality": "T1w",
    "run_id": 1,
    "session_id": "visit1",
    "subject_id": "23649"
  },
  "cjv": 0.3764286720338695,
  "cnr": 3.287218251470486,
  "efc": 0.6977461053295079,
  "fber": 726.0667862671786,
  "fwhm_avg": 3.1170066666666667,
  "fwhm_x": 3.08656,
  "fwhm_y": 3.31494,
  "fwhm_z": 2.94952,
  "icvs_csf": 0.2788506641780596,
  "icvs_gm": 0.402294074501308,
  "icvs_wm": 0.31885526132063247,
  "inu_med": 1.211195945739746,
  "inu_range": 0.16555441617965716,
  "provenance": {
    "md5sum": "8952ad5945a796cd3f6b6359d023abf0",
    "settings": {
      "testing": false
    },
    "software": "mriqc",
    "version": "21.0.0rc2",
    "warnings": {
      "large_rot_frame": true,
      "small_air_mask": false
    },
    "webapi_port": null,
    "webapi_url": "https://mriqc.nimh.nih.gov/api/v1"
  },
  "qi_1": 0.0,
  "qi_2": 0.003827235977615683,
  "rpve_csf": 20.86382769539033,
  "rpve_gm": 13.956929585005348,
  "rpve_wm": 22.534370396866706,
  "size_x": 172,
  "size_y": 256,
  "size_z": 256,
  "snr_csf": 2.866860563391997,
  "snr_gm": 7.395920771777428,
  "snr_total": 7.735193123929041,
  "snr_wm": 12.942798036617697,
  "snrd_csf": 7.978279523131226,
  "snrd_gm": 17.528973064847566,
  "snrd_total": 18.302746143336226,
  "snrd_wm": 29.40098584202989,
  "spacing_x": 1.0,
  "spacing_y": 1.0,
  "spacing_z": 1.0,
  "summary_bg_k": 1.9708018694614502,
  "summary_bg_mad": 22.282802596585913,
  "summary_bg_mean": 42.93199194303207,
  "summary_bg_median": 18.201336655765772,
  "summary_bg_n": 1410512.0,
  "summary_bg_p05": 2.5862489081919193,
  "summary_bg_p95": 154.88215159624815,
  "summary_bg_stdv": 51.2057371607214,
  "summary_csf_k": 1.3616504512770362,
  "summary_csf_mad": 89.2759039096981,
  "summary_csf_mean": 282.97977746499504,
  "summary_csf_median": 271.36094676330686,
  "summary_csf_n": 20563.0,
  "summary_csf_p05": 151.85672834515572,
  "summary_csf_p95": 456.23382626473864,
  "summary_csf_stdv": 94.6520915129528,
  "summary_gm_k": 0.011994080313456834,
  "summary_gm_mad": 79.364397559918,
  "summary_gm_mean": 595.0219893672361,
  "summary_gm_median": 596.2035690620542,
  "summary_gm_n": 9523.0,
  "summary_gm_p05": 458.15643394365907,
  "summary_gm_p95": 726.8335375003517,
  "summary_gm_stdv": 80.60825464315953,
  "summary_wm_k": 1.6809939570785488,
  "summary_wm_mad": 72.6361487239359,
  "summary_wm_mean": 1003.1497479754346,
  "summary_wm_median": 999.9999787844718,
  "summary_wm_n": 148347.0,
  "summary_wm_p05": 882.642834931612,
  "summary_wm_p95": 1134.4361248612404,
  "summary_wm_stdv": 77.26278394159434,
  "tpm_overlap_csf": 0.15287409722805023,
  "tpm_overlap_gm": 0.41844916343688965,
  "tpm_overlap_wm": 0.47911033034324646,
  "wm2max": 0.5029092254492366
}