{
  "aor": 0.0010981900452488689,
  "aqi": 0.002689291583710407,
  "bids_meta": {
    "AcquisitionMatrix": "64 0 0 64",
    "DataSharing": "1",
    "EchoTime": 0.03,
    "EffectiveEchoSpacing": 0.000396,
    "FlipAngle": 65,
    "ImagesinAcquisition": 41,
    "InstitutionName": "NIH_FMRIF",
    "InternalPulseSequenceName": "epi",
    "MagneticFieldStrength": 3,
    "Manufacturer": "GE",
    "ManufacturersModelName": "DISCOVERY_MR750",
    "Modality": "MR",
    "NumberofTemporalPositions": 240,
    "PhaseEncodingDirection": "j",
    "PixelBandwidth": 7812.5,
    "PixelSpacing": "3.75\\3.75",
    "PulseSequenceName": "epirtnih",
    "ReconstructionDiameter": 240,
    "RepetitionTime": 2.0,
    "SeriesDescription": "mmi_run 2",
    "SliceThickness": 3,
    "SliceTiming": [
      0.0,
      1.02439,
      0.04878,
      1.073171,
      0.097561,
      1.121951,
      0.146341,
      1.170732,
      0.195122,
      1.219512,
      0.243902,
      1.268293,
      0.292683,
      1.317073,
      0.341463,
      1.365854,
      0.390244,
      1.414634,
      0.439024,
      1.463415,
      0.487805,
      1.512195,
      0.536585,
      1.560976,
      0.585366,
      1.609756,
      0.634146,
      1.658537,
      0.682927,
      1.707317,
      0.731707,
      1.756098,
      0.780488,
      1.804878,
      0.829268,
      1.853659,
      0.878049,
      1.902439,
      0.926829,
      1.95122,
      0.97561
    ],
    "SoftwareVersions": "27 lx mr software release:dv26.0_r01_1725.a",
    "SpacingBetweenSlices": 3.3,
    "StationName": "3TA",
    "TaskName": "MMI",
    "TotalReadoutTime": 0.024948,
    "dataset": "ds003709",
    "modality": "bold",
    "run_id": 2,
    "session_id": "visit1",
    "subject_id": "23718",
    "task_id": "MMI"
  },
  "dummy_trs": 3,
  "dvars_nstd": 15.154755870000006,
  "dvars_std": 1.1758865584090912,
  "dvars_vstd": 0.9931329885454543,
  "efc": 0.39130853678070354,
  "fber": 30980.6875,
  "fd_mean": 0.048547626473264736,
  "fd_num": 0,
  "fd_perc": 0.0,
  "fwhm_avg": 2.102301020912384,
  "fwhm_x": 1.9780693333333335,
  "fwhm_y": 2.0841973333333335,
  "fwhm_z": 2.244636396070486,
  "gcor": 0.02549,
  "gsr_x": -0.012650110758841038,
  "gsr_y": 0.010665275156497955,
  "provenance": {
    "md5sum": "eded37fd93c8bab97f706320c424c98e",
    "settings": {
      "fd_thres": 0.2,
      "testing": false
    },
    "software": "mriqc",
    "version": "21.0.0rc2",
    "webapi_port": null,
    "webapi_url": "https://mriqc.nimh.nih.gov/api/v1"
  },
  "size_t": 221,
  "size_x": 64,
  "size_y": 64,
  "size_z": 41,
  "snr": 5.298393385098176,
  "spacing_tr": 2.0,
  "spacing_x": 3.75,
  "spacing_y": 3.75,
  "spacing_z": 3.299999952316284,
  "summary_bg_k": 42.45904853318744,
  "summary_bg_mad": 16.892273736142574,
  "summary_bg_mean": 52.512508392333984,
  "summary_bg_median": 12.266968727111816,
  "summary_bg_n": 118633.0,
  "summary_bg_p05": 0.37556561827659607,
  "summary_bg_p95": 243.51766052246091,
  "summary_bg_stdv": 126.2881851196289,
  "summary_fg_k": 0.6057017441971175,
  "summary_fg_mad": 357.91776697005974,
  "summary_fg_mean": 2036.032470703125,
  "summary_fg_median": 2003.954833984375,
  "summary_fg_n": 18879.0,
  "summary_fg_p05": 1494.082849121094,
  "summary_fg_p95": 2719.1576660156247,
  "summary_fg_stdv": 378.2093200683594,
  "tsnr": 95.70707937609404
}