{
  "aor": 0.0031633628318584075,
  "aqi": 0.005923134601769912,
  "bids_meta": {
    "AcquisitionMatrix": "64 0 0 64",
    "DataSharing": "1",
    "EchoTime": 0.03,
    "EffectiveEchoSpacing": 0.000396,
    "FlipAngle": 65,
    "ImagesinAcquisition": 41,
    "InstitutionName": "NIH_FMRIF",
    "InternalPulseSequenceName": "epi",
    "MagneticFieldStrength": 3,
    "Manufacturer": "GE",
    "ManufacturersModelName": "DISCOVERY_MR750",
    "Modality": "MR",
    "NumberofTemporalPositions": 240,
    "PhaseEncodingDirection": "j",
    "PixelBandwidth": 7812.5,
    "PixelSpacing": "3.75\\3.75",
    "PulseSequenceName": "epirtnih",
    "ReconstructionDiameter": 240,
    "RepetitionTime": 2.0,
    "SeriesDescription": "mmi_run 2",
    "SliceThickness": 3,
    "SliceTiming": [
      0.0,
      1.02439,
      0.04878,
      1.073171,
      0.097561,
      1.121951,
      0.146341,
      1.170732,
      0.195122,
      1.219512,
      0.243902,
      1.268293,
      0.292683,
      1.317073,
      0.341463,
      1.365854,
      0.390244,
      1.414634,
      0.439024,
      1.463415,
      0.487805,
      1.512195,
      0.536585,
      1.560976,
      0.585366,
      1.609756,
      0.634146,
      1.658537,
      0.682927,
      1.707317,
      0.731707,
      1.756098,
      0.780488,
      1.804878,
      0.829268,
      1.853659,
      0.878049,
      1.902439,
      0.926829,
      1.95122,
      0.97561
    ],
    "SoftwareVersions": "27 lx mr software release:dv26.0_r01_1725.a",
    "SpacingBetweenSlices": 3.3,
    "StationName": "3TC",
    "TaskName": "MMI",
    "TotalReadoutTime": 0.024948,
    "dataset": "ds003709",
    "modality": "bold",
    "run_id": 2,
    "session_id": "visit1",
    "subject_id": "23951",
    "task_id": "MMI"
  },
  "dummy_trs": 3,
  "dvars_nstd": 21.421321207822224,
  "dvars_std": 1.0198237523999998,
  "dvars_vstd": 0.9524299160444444,
  "efc": 0.43257252780272976,
  "fber": 15191.9482421875,
  "fd_mean": 0.1680921206054718,
  "fd_num": 55,
  "fd_perc": 24.336283185840706,
  "fwhm_avg": 2.442592861038452,
  "fwhm_x": 2.3020026666666666,
  "fwhm_y": 2.419421333333333,
  "fwhm_z": 2.606354583115355,
  "gcor": 0.0115256,
  "gsr_x": -0.017815055325627327,
  "gsr_y": 0.028223371133208275,
  "provenance": {
    "md5sum": "c4610240c46b07fd3915b8a66a891df7",
    "settings": {
      "fd_thres": 0.2,
      "testing": false
    },
    "software": "mriqc",
    "version": "21.0.0rc2",
    "webapi_port": null,
    "webapi_url": "https://mriqc.nimh.nih.gov/api/v1"
  },
  "size_t": 226,
  "size_x": 64,
  "size_y": 64,
  "size_z": 41,
  "snr": 3.394746899756835,
  "spacing_tr": 2.0,
  "spacing_x": 3.75,
  "spacing_y": 3.75,
  "spacing_z": 3.299999952316284,
  "summary_bg_k": 49.160557028188826,
  "summary_bg_mad": 16.780957962407893,
  "summary_bg_mean": 46.56471633911133,
  "summary_bg_median": 12.11061954498291,
  "summary_bg_n": 110979.0,
  "summary_bg_p05": 0.2743362784385681,
  "summary_bg_p95": 200.8871612548826,
  "summary_bg_stdv": 109.12371826171875,
  "summary_fg_k": 0.9614490816308505,
  "summary_fg_mad": 378.0503540536513,
  "summary_fg_mean": 1485.0391845703125,
  "summary_fg_median": 1402.110595703125,
  "summary_fg_n": 24305.0,
  "summary_fg_p05": 978.0,
  "summary_fg_p95": 2283.923974609375,
  "summary_fg_stdv": 413.0151062011719,
  "tsnr": 54.5659459521994
}