{
  "aor": 0.0021564351851851853,
  "aqi": 0.004468201342592592,
  "bids_meta": {
    "AcquisitionMatrix": "64 0 0 64",
    "DataSharing": "1",
    "EchoTime": 0.03,
    "EffectiveEchoSpacing": 0.000396,
    "FlipAngle": 65,
    "ImagesinAcquisition": 41,
    "InstitutionName": "NIH_FMRIF",
    "InternalPulseSequenceName": "epi",
    "MagneticFieldStrength": 3,
    "Manufacturer": "GE",
    "ManufacturersModelName": "DISCOVERY_MR750",
    "Modality": "MR",
    "NumberofTemporalPositions": 240,
    "PhaseEncodingDirection": "j",
    "PixelBandwidth": 7812.5,
    "PixelSpacing": "3.75\\3.75",
    "PulseSequenceName": "epirtnih",
    "ReconstructionDiameter": 240,
    "RepetitionTime": 2.0,
    "SeriesDescription": "mmi_run 1",
    "SliceThickness": 3,
    "SliceTiming": [
      0.0,
      1.02439,
      0.04878,
      1.073171,
      0.097561,
      1.121951,
      0.146341,
      1.170732,
      0.195122,
      1.219512,
      0.243902,
      1.268293,
      0.292683,
      1.317073,
      0.341463,
      1.365854,
      0.390244,
      1.414634,
      0.439024,
      1.463415,
      0.487805,
      1.512195,
      0.536585,
      1.560976,
      0.585366,
      1.609756,
      0.634146,
      1.658537,
      0.682927,
      1.707317,
      0.731707,
      1.756098,
      0.780488,
      1.804878,
      0.829268,
      1.853659,
      0.878049,
      1.902439,
      0.926829,
      1.95122,
      0.97561
    ],
    "SoftwareVersions": "27 lx mr software release:dv26.0_r01_1725.a",
    "SpacingBetweenSlices": 3.3,
    "StationName": "3TC",
    "TaskName": "MMI",
    "TotalReadoutTime": 0.024948,
    "dataset": "ds003709",
    "modality": "bold",
    "run_id": 1,
    "session_id": "visit1",
    "subject_id": "23817",
    "task_id": "MMI"
  },
  "dummy_trs": 3,
  "dvars_nstd": 19.331245963674416,
  "dvars_std": 1.1077186331627906,
  "dvars_vstd": 0.9601667737209307,
  "efc": 0.3895062422356563,
  "fber": 33040.7734375,
  "fd_mean": 0.09240794190232372,
  "fd_num": 12,
  "fd_perc": 5.555555555555555,
  "fwhm_avg": 2.4754602486044703,
  "fwhm_x": 2.388117333333333,
  "fwhm_y": 2.362893483562055,
  "fwhm_z": 2.6753699289180233,
  "gcor": 0.0228107,
  "gsr_x": -0.016939179971814156,
  "gsr_y": 0.007247298955917358,
  "provenance": {
    "md5sum": "23dcd94cf73b9ca7dbd0bae1da68992a",
    "settings": {
      "fd_thres": 0.2,
      "testing": false
    },
    "software": "mriqc",
    "version": "21.0.0rc2",
    "webapi_port": null,
    "webapi_url": "https://mriqc.nimh.nih.gov/api/v1"
  },
  "size_t": 216,
  "size_x": 64,
  "size_y": 64,
  "size_z": 41,
  "snr": 3.4574537677934947,
  "spacing_tr": 2.0,
  "spacing_x": 3.75,
  "spacing_y": 3.749999761581421,
  "spacing_z": 3.299999713897705,
  "summary_bg_k": 51.05517740157765,
  "summary_bg_mad": 10.707682316089437,
  "summary_bg_mean": 37.150264739990234,
  "summary_bg_median": 8.324073791503906,
  "summary_bg_n": 117379.0,
  "summary_bg_p05": 0.5370370149612427,
  "summary_bg_p95": 165.31157073974597,
  "summary_bg_stdv": 95.88841247558594,
  "summary_fg_k": 1.342325503653453,
  "summary_fg_mad": 358.9337983243921,
  "summary_fg_mean": 1497.553955078125,
  "summary_fg_median": 1416.3426513671875,
  "summary_fg_n": 19507.0,
  "summary_fg_p05": 1005.9541687011719,
  "summary_fg_p95": 2319.1529052734377,
  "summary_fg_stdv": 409.6385498046875,
  "tsnr": 67.29864701908082
}