{
  "aor": 0.0007210599078341013,
  "aqi": 0.008258789170506911,
  "bids_meta": {
    "AcquisitionMatrix": "64 0 0 64",
    "DataSharing": "1",
    "EchoTime": 0.03,
    "EffectiveEchoSpacing": 0.000396,
    "FlipAngle": 65,
    "ImagesinAcquisition": 41,
    "InstitutionName": "NIH_FMRIF",
    "InternalPulseSequenceName": "epi",
    "MagneticFieldStrength": 3,
    "Manufacturer": "GE",
    "ManufacturersModelName": "DISCOVERY_MR750",
    "Modality": "MR",
    "NumberofTemporalPositions": 240,
    "PhaseEncodingDirection": "j",
    "PixelBandwidth": 7812.5,
    "PixelSpacing": "3.75\\3.75",
    "PulseSequenceName": "epirtnih",
    "ReconstructionDiameter": 240,
    "RepetitionTime": 2.0,
    "SeriesDescription": "mmi_run1",
    "SliceThickness": 3,
    "SliceTiming": [
      0.0,
      1.02439,
      0.04878,
      1.073171,
      0.097561,
      1.121951,
      0.146341,
      1.170732,
      0.195122,
      1.219512,
      0.243902,
      1.268293,
      0.292683,
      1.317073,
      0.341463,
      1.365854,
      0.390244,
      1.414634,
      0.439024,
      1.463415,
      0.487805,
      1.512195,
      0.536585,
      1.560976,
      0.585366,
      1.609756,
      0.634146,
      1.658537,
      0.682927,
      1.707317,
      0.731707,
      1.756098,
      0.780488,
      1.804878,
      0.829268,
      1.853659,
      0.878049,
      1.902439,
      0.926829,
      1.95122,
      0.97561
    ],
    "SoftwareVersions": "27 lx mr software release:dv26.0_r01_1725.a",
    "SpacingBetweenSlices": 3.3,
    "StationName": "3TA",
    "TaskName": "MMI",
    "TotalReadoutTime": 0.024948,
    "dataset": "ds003709",
    "modality": "bold",
    "run_id": 1,
    "session_id": "visit1",
    "subject_id": "23783",
    "task_id": "MMI"
  },
  "dummy_trs": 3,
  "dvars_nstd": 17.56581707337963,
  "dvars_std": 1.0342266218518519,
  "dvars_vstd": 0.9210011074537042,
  "efc": 0.4223028531888371,
  "fber": 22695.30859375,
  "fd_mean": 0.0966289977057727,
  "fd_num": 10,
  "fd_perc": 4.608294930875576,
  "fwhm_avg": 2.024958313365745,
  "fwhm_x": 1.9090666666666667,
  "fwhm_y": 2.019984,
  "fwhm_z": 2.145824273430568,
  "gcor": 0.0158973,
  "gsr_x": -0.0064765457063913345,
  "gsr_y": 0.008167981170117855,
  "provenance": {
    "md5sum": "f783c1dd3e404ff5cb51d7106bb89bb9",
    "settings": {
      "fd_thres": 0.2,
      "testing": false
    },
    "software": "mriqc",
    "version": "21.0.0rc2",
    "webapi_port": null,
    "webapi_url": "https://mriqc.nimh.nih.gov/api/v1"
  },
  "size_t": 217,
  "size_x": 64,
  "size_y": 64,
  "size_z": 41,
  "snr": 5.387077248404884,
  "spacing_tr": 2.0,
  "spacing_x": 3.75,
  "spacing_y": 3.75,
  "spacing_z": 3.299999952316284,
  "summary_bg_k": 62.50677249270822,
  "summary_bg_mad": 18.535945175131562,
  "summary_bg_mean": 52.990211486816406,
  "summary_bg_median": 13.594470024108887,
  "summary_bg_n": 114065.0,
  "summary_bg_p05": 0.4516128897666931,
  "summary_bg_p95": 213.6497650146479,
  "summary_bg_stdv": 128.19871520996094,
  "summary_fg_k": 1.583303509535284,
  "summary_fg_mad": 303.8856756205911,
  "summary_fg_mean": 1926.900390625,
  "summary_fg_median": 1886.930908203125,
  "summary_fg_n": 22731.0,
  "summary_fg_p05": 1432.0921630859375,
  "summary_fg_p95": 2548.158935546875,
  "summary_fg_stdv": 350.2621765136719,
  "tsnr": 62.17716502980329
}