{
  "aor": 0.0027024,
  "aqi": 0.005738390044444444,
  "bids_meta": {
    "AcquisitionMatrix": "64 0 0 64",
    "DataSharing": "1",
    "EchoTime": 0.03,
    "EffectiveEchoSpacing": 0.000396,
    "FlipAngle": 65,
    "ImagesinAcquisition": 41,
    "InstitutionName": "NIH_FMRIF",
    "InternalPulseSequenceName": "epi",
    "MagneticFieldStrength": 3,
    "Manufacturer": "GE",
    "ManufacturersModelName": "DISCOVERY_MR750",
    "Modality": "MR",
    "NumberofTemporalPositions": 240,
    "PhaseEncodingDirection": "j",
    "PixelBandwidth": 7812.5,
    "PixelSpacing": "3.75\\3.75",
    "PulseSequenceName": "epirtnih",
    "ReconstructionDiameter": 240,
    "RepetitionTime": 2.0,
    "SeriesDescription": "mmi_run 2",
    "SliceThickness": 3,
    "SliceTiming": [
      0.0,
      1.02439,
      0.04878,
      1.073171,
      0.097561,
      1.121951,
      0.146341,
      1.170732,
      0.195122,
      1.219512,
      0.243902,
      1.268293,
      0.292683,
      1.317073,
      0.341463,
      1.365854,
      0.390244,
      1.414634,
      0.439024,
      1.463415,
      0.487805,
      1.512195,
      0.536585,
      1.560976,
      0.585366,
      1.609756,
      0.634146,
      1.658537,
      0.682927,
      1.707317,
      0.731707,
      1.756098,
      0.780488,
      1.804878,
      0.829268,
      1.853659,
      0.878049,
      1.902439,
      0.926829,
      1.95122,
      0.97561
    ],
    "SoftwareVersions": "27 lx mr software release:dv26.0_r01_1725.a",
    "SpacingBetweenSlices": 3.3,
    "StationName": "3TA",
    "TaskName": "MMI",
    "TotalReadoutTime": 0.024948,
    "dataset": "ds003709",
    "modality": "bold",
    "run_id": 2,
    "session_id": "visit1",
    "subject_id": "23783",
    "task_id": "MMI"
  },
  "dummy_trs": 3,
  "dvars_nstd": 17.295940723125,
  "dvars_std": 1.1289601675892862,
  "dvars_vstd": 0.999927072946429,
  "efc": 0.4234498151655368,
  "fber": 23253.607421875,
  "fd_mean": 0.09380543120362374,
  "fd_num": 10,
  "fd_perc": 4.444444444444445,
  "fwhm_avg": 2.0093358890390607,
  "fwhm_x": 1.8911413333333333,
  "fwhm_y": 2.008536,
  "fwhm_z": 2.128330333783848,
  "gcor": 0.0156191,
  "gsr_x": -0.007726903073489666,
  "gsr_y": 0.008043654263019562,
  "provenance": {
    "md5sum": "5060d3d7e27cf257bc66d5287bc240fe",
    "settings": {
      "fd_thres": 0.2,
      "testing": false
    },
    "software": "mriqc",
    "version": "21.0.0rc2",
    "webapi_port": null,
    "webapi_url": "https://mriqc.nimh.nih.gov/api/v1"
  },
  "size_t": 225,
  "size_x": 64,
  "size_y": 64,
  "size_z": 41,
  "snr": 5.394711667851294,
  "spacing_tr": 2.0,
  "spacing_x": 3.75,
  "spacing_y": 3.75,
  "spacing_z": 3.299999952316284,
  "summary_bg_k": 61.79986217286857,
  "summary_bg_mad": 18.522644786395862,
  "summary_bg_mean": 54.47125244140625,
  "summary_bg_median": 13.568889617919922,
  "summary_bg_n": 114130.0,
  "summary_bg_p05": 0.4355555772781372,
  "summary_bg_p95": 224.08023376464786,
  "summary_bg_stdv": 131.58297729492188,
  "summary_fg_k": 1.5937344732117058,
  "summary_fg_mad": 305.6005678717446,
  "summary_fg_mean": 1934.6204833984375,
  "summary_fg_median": 1896.451171875,
  "summary_fg_n": 22704.0,
  "summary_fg_p05": 1437.5736206054687,
  "summary_fg_p95": 2557.3726318359377,
  "summary_fg_stdv": 351.53118896484375,
  "tsnr": 74.3618524686899
}