{
  "aor": 0.004028695652173913,
  "aqi": 0.005425410826086957,
  "bids_meta": {
    "AcquisitionMatrix": "64 0 0 64",
    "DataSharing": "1",
    "EchoTime": 0.03,
    "EffectiveEchoSpacing": 0.000396,
    "FlipAngle": 65,
    "ImagesinAcquisition": 41,
    "InstitutionName": "NIH_FMRIF",
    "InternalPulseSequenceName": "epi",
    "MagneticFieldStrength": 3,
    "Manufacturer": "GE",
    "ManufacturersModelName": "DISCOVERY_MR750",
    "Modality": "MR",
    "NumberofTemporalPositions": 240,
    "PhaseEncodingDirection": "j",
    "PixelBandwidth": 7812.5,
    "PixelSpacing": "3.75\\3.75",
    "PulseSequenceName": "epirtnih",
    "ReconstructionDiameter": 240,
    "RepetitionTime": 2.0,
    "SeriesDescription": "mmi_run 3",
    "SliceThickness": 3,
    "SliceTiming": [
      0.0,
      1.02439,
      0.04878,
      1.073171,
      0.097561,
      1.121951,
      0.146341,
      1.170732,
      0.195122,
      1.219512,
      0.243902,
      1.268293,
      0.292683,
      1.317073,
      0.341463,
      1.365854,
      0.390244,
      1.414634,
      0.439024,
      1.463415,
      0.487805,
      1.512195,
      0.536585,
      1.560976,
      0.585366,
      1.609756,
      0.634146,
      1.658537,
      0.682927,
      1.707317,
      0.731707,
      1.756098,
      0.780488,
      1.804878,
      0.829268,
      1.853659,
      0.878049,
      1.902439,
      0.926829,
      1.95122,
      0.97561
    ],
    "SoftwareVersions": "27 lx mr software release:dv26.0_r01_1725.a",
    "SpacingBetweenSlices": 3.3,
    "StationName": "3TA",
    "TaskName": "MMI",
    "TotalReadoutTime": 0.024948,
    "dataset": "ds003709",
    "modality": "bold",
    "run_id": 3,
    "session_id": "visit1",
    "subject_id": "23643",
    "task_id": "MMI"
  },
  "dummy_trs": 3,
  "dvars_nstd": 18.16830394366811,
  "dvars_std": 1.0332851326200876,
  "dvars_vstd": 0.985955165589519,
  "efc": 0.4209146939670264,
  "fber": 17421.494140625,
  "fd_mean": 0.14090907299545505,
  "fd_num": 38,
  "fd_perc": 16.52173913043478,
  "fwhm_avg": 2.43468966855544,
  "fwhm_x": 2.2557359999999997,
  "fwhm_y": 2.445223689073729,
  "fwhm_z": 2.603109316592591,
  "gcor": 0.00826958,
  "gsr_x": -0.011119161732494831,
  "gsr_y": 0.032730259001255035,
  "provenance": {
    "md5sum": "cd6b446279bd1880ce3e00588e43c188",
    "settings": {
      "fd_thres": 0.2,
      "testing": false
    },
    "software": "mriqc",
    "version": "21.0.0rc2",
    "webapi_port": null,
    "webapi_url": "https://mriqc.nimh.nih.gov/api/v1"
  },
  "size_t": 230,
  "size_x": 64,
  "size_y": 64,
  "size_z": 41,
  "snr": 3.4371242556275345,
  "spacing_tr": 2.0,
  "spacing_x": 3.75,
  "spacing_y": 3.750000476837158,
  "spacing_z": 3.299999713897705,
  "summary_bg_k": 62.82449919718783,
  "summary_bg_mad": 14.639085216073527,
  "summary_bg_mean": 42.042457580566406,
  "summary_bg_median": 10.856521606445312,
  "summary_bg_n": 112340.0,
  "summary_bg_p05": 0.313043475151062,
  "summary_bg_p95": 174.12412567138617,
  "summary_bg_stdv": 100.34668731689453,
  "summary_fg_k": 1.3020377001653678,
  "summary_fg_mad": 361.63893203532996,
  "summary_fg_mean": 1429.029541015625,
  "summary_fg_median": 1350.06298828125,
  "summary_fg_n": 23100.0,
  "summary_fg_p05": 954.364956665039,
  "summary_fg_p95": 2178.41455078125,
  "summary_fg_stdv": 392.780029296875,
  "tsnr": 56.77626538928598
}