{
  "aor": 0.012839095022624432,
  "aqi": 0.00619558669683258,
  "bids_meta": {
    "AcquisitionMatrix": "64 0 0 64",
    "DataSharing": "1",
    "EchoTime": 0.03,
    "EffectiveEchoSpacing": 0.000396,
    "FlipAngle": 65,
    "ImagesinAcquisition": 41,
    "InstitutionName": "NIH_FMRIF",
    "InternalPulseSequenceName": "epi",
    "MagneticFieldStrength": 3,
    "Manufacturer": "GE",
    "ManufacturersModelName": "DISCOVERY_MR750",
    "Modality": "MR",
    "NumberofTemporalPositions": 240,
    "PhaseEncodingDirection": "j",
    "PixelBandwidth": 7812.5,
    "PixelSpacing": "3.75\\3.75",
    "PulseSequenceName": "epirtnih",
    "ReconstructionDiameter": 240,
    "RepetitionTime": 2.0,
    "SeriesDescription": "mmi_run 1",
    "SliceThickness": 3,
    "SliceTiming": [
      0.0,
      1.02439,
      0.04878,
      1.073171,
      0.097561,
      1.121951,
      0.146341,
      1.170732,
      0.195122,
      1.219512,
      0.243902,
      1.268293,
      0.292683,
      1.317073,
      0.341463,
      1.365854,
      0.390244,
      1.414634,
      0.439024,
      1.463415,
      0.487805,
      1.512195,
      0.536585,
      1.560976,
      0.585366,
      1.609756,
      0.634146,
      1.658537,
      0.682927,
      1.707317,
      0.731707,
      1.756098,
      0.780488,
      1.804878,
      0.829268,
      1.853659,
      0.878049,
      1.902439,
      0.926829,
      1.95122,
      0.97561
    ],
    "SoftwareVersions": "27 lx mr software release:dv26.0_r01_1725.a",
    "SpacingBetweenSlices": 3.3,
    "StationName": "3TA",
    "TaskName": "MMI",
    "TotalReadoutTime": 0.024948,
    "dataset": "ds003709",
    "modality": "bold",
    "run_id": 1,
    "session_id": "visit1",
    "subject_id": "23643",
    "task_id": "MMI"
  },
  "dummy_trs": 2,
  "dvars_nstd": 22.755711989227265,
  "dvars_std": 1.1755363596363642,
  "dvars_vstd": 1.0812306805000005,
  "efc": 0.42125977785148094,
  "fber": 17330.2109375,
  "fd_mean": 0.2118454935052852,
  "fd_num": 53,
  "fd_perc": 23.981900452488688,
  "fwhm_avg": 2.4171361752048184,
  "fwhm_x": 2.2366746666666666,
  "fwhm_y": 2.4091730269911413,
  "fwhm_z": 2.6055608319566463,
  "gcor": 0.0163826,
  "gsr_x": -0.012208892032504082,
  "gsr_y": 0.03217470645904541,
  "provenance": {
    "md5sum": "ff7da278213aa56d28eeb4e90b100570",
    "settings": {
      "fd_thres": 0.2,
      "testing": false
    },
    "software": "mriqc",
    "version": "21.0.0rc2",
    "webapi_port": null,
    "webapi_url": "https://mriqc.nimh.nih.gov/api/v1"
  },
  "size_t": 221,
  "size_x": 64,
  "size_y": 64,
  "size_z": 41,
  "snr": 3.442923716437268,
  "spacing_tr": 2.0,
  "spacing_x": 3.75,
  "spacing_y": 3.750000476837158,
  "spacing_z": 3.299999713897705,
  "summary_bg_k": 57.79153925059386,
  "summary_bg_mad": 14.785771780693576,
  "summary_bg_mean": 41.62419891357422,
  "summary_bg_median": 10.941177368164062,
  "summary_bg_n": 112104.0,
  "summary_bg_p05": 0.2760181128978729,
  "summary_bg_p95": 173.2875617980956,
  "summary_bg_stdv": 96.5312728881836,
  "summary_fg_k": 1.3274474146522026,
  "summary_fg_mad": 359.5646100959499,
  "summary_fg_mean": 1434.3843994140625,
  "summary_fg_median": 1354.07470703125,
  "summary_fg_n": 23128.0,
  "summary_fg_p05": 959.8971069335937,
  "summary_fg_p95": 2193.5068725585934,
  "summary_fg_stdv": 393.2835998535156,
  "tsnr": 52.05063368799165
}