{
  "aor": 0.005109908675799087,
  "aqi": 0.007730701050228311,
  "bids_meta": {
    "AcquisitionMatrix": "64 0 0 64",
    "DataSharing": "1",
    "EchoTime": 0.03,
    "EffectiveEchoSpacing": 0.000396,
    "FlipAngle": 65,
    "ImagesinAcquisition": 41,
    "InstitutionName": "NIH_FMRIF",
    "InternalPulseSequenceName": "epi",
    "MagneticFieldStrength": 3,
    "Manufacturer": "GE",
    "ManufacturersModelName": "DISCOVERY_MR750",
    "Modality": "MR",
    "NumberofTemporalPositions": 240,
    "PhaseEncodingDirection": "j",
    "PixelBandwidth": 7812.5,
    "PixelSpacing": "3.75\\3.75",
    "PulseSequenceName": "epirtnih",
    "ReconstructionDiameter": 240,
    "RepetitionTime": 2.0,
    "SeriesDescription": "mmi_run 2",
    "SliceThickness": 3,
    "SliceTiming": [
      0.0,
      1.02439,
      0.04878,
      1.073171,
      0.097561,
      1.121951,
      0.146341,
      1.170732,
      0.195122,
      1.219512,
      0.243902,
      1.268293,
      0.292683,
      1.317073,
      0.341463,
      1.365854,
      0.390244,
      1.414634,
      0.439024,
      1.463415,
      0.487805,
      1.512195,
      0.536585,
      1.560976,
      0.585366,
      1.609756,
      0.634146,
      1.658537,
      0.682927,
      1.707317,
      0.731707,
      1.756098,
      0.780488,
      1.804878,
      0.829268,
      1.853659,
      0.878049,
      1.902439,
      0.926829,
      1.95122,
      0.97561
    ],
    "SoftwareVersions": "27 lx mr software release:dv26.0_r01_1725.a",
    "SpacingBetweenSlices": 3.3,
    "StationName": "3TC",
    "TaskName": "MMI",
    "TotalReadoutTime": 0.024948,
    "dataset": "ds003709",
    "modality": "bold",
    "run_id": 2,
    "session_id": "visit1",
    "subject_id": "23639",
    "task_id": "MMI"
  },
  "dummy_trs": 2,
  "dvars_nstd": 22.096855018807336,
  "dvars_std": 1.0630047583944946,
  "dvars_vstd": 0.9792910657798163,
  "efc": 0.4202470564273363,
  "fber": 21336.212890625,
  "fd_mean": 0.14222249388231747,
  "fd_num": 35,
  "fd_perc": 15.981735159817351,
  "fwhm_avg": 2.7181023986147896,
  "fwhm_x": 2.4926986666666666,
  "fwhm_y": 2.59376,
  "fwhm_z": 3.0678485291777027,
  "gcor": 0.0394071,
  "gsr_x": -0.01347761694341898,
  "gsr_y": 0.028561359271407127,
  "provenance": {
    "md5sum": "9fa9324ec330a2b589000ff2f22f9892",
    "settings": {
      "fd_thres": 0.2,
      "testing": false
    },
    "software": "mriqc",
    "version": "21.0.0rc2",
    "webapi_port": null,
    "webapi_url": "https://mriqc.nimh.nih.gov/api/v1"
  },
  "size_t": 219,
  "size_x": 64,
  "size_y": 64,
  "size_z": 41,
  "snr": 3.051656463603561,
  "spacing_tr": 2.0,
  "spacing_x": 3.75,
  "spacing_y": 3.75,
  "spacing_z": 3.299999952316284,
  "summary_bg_k": 99.43554144823102,
  "summary_bg_mad": 13.901933695904777,
  "summary_bg_mean": 47.18668746948242,
  "summary_bg_median": 10.148401260375977,
  "summary_bg_n": 112480.0,
  "summary_bg_p05": 0.28767120838165283,
  "summary_bg_p95": 212.76345596313456,
  "summary_bg_stdv": 124.90519714355469,
  "summary_fg_k": 2.6435161304682646,
  "summary_fg_mad": 376.05285885276675,
  "summary_fg_mean": 1456.668212890625,
  "summary_fg_median": 1362.5250244140625,
  "summary_fg_n": 23377.0,
  "summary_fg_p05": 958.64833984375,
  "summary_fg_p95": 2332.487646484375,
  "summary_fg_stdv": 446.47747802734375,
  "tsnr": 45.399307071464136
}