{
  "aor": 0.006136890756302521,
  "aqi": 0.007830181092436977,
  "bids_meta": {
    "AcquisitionMatrix": "64 0 0 64",
    "DataSharing": "1",
    "EchoTime": 0.03,
    "EffectiveEchoSpacing": 0.000396,
    "FlipAngle": 65,
    "ImagesinAcquisition": 41,
    "InstitutionName": "NIH_FMRIF",
    "InternalPulseSequenceName": "epi",
    "MagneticFieldStrength": 3,
    "Manufacturer": "GE",
    "ManufacturersModelName": "DISCOVERY_MR750",
    "Modality": "MR",
    "NumberofTemporalPositions": 240,
    "PhaseEncodingDirection": "j",
    "PixelBandwidth": 7812.5,
    "PixelSpacing": "3.75\\3.75",
    "PulseSequenceName": "epirtnih",
    "ReconstructionDiameter": 240,
    "RepetitionTime": 2.0,
    "SeriesDescription": "mmi_run 1",
    "SliceThickness": 3,
    "SliceTiming": [
      0.0,
      1.02439,
      0.04878,
      1.073171,
      0.097561,
      1.121951,
      0.146341,
      1.170732,
      0.195122,
      1.219512,
      0.243902,
      1.268293,
      0.292683,
      1.317073,
      0.341463,
      1.365854,
      0.390244,
      1.414634,
      0.439024,
      1.463415,
      0.487805,
      1.512195,
      0.536585,
      1.560976,
      0.585366,
      1.609756,
      0.634146,
      1.658537,
      0.682927,
      1.707317,
      0.731707,
      1.756098,
      0.780488,
      1.804878,
      0.829268,
      1.853659,
      0.878049,
      1.902439,
      0.926829,
      1.95122,
      0.97561
    ],
    "SoftwareVersions": "27 lx mr software release:dv26.0_r01_1725.a",
    "SpacingBetweenSlices": 3.3,
    "StationName": "3TC",
    "TaskName": "MMI",
    "TotalReadoutTime": 0.024948,
    "dataset": "ds003709",
    "modality": "bold",
    "run_id": 1,
    "session_id": "visit1",
    "subject_id": "23520",
    "task_id": "MMI"
  },
  "dummy_trs": 2,
  "dvars_nstd": 31.23482780616035,
  "dvars_std": 1.2214418416033765,
  "dvars_vstd": 1.0506243195780591,
  "efc": 0.4147524782076963,
  "fber": 21800.064453125,
  "fd_mean": 0.20870907407042777,
  "fd_num": 88,
  "fd_perc": 36.97478991596638,
  "fwhm_avg": 2.5200948824149334,
  "fwhm_x": 2.3227333333333333,
  "fwhm_y": 2.3873573333333336,
  "fwhm_z": 2.8501939805781333,
  "gcor": 0.0576271,
  "gsr_x": -0.019890734925866127,
  "gsr_y": 0.034980952739715576,
  "provenance": {
    "md5sum": "c6acf619a2e532b493f41f4043c12d01",
    "settings": {
      "fd_thres": 0.2,
      "testing": false
    },
    "software": "mriqc",
    "version": "21.0.0rc2",
    "webapi_port": null,
    "webapi_url": "https://mriqc.nimh.nih.gov/api/v1"
  },
  "size_t": 238,
  "size_x": 64,
  "size_y": 64,
  "size_z": 41,
  "snr": 3.3723028441949707,
  "spacing_tr": 2.0,
  "spacing_x": 3.75,
  "spacing_y": 3.75,
  "spacing_z": 3.299999952316284,
  "summary_bg_k": 198.06005514883952,
  "summary_bg_mad": 13.35587942656998,
  "summary_bg_mean": 41.70878982543945,
  "summary_bg_median": 10.029412269592285,
  "summary_bg_n": 113215.0,
  "summary_bg_p05": 0.4327731430530548,
  "summary_bg_p95": 182.69454650878902,
  "summary_bg_stdv": 115.56598663330078,
  "summary_fg_k": 1.5170135665286093,
  "summary_fg_mad": 354.5538598124226,
  "summary_fg_mean": 1474.045166015625,
  "summary_fg_median": 1385.210205078125,
  "summary_fg_n": 22915.0,
  "summary_fg_p05": 1004.8748229980469,
  "summary_fg_p95": 2302.7572265624995,
  "summary_fg_stdv": 410.751953125,
  "tsnr": 51.394481141120195
}