{
  "aor": 0.001932,
  "aqi": 0.002990171023255814,
  "bids_meta": {
    "AcquisitionMatrix": "64 0 0 64",
    "DataSharing": "1",
    "EchoTime": 0.03,
    "EffectiveEchoSpacing": 0.000396,
    "FlipAngle": 65,
    "ImagesinAcquisition": 41,
    "InstitutionName": "NIH_FMRIF",
    "InternalPulseSequenceName": "epi",
    "MagneticFieldStrength": 3,
    "Manufacturer": "GE",
    "ManufacturersModelName": "DISCOVERY_MR750",
    "Modality": "MR",
    "NumberofTemporalPositions": 240,
    "PhaseEncodingDirection": "j",
    "PixelBandwidth": 7812.5,
    "PixelSpacing": "3.75\\3.75",
    "PulseSequenceName": "epirtnih",
    "ReconstructionDiameter": 240,
    "RepetitionTime": 2.0,
    "SeriesDescription": "mmi_run 2",
    "SliceThickness": 3,
    "SliceTiming": [
      0.0,
      1.02439,
      0.04878,
      1.073171,
      0.097561,
      1.121951,
      0.146341,
      1.170732,
      0.195122,
      1.219512,
      0.243902,
      1.268293,
      0.292683,
      1.317073,
      0.341463,
      1.365854,
      0.390244,
      1.414634,
      0.439024,
      1.463415,
      0.487805,
      1.512195,
      0.536585,
      1.560976,
      0.585366,
      1.609756,
      0.634146,
      1.658537,
      0.682927,
      1.707317,
      0.731707,
      1.756098,
      0.780488,
      1.804878,
      0.829268,
      1.853659,
      0.878049,
      1.902439,
      0.926829,
      1.95122,
      0.97561
    ],
    "SoftwareVersions": "27 lx mr software release:dv26.0_r01_1725.a",
    "SpacingBetweenSlices": 3.3,
    "StationName": "3TC",
    "TaskName": "MMI",
    "TotalReadoutTime": 0.024948,
    "dataset": "ds003709",
    "modality": "bold",
    "run_id": 2,
    "session_id": "visit1",
    "subject_id": "23820",
    "task_id": "MMI"
  },
  "dummy_trs": 2,
  "dvars_nstd": 16.26201374303739,
  "dvars_std": 1.084261020280374,
  "dvars_vstd": 0.9994789917289713,
  "efc": 0.38093064279107897,
  "fber": 24203.791015625,
  "fd_mean": 0.0677831837577035,
  "fd_num": 8,
  "fd_perc": 3.7209302325581395,
  "fwhm_avg": 2.3269558908967993,
  "fwhm_x": 2.182506666666667,
  "fwhm_y": 2.284330666666667,
  "fwhm_z": 2.5140303393570633,
  "gcor": 0.0425674,
  "gsr_x": -0.011913937516510487,
  "gsr_y": 0.0066828178241848946,
  "provenance": {
    "md5sum": "574c1f2a8a9b877a5b508e951e81415d",
    "settings": {
      "fd_thres": 0.2,
      "testing": false
    },
    "software": "mriqc",
    "version": "21.0.0rc2",
    "webapi_port": null,
    "webapi_url": "https://mriqc.nimh.nih.gov/api/v1"
  },
  "size_t": 215,
  "size_x": 64,
  "size_y": 64,
  "size_z": 41,
  "snr": 3.6583791089809887,
  "spacing_tr": 2.0,
  "spacing_x": 3.75,
  "spacing_y": 3.75,
  "spacing_z": 3.299999952316284,
  "summary_bg_k": 48.191527571189965,
  "summary_bg_mad": 12.288358420519838,
  "summary_bg_mean": 41.049468994140625,
  "summary_bg_median": 9.348836898803711,
  "summary_bg_n": 120184.0,
  "summary_bg_p05": 0.4790697693824768,
  "summary_bg_p95": 183.70627441406245,
  "summary_bg_stdv": 104.55943298339844,
  "summary_fg_k": 1.8041030827071394,
  "summary_fg_mad": 315.5425269745617,
  "summary_fg_mean": 1431.8006591796875,
  "summary_fg_median": 1359.1697998046875,
  "summary_fg_n": 17536.0,
  "summary_fg_p05": 995.3232421875,
  "summary_fg_p95": 2175.3313598632812,
  "summary_fg_stdv": 371.5118103027344,
  "tsnr": 79.09081782912835
}