{
  "aor": 0.018384879227053137,
  "aqi": 0.00537841961352657,
  "bids_meta": {
    "AcquisitionMatrix": "64 0 0 64",
    "DataSharing": "1",
    "EchoTime": 0.03,
    "EffectiveEchoSpacing": 0.000396,
    "FlipAngle": 65,
    "ImagesinAcquisition": 41,
    "InstitutionName": "NIH_FMRIF",
    "InternalPulseSequenceName": "epi",
    "MagneticFieldStrength": 3,
    "Manufacturer": "GE",
    "ManufacturersModelName": "DISCOVERY_MR750",
    "Modality": "MR",
    "NumberofTemporalPositions": 240,
    "PhaseEncodingDirection": "j",
    "PixelBandwidth": 7812.5,
    "PixelSpacing": "3.75\\3.75",
    "PulseSequenceName": "epirtnih",
    "ReconstructionDiameter": 240,
    "RepetitionTime": 2.0,
    "SeriesDescription": "mmi_run 1",
    "SliceThickness": 3,
    "SliceTiming": [
      0.0,
      1.02439,
      0.04878,
      1.073171,
      0.097561,
      1.121951,
      0.146341,
      1.170732,
      0.195122,
      1.219512,
      0.243902,
      1.268293,
      0.292683,
      1.317073,
      0.341463,
      1.365854,
      0.390244,
      1.414634,
      0.439024,
      1.463415,
      0.487805,
      1.512195,
      0.536585,
      1.560976,
      0.585366,
      1.609756,
      0.634146,
      1.658537,
      0.682927,
      1.707317,
      0.731707,
      1.756098,
      0.780488,
      1.804878,
      0.829268,
      1.853659,
      0.878049,
      1.902439,
      0.926829,
      1.95122,
      0.97561
    ],
    "SoftwareVersions": "27 lx mr software release:dv26.0_r01_1725.a",
    "SpacingBetweenSlices": 3.3,
    "StationName": "3TC",
    "TaskName": "MMI",
    "TotalReadoutTime": 0.024948,
    "dataset": "ds003709",
    "modality": "bold",
    "run_id": 1,
    "session_id": "visit1",
    "subject_id": "23639",
    "task_id": "MMI"
  },
  "dummy_trs": 3,
  "dvars_nstd": 19.946804250242725,
  "dvars_std": 1.1621128843689317,
  "dvars_vstd": 1.1046728553398057,
  "efc": 0.42078956454013355,
  "fber": 21996.0546875,
  "fd_mean": 0.10871628022528405,
  "fd_num": 19,
  "fd_perc": 9.178743961352657,
  "fwhm_avg": 2.675445266811627,
  "fwhm_x": 2.4841493333333333,
  "fwhm_y": 2.576077333333333,
  "fwhm_z": 2.9661091337682133,
  "gcor": 0.0345402,
  "gsr_x": -0.014045561663806438,
  "gsr_y": 0.02679428830742836,
  "provenance": {
    "md5sum": "8a64b5d27ef98102a380cf826eec9fc5",
    "settings": {
      "fd_thres": 0.2,
      "testing": false
    },
    "software": "mriqc",
    "version": "21.0.0rc2",
    "webapi_port": null,
    "webapi_url": "https://mriqc.nimh.nih.gov/api/v1"
  },
  "size_t": 207,
  "size_x": 64,
  "size_y": 64,
  "size_z": 41,
  "snr": 3.1323804150451333,
  "spacing_tr": 2.0,
  "spacing_x": 3.75,
  "spacing_y": 3.75,
  "spacing_z": 3.299999952316284,
  "summary_bg_k": 93.9335296707522,
  "summary_bg_mad": 13.59410173587981,
  "summary_bg_mean": 46.842830657958984,
  "summary_bg_median": 9.990338325500488,
  "summary_bg_n": 112325.0,
  "summary_bg_p05": 0.33816424012184143,
  "summary_bg_p95": 210.62994995117003,
  "summary_bg_stdv": 125.07898712158203,
  "summary_fg_k": 2.4856499079825927,
  "summary_fg_mad": 369.125059741173,
  "summary_fg_mean": 1455.6912841796875,
  "summary_fg_median": 1365.22705078125,
  "summary_fg_n": 23443.0,
  "summary_fg_p05": 966.055517578125,
  "summary_fg_p95": 2306.467089843749,
  "summary_fg_stdv": 435.8340148925781,
  "tsnr": 54.72935035591945
}