{
  "aor": 0.013146565217391304,
  "aqi": 0.011724774173913044,
  "bids_meta": {
    "AcquisitionMatrix": "64 0 0 64",
    "DataSharing": "1",
    "EchoTime": 0.03,
    "EffectiveEchoSpacing": 0.000396,
    "FlipAngle": 65,
    "ImagesinAcquisition": 41,
    "InstitutionName": "NIH_FMRIF",
    "InternalPulseSequenceName": "epi",
    "MagneticFieldStrength": 3,
    "Manufacturer": "GE",
    "ManufacturersModelName": "DISCOVERY_MR750",
    "Modality": "MR",
    "NumberofTemporalPositions": 240,
    "PhaseEncodingDirection": "j",
    "PixelBandwidth": 7812.5,
    "PixelSpacing": "3.75\\3.75",
    "PulseSequenceName": "epirtnih",
    "ReconstructionDiameter": 240,
    "RepetitionTime": 2.0,
    "SeriesDescription": "mmi_run 3",
    "SliceThickness": 3,
    "SliceTiming": [
      0.0,
      1.02439,
      0.04878,
      1.073171,
      0.097561,
      1.121951,
      0.146341,
      1.170732,
      0.195122,
      1.219512,
      0.243902,
      1.268293,
      0.292683,
      1.317073,
      0.341463,
      1.365854,
      0.390244,
      1.414634,
      0.439024,
      1.463415,
      0.487805,
      1.512195,
      0.536585,
      1.560976,
      0.585366,
      1.609756,
      0.634146,
      1.658537,
      0.682927,
      1.707317,
      0.731707,
      1.756098,
      0.780488,
      1.804878,
      0.829268,
      1.853659,
      0.878049,
      1.902439,
      0.926829,
      1.95122,
      0.97561
    ],
    "SoftwareVersions": "27 lx mr software release:dv26.0_r01_1725.a",
    "SpacingBetweenSlices": 3.3,
    "StationName": "3TC",
    "TaskName": "MMI",
    "TotalReadoutTime": 0.024948,
    "dataset": "ds003709",
    "modality": "bold",
    "run_id": 3,
    "session_id": "visit1",
    "subject_id": "23639",
    "task_id": "MMI"
  },
  "dummy_trs": 2,
  "dvars_nstd": 31.358520466157184,
  "dvars_std": 1.014640888951965,
  "dvars_vstd": 0.9631257158515285,
  "efc": 0.42201253509233017,
  "fber": 19906.2578125,
  "fd_mean": 0.31909638210618424,
  "fd_num": 87,
  "fd_perc": 37.82608695652174,
  "fwhm_avg": 2.7423090249550643,
  "fwhm_x": 2.5163813333333334,
  "fwhm_y": 2.626576,
  "fwhm_z": 3.083969741531859,
  "gcor": 0.0889316,
  "gsr_x": -0.014315793290734291,
  "gsr_y": 0.030385132879018784,
  "provenance": {
    "md5sum": "8375224a64e193c24829f1c070b83ca0",
    "settings": {
      "fd_thres": 0.2,
      "testing": false
    },
    "software": "mriqc",
    "version": "21.0.0rc2",
    "webapi_port": null,
    "webapi_url": "https://mriqc.nimh.nih.gov/api/v1"
  },
  "size_t": 230,
  "size_x": 64,
  "size_y": 64,
  "size_z": 41,
  "snr": 3.091621897457732,
  "spacing_tr": 2.0,
  "spacing_x": 3.75,
  "spacing_y": 3.75,
  "spacing_z": 3.299999952316284,
  "summary_bg_k": 105.73947694488503,
  "summary_bg_mad": 14.432810156309001,
  "summary_bg_mean": 48.207923889160156,
  "summary_bg_median": 10.526086807250977,
  "summary_bg_n": 112484.0,
  "summary_bg_p05": 0.29999998211860657,
  "summary_bg_p95": 214.08803176879863,
  "summary_bg_stdv": 127.75050354003906,
  "summary_fg_k": 2.5527076288489035,
  "summary_fg_mad": 374.49252498718494,
  "summary_fg_mean": 1452.0487060546875,
  "summary_fg_median": 1362.449951171875,
  "summary_fg_n": 23462.0,
  "summary_fg_p05": 955.1875427246093,
  "summary_fg_p95": 2319.105200195313,
  "summary_fg_stdv": 440.6816101074219,
  "tsnr": 32.478803624399006
}