{
  "bids_meta": {
    "AcquisitionMatrix": "0 256 256 0",
    "AcquisitionNumber": 1,
    "Columns": 256,
    "DataSharing": "1",
    "EchoNumber(s)": 1,
    "EchoTime": 0.003476,
    "EchoTrainLength": 1,
    "FlipAngle": 7,
    "ImagesinAcquisition": 172,
    "In-planePhaseEncodingDirection": "row",
    "InstitutionName": "NIH_FMRIF",
    "InternalPulseSequenceName": "efgre3d",
    "InversionTime": 0.9,
    "MRAcquisitionType": "3d",
    "MagneticFieldStrength": 3,
    "Manufacturer": "GE",
    "Manufacturer'sModelName": "discovery mr750",
    "ManufacturersModelName": "DISCOVERY_MR750",
    "Modality": "MR",
    "NumberofAverages": 1,
    "PixelBandwidth": 195.312,
    "PixelSpacing": "1\\1",
    "PrivateIn-PlanePhaseEncodingDirection": "row",
    "PulseSequenceName": "mprage",
    "ReceiveCoilName": "32ch head",
    "ReconstructionDiameter": 256,
    "RepetitionTime": 0.00766,
    "Rows": 256,
    "SamplesperPixel": 1,
    "ScanOptions": "edr_gems\\filtered_gems\\acc_gems\\ir_gems",
    "SeriesDescription": "anat_t1w_mp_rage_1mm",
    "SeriesNumber": 9,
    "SliceLocation": -87.84705353,
    "SliceThickness": 1,
    "SoftwareVersion(s)": "27\\lx\\mr software release:dv26.0_r01_1725.a",
    "SoftwareVersions": "27 lx mr software release:dv26.0_r01_1725.a",
    "SpacingBetweenSlices": 1,
    "StationName": "3TC",
    "dataset": "ds003709",
    "modality": "T1w",
    "run_id": 1,
    "session_id": "visit1",
    "subject_id": "23540"
  },
  "cjv": 0.3472422362675075,
  "cnr": 3.8650569100142977,
  "efc": 0.6784734332453274,
  "fber": 4531.673855251736,
  "fwhm_avg": 3.400266666666667,
  "fwhm_x": 3.43519,
  "fwhm_y": 3.5168,
  "fwhm_z": 3.24881,
  "icvs_csf": 0.2790419801788633,
  "icvs_gm": 0.36759034531559626,
  "icvs_wm": 0.35336767450554046,
  "inu_med": 1.0976536273956299,
  "inu_range": 0.1899295449256897,
  "provenance": {
    "md5sum": "3ff22f3b08078476a2a3f30837128375",
    "settings": {
      "testing": false
    },
    "software": "mriqc",
    "version": "21.0.0rc2",
    "warnings": {
      "large_rot_frame": true,
      "small_air_mask": false
    },
    "webapi_port": null,
    "webapi_url": "https://mriqc.nimh.nih.gov/api/v1"
  },
  "qi_1": 1.035190563794358e-05,
  "qi_2": 0.004861903491419473,
  "rpve_csf": 18.53024992139529,
  "rpve_gm": 12.983285341096472,
  "rpve_wm": 18.72970905057201,
  "size_x": 172,
  "size_y": 256,
  "size_z": 256,
  "snr_csf": 2.77096817209489,
  "snr_gm": 7.136503411691788,
  "snr_total": 8.640609469402177,
  "snr_wm": 16.014356824419856,
  "snrd_csf": 31.111735968635045,
  "snrd_gm": 65.0250998193567,
  "snrd_total": 68.65203109109865,
  "snrd_wm": 109.8192574853042,
  "spacing_x": 1.0,
  "spacing_y": 1.0,
  "spacing_z": 1.0,
  "summary_bg_k": 4.440900543892661,
  "summary_bg_mad": 5.965587184048185,
  "summary_bg_mean": 14.87157565887905,
  "summary_bg_median": 6.014850251376629,
  "summary_bg_n": 1096322.0,
  "summary_bg_p05": 1.991122841835022,
  "summary_bg_p95": 59.27738627046347,
  "summary_bg_stdv": 18.827580630783526,
  "summary_csf_k": 0.4172870997786551,
  "summary_csf_mad": 111.13212413994918,
  "summary_csf_mean": 290.5227311677434,
  "summary_csf_median": 283.2994468398392,
  "summary_csf_n": 18858.0,
  "summary_csf_p05": 144.3564060330391,
  "summary_csf_p95": 460.98641961067915,
  "summary_csf_stdv": 102.23572331390413,
  "summary_gm_k": -0.04321676023460075,
  "summary_gm_mad": 81.55019181492673,
  "summary_gm_mean": 591.9015133021223,
  "summary_gm_median": 592.1101550906897,
  "summary_gm_n": 15171.0,
  "summary_gm_p05": 451.507845249027,
  "summary_gm_p95": 730.0991162024438,
  "summary_gm_stdv": 82.9664901805632,
  "summary_wm_k": 0.3316262893830433,
  "summary_wm_mad": 60.08637813211419,
  "summary_wm_mean": 1000.69449530977,
  "summary_wm_median": 999.9999655857682,
  "summary_wm_n": 206093.0,
  "summary_wm_p05": 899.6141889765859,
  "summary_wm_p95": 1104.4924330562353,
  "summary_wm_stdv": 62.443815287595385,
  "tpm_overlap_csf": 0.15174224972724915,
  "tpm_overlap_gm": 0.3942198157310486,
  "tpm_overlap_wm": 0.5010095834732056,
  "wm2max": 0.6064973815160467
}