{
  "aor": 0.010141045454545455,
  "aqi": 0.008680647818181819,
  "bids_meta": {
    "AcquisitionMatrix": "64 0 0 64",
    "DataSharing": "1",
    "EchoTime": 0.03,
    "EffectiveEchoSpacing": 0.000396,
    "FlipAngle": 65,
    "ImagesinAcquisition": 41,
    "InstitutionName": "NIH_FMRIF",
    "InternalPulseSequenceName": "epi",
    "MagneticFieldStrength": 3,
    "Manufacturer": "GE",
    "ManufacturersModelName": "DISCOVERY_MR750",
    "Modality": "MR",
    "NumberofTemporalPositions": 240,
    "PhaseEncodingDirection": "j",
    "PixelBandwidth": 7812.5,
    "PixelSpacing": "3.75\\3.75",
    "PulseSequenceName": "epirtnih",
    "ReconstructionDiameter": 240,
    "RepetitionTime": 2.0,
    "SeriesDescription": "mmi_run 2",
    "SliceThickness": 3,
    "SliceTiming": [
      0.0,
      1.02439,
      0.04878,
      1.073171,
      0.097561,
      1.121951,
      0.146341,
      1.170732,
      0.195122,
      1.219512,
      0.243902,
      1.268293,
      0.292683,
      1.317073,
      0.341463,
      1.365854,
      0.390244,
      1.414634,
      0.439024,
      1.463415,
      0.487805,
      1.512195,
      0.536585,
      1.560976,
      0.585366,
      1.609756,
      0.634146,
      1.658537,
      0.682927,
      1.707317,
      0.731707,
      1.756098,
      0.780488,
      1.804878,
      0.829268,
      1.853659,
      0.878049,
      1.902439,
      0.926829,
      1.95122,
      0.97561
    ],
    "SoftwareVersions": "27 lx mr software release:dv26.0_r01_1725.a",
    "SpacingBetweenSlices": 3.3,
    "StationName": "3TA",
    "TaskName": "MMI",
    "TotalReadoutTime": 0.024948,
    "dataset": "ds003709",
    "modality": "bold",
    "run_id": 2,
    "session_id": "visit1",
    "subject_id": "23890",
    "task_id": "MMI"
  },
  "dummy_trs": 2,
  "dvars_nstd": 19.6275282910959,
  "dvars_std": 1.0616440499086763,
  "dvars_vstd": 0.9269932052511419,
  "efc": 0.3891171625079907,
  "fber": 52434.7109375,
  "fd_mean": 0.11665216409599757,
  "fd_num": 27,
  "fd_perc": 12.272727272727273,
  "fwhm_avg": 2.3261957291827886,
  "fwhm_x": 2.2071866666666664,
  "fwhm_y": 2.2776853333333333,
  "fwhm_z": 2.4937151875483656,
  "gcor": 0.0328994,
  "gsr_x": -0.012829937972128391,
  "gsr_y": 0.012499367818236351,
  "provenance": {
    "md5sum": "3cd8dbb9a7d89b255ab02f3b6f242a76",
    "settings": {
      "fd_thres": 0.2,
      "testing": false
    },
    "software": "mriqc",
    "version": "21.0.0rc2",
    "webapi_port": null,
    "webapi_url": "https://mriqc.nimh.nih.gov/api/v1"
  },
  "size_t": 220,
  "size_x": 64,
  "size_y": 64,
  "size_z": 41,
  "snr": 4.5809791010109135,
  "spacing_tr": 2.0,
  "spacing_x": 3.75,
  "spacing_y": 3.75,
  "spacing_z": 3.299999952316284,
  "summary_bg_k": 84.44293654761691,
  "summary_bg_mad": 11.820383357386975,
  "summary_bg_mean": 35.337154388427734,
  "summary_bg_median": 9.104545593261719,
  "summary_bg_n": 116136.0,
  "summary_bg_p05": 0.5363636016845703,
  "summary_bg_p95": 157.7431755065918,
  "summary_bg_stdv": 87.19429779052734,
  "summary_fg_k": 1.4540342080254973,
  "summary_fg_mad": 375.2464043257085,
  "summary_fg_mean": 2032.187744140625,
  "summary_fg_median": 1967.236328125,
  "summary_fg_n": 20597.0,
  "summary_fg_p05": 1462.849072265625,
  "summary_fg_p95": 2838.153515625,
  "summary_fg_stdv": 429.42535400390625,
  "tsnr": 59.085634445305914
}