{
  "aor": 0.0018738528138528142,
  "aqi": 0.006456528441558441,
  "bids_meta": {
    "AcquisitionMatrix": "64 0 0 64",
    "DataSharing": "1",
    "EchoTime": 0.03,
    "EffectiveEchoSpacing": 0.000396,
    "FlipAngle": 65,
    "ImagesinAcquisition": 41,
    "InstitutionName": "NIH_FMRIF",
    "InternalPulseSequenceName": "epi",
    "MagneticFieldStrength": 3,
    "Manufacturer": "GE",
    "ManufacturersModelName": "DISCOVERY_MR750",
    "Modality": "MR",
    "NumberofTemporalPositions": 240,
    "PhaseEncodingDirection": "j",
    "PixelBandwidth": 7812.5,
    "PixelSpacing": "3.75\\3.75",
    "PulseSequenceName": "epirtnih",
    "ReconstructionDiameter": 240,
    "RepetitionTime": 2.0,
    "SeriesDescription": "mmi_run3",
    "SliceThickness": 3,
    "SliceTiming": [
      0.0,
      1.02439,
      0.04878,
      1.073171,
      0.097561,
      1.121951,
      0.146341,
      1.170732,
      0.195122,
      1.219512,
      0.243902,
      1.268293,
      0.292683,
      1.317073,
      0.341463,
      1.365854,
      0.390244,
      1.414634,
      0.439024,
      1.463415,
      0.487805,
      1.512195,
      0.536585,
      1.560976,
      0.585366,
      1.609756,
      0.634146,
      1.658537,
      0.682927,
      1.707317,
      0.731707,
      1.756098,
      0.780488,
      1.804878,
      0.829268,
      1.853659,
      0.878049,
      1.902439,
      0.926829,
      1.95122,
      0.97561
    ],
    "SoftwareVersions": "27 lx mr software release:dv26.0_r01_1725.a",
    "SpacingBetweenSlices": 3.3,
    "StationName": "3TA",
    "TaskName": "MMI",
    "TotalReadoutTime": 0.024948,
    "dataset": "ds003709",
    "modality": "bold",
    "run_id": 3,
    "session_id": "visit1",
    "subject_id": "23890",
    "task_id": "MMI"
  },
  "dummy_trs": 3,
  "dvars_nstd": 19.10009058652173,
  "dvars_std": 1.084725271521739,
  "dvars_vstd": 0.9325165355652167,
  "efc": 0.388907037172407,
  "fber": 52907.21875,
  "fd_mean": 0.126860966526157,
  "fd_num": 40,
  "fd_perc": 17.316017316017316,
  "fwhm_avg": 2.306185789787652,
  "fwhm_x": 2.1834453333333332,
  "fwhm_y": 2.241645333333333,
  "fwhm_z": 2.4934667026962907,
  "gcor": 0.019869,
  "gsr_x": -0.012492265552282333,
  "gsr_y": 0.011941712349653244,
  "provenance": {
    "md5sum": "17d4af20a295af36fbd0c196f74f038e",
    "settings": {
      "fd_thres": 0.2,
      "testing": false
    },
    "software": "mriqc",
    "version": "21.0.0rc2",
    "webapi_port": null,
    "webapi_url": "https://mriqc.nimh.nih.gov/api/v1"
  },
  "size_t": 231,
  "size_x": 64,
  "size_y": 64,
  "size_z": 41,
  "snr": 4.56332205167952,
  "spacing_tr": 2.0,
  "spacing_x": 3.75,
  "spacing_y": 3.75,
  "spacing_z": 3.299999952316284,
  "summary_bg_k": 85.71851441252703,
  "summary_bg_mad": 11.825518183362183,
  "summary_bg_mean": 35.46611022949219,
  "summary_bg_median": 9.084415435791016,
  "summary_bg_n": 116208.0,
  "summary_bg_p05": 0.4848484992980957,
  "summary_bg_p95": 159.02857589721668,
  "summary_bg_stdv": 87.39867401123047,
  "summary_fg_k": 1.3607362115277448,
  "summary_fg_mad": 375.18179385305143,
  "summary_fg_mean": 2035.026123046875,
  "summary_fg_median": 1967.7186279296875,
  "summary_fg_n": 20581.0,
  "summary_fg_p05": 1464.012939453125,
  "summary_fg_p95": 2849.822509765625,
  "summary_fg_stdv": 431.192626953125,
  "tsnr": 64.43224688933697
}