{
  "aor": 0.015100917030567687,
  "aqi": 0.008327781397379911,
  "bids_meta": {
    "AcquisitionMatrix": "64 0 0 64",
    "DataSharing": "1",
    "EchoTime": 0.03,
    "EffectiveEchoSpacing": 0.000396,
    "FlipAngle": 65,
    "ImagesinAcquisition": 41,
    "InstitutionName": "NIH_FMRIF",
    "InternalPulseSequenceName": "epi",
    "MagneticFieldStrength": 3,
    "Manufacturer": "GE",
    "ManufacturersModelName": "DISCOVERY_MR750",
    "Modality": "MR",
    "NumberofTemporalPositions": 240,
    "PhaseEncodingDirection": "j",
    "PixelBandwidth": 7812.5,
    "PixelSpacing": "3.75\\3.75",
    "PulseSequenceName": "epirtnih",
    "ReconstructionDiameter": 240,
    "RepetitionTime": 2.0,
    "SeriesDescription": "mmi_run 3",
    "SliceThickness": 3,
    "SliceTiming": [
      0.0,
      1.02439,
      0.04878,
      1.073171,
      0.097561,
      1.121951,
      0.146341,
      1.170732,
      0.195122,
      1.219512,
      0.243902,
      1.268293,
      0.292683,
      1.317073,
      0.341463,
      1.365854,
      0.390244,
      1.414634,
      0.439024,
      1.463415,
      0.487805,
      1.512195,
      0.536585,
      1.560976,
      0.585366,
      1.609756,
      0.634146,
      1.658537,
      0.682927,
      1.707317,
      0.731707,
      1.756098,
      0.780488,
      1.804878,
      0.829268,
      1.853659,
      0.878049,
      1.902439,
      0.926829,
      1.95122,
      0.97561
    ],
    "SoftwareVersions": "27 lx mr software release:dv26.0_r01_1725.a",
    "SpacingBetweenSlices": 3.3,
    "StationName": "3TA",
    "TaskName": "MMI",
    "TotalReadoutTime": 0.024948,
    "dataset": "ds003709",
    "modality": "bold",
    "run_id": 3,
    "session_id": "visit1",
    "subject_id": "23613",
    "task_id": "MMI"
  },
  "dummy_trs": 2,
  "dvars_nstd": 17.273965174517542,
  "dvars_std": 1.1302327103947372,
  "dvars_vstd": 1.0825782861842101,
  "efc": 0.40911340941913127,
  "fber": 38687.68359375,
  "fd_mean": 0.14883787425543266,
  "fd_num": 37,
  "fd_perc": 16.157205240174672,
  "fwhm_avg": 2.1660448248684236,
  "fwhm_x": 2.061274666666667,
  "fwhm_y": 2.144069197017085,
  "fwhm_z": 2.29279061092152,
  "gcor": 0.0505206,
  "gsr_x": -0.009189607575535774,
  "gsr_y": 0.014177399687469006,
  "provenance": {
    "md5sum": "ec55685a12711cf51ceff78148378427",
    "settings": {
      "fd_thres": 0.2,
      "testing": false
    },
    "software": "mriqc",
    "version": "21.0.0rc2",
    "webapi_port": null,
    "webapi_url": "https://mriqc.nimh.nih.gov/api/v1"
  },
  "size_t": 229,
  "size_x": 64,
  "size_y": 64,
  "size_z": 41,
  "snr": 5.0991350820935315,
  "spacing_tr": 2.0,
  "spacing_x": 3.75,
  "spacing_y": 3.750000238418579,
  "spacing_z": 3.3000004291534424,
  "summary_bg_k": 57.12662011685733,
  "summary_bg_mad": 14.172123933334902,
  "summary_bg_mean": 46.237632751464844,
  "summary_bg_median": 10.558952331542969,
  "summary_bg_n": 114479.0,
  "summary_bg_p05": 0.44541484117507935,
  "summary_bg_p95": 212.64235839843747,
  "summary_bg_stdv": 116.84187316894531,
  "summary_fg_k": 0.8781823544355372,
  "summary_fg_mad": 345.96754425424865,
  "summary_fg_mean": 1975.9595947265625,
  "summary_fg_median": 1932.7314453125,
  "summary_fg_n": 21762.0,
  "summary_fg_p05": 1441.1541442871094,
  "summary_fg_p95": 2659.76484375,
  "summary_fg_stdv": 379.02252197265625,
  "tsnr": 50.93366406974383
}