{
  "aor": 0.02149785714285714,
  "aqi": 0.017493379579831932,
  "bids_meta": {
    "AcquisitionMatrix": "64 0 0 64",
    "DataSharing": "1",
    "EchoTime": 0.03,
    "EffectiveEchoSpacing": 0.000396,
    "FlipAngle": 65,
    "ImagesinAcquisition": 41,
    "InstitutionName": "NIH_FMRIF",
    "InternalPulseSequenceName": "epi",
    "MagneticFieldStrength": 3,
    "Manufacturer": "GE",
    "ManufacturersModelName": "DISCOVERY_MR750",
    "Modality": "MR",
    "NumberofTemporalPositions": 240,
    "PhaseEncodingDirection": "j",
    "PixelBandwidth": 7812.5,
    "PixelSpacing": "3.75\\3.75",
    "PulseSequenceName": "epirtnih",
    "ReconstructionDiameter": 240,
    "RepetitionTime": 2.0,
    "SeriesDescription": "mmi_run 2",
    "SliceThickness": 3,
    "SliceTiming": [
      0.0,
      1.02439,
      0.04878,
      1.073171,
      0.097561,
      1.121951,
      0.146341,
      1.170732,
      0.195122,
      1.219512,
      0.243902,
      1.268293,
      0.292683,
      1.317073,
      0.341463,
      1.365854,
      0.390244,
      1.414634,
      0.439024,
      1.463415,
      0.487805,
      1.512195,
      0.536585,
      1.560976,
      0.585366,
      1.609756,
      0.634146,
      1.658537,
      0.682927,
      1.707317,
      0.731707,
      1.756098,
      0.780488,
      1.804878,
      0.829268,
      1.853659,
      0.878049,
      1.902439,
      0.926829,
      1.95122,
      0.97561
    ],
    "SoftwareVersions": "27 lx mr software release:dv26.0_r01_1725.a",
    "SpacingBetweenSlices": 3.3,
    "StationName": "3TA",
    "TaskName": "MMI",
    "TotalReadoutTime": 0.024948,
    "dataset": "ds003709",
    "modality": "bold",
    "run_id": 2,
    "session_id": "visit1",
    "subject_id": "23613",
    "task_id": "MMI"
  },
  "dummy_trs": 2,
  "dvars_nstd": 21.202494460084395,
  "dvars_std": 1.223092258776371,
  "dvars_vstd": 1.391707977257384,
  "efc": 0.4118769772385243,
  "fber": 36556.5703125,
  "fd_mean": 0.18936094283540023,
  "fd_num": 56,
  "fd_perc": 23.529411764705884,
  "fwhm_avg": 2.149494158645075,
  "fwhm_x": 2.018288,
  "fwhm_y": 2.1510371965740713,
  "fwhm_z": 2.279157279361154,
  "gcor": 0.0615189,
  "gsr_x": -0.009867475368082523,
  "gsr_y": 0.01570204831659794,
  "provenance": {
    "md5sum": "8e9338eeb472554044837b3e32ed6663",
    "settings": {
      "fd_thres": 0.2,
      "testing": false
    },
    "software": "mriqc",
    "version": "21.0.0rc2",
    "webapi_port": null,
    "webapi_url": "https://mriqc.nimh.nih.gov/api/v1"
  },
  "size_t": 238,
  "size_x": 64,
  "size_y": 64,
  "size_z": 41,
  "snr": 5.148703678179978,
  "spacing_tr": 2.0,
  "spacing_x": 3.75,
  "spacing_y": 3.750000238418579,
  "spacing_z": 3.3000004291534424,
  "summary_bg_k": 60.49766663980188,
  "summary_bg_mad": 14.707663589138667,
  "summary_bg_mean": 47.27614212036133,
  "summary_bg_median": 10.890756607055664,
  "summary_bg_n": 114218.0,
  "summary_bg_p05": 0.4705882668495178,
  "summary_bg_p95": 217.41072921752917,
  "summary_bg_stdv": 117.8675537109375,
  "summary_fg_k": 0.8664543190145464,
  "summary_fg_mad": 343.22259456576296,
  "summary_fg_mean": 1969.977783203125,
  "summary_fg_median": 1928.9622802734375,
  "summary_fg_n": 21919.0,
  "summary_fg_p05": 1437.7718872070313,
  "summary_fg_p95": 2645.2044189453127,
  "summary_fg_stdv": 374.64154052734375,
  "tsnr": 45.141938265413046
}