{
  "bids_meta": {
    "AcquisitionMatrix": "0 256 256 0",
    "AcquisitionNumber": 1,
    "Columns": 256,
    "DataSharing": "1",
    "EchoNumber(s)": 1,
    "EchoTime": 0.003476,
    "EchoTrainLength": 1,
    "FlipAngle": 7,
    "ImagesinAcquisition": 172,
    "In-planePhaseEncodingDirection": "row",
    "InstitutionName": "NIH_FMRIF",
    "InternalPulseSequenceName": "efgre3d",
    "InversionTime": 0.9,
    "MRAcquisitionType": "3d",
    "MagneticFieldStrength": 3,
    "Manufacturer": "GE",
    "Manufacturer'sModelName": "discovery mr750",
    "ManufacturersModelName": "DISCOVERY_MR750",
    "Modality": "MR",
    "NumberofAverages": 1,
    "PixelBandwidth": 195.312,
    "PixelSpacing": "1\\1",
    "PrivateIn-PlanePhaseEncodingDirection": "row",
    "PulseSequenceName": "mprage",
    "ReceiveCoilName": "32ch head",
    "ReconstructionDiameter": 256,
    "RepetitionTime": 0.00766,
    "Rows": 256,
    "SamplesperPixel": 1,
    "ScanOptions": "edr_gems\\filtered_gems\\acc_gems\\ir_gems",
    "SeriesDescription": "anat_t1w_mp_rage_1mm",
    "SeriesNumber": 3,
    "SliceLocation": -86.67514801,
    "SliceThickness": 1,
    "SoftwareVersion(s)": "27\\lx\\mr software release:dv26.0_r01_1725.a",
    "SoftwareVersions": "27 lx mr software release:dv26.0_r01_1725.a",
    "SpacingBetweenSlices": 1,
    "StationName": "3TC",
    "dataset": "ds003709",
    "modality": "T1w",
    "run_id": 1,
    "session_id": "visit1",
    "subject_id": "23673"
  },
  "cjv": 0.4082290897325715,
  "cnr": 3.248261583184316,
  "efc": 0.6756628194415867,
  "fber": 2333.8481148828632,
  "fwhm_avg": 3.0589933333333335,
  "fwhm_x": 3.05393,
  "fwhm_y": 3.21895,
  "fwhm_z": 2.9041,
  "icvs_csf": 0.27345265750860565,
  "icvs_gm": 0.373111792125993,
  "icvs_wm": 0.35343555036540136,
  "inu_med": 1.3084396123886108,
  "inu_range": 0.21775805950164795,
  "provenance": {
    "md5sum": "cfbdedc0baac84db9214ca85284e76f7",
    "settings": {
      "testing": false
    },
    "software": "mriqc",
    "version": "21.0.0rc2",
    "warnings": {
      "large_rot_frame": true,
      "small_air_mask": false
    },
    "webapi_port": null,
    "webapi_url": "https://mriqc.nimh.nih.gov/api/v1"
  },
  "qi_1": 0.0,
  "qi_2": 0.002986200551104057,
  "rpve_csf": 24.91129143661796,
  "rpve_gm": 17.03971058903122,
  "rpve_wm": 23.899822808317786,
  "size_x": 172,
  "size_y": 256,
  "size_z": 256,
  "snr_csf": 3.6582873613554514,
  "snr_gm": 8.063310324546988,
  "snr_total": 8.373906188091993,
  "snr_wm": 13.400120878373542,
  "snrd_csf": 17.52088946715372,
  "snrd_gm": 29.996950624680192,
  "snrd_total": 31.58313555587608,
  "snrd_wm": 47.23156657579432,
  "spacing_x": 1.0,
  "spacing_y": 1.0,
  "spacing_z": 1.0,
  "summary_bg_k": 5.79722199196082,
  "summary_bg_mad": 13.871080400416774,
  "summary_bg_mean": 23.7284392896782,
  "summary_bg_median": 12.625437043607235,
  "summary_bg_n": 1218755.0,
  "summary_bg_p05": 3.2695354893803596,
  "summary_bg_p95": 91.39609206467867,
  "summary_bg_stdv": 29.104653366405756,
  "summary_csf_k": 0.18298028291264234,
  "summary_csf_mad": 98.25348616961881,
  "summary_csf_mean": 360.48592236505107,
  "summary_csf_median": 370.96652667969465,
  "summary_csf_n": 8764.0,
  "summary_csf_p05": 177.0151664223522,
  "summary_csf_p95": 508.1210254319013,
  "summary_csf_stdv": 101.3986396394004,
  "summary_gm_k": 0.18038728393855097,
  "summary_gm_mad": 74.83671603128083,
  "summary_gm_mean": 635.738783770603,
  "summary_gm_median": 635.1198439486325,
  "summary_gm_n": 10304.0,
  "summary_gm_p05": 507.0445937477052,
  "summary_gm_p95": 768.6275531165302,
  "summary_gm_stdv": 78.76281558650346,
  "summary_wm_k": 0.14434941564464676,
  "summary_wm_mad": 74.12824687104448,
  "summary_wm_mean": 1001.7947332314661,
  "summary_wm_median": 1000.0251548364758,
  "summary_wm_n": 142163.0,
  "summary_wm_p05": 882.3218772187829,
  "summary_wm_p95": 1126.6316290944815,
  "summary_wm_stdv": 74.62780722121813,
  "tpm_overlap_csf": 0.1374797374010086,
  "tpm_overlap_gm": 0.3917785882949829,
  "tpm_overlap_wm": 0.4989001750946045,
  "wm2max": 0.5863926380514638
}