{
  "aor": 0.0043288655462184866,
  "aqi": 0.005726262142857143,
  "bids_meta": {
    "AcquisitionMatrix": "64 0 0 64",
    "DataSharing": "1",
    "EchoTime": 0.03,
    "EffectiveEchoSpacing": 0.000396,
    "FlipAngle": 65,
    "ImagesinAcquisition": 41,
    "InstitutionName": "NIH_FMRIF",
    "InternalPulseSequenceName": "epi",
    "MagneticFieldStrength": 3,
    "Manufacturer": "GE",
    "ManufacturersModelName": "DISCOVERY_MR750",
    "Modality": "MR",
    "NumberofTemporalPositions": 240,
    "PhaseEncodingDirection": "j",
    "PixelBandwidth": 7812.5,
    "PixelSpacing": "3.75\\3.75",
    "PulseSequenceName": "epirtnih",
    "ReconstructionDiameter": 240,
    "RepetitionTime": 2.0,
    "SeriesDescription": "mmi (x3)",
    "SliceThickness": 3,
    "SliceTiming": [
      0.0,
      1.02439,
      0.04878,
      1.073171,
      0.097561,
      1.121951,
      0.146341,
      1.170732,
      0.195122,
      1.219512,
      0.243902,
      1.268293,
      0.292683,
      1.317073,
      0.341463,
      1.365854,
      0.390244,
      1.414634,
      0.439024,
      1.463415,
      0.487805,
      1.512195,
      0.536585,
      1.560976,
      0.585366,
      1.609756,
      0.634146,
      1.658537,
      0.682927,
      1.707317,
      0.731707,
      1.756098,
      0.780488,
      1.804878,
      0.829268,
      1.853659,
      0.878049,
      1.902439,
      0.926829,
      1.95122,
      0.97561
    ],
    "SoftwareVersions": "27 lx mr software release:dv26.0_r01_1725.a",
    "SpacingBetweenSlices": 3.3,
    "StationName": "3TA",
    "TaskName": "MMI",
    "TotalReadoutTime": 0.024948,
    "dataset": "ds003709",
    "modality": "bold",
    "run_id": 2,
    "session_id": "visit1",
    "subject_id": "23823",
    "task_id": "MMI"
  },
  "dummy_trs": 2,
  "dvars_nstd": 19.748837684135026,
  "dvars_std": 1.0944962044303803,
  "dvars_vstd": 0.987532878396624,
  "efc": 0.4554156548643862,
  "fber": 22815.123046875,
  "fd_mean": 0.1644936408266546,
  "fd_num": 48,
  "fd_perc": 20.168067226890756,
  "fwhm_avg": 2.3161015069422635,
  "fwhm_x": 2.1618026666666665,
  "fwhm_y": 2.2965866666666668,
  "fwhm_z": 2.489915187493457,
  "gcor": 0.0250595,
  "gsr_x": -0.010657195933163166,
  "gsr_y": 0.026233088225126266,
  "provenance": {
    "md5sum": "84528f32047a38867458fb18967da432",
    "settings": {
      "fd_thres": 0.2,
      "testing": false
    },
    "software": "mriqc",
    "version": "21.0.0rc2",
    "webapi_port": null,
    "webapi_url": "https://mriqc.nimh.nih.gov/api/v1"
  },
  "size_t": 238,
  "size_x": 64,
  "size_y": 64,
  "size_z": 41,
  "snr": 4.465615043846401,
  "spacing_tr": 2.0,
  "spacing_x": 3.75,
  "spacing_y": 3.75,
  "spacing_z": 3.299999952316284,
  "summary_bg_k": 23.30947845464631,
  "summary_bg_mad": 19.18661809937457,
  "summary_bg_mean": 80.44380187988281,
  "summary_bg_median": 13.785715103149414,
  "summary_bg_n": 109338.0,
  "summary_bg_p05": 0.24369749426841736,
  "summary_bg_p95": 470.95087738037057,
  "summary_bg_stdv": 190.28536987304688,
  "summary_fg_k": 0.5948528967650124,
  "summary_fg_mad": 401.73543124308344,
  "summary_fg_mean": 2029.7205810546875,
  "summary_fg_median": 1967.8614501953125,
  "summary_fg_n": 25489.0,
  "summary_fg_p05": 1415.8210693359374,
  "summary_fg_p95": 2857.946337890625,
  "summary_fg_stdv": 440.6611022949219,
  "tsnr": 60.78933932236396
}