{
  "bids_meta": {
    "AcquisitionMatrix": "0 256 256 0",
    "AcquisitionNumber": 1,
    "Columns": 256,
    "DataSharing": "1",
    "EchoNumber(s)": 1,
    "EchoTime": 0.003476,
    "EchoTrainLength": 1,
    "FlipAngle": 7,
    "ImagesinAcquisition": 172,
    "In-planePhaseEncodingDirection": "row",
    "InstitutionName": "NIH_FMRIF",
    "InternalPulseSequenceName": "efgre3d",
    "InversionTime": 0.9,
    "MRAcquisitionType": "3d",
    "MagneticFieldStrength": 3,
    "Manufacturer": "GE",
    "Manufacturer'sModelName": "discovery mr750",
    "ManufacturersModelName": "DISCOVERY_MR750",
    "Modality": "MR",
    "NumberofAverages": 1,
    "PixelBandwidth": 195.312,
    "PixelSpacing": "1\\1",
    "PrivateIn-PlanePhaseEncodingDirection": "row",
    "PulseSequenceName": "mprage",
    "ReceiveCoilName": "32ch head",
    "ReconstructionDiameter": 256,
    "RepetitionTime": 0.00766,
    "Rows": 256,
    "SamplesperPixel": 1,
    "ScanOptions": "edr_gems\\filtered_gems\\acc_gems\\ir_gems",
    "SeriesDescription": "anat_t1w_mp_rage_1mm",
    "SeriesNumber": 3,
    "SliceLocation": -83.15944672,
    "SliceThickness": 1,
    "SoftwareVersion(s)": "27\\lx\\mr software release:dv26.0_r01_1725.a",
    "SoftwareVersions": "27 lx mr software release:dv26.0_r01_1725.a",
    "SpacingBetweenSlices": 1,
    "StationName": "3TA",
    "dataset": "ds003709",
    "modality": "T1w",
    "run_id": 1,
    "session_id": "visit1",
    "subject_id": "23613"
  },
  "cjv": 0.37714475642712264,
  "cnr": 3.5239889766986274,
  "efc": 0.7021601389025989,
  "fber": 2682.0268038308577,
  "fwhm_avg": 3.3559533333333333,
  "fwhm_x": 3.29492,
  "fwhm_y": 3.51873,
  "fwhm_z": 3.25421,
  "icvs_csf": 0.26569103326701915,
  "icvs_gm": 0.3934279173442962,
  "icvs_wm": 0.34088104938868463,
  "inu_med": 1.2063548564910889,
  "inu_range": 0.21093785762786865,
  "provenance": {
    "md5sum": "8c37b37c0df2b8ee1bc3261e4c8328e8",
    "settings": {
      "testing": false
    },
    "software": "mriqc",
    "version": "21.0.0rc2",
    "warnings": {
      "large_rot_frame": true,
      "small_air_mask": false
    },
    "webapi_port": null,
    "webapi_url": "https://mriqc.nimh.nih.gov/api/v1"
  },
  "qi_1": 0.0,
  "qi_2": 0.006470439889293665,
  "rpve_csf": 20.189359021242854,
  "rpve_gm": 13.132002368966539,
  "rpve_wm": 19.861354992609712,
  "size_x": 172,
  "size_y": 256,
  "size_z": 256,
  "snr_csf": 2.4463181574612225,
  "snr_gm": 7.676497478236998,
  "snr_total": 7.792781915643649,
  "snr_wm": 13.255530111232726,
  "snrd_csf": 26.566974193083222,
  "snrd_gm": 58.81459690610681,
  "snrd_total": 60.675414355594626,
  "snrd_wm": 96.64467196759384,
  "spacing_x": 1.0,
  "spacing_y": 1.0,
  "spacing_z": 1.0,
  "summary_bg_k": 5.058947618497568,
  "summary_bg_mad": 6.77881515950188,
  "summary_bg_mean": 17.126213330386037,
  "summary_bg_median": 9.042877323925495,
  "summary_bg_n": 816303.0,
  "summary_bg_p05": 2.2353179901838303,
  "summary_bg_p95": 61.11562595888972,
  "summary_bg_stdv": 19.042726882000405,
  "summary_csf_k": 0.36676481079085654,
  "summary_csf_mad": 121.19015101820582,
  "summary_csf_mean": 284.09308617644956,
  "summary_csf_median": 274.89331011101604,
  "summary_csf_n": 13270.0,
  "summary_csf_p05": 123.42257480118424,
  "summary_csf_p95": 476.46056974176304,
  "summary_csf_stdv": 112.36598615731636,
  "summary_gm_k": 0.11294745571565423,
  "summary_gm_mad": 75.69676928110432,
  "summary_gm_mean": 611.2498798026637,
  "summary_gm_median": 608.5653228275478,
  "summary_gm_n": 14353.0,
  "summary_gm_p05": 484.29180310964585,
  "summary_gm_p95": 749.6443696171044,
  "summary_gm_stdv": 79.27366930672503,
  "summary_wm_k": 0.5582374766167759,
  "summary_wm_mad": 71.93076085915884,
  "summary_wm_mean": 1002.6381833499194,
  "summary_wm_median": 999.9999845176935,
  "summary_wm_n": 179931.0,
  "summary_wm_p05": 883.9158570729196,
  "summary_wm_p95": 1130.410468172282,
  "summary_wm_stdv": 75.44000106215877,
  "tpm_overlap_csf": 0.15775731205940247,
  "tpm_overlap_gm": 0.41703513264656067,
  "tpm_overlap_wm": 0.5051916837692261,
  "wm2max": 0.528869663343991
}