{
  "aor": 0.013746294642857143,
  "aqi": 0.017914033794642854,
  "bids_meta": {
    "AcquisitionMatrix": "64 0 0 64",
    "DataSharing": "1",
    "EchoTime": 0.03,
    "EffectiveEchoSpacing": 0.000396,
    "FlipAngle": 65,
    "ImagesinAcquisition": 41,
    "InstitutionName": "NIH_FMRIF",
    "InternalPulseSequenceName": "epi",
    "MagneticFieldStrength": 3,
    "Manufacturer": "GE",
    "ManufacturersModelName": "DISCOVERY_MR750",
    "Modality": "MR",
    "NumberofTemporalPositions": 240,
    "PhaseEncodingDirection": "j",
    "PixelBandwidth": 7812.5,
    "PixelSpacing": "3.75\\3.75",
    "PulseSequenceName": "epirtnih",
    "ReconstructionDiameter": 240,
    "RepetitionTime": 2.0,
    "SeriesDescription": "mmi (x3)",
    "SliceThickness": 3,
    "SliceTiming": [
      0.0,
      1.02439,
      0.04878,
      1.073171,
      0.097561,
      1.121951,
      0.146341,
      1.170732,
      0.195122,
      1.219512,
      0.243902,
      1.268293,
      0.292683,
      1.317073,
      0.341463,
      1.365854,
      0.390244,
      1.414634,
      0.439024,
      1.463415,
      0.487805,
      1.512195,
      0.536585,
      1.560976,
      0.585366,
      1.609756,
      0.634146,
      1.658537,
      0.682927,
      1.707317,
      0.731707,
      1.756098,
      0.780488,
      1.804878,
      0.829268,
      1.853659,
      0.878049,
      1.902439,
      0.926829,
      1.95122,
      0.97561
    ],
    "SoftwareVersions": "27 lx mr software release:dv26.0_r01_1725.a",
    "SpacingBetweenSlices": 3.3,
    "StationName": "3TA",
    "TaskName": "MMI",
    "TotalReadoutTime": 0.024948,
    "dataset": "ds003709",
    "modality": "bold",
    "run_id": 2,
    "session_id": "visit1",
    "subject_id": "23757",
    "task_id": "MMI"
  },
  "dummy_trs": 3,
  "dvars_nstd": 31.67065007179371,
  "dvars_std": 1.0457118639910317,
  "dvars_vstd": 0.9799569006726454,
  "efc": 0.39669232074127236,
  "fber": 38955.2265625,
  "fd_mean": 0.44574945176738096,
  "fd_num": 128,
  "fd_perc": 57.142857142857146,
  "fwhm_avg": 2.157666526294259,
  "fwhm_x": 2.034877333333333,
  "fwhm_y": 2.1473949397220538,
  "fwhm_z": 2.290727305827391,
  "gcor": 0.0342081,
  "gsr_x": -0.012123203836381435,
  "gsr_y": 0.015767479315400124,
  "provenance": {
    "md5sum": "221b8a19a3af4813141f0fe47da858df",
    "settings": {
      "fd_thres": 0.2,
      "testing": false
    },
    "software": "mriqc",
    "version": "21.0.0rc2",
    "webapi_port": null,
    "webapi_url": "https://mriqc.nimh.nih.gov/api/v1"
  },
  "size_t": 224,
  "size_x": 64,
  "size_y": 64,
  "size_z": 41,
  "snr": 4.764646934132433,
  "spacing_tr": 2.0,
  "spacing_x": 3.75,
  "spacing_y": 3.749999523162842,
  "spacing_z": 3.299999952316284,
  "summary_bg_k": 80.62621996450717,
  "summary_bg_mad": 13.3103268234929,
  "summary_bg_mean": 39.8094596862793,
  "summary_bg_median": 10.07589340209961,
  "summary_bg_n": 115907.0,
  "summary_bg_p05": 0.4330357313156128,
  "summary_bg_p95": 146.88706054687498,
  "summary_bg_stdv": 111.27220153808594,
  "summary_fg_k": 0.9021445642463326,
  "summary_fg_mad": 356.57252987409396,
  "summary_fg_mean": 1866.221923828125,
  "summary_fg_median": 1825.5804443359375,
  "summary_fg_n": 21189.0,
  "summary_fg_p05": 1313.88310546875,
  "summary_fg_p95": 2558.2938964843747,
  "summary_fg_stdv": 383.1422119140625,
  "tsnr": 32.95230206736596
}