{
  "aor": 0.003525232067510548,
  "aqi": 0.010107355021097046,
  "bids_meta": {
    "AcquisitionMatrix": "64 0 0 64",
    "DataSharing": "1",
    "EchoTime": 0.03,
    "EffectiveEchoSpacing": 0.000396,
    "FlipAngle": 65,
    "ImagesinAcquisition": 41,
    "InstitutionName": "NIH_FMRIF",
    "InternalPulseSequenceName": "epi",
    "MagneticFieldStrength": 3,
    "Manufacturer": "GE",
    "ManufacturersModelName": "DISCOVERY_MR750",
    "Modality": "MR",
    "NumberofTemporalPositions": 240,
    "PhaseEncodingDirection": "j",
    "PixelBandwidth": 7812.5,
    "PixelSpacing": "3.75\\3.75",
    "PulseSequenceName": "epirtnih",
    "ReconstructionDiameter": 240,
    "RepetitionTime": 2.0,
    "SeriesDescription": "mmi (x3)",
    "SliceThickness": 3,
    "SliceTiming": [
      0.0,
      1.02439,
      0.04878,
      1.073171,
      0.097561,
      1.121951,
      0.146341,
      1.170732,
      0.195122,
      1.219512,
      0.243902,
      1.268293,
      0.292683,
      1.317073,
      0.341463,
      1.365854,
      0.390244,
      1.414634,
      0.439024,
      1.463415,
      0.487805,
      1.512195,
      0.536585,
      1.560976,
      0.585366,
      1.609756,
      0.634146,
      1.658537,
      0.682927,
      1.707317,
      0.731707,
      1.756098,
      0.780488,
      1.804878,
      0.829268,
      1.853659,
      0.878049,
      1.902439,
      0.926829,
      1.95122,
      0.97561
    ],
    "SoftwareVersions": "27 lx mr software release:dv26.0_r01_1725.a",
    "SpacingBetweenSlices": 3.3,
    "StationName": "3TA",
    "TaskName": "MMI",
    "TotalReadoutTime": 0.024948,
    "dataset": "ds003709",
    "modality": "bold",
    "run_id": 3,
    "session_id": "visit1",
    "subject_id": "23757",
    "task_id": "MMI"
  },
  "dummy_trs": 3,
  "dvars_nstd": 21.591516228050843,
  "dvars_std": 1.0436856778389834,
  "dvars_vstd": 0.9524340835169485,
  "efc": 0.3950206272502141,
  "fber": 40256.33203125,
  "fd_mean": 0.20137403695406528,
  "fd_num": 73,
  "fd_perc": 30.80168776371308,
  "fwhm_avg": 2.132152061527184,
  "fwhm_x": 2.008605333333333,
  "fwhm_y": 2.1506296068000292,
  "fwhm_z": 2.2372212444481887,
  "gcor": 0.0318991,
  "gsr_x": -0.010202474892139435,
  "gsr_y": 0.01397707499563694,
  "provenance": {
    "md5sum": "a73b3b9e38fb4934ef977419e57ca912",
    "settings": {
      "fd_thres": 0.2,
      "testing": false
    },
    "software": "mriqc",
    "version": "21.0.0rc2",
    "webapi_port": null,
    "webapi_url": "https://mriqc.nimh.nih.gov/api/v1"
  },
  "size_t": 237,
  "size_x": 64,
  "size_y": 64,
  "size_z": 41,
  "snr": 4.791384749546791,
  "spacing_tr": 2.0,
  "spacing_x": 3.75,
  "spacing_y": 3.749999523162842,
  "spacing_z": 3.299999952316284,
  "summary_bg_k": 83.07086077799762,
  "summary_bg_mad": 12.88675254913634,
  "summary_bg_mean": 38.23809814453125,
  "summary_bg_median": 9.814345359802246,
  "summary_bg_n": 116179.0,
  "summary_bg_p05": 0.39662444591522217,
  "summary_bg_p95": 143.78480529785156,
  "summary_bg_stdv": 108.17423248291016,
  "summary_fg_k": 0.8504205311149478,
  "summary_fg_mad": 353.72894515031953,
  "summary_fg_mean": 1864.6295166015625,
  "summary_fg_median": 1823.3289794921875,
  "summary_fg_n": 21191.0,
  "summary_fg_p05": 1323.03369140625,
  "summary_fg_p95": 2553.177001953125,
  "summary_fg_stdv": 380.53424072265625,
  "tsnr": 51.514901418588124
}