{
  "aor": 0.013383487394957984,
  "aqi": 0.008945944705882353,
  "bids_meta": {
    "AcquisitionMatrix": "64 0 0 64",
    "DataSharing": "1",
    "EchoTime": 0.03,
    "EffectiveEchoSpacing": 0.000396,
    "FlipAngle": 65,
    "ImagesinAcquisition": 41,
    "InstitutionName": "NIH_FMRIF",
    "InternalPulseSequenceName": "epi",
    "MagneticFieldStrength": 3,
    "Manufacturer": "GE",
    "ManufacturersModelName": "DISCOVERY_MR750",
    "Modality": "MR",
    "NumberofTemporalPositions": 240,
    "PhaseEncodingDirection": "j",
    "PixelBandwidth": 7812.5,
    "PixelSpacing": "3.75\\3.75",
    "PulseSequenceName": "epirtnih",
    "ReconstructionDiameter": 240,
    "RepetitionTime": 2.0,
    "SeriesDescription": "mmi_run 2",
    "SliceThickness": 3,
    "SliceTiming": [
      0.0,
      1.02439,
      0.04878,
      1.073171,
      0.097561,
      1.121951,
      0.146341,
      1.170732,
      0.195122,
      1.219512,
      0.243902,
      1.268293,
      0.292683,
      1.317073,
      0.341463,
      1.365854,
      0.390244,
      1.414634,
      0.439024,
      1.463415,
      0.487805,
      1.512195,
      0.536585,
      1.560976,
      0.585366,
      1.609756,
      0.634146,
      1.658537,
      0.682927,
      1.707317,
      0.731707,
      1.756098,
      0.780488,
      1.804878,
      0.829268,
      1.853659,
      0.878049,
      1.902439,
      0.926829,
      1.95122,
      0.97561
    ],
    "SoftwareVersions": "27 lx mr software release:dv26.0_r01_1725.a",
    "SpacingBetweenSlices": 3.3,
    "StationName": "3TA",
    "TaskName": "MMI",
    "TotalReadoutTime": 0.024948,
    "dataset": "ds003709",
    "modality": "bold",
    "run_id": 2,
    "session_id": "visit1",
    "subject_id": "23564",
    "task_id": "MMI"
  },
  "dummy_trs": 2,
  "dvars_nstd": 16.628360144767925,
  "dvars_std": 1.0905248254852322,
  "dvars_vstd": 1.0476277202109712,
  "efc": 0.4062197109571286,
  "fber": 29449.02734375,
  "fd_mean": 0.12363352093364949,
  "fd_num": 23,
  "fd_perc": 9.663865546218487,
  "fwhm_avg": 2.039282070888973,
  "fwhm_x": 1.9349653333333334,
  "fwhm_y": 2.0479626666666664,
  "fwhm_z": 2.134918212666919,
  "gcor": 0.0139305,
  "gsr_x": -0.012676692567765713,
  "gsr_y": 0.018492987379431725,
  "provenance": {
    "md5sum": "2d957b7780d7b890938fa5b913662056",
    "settings": {
      "fd_thres": 0.2,
      "testing": false
    },
    "software": "mriqc",
    "version": "21.0.0rc2",
    "webapi_port": null,
    "webapi_url": "https://mriqc.nimh.nih.gov/api/v1"
  },
  "size_t": 238,
  "size_x": 64,
  "size_y": 64,
  "size_z": 41,
  "snr": 5.293219813877253,
  "spacing_tr": 2.0,
  "spacing_x": 3.75,
  "spacing_y": 3.75,
  "spacing_z": 3.299999952316284,
  "summary_bg_k": 38.14266569386487,
  "summary_bg_mad": 16.968943352816225,
  "summary_bg_mean": 56.83433151245117,
  "summary_bg_median": 12.33193302154541,
  "summary_bg_n": 117065.0,
  "summary_bg_p05": 0.36974790692329407,
  "summary_bg_p95": 271.8353088378906,
  "summary_bg_stdv": 132.54322814941406,
  "summary_fg_k": 0.6717397369765687,
  "summary_fg_mad": 350.14025870125363,
  "summary_fg_mean": 1970.9957275390625,
  "summary_fg_median": 1939.7122802734375,
  "summary_fg_n": 19612.0,
  "summary_fg_p05": 1454.4723205566406,
  "summary_fg_p95": 2633.414013671875,
  "summary_fg_stdv": 366.4429016113281,
  "tsnr": 50.2168347928673
}