{
  "aor": 0.0007803930131004367,
  "aqi": 0.011132700524017467,
  "bids_meta": {
    "AcquisitionMatrix": "64 0 0 64",
    "DataSharing": "1",
    "EchoTime": 0.03,
    "EffectiveEchoSpacing": 0.000396,
    "FlipAngle": 65,
    "ImagesinAcquisition": 41,
    "InstitutionName": "NIH_FMRIF",
    "InternalPulseSequenceName": "epi",
    "MagneticFieldStrength": 3,
    "Manufacturer": "GE",
    "ManufacturersModelName": "DISCOVERY_MR750",
    "Modality": "MR",
    "NumberofTemporalPositions": 240,
    "PhaseEncodingDirection": "j",
    "PixelBandwidth": 7812.5,
    "PixelSpacing": "3.75\\3.75",
    "PulseSequenceName": "epirtnih",
    "ReconstructionDiameter": 240,
    "RepetitionTime": 2.0,
    "SeriesDescription": "mmi_run1",
    "SliceThickness": 3,
    "SliceTiming": [
      0.0,
      1.02439,
      0.04878,
      1.073171,
      0.097561,
      1.121951,
      0.146341,
      1.170732,
      0.195122,
      1.219512,
      0.243902,
      1.268293,
      0.292683,
      1.317073,
      0.341463,
      1.365854,
      0.390244,
      1.414634,
      0.439024,
      1.463415,
      0.487805,
      1.512195,
      0.536585,
      1.560976,
      0.585366,
      1.609756,
      0.634146,
      1.658537,
      0.682927,
      1.707317,
      0.731707,
      1.756098,
      0.780488,
      1.804878,
      0.829268,
      1.853659,
      0.878049,
      1.902439,
      0.926829,
      1.95122,
      0.97561
    ],
    "SoftwareVersions": "27 lx mr software release:dv26.0_r01_1725.a",
    "SpacingBetweenSlices": 3.3,
    "StationName": "3TA",
    "TaskName": "MMI",
    "TotalReadoutTime": 0.024948,
    "dataset": "ds003709",
    "modality": "bold",
    "run_id": 1,
    "session_id": "visit1",
    "subject_id": "23564",
    "task_id": "MMI"
  },
  "dummy_trs": 3,
  "dvars_nstd": 16.646498215877184,
  "dvars_std": 0.9764799703070175,
  "dvars_vstd": 0.8747127684649121,
  "efc": 0.4059616779363376,
  "fber": 29314.578125,
  "fd_mean": 0.09068654317393883,
  "fd_num": 15,
  "fd_perc": 6.550218340611353,
  "fwhm_avg": 2.0526840507516257,
  "fwhm_x": 1.9417146666666667,
  "fwhm_y": 2.067992,
  "fwhm_z": 2.148345485588211,
  "gcor": 0.00485532,
  "gsr_x": -0.012354564853012562,
  "gsr_y": 0.017013197764754295,
  "provenance": {
    "md5sum": "e6b6cea4f33844c45889c5771fd7acf7",
    "settings": {
      "fd_thres": 0.2,
      "testing": false
    },
    "software": "mriqc",
    "version": "21.0.0rc2",
    "webapi_port": null,
    "webapi_url": "https://mriqc.nimh.nih.gov/api/v1"
  },
  "size_t": 229,
  "size_x": 64,
  "size_y": 64,
  "size_z": 41,
  "snr": 5.3447295761298275,
  "spacing_tr": 2.0,
  "spacing_x": 3.75,
  "spacing_y": 3.75,
  "spacing_z": 3.299999952316284,
  "summary_bg_k": 37.61341765882509,
  "summary_bg_mad": 16.962523715722483,
  "summary_bg_mean": 56.19688415527344,
  "summary_bg_median": 12.42358112335205,
  "summary_bg_n": 117067.0,
  "summary_bg_p05": 0.49344977736473083,
  "summary_bg_p95": 265.8358215332031,
  "summary_bg_stdv": 130.55125427246094,
  "summary_fg_k": 0.6409890848848563,
  "summary_fg_mad": 348.0653033258671,
  "summary_fg_mean": 1967.200439453125,
  "summary_fg_median": 1935.270751953125,
  "summary_fg_n": 19610.0,
  "summary_fg_p05": 1457.3441284179687,
  "summary_fg_p95": 2618.153271484375,
  "summary_fg_stdv": 362.080322265625,
  "tsnr": 48.29878723947331
}