{
  "aor": 0.011224873949579833,
  "aqi": 0.00938948243697479,
  "bids_meta": {
    "AcquisitionMatrix": "64 0 0 64",
    "DataSharing": "1",
    "EchoTime": 0.03,
    "EffectiveEchoSpacing": 0.000396,
    "FlipAngle": 65,
    "ImagesinAcquisition": 41,
    "InstitutionName": "NIH_FMRIF",
    "InternalPulseSequenceName": "epi",
    "MagneticFieldStrength": 3,
    "Manufacturer": "GE",
    "ManufacturersModelName": "DISCOVERY_MR750",
    "Modality": "MR",
    "NumberofTemporalPositions": 240,
    "PhaseEncodingDirection": "j",
    "PixelBandwidth": 7812.5,
    "PixelSpacing": "3.75\\3.75",
    "PulseSequenceName": "epirtnih",
    "ReconstructionDiameter": 240,
    "RepetitionTime": 2.0,
    "SeriesDescription": "mmi_run3",
    "SliceThickness": 3,
    "SliceTiming": [
      0.0,
      1.02439,
      0.04878,
      1.073171,
      0.097561,
      1.121951,
      0.146341,
      1.170732,
      0.195122,
      1.219512,
      0.243902,
      1.268293,
      0.292683,
      1.317073,
      0.341463,
      1.365854,
      0.390244,
      1.414634,
      0.439024,
      1.463415,
      0.487805,
      1.512195,
      0.536585,
      1.560976,
      0.585366,
      1.609756,
      0.634146,
      1.658537,
      0.682927,
      1.707317,
      0.731707,
      1.756098,
      0.780488,
      1.804878,
      0.829268,
      1.853659,
      0.878049,
      1.902439,
      0.926829,
      1.95122,
      0.97561
    ],
    "SoftwareVersions": "27 lx mr software release:dv26.0_r01_1725.a",
    "SpacingBetweenSlices": 3.3,
    "StationName": "3TA",
    "TaskName": "MMI",
    "TotalReadoutTime": 0.024948,
    "dataset": "ds003709",
    "modality": "bold",
    "run_id": 3,
    "session_id": "visit1",
    "subject_id": "23564",
    "task_id": "MMI"
  },
  "dummy_trs": 2,
  "dvars_nstd": 17.895354834050647,
  "dvars_std": 1.1301795205485232,
  "dvars_vstd": 1.0606682679746828,
  "efc": 0.4062411270541334,
  "fber": 29750.0078125,
  "fd_mean": 0.15226458903791773,
  "fd_num": 48,
  "fd_perc": 20.168067226890756,
  "fwhm_avg": 2.040597707216763,
  "fwhm_x": 1.9271866666666668,
  "fwhm_y": 2.0671306666666664,
  "fwhm_z": 2.127475788316955,
  "gcor": 0.00882953,
  "gsr_x": -0.013401645235717297,
  "gsr_y": 0.01897345297038555,
  "provenance": {
    "md5sum": "935a1dc2b11df678476eefed35b9219a",
    "settings": {
      "fd_thres": 0.2,
      "testing": false
    },
    "software": "mriqc",
    "version": "21.0.0rc2",
    "webapi_port": null,
    "webapi_url": "https://mriqc.nimh.nih.gov/api/v1"
  },
  "size_t": 238,
  "size_x": 64,
  "size_y": 64,
  "size_z": 41,
  "snr": 5.326000365375415,
  "spacing_tr": 2.0,
  "spacing_x": 3.75,
  "spacing_y": 3.75,
  "spacing_z": 3.299999952316284,
  "summary_bg_k": 39.86785073563685,
  "summary_bg_mad": 16.869272621378535,
  "summary_bg_mean": 57.31290054321289,
  "summary_bg_median": 12.29411792755127,
  "summary_bg_n": 117205.0,
  "summary_bg_p05": 0.39915966987609863,
  "summary_bg_p95": 274.2764831542959,
  "summary_bg_stdv": 134.25900268554688,
  "summary_fg_k": 0.7300565363709461,
  "summary_fg_mad": 349.8318658569747,
  "summary_fg_mean": 1968.0318603515625,
  "summary_fg_median": 1937.94970703125,
  "summary_fg_n": 19577.0,
  "summary_fg_p05": 1457.5554931640625,
  "summary_fg_p95": 2624.302587890625,
  "summary_fg_stdv": 363.8565673828125,
  "tsnr": 50.391585471108556
}