{
  "bids_meta": {
    "AcquisitionMatrix": "0 256 256 0",
    "AcquisitionNumber": 1,
    "Columns": 256,
    "DataSharing": "1",
    "EchoNumber(s)": 1,
    "EchoTime": 0.003476,
    "EchoTrainLength": 1,
    "FlipAngle": 7,
    "ImagesinAcquisition": 172,
    "In-planePhaseEncodingDirection": "row",
    "InstitutionName": "NIH_FMRIF",
    "InternalPulseSequenceName": "efgre3d",
    "InversionTime": 0.9,
    "MRAcquisitionType": "3d",
    "MagneticFieldStrength": 3,
    "Manufacturer": "GE",
    "Manufacturer'sModelName": "discovery mr750",
    "ManufacturersModelName": "DISCOVERY_MR750",
    "Modality": "MR",
    "NumberofAverages": 1,
    "PixelBandwidth": 195.312,
    "PixelSpacing": "1\\1",
    "PrivateIn-PlanePhaseEncodingDirection": "row",
    "PulseSequenceName": "mprage",
    "ReceiveCoilName": "32ch head",
    "ReconstructionDiameter": 256,
    "RepetitionTime": 0.00766,
    "Rows": 256,
    "SamplesperPixel": 1,
    "ScanOptions": "edr_gems\\filtered_gems\\acc_gems\\ir_gems",
    "SeriesDescription": "anat_t1w_mp_rage_1mm",
    "SeriesNumber": 12,
    "SliceLocation": -86.21859741,
    "SliceThickness": 1,
    "SoftwareVersion(s)": "27\\lx\\mr software release:dv26.0_r01_1725.a",
    "SoftwareVersions": "27 lx mr software release:dv26.0_r01_1725.a",
    "SpacingBetweenSlices": 1,
    "StationName": "3TA",
    "dataset": "ds003709",
    "modality": "T1w",
    "run_id": 1,
    "session_id": "visit1",
    "subject_id": "23303"
  },
  "cjv": 0.37949227554327414,
  "cnr": 3.4211550066637817,
  "efc": 0.6938293567354432,
  "fber": 2475.4771006944443,
  "fwhm_avg": 3.4147266666666667,
  "fwhm_x": 3.37402,
  "fwhm_y": 3.65279,
  "fwhm_z": 3.21737,
  "icvs_csf": 0.27942088342295696,
  "icvs_gm": 0.3776421697701649,
  "icvs_wm": 0.34293694680687814,
  "inu_med": 1.1310176849365234,
  "inu_range": 0.191940039396286,
  "provenance": {
    "md5sum": "96ed9d3d27c111de681dbf8d19efaab0",
    "settings": {
      "testing": false
    },
    "software": "mriqc",
    "version": "21.0.0rc2",
    "warnings": {
      "large_rot_frame": true,
      "small_air_mask": false
    },
    "webapi_port": null,
    "webapi_url": "https://mriqc.nimh.nih.gov/api/v1"
  },
  "qi_1": 0.0,
  "qi_2": 0.0027065604653265154,
  "rpve_csf": 19.7450628715904,
  "rpve_gm": 13.583724410567413,
  "rpve_wm": 20.147544076870133,
  "size_x": 172,
  "size_y": 256,
  "size_z": 256,
  "snr_csf": 2.254403362283403,
  "snr_gm": 6.999011480168187,
  "snr_total": 8.443743581877364,
  "snr_wm": 16.0778159031805,
  "snrd_csf": 14.785008460111243,
  "snrd_gm": 35.33950518398019,
  "snrd_total": 35.82770690443624,
  "snrd_wm": 57.358607069217285,
  "spacing_x": 1.0,
  "spacing_y": 1.0,
  "spacing_z": 1.0,
  "summary_bg_k": 381.2643745878804,
  "summary_bg_mad": 11.4217623789912,
  "summary_bg_mean": 21.21287899050353,
  "summary_bg_median": 11.58001846075058,
  "summary_bg_n": 1052775.0,
  "summary_bg_p05": 1.9380784034729004,
  "summary_bg_p95": 73.25936365127563,
  "summary_bg_stdv": 31.20485990397187,
  "summary_csf_k": 0.09149960477765262,
  "summary_csf_mad": 130.66783501499998,
  "summary_csf_mean": 268.2741044003101,
  "summary_csf_median": 257.76442766189575,
  "summary_csf_n": 16545.0,
  "summary_csf_p05": 109.01691019535065,
  "summary_csf_p95": 463.32671352624885,
  "summary_csf_stdv": 114.3347468594776,
  "summary_gm_k": 0.03557715454184729,
  "summary_gm_mad": 86.99216503747387,
  "summary_gm_mean": 620.2754288581765,
  "summary_gm_median": 616.115124464035,
  "summary_gm_n": 17501.0,
  "summary_gm_p05": 481.61248326301575,
  "summary_gm_p95": 771.8397241830826,
  "summary_gm_stdv": 88.02636253346316,
  "summary_wm_k": 0.5077250902974324,
  "summary_wm_mad": 58.6891815323007,
  "summary_wm_mean": 1001.1926332762217,
  "summary_wm_median": 1000.0000042319298,
  "summary_wm_n": 185553.0,
  "summary_wm_p05": 901.0417209506035,
  "summary_wm_p95": 1105.1892095804214,
  "summary_wm_stdv": 62.197335484018,
  "tpm_overlap_csf": 0.16625423729419708,
  "tpm_overlap_gm": 0.4031400680541992,
  "tpm_overlap_wm": 0.5084125995635986,
  "wm2max": 0.5900397381285915
}