{
  "bids_meta": {
    "AcquisitionMatrix": "0 256 256 0",
    "AcquisitionNumber": 1,
    "Columns": 256,
    "DataSharing": "1",
    "EchoNumber(s)": 1,
    "EchoTime": 0.003476,
    "EchoTrainLength": 1,
    "FlipAngle": 7,
    "ImagesinAcquisition": 172,
    "In-planePhaseEncodingDirection": "row",
    "InstitutionName": "NIH_FMRIF",
    "InternalPulseSequenceName": "efgre3d",
    "InversionTime": 0.9,
    "MRAcquisitionType": "3d",
    "MagneticFieldStrength": 3,
    "Manufacturer": "GE",
    "Manufacturer'sModelName": "discovery mr750",
    "ManufacturersModelName": "DISCOVERY_MR750",
    "Modality": "MR",
    "NumberofAverages": 1,
    "PixelBandwidth": 195.312,
    "PixelSpacing": "1\\1",
    "PrivateIn-PlanePhaseEncodingDirection": "row",
    "PulseSequenceName": "mprage",
    "ReceiveCoilName": "32ch head",
    "ReconstructionDiameter": 256,
    "RepetitionTime": 0.00766,
    "Rows": 256,
    "SamplesperPixel": 1,
    "ScanOptions": "edr_gems\\filtered_gems\\acc_gems\\ir_gems",
    "SeriesDescription": "anat_t1w_mp_rage_1mm",
    "SeriesNumber": 12,
    "SliceLocation": -84.95905304,
    "SliceThickness": 1,
    "SoftwareVersion(s)": "27\\lx\\mr software release:dv26.0_r01_1725.a",
    "SoftwareVersions": "27 lx mr software release:dv26.0_r01_1725.a",
    "SpacingBetweenSlices": 1,
    "StationName": "3TA",
    "dataset": "ds003709",
    "modality": "T1w",
    "run_id": 1,
    "session_id": "visit1",
    "subject_id": "23919"
  },
  "cjv": 0.39548878893988604,
  "cnr": 3.4675707293509848,
  "efc": 0.7133519391519397,
  "fber": 3355.91184424013,
  "fwhm_avg": 3.2772066666666664,
  "fwhm_x": 3.20413,
  "fwhm_y": 3.49136,
  "fwhm_z": 3.13613,
  "icvs_csf": 0.275998889492257,
  "icvs_gm": 0.40025151788393015,
  "icvs_wm": 0.3237495926238128,
  "inu_med": 1.3579680919647217,
  "inu_range": 0.3066281676292417,
  "provenance": {
    "md5sum": "5674399b8228bf514e14262476bc0d73",
    "settings": {
      "testing": false
    },
    "software": "mriqc",
    "version": "21.0.0rc2",
    "warnings": {
      "large_rot_frame": true,
      "small_air_mask": false
    },
    "webapi_port": null,
    "webapi_url": "https://mriqc.nimh.nih.gov/api/v1"
  },
  "qi_1": 0.0,
  "qi_2": 0.0066962216724565865,
  "rpve_csf": 17.3448019454707,
  "rpve_gm": 11.62479113377317,
  "rpve_wm": 19.123621544689087,
  "size_x": 172,
  "size_y": 256,
  "size_z": 256,
  "snr_csf": 2.942505073998049,
  "snr_gm": 6.678053724399086,
  "snr_total": 8.176447766492913,
  "snr_wm": 14.908784501081604,
  "snrd_csf": 67.28892650456581,
  "snrd_gm": 131.65651690769297,
  "snrd_total": 138.59162151825112,
  "snrd_wm": 216.82942114249457,
  "spacing_x": 1.0,
  "spacing_y": 1.0,
  "spacing_z": 1.0,
  "summary_bg_k": 12.81678591623327,
  "summary_bg_mad": 3.021436662461813,
  "summary_bg_mean": 8.628234685114903,
  "summary_bg_median": 5.830738615244627,
  "summary_bg_n": 660671.0,
  "summary_bg_p05": 1.9247098341584206,
  "summary_bg_p95": 23.945654701441526,
  "summary_bg_stdv": 8.187853833812659,
  "summary_csf_k": 1.2351223887325613,
  "summary_csf_mad": 100.2109826383168,
  "summary_csf_mean": 306.6731911347029,
  "summary_csf_median": 310.33115620166063,
  "summary_csf_n": 13111.0,
  "summary_csf_p05": 134.87121117301285,
  "summary_csf_p95": 468.41210361011326,
  "summary_csf_stdv": 105.46092985706161,
  "summary_gm_k": -0.10630530400188576,
  "summary_gm_mad": 91.39845903946984,
  "summary_gm_mean": 610.6478386243274,
  "summary_gm_median": 607.1893435642123,
  "summary_gm_n": 21343.0,
  "summary_gm_p05": 466.9119621217251,
  "summary_gm_p95": 765.7514684312046,
  "summary_gm_stdv": 90.92096947714916,
  "summary_wm_k": 0.49451300565066436,
  "summary_wm_mad": 63.953742688775044,
  "summary_wm_mean": 1000.8940201344435,
  "summary_wm_median": 999.9999770708382,
  "summary_wm_n": 184517.0,
  "summary_wm_p05": 892.8389265984297,
  "summary_wm_p95": 1112.482284143567,
  "summary_wm_stdv": 67.07436593622117,
  "tpm_overlap_csf": 0.14316345751285553,
  "tpm_overlap_gm": 0.4134674370288849,
  "tpm_overlap_wm": 0.4751622974872589,
  "wm2max": 0.5438914973255918
}