{
  "bids_meta": {
    "AcquisitionMatrix": "0 256 256 0",
    "AcquisitionNumber": 1,
    "Columns": 256,
    "DataSharing": "1",
    "EchoNumber(s)": 1,
    "EchoTime": 0.003476,
    "EchoTrainLength": 1,
    "FlipAngle": 7,
    "ImagesinAcquisition": 172,
    "In-planePhaseEncodingDirection": "row",
    "InstitutionName": "NIH_FMRIF",
    "InternalPulseSequenceName": "efgre3d",
    "InversionTime": 0.9,
    "MRAcquisitionType": "3d",
    "MagneticFieldStrength": 3,
    "Manufacturer": "GE",
    "Manufacturer'sModelName": "discovery mr750",
    "ManufacturersModelName": "DISCOVERY_MR750",
    "Modality": "MR",
    "NumberofAverages": 1,
    "PixelBandwidth": 195.312,
    "PixelSpacing": "1\\1",
    "PrivateIn-PlanePhaseEncodingDirection": "row",
    "PulseSequenceName": "mprage",
    "ReceiveCoilName": "32ch head",
    "ReconstructionDiameter": 256,
    "RepetitionTime": 0.00766,
    "Rows": 256,
    "SamplesperPixel": 1,
    "ScanOptions": "edr_gems\\filtered_gems\\acc_gems\\ir_gems",
    "SeriesDescription": "anat_t1w_mp_rage_1mm",
    "SeriesNumber": 10,
    "SliceLocation": -85.50325012,
    "SliceThickness": 1,
    "SoftwareVersion(s)": "27\\lx\\mr software release:dv26.0_r01_1725.a",
    "SoftwareVersions": "27 lx mr software release:dv26.0_r01_1725.a",
    "SpacingBetweenSlices": 1,
    "StationName": "3TC",
    "dataset": "ds003709",
    "modality": "T1w",
    "run_id": 1,
    "session_id": "visit1",
    "subject_id": "23593"
  },
  "cjv": 0.37581656235660416,
  "cnr": 3.5364534612381497,
  "efc": 0.7154786045731634,
  "fber": 3424.154916170903,
  "fwhm_avg": 3.266666666666667,
  "fwhm_x": 3.24014,
  "fwhm_y": 3.45045,
  "fwhm_z": 3.10941,
  "icvs_csf": 0.29036786702890255,
  "icvs_gm": 0.37586757022770595,
  "icvs_wm": 0.3337645627433915,
  "inu_med": 1.110238790512085,
  "inu_range": 0.1947933197021483,
  "provenance": {
    "md5sum": "a0073da5ee84777f1f01159201471742",
    "settings": {
      "testing": false
    },
    "software": "mriqc",
    "version": "21.0.0rc2",
    "warnings": {
      "large_rot_frame": true,
      "small_air_mask": false
    },
    "webapi_port": null,
    "webapi_url": "https://mriqc.nimh.nih.gov/api/v1"
  },
  "qi_1": 0.0,
  "qi_2": 0.003426502875198718,
  "rpve_csf": 18.285940720127066,
  "rpve_gm": 12.987621050658198,
  "rpve_wm": 19.756753517962093,
  "size_x": 172,
  "size_y": 256,
  "size_z": 256,
  "snr_csf": 2.725165905085094,
  "snr_gm": 7.286452404559511,
  "snr_total": 8.11166449727364,
  "snr_wm": 14.323375182176315,
  "snrd_csf": 27.087000927358012,
  "snrd_gm": 56.854206703298935,
  "snrd_total": 59.080139543647455,
  "snrd_wm": 93.29921100028542,
  "spacing_x": 1.0,
  "spacing_y": 1.0,
  "spacing_z": 1.0,
  "summary_bg_k": 5.189377717247623,
  "summary_bg_mad": 7.022196347990464,
  "summary_bg_mean": 14.385605819686177,
  "summary_bg_median": 7.126731898635626,
  "summary_bg_n": 637163.0,
  "summary_bg_p05": 2.3903324380517006,
  "summary_bg_p95": 57.19091685116291,
  "summary_bg_stdv": 18.244917400593177,
  "summary_csf_k": 0.4469642781834984,
  "summary_csf_mad": 116.55533377599126,
  "summary_csf_mean": 295.74915022304447,
  "summary_csf_median": 290.33686039224267,
  "summary_csf_n": 16072.0,
  "summary_csf_p05": 143.00163810644298,
  "summary_csf_p95": 472.09065651521087,
  "summary_csf_stdv": 106.53583597564568,
  "summary_gm_k": 0.20923247211601126,
  "summary_gm_mad": 79.67239594822826,
  "summary_gm_mean": 609.0836016899007,
  "summary_gm_median": 609.4019754566252,
  "summary_gm_n": 11945.0,
  "summary_gm_p05": 470.2846275620162,
  "summary_gm_p95": 747.3241571322084,
  "summary_gm_stdv": 83.63143439703539,
  "summary_wm_k": 0.4149868336812883,
  "summary_wm_mad": 67.13744732704902,
  "summary_wm_mean": 1001.6060385654721,
  "summary_wm_median": 1000.0442674160004,
  "summary_wm_n": 175865.0,
  "summary_wm_p05": 889.3807286173105,
  "summary_wm_p95": 1117.7902726978064,
  "summary_wm_stdv": 69.81883888936046,
  "tpm_overlap_csf": 0.1494678258895874,
  "tpm_overlap_gm": 0.39707091450691223,
  "tpm_overlap_wm": 0.4959956407546997,
  "wm2max": 0.5412047643985939
}