{
  "aor": 0.0010785593220338982,
  "aqi": 0.003626881313559322,
  "bids_meta": {
    "AcquisitionMatrix": "64 0 0 64",
    "DataSharing": "1",
    "EchoTime": 0.03,
    "EffectiveEchoSpacing": 0.000396,
    "FlipAngle": 65,
    "ImagesinAcquisition": 41,
    "InstitutionName": "NIH_FMRIF",
    "InternalPulseSequenceName": "epi",
    "MagneticFieldStrength": 3,
    "Manufacturer": "GE",
    "ManufacturersModelName": "DISCOVERY_MR750",
    "Modality": "MR",
    "NumberofTemporalPositions": 240,
    "PhaseEncodingDirection": "j",
    "PixelBandwidth": 7812.5,
    "PixelSpacing": "3.75\\3.75",
    "PulseSequenceName": "epirtnih",
    "ReconstructionDiameter": 240,
    "RepetitionTime": 2.0,
    "SeriesDescription": "mmi_run3",
    "SliceThickness": 3,
    "SliceTiming": [
      0.0,
      1.02439,
      0.04878,
      1.073171,
      0.097561,
      1.121951,
      0.146341,
      1.170732,
      0.195122,
      1.219512,
      0.243902,
      1.268293,
      0.292683,
      1.317073,
      0.341463,
      1.365854,
      0.390244,
      1.414634,
      0.439024,
      1.463415,
      0.487805,
      1.512195,
      0.536585,
      1.560976,
      0.585366,
      1.609756,
      0.634146,
      1.658537,
      0.682927,
      1.707317,
      0.731707,
      1.756098,
      0.780488,
      1.804878,
      0.829268,
      1.853659,
      0.878049,
      1.902439,
      0.926829,
      1.95122,
      0.97561
    ],
    "SoftwareVersions": "27 lx mr software release:dv26.0_r01_1725.a",
    "SpacingBetweenSlices": 3.3,
    "StationName": "3TA",
    "TaskName": "MMI",
    "TotalReadoutTime": 0.024948,
    "dataset": "ds003709",
    "modality": "bold",
    "run_id": 3,
    "session_id": "visit1",
    "subject_id": "23718",
    "task_id": "MMI"
  },
  "dummy_trs": 4,
  "dvars_nstd": 15.136897902978708,
  "dvars_std": 1.141848204765957,
  "dvars_vstd": 0.9677398697446808,
  "efc": 0.39205525294910276,
  "fber": 30928.365234375,
  "fd_mean": 0.04573762405272998,
  "fd_num": 0,
  "fd_perc": 0.0,
  "fwhm_avg": 2.09741564711603,
  "fwhm_x": 1.9693253333333334,
  "fwhm_y": 2.0905306666666665,
  "fwhm_z": 2.2323909413480894,
  "gcor": 0.0196729,
  "gsr_x": -0.012890982441604137,
  "gsr_y": 0.01119247730821371,
  "provenance": {
    "md5sum": "9d318889371b9230df81a028dc902c33",
    "settings": {
      "fd_thres": 0.2,
      "testing": false
    },
    "software": "mriqc",
    "version": "21.0.0rc2",
    "webapi_port": null,
    "webapi_url": "https://mriqc.nimh.nih.gov/api/v1"
  },
  "size_t": 236,
  "size_x": 64,
  "size_y": 64,
  "size_z": 41,
  "snr": 5.333817636912139,
  "spacing_tr": 2.0,
  "spacing_x": 3.75,
  "spacing_y": 3.75,
  "spacing_z": 3.299999952316284,
  "summary_bg_k": 42.682683803496104,
  "summary_bg_mad": 17.018514315559166,
  "summary_bg_mean": 53.227088928222656,
  "summary_bg_median": 12.360169410705566,
  "summary_bg_n": 118665.0,
  "summary_bg_p05": 0.3644067943096161,
  "summary_bg_p95": 246.675421142578,
  "summary_bg_stdv": 128.62359619140625,
  "summary_fg_k": 0.5972684462277504,
  "summary_fg_mad": 355.5260935914524,
  "summary_fg_mean": 2035.530029296875,
  "summary_fg_median": 2002.997802734375,
  "summary_fg_n": 18868.0,
  "summary_fg_p05": 1495.9533752441407,
  "summary_fg_p95": 2716.0972778320306,
  "summary_fg_stdv": 375.5180358886719,
  "tsnr": 84.9935122843599
}