{
  "aor": 0.0016998630136986301,
  "aqi": 0.0026244067579908677,
  "bids_meta": {
    "AcquisitionMatrix": "64 0 0 64",
    "DataSharing": "1",
    "EchoTime": 0.03,
    "EffectiveEchoSpacing": 0.000396,
    "FlipAngle": 65,
    "ImagesinAcquisition": 41,
    "InstitutionName": "NIH_FMRIF",
    "InternalPulseSequenceName": "epi",
    "MagneticFieldStrength": 3,
    "Manufacturer": "GE",
    "ManufacturersModelName": "DISCOVERY_MR750",
    "Modality": "MR",
    "NumberofTemporalPositions": 240,
    "PhaseEncodingDirection": "j",
    "PixelBandwidth": 7812.5,
    "PixelSpacing": "3.75\\3.75",
    "PulseSequenceName": "epirtnih",
    "ReconstructionDiameter": 240,
    "RepetitionTime": 2.0,
    "SeriesDescription": "mmi_run1",
    "SliceThickness": 3,
    "SliceTiming": [
      0.0,
      1.02439,
      0.04878,
      1.073171,
      0.097561,
      1.121951,
      0.146341,
      1.170732,
      0.195122,
      1.219512,
      0.243902,
      1.268293,
      0.292683,
      1.317073,
      0.341463,
      1.365854,
      0.390244,
      1.414634,
      0.439024,
      1.463415,
      0.487805,
      1.512195,
      0.536585,
      1.560976,
      0.585366,
      1.609756,
      0.634146,
      1.658537,
      0.682927,
      1.707317,
      0.731707,
      1.756098,
      0.780488,
      1.804878,
      0.829268,
      1.853659,
      0.878049,
      1.902439,
      0.926829,
      1.95122,
      0.97561
    ],
    "SoftwareVersions": "27 lx mr software release:dv26.0_r01_1725.a",
    "SpacingBetweenSlices": 3.3,
    "StationName": "3TA",
    "TaskName": "MMI",
    "TotalReadoutTime": 0.024948,
    "dataset": "ds003709",
    "modality": "bold",
    "run_id": 1,
    "session_id": "visit1",
    "subject_id": "23718",
    "task_id": "MMI"
  },
  "dummy_trs": 3,
  "dvars_nstd": 15.845528243302757,
  "dvars_std": 1.2121754638532105,
  "dvars_vstd": 1.0048961709633029,
  "efc": 0.3908872462528029,
  "fber": 31206.27734375,
  "fd_mean": 0.04821388127147473,
  "fd_num": 0,
  "fd_perc": 0.0,
  "fwhm_avg": 2.096152051173073,
  "fwhm_x": 1.9586320000000002,
  "fwhm_y": 2.0939786666666667,
  "fwhm_z": 2.235845486852552,
  "gcor": 0.0208355,
  "gsr_x": -0.012762350030243397,
  "gsr_y": 0.01046533603221178,
  "provenance": {
    "md5sum": "c2ae54103faf7b8814c7ec43cfb51a13",
    "settings": {
      "fd_thres": 0.2,
      "testing": false
    },
    "software": "mriqc",
    "version": "21.0.0rc2",
    "webapi_port": null,
    "webapi_url": "https://mriqc.nimh.nih.gov/api/v1"
  },
  "size_t": 219,
  "size_x": 64,
  "size_y": 64,
  "size_z": 41,
  "snr": 5.33317191219302,
  "spacing_tr": 2.0,
  "spacing_x": 3.75,
  "spacing_y": 3.75,
  "spacing_z": 3.299999952316284,
  "summary_bg_k": 44.02426708500001,
  "summary_bg_mad": 16.992381103644416,
  "summary_bg_mean": 52.5350341796875,
  "summary_bg_median": 12.337899208068848,
  "summary_bg_n": 118729.0,
  "summary_bg_p05": 0.3607305884361267,
  "summary_bg_p95": 241.61369323730412,
  "summary_bg_stdv": 126.95503234863281,
  "summary_fg_k": 0.5534878362277156,
  "summary_fg_mad": 356.7182201555755,
  "summary_fg_mean": 2039.283447265625,
  "summary_fg_median": 2008.11865234375,
  "summary_fg_n": 18841.0,
  "summary_fg_p05": 1496.8447265625,
  "summary_fg_p95": 2721.7578125,
  "summary_fg_stdv": 376.5236511230469,
  "tsnr": 95.35643635247834
}