{
  "bids_meta": {
    "AcquisitionMatrix": "0 256 256 0",
    "AcquisitionNumber": 1,
    "Columns": 256,
    "DataSharing": "1",
    "EchoNumber(s)": 1,
    "EchoTime": 0.003476,
    "EchoTrainLength": 1,
    "FlipAngle": 7,
    "ImagesinAcquisition": 172,
    "In-planePhaseEncodingDirection": "row",
    "InstitutionName": "NIH_FMRIF",
    "InternalPulseSequenceName": "efgre3d",
    "InversionTime": 0.9,
    "MRAcquisitionType": "3d",
    "MagneticFieldStrength": 3,
    "Manufacturer": "GE",
    "Manufacturer'sModelName": "discovery mr750",
    "ManufacturersModelName": "DISCOVERY_MR750",
    "Modality": "MR",
    "NumberofAverages": 1,
    "PixelBandwidth": 195.312,
    "PixelSpacing": "1\\1",
    "PrivateIn-PlanePhaseEncodingDirection": "row",
    "PulseSequenceName": "mprage",
    "ReceiveCoilName": "32ch head",
    "ReconstructionDiameter": 256,
    "RepetitionTime": 0.00766,
    "Rows": 256,
    "SamplesperPixel": 1,
    "ScanOptions": "edr_gems\\filtered_gems\\acc_gems\\ir_gems",
    "SeriesDescription": "anat_t1w_mp_rage_1mm",
    "SeriesNumber": 3,
    "SliceLocation": -83.15944672,
    "SliceThickness": 1,
    "SoftwareVersion(s)": "27\\lx\\mr software release:dv26.0_r01_1725.a",
    "SoftwareVersions": "27 lx mr software release:dv26.0_r01_1725.a",
    "SpacingBetweenSlices": 1,
    "StationName": "3TA",
    "dataset": "ds003709",
    "modality": "T1w",
    "run_id": 1,
    "session_id": "visit1",
    "subject_id": "23866"
  },
  "cjv": 0.40236214761651573,
  "cnr": 3.299310590766219,
  "efc": 0.7150248641155321,
  "fber": 1819.9684179198543,
  "fwhm_avg": 3.21542,
  "fwhm_x": 3.13392,
  "fwhm_y": 3.42874,
  "fwhm_z": 3.0836,
  "icvs_csf": 0.27007380455043717,
  "icvs_gm": 0.38664566075331824,
  "icvs_wm": 0.3432805346962446,
  "inu_med": 0.9063433408737183,
  "inu_range": 0.17278450727462769,
  "provenance": {
    "md5sum": "1d2c283dd15fd4ef4a26b894750f23af",
    "settings": {
      "testing": false
    },
    "software": "mriqc",
    "version": "21.0.0rc2",
    "warnings": {
      "large_rot_frame": true,
      "small_air_mask": false
    },
    "webapi_port": null,
    "webapi_url": "https://mriqc.nimh.nih.gov/api/v1"
  },
  "qi_1": 0.0,
  "qi_2": 0.004912096767953214,
  "rpve_csf": 19.368023278046813,
  "rpve_gm": 12.798324055909477,
  "rpve_wm": 19.477788495798247,
  "size_x": 172,
  "size_y": 256,
  "size_z": 256,
  "snr_csf": 2.6281781105780695,
  "snr_gm": 6.820713683222012,
  "snr_total": 7.849527369248082,
  "snr_wm": 14.099690313944166,
  "snrd_csf": 19.037782745089668,
  "snrd_gm": 38.58004832114206,
  "snrd_total": 40.07140267544793,
  "snrd_wm": 62.59637696011205,
  "spacing_x": 1.0,
  "spacing_y": 1.0,
  "spacing_z": 1.0,
  "summary_bg_k": 3.991569787760074,
  "summary_bg_mad": 10.466043181557918,
  "summary_bg_mean": 17.974419195917783,
  "summary_bg_median": 11.9418790563941,
  "summary_bg_n": 866682.0,
  "summary_bg_p05": 2.4119066074490547,
  "summary_bg_p95": 58.768163435161114,
  "summary_bg_stdv": 18.114854648683043,
  "summary_csf_k": 0.49196153307132917,
  "summary_csf_mad": 124.6331308870522,
  "summary_csf_mean": 299.0761394173049,
  "summary_csf_median": 304.13554050028324,
  "summary_csf_n": 12610.0,
  "summary_csf_p05": 121.24242726713419,
  "summary_csf_p95": 478.9693560451269,
  "summary_csf_stdv": 115.71646523397823,
  "summary_gm_k": 0.2843571465300099,
  "summary_gm_mad": 85.64712003574896,
  "summary_gm_mean": 624.1366951286282,
  "summary_gm_median": 616.3303786888719,
  "summary_gm_n": 13078.0,
  "summary_gm_p05": 491.3818510249257,
  "summary_gm_p95": 790.2170796878635,
  "summary_gm_stdv": 90.35811254204519,
  "summary_wm_k": 0.4129778050145636,
  "summary_wm_mad": 68.72701689223032,
  "summary_wm_mean": 1001.9267847879482,
  "summary_wm_median": 1000.0000102445483,
  "summary_wm_n": 174453.0,
  "summary_wm_p05": 889.6405762061477,
  "summary_wm_p95": 1120.183551684022,
  "summary_wm_stdv": 70.9233410006157,
  "tpm_overlap_csf": 0.1538349986076355,
  "tpm_overlap_gm": 0.41075700521469116,
  "tpm_overlap_wm": 0.4903138279914856,
  "wm2max": 0.5044377629545764
}